{
  "aor": 0.0005637823834196891,
  "aqi": 0.009039032227979275,
  "bids_meta": {
    "AcquisitionNumber": 1,
    "AcquisitionTime": "12:28:38.227500",
    "BandwidthPerPixelPhaseEncode": 13.103,
    "ConversionSoftware": "dcm2niix",
    "ConversionSoftwareVersion": "v1.0.20170724 GCC4.4.7",
    "DeviceSerialNumber": "40482",
    "EchoTime": 0.03,
    "EffectiveEchoSpacing": 0.000719985,
    "FlipAngle": 79,
    "ImageType": [
      "ORIGINAL",
      "PRIMARY",
      "M",
      "MB",
      "ND",
      "NORM",
      "MOSAIC"
    ],
    "InstitutionAddress": "Frew_4805_Pittsburgh_District_US_15213",
    "InstitutionName": "SIBR",
    "MagneticFieldStrength": 3,
    "Manufacturer": "Siemens",
    "ManufacturersModelName": "Verio",
    "PhaseEncodingDirection": "j-",
    "PhaseEncodingLines": 106,
    "ProcedureStepDescription": "Dr._Tarr_John",
    "ProtocolName": "BOLD_CSI1_Sess-1_Run-3",
    "RepetitionTime": 2,
    "ScanningSequence": "EP",
    "SequenceName": "epfid2d1_106",
    "SequenceVariant": "SK_SS",
    "SeriesDescription": "BOLD_CSI1_Sess-1_Run-3",
    "SliceTiming": [
      0,
      1.0475,
      0.0875,
      1.135,
      0.175,
      1.2225,
      0.2625,
      1.31,
      0.3475,
      1.395,
      0.435,
      1.4825,
      0.5225,
      1.57,
      0.61,
      1.6575,
      0.6975,
      1.745,
      0.785,
      1.8325,
      0.8725,
      1.92,
      0.96,
      0,
      1.0475,
      0.0875,
      1.135,
      0.175,
      1.2225,
      0.2625,
      1.31,
      0.3475,
      1.395,
      0.435,
      1.4825,
      0.5225,
      1.57,
      0.61,
      1.6575,
      0.6975,
      1.745,
      0.785,
      1.8325,
      0.8725,
      1.92,
      0.96,
      0,
      1.0475,
      0.0875,
      1.135,
      0.175,
      1.2225,
      0.2625,
      1.31,
      0.3475,
      1.395,
      0.435,
      1.4825,
      0.5225,
      1.57,
      0.61,
      1.6575,
      0.6975,
      1.745,
      0.785,
      1.8325,
      0.8725,
      1.92,
      0.96
    ],
    "SoftwareVersions": "syngo_MR_B17",
    "TotalReadoutTime": 0.0568788,
    "modality": "bold",
    "run_id": "03",
    "session_id": "01",
    "subject_id": "CSI1",
    "task_id": "5000scenes"
  },
  "dummy_trs": 1,
  "dvars_nstd": 38.8092826603125,
  "dvars_std": 1.3489736370833334,
  "dvars_vstd": 0.9948959805729171,
  "efc": 0.5215742879213513,
  "fber": 2647.220458984375,
  "fd_mean": 0.08174051906625414,
  "fd_num": 5,
  "fd_perc": 2.5906735751295336,
  "fwhm_avg": 2.558126666666667,
  "fwhm_x": 2.333615,
  "fwhm_y": 2.93163,
  "fwhm_z": 2.409135,
  "gcor": 0.0140793,
  "gsr_x": 0.001328874728642404,
  "gsr_y": 0.03621463105082512,
  "provenance": {
    "md5sum": "05c8212d534ee4a4fe34e05c0b286551",
    "settings": {
      "fd_thres": 0.2,
      "hmc_fsl": false
    },
    "software": "mriqc",
    "version": "0.11.0",
    "webapi_port": null,
    "webapi_url": null
  },
  "size_t": 193,
  "size_x": 106,
  "size_y": 106,
  "size_z": 69,
  "snr": 4.6543852760532936,
  "spacing_tr": 2.0,
  "spacing_x": 2.0,
  "spacing_y": 2.0,
  "spacing_z": 2.0,
  "summary_bg_k": 18.215861369273156,
  "summary_bg_mad": 7.36691951751709,
  "summary_bg_mean": 28.613670349121094,
  "summary_bg_median": 9.611398696899414,
  "summary_bg_n": 506756.0,
  "summary_bg_p05": 3.880828857421875,
  "summary_bg_p95": 118.8860092163086,
  "summary_bg_stdv": 49.07244873046875,
  "summary_fg_k": 2.656585078896554,
  "summary_fg_mad": 86.8704833984375,
  "summary_fg_mean": 513.4741821289062,
  "summary_fg_median": 513.8031005859375,
  "summary_fg_n": 171250.0,
  "summary_fg_p05": 328.8556838989258,
  "summary_fg_p95": 680.4535980224609,
  "summary_fg_stdv": 110.39086151123047,
  "tsnr": 52.34525680541992
}