{
  "aor": 0.0005151546391752577,
  "aqi": 0.011540342010309278,
  "bids_meta": {
    "AcquisitionNumber": 1,
    "AcquisitionTime": "12:43:28.562500",
    "BandwidthPerPixelPhaseEncode": 13.103,
    "ConversionSoftware": "dcm2niix",
    "ConversionSoftwareVersion": "v1.0.20170724 GCC4.4.7",
    "DeviceSerialNumber": "40482",
    "EchoTime": 0.03,
    "EffectiveEchoSpacing": 0.000719985,
    "FlipAngle": 79,
    "ImageType": [
      "ORIGINAL",
      "PRIMARY",
      "M",
      "MB",
      "ND",
      "NORM",
      "MOSAIC"
    ],
    "InstitutionAddress": "Frew_4805_Pittsburgh_District_US_15213",
    "InstitutionName": "SIBR",
    "MagneticFieldStrength": 3,
    "Manufacturer": "Siemens",
    "ManufacturersModelName": "Verio",
    "PhaseEncodingDirection": "j-",
    "PhaseEncodingLines": 106,
    "ProcedureStepDescription": "Dr._Tarr_Elissa",
    "ProtocolName": "BOLD_CSI1_Sess-2_Run-2",
    "RepetitionTime": 2,
    "ScanningSequence": "EP",
    "SequenceName": "epfid2d1_106",
    "SequenceVariant": "SK_SS",
    "SeriesDescription": "BOLD_CSI1_Sess-2_Run-2",
    "SliceTiming": [
      0,
      1.0475,
      0.0875,
      1.135,
      0.175,
      1.2225,
      0.2625,
      1.31,
      0.35,
      1.3975,
      0.4375,
      1.485,
      0.5225,
      1.57,
      0.61,
      1.6575,
      0.6975,
      1.745,
      0.785,
      1.8325,
      0.8725,
      1.92,
      0.96,
      0,
      1.0475,
      0.0875,
      1.135,
      0.175,
      1.2225,
      0.2625,
      1.31,
      0.35,
      1.3975,
      0.4375,
      1.485,
      0.5225,
      1.57,
      0.61,
      1.6575,
      0.6975,
      1.745,
      0.785,
      1.8325,
      0.8725,
      1.92,
      0.96,
      0,
      1.0475,
      0.0875,
      1.135,
      0.175,
      1.2225,
      0.2625,
      1.31,
      0.35,
      1.3975,
      0.4375,
      1.485,
      0.5225,
      1.57,
      0.61,
      1.6575,
      0.6975,
      1.745,
      0.785,
      1.8325,
      0.8725,
      1.92,
      0.96
    ],
    "SoftwareVersions": "syngo_MR_B17",
    "TotalReadoutTime": 0.0568788,
    "modality": "bold",
    "run_id": "02",
    "session_id": "02",
    "subject_id": "CSI1",
    "task_id": "5000scenes"
  },
  "dummy_trs": 0,
  "dvars_nstd": 35.35367714715027,
  "dvars_std": 1.2476404160621761,
  "dvars_vstd": 0.9823232643005183,
  "efc": 0.5221674401198672,
  "fber": 2602.998291015625,
  "fd_mean": 0.08602518388191674,
  "fd_num": 3,
  "fd_perc": 1.5463917525773196,
  "fwhm_avg": 2.5534833333333338,
  "fwhm_x": 2.31573,
  "fwhm_y": 2.928675,
  "fwhm_z": 2.416045,
  "gcor": 0.0111692,
  "gsr_x": 0.0017401697114109993,
  "gsr_y": 0.032994601875543594,
  "provenance": {
    "md5sum": "41fa97bd18ec0e0fd01c4970a4378175",
    "settings": {
      "fd_thres": 0.2,
      "hmc_fsl": false
    },
    "software": "mriqc",
    "version": "0.11.0",
    "webapi_port": null,
    "webapi_url": null
  },
  "size_t": 194,
  "size_x": 106,
  "size_y": 106,
  "size_z": 69,
  "snr": 4.723216399681141,
  "spacing_tr": 2.0,
  "spacing_x": 2.0,
  "spacing_y": 2.0,
  "spacing_z": 2.0,
  "summary_bg_k": 17.50188361823045,
  "summary_bg_mad": 7.947971343994141,
  "summary_bg_mean": 30.45701026916504,
  "summary_bg_median": 10.159793853759766,
  "summary_bg_n": 507689.0,
  "summary_bg_p05": 4.025773048400879,
  "summary_bg_p95": 127.47216033935534,
  "summary_bg_stdv": 52.07956314086914,
  "summary_fg_k": 2.722684177513603,
  "summary_fg_mad": 89.30769348144531,
  "summary_fg_mean": 538.3770141601562,
  "summary_fg_median": 538.4226684570312,
  "summary_fg_n": 169963.0,
  "summary_fg_p05": 351.4035858154297,
  "summary_fg_p95": 712.32470703125,
  "summary_fg_stdv": 113.99458312988281,
  "tsnr": 46.97087860107422
}