{
  "aor": 0.0005239690721649484,
  "aqi": 0.008788096855670103,
  "bids_meta": {
    "AcquisitionNumber": 1,
    "AcquisitionTime": "13:43:17.695000",
    "BandwidthPerPixelPhaseEncode": 13.103,
    "ConversionSoftware": "dcm2niix",
    "ConversionSoftwareVersion": "v1.0.20170724 GCC4.4.7",
    "DeviceSerialNumber": "40482",
    "EchoTime": 0.03,
    "EffectiveEchoSpacing": 0.000719985,
    "FlipAngle": 79,
    "ImageType": [
      "ORIGINAL",
      "PRIMARY",
      "M",
      "MB",
      "ND",
      "NORM",
      "MOSAIC"
    ],
    "InstitutionAddress": "Frew_4805_Pittsburgh_District_US_15213",
    "InstitutionName": "SIBR",
    "MagneticFieldStrength": 3,
    "Manufacturer": "Siemens",
    "ManufacturersModelName": "Verio",
    "PhaseEncodingDirection": "j-",
    "PhaseEncodingLines": 106,
    "ProcedureStepDescription": "Dr._Tarr_Elissa",
    "ProtocolName": "BOLD_CSI1_Sess-11_Run-3",
    "RepetitionTime": 2,
    "ScanningSequence": "EP",
    "SequenceName": "epfid2d1_106",
    "SequenceVariant": "SK_SS",
    "SeriesDescription": "BOLD_CSI1_Sess-11_Run-3",
    "SliceTiming": [
      0,
      1.0475,
      0.0875,
      1.1325,
      0.1725,
      1.22,
      0.26,
      1.3075,
      0.3475,
      1.395,
      0.435,
      1.4825,
      0.5225,
      1.57,
      0.61,
      1.6575,
      0.6975,
      1.745,
      0.785,
      1.8325,
      0.8725,
      1.92,
      0.96,
      0,
      1.0475,
      0.0875,
      1.1325,
      0.1725,
      1.22,
      0.26,
      1.3075,
      0.3475,
      1.395,
      0.435,
      1.4825,
      0.5225,
      1.57,
      0.61,
      1.6575,
      0.6975,
      1.745,
      0.785,
      1.8325,
      0.8725,
      1.92,
      0.96,
      0,
      1.0475,
      0.0875,
      1.1325,
      0.1725,
      1.22,
      0.26,
      1.3075,
      0.3475,
      1.395,
      0.435,
      1.4825,
      0.5225,
      1.57,
      0.61,
      1.6575,
      0.6975,
      1.745,
      0.785,
      1.8325,
      0.8725,
      1.92,
      0.96
    ],
    "SoftwareVersions": "syngo_MR_B17",
    "TotalReadoutTime": 0.0568788,
    "modality": "bold",
    "run_id": "03",
    "session_id": "11",
    "subject_id": "CSI1",
    "task_id": "5000scenes"
  },
  "dummy_trs": 0,
  "dvars_nstd": 38.10622000839381,
  "dvars_std": 1.2718757880829017,
  "dvars_vstd": 1.006142561917098,
  "efc": 0.5225430827324535,
  "fber": 2383.465087890625,
  "fd_mean": 0.11996517520272051,
  "fd_num": 16,
  "fd_perc": 8.24742268041237,
  "fwhm_avg": 2.588995,
  "fwhm_x": 2.35968,
  "fwhm_y": 2.98277,
  "fwhm_z": 2.424535,
  "gcor": 0.0104135,
  "gsr_x": 0.004553160630166531,
  "gsr_y": 0.030650528147816658,
  "provenance": {
    "md5sum": "f7e836e13a7232fc0f5607425ad347b4",
    "settings": {
      "fd_thres": 0.2,
      "hmc_fsl": false
    },
    "software": "mriqc",
    "version": "0.11.0",
    "webapi_port": null,
    "webapi_url": null
  },
  "size_t": 194,
  "size_x": 106,
  "size_y": 106,
  "size_z": 69,
  "snr": 4.470246502176405,
  "spacing_tr": 2.0,
  "spacing_x": 2.0,
  "spacing_y": 2.0,
  "spacing_z": 2.0,
  "summary_bg_k": 18.985136491409758,
  "summary_bg_mad": 8.184881210327148,
  "summary_bg_mean": 30.605010986328125,
  "summary_bg_median": 10.402061462402344,
  "summary_bg_n": 507112.0,
  "summary_bg_p05": 4.082474231719971,
  "summary_bg_p95": 127.04870758056617,
  "summary_bg_stdv": 53.00254440307617,
  "summary_fg_k": 2.7381598144639483,
  "summary_fg_mad": 88.49761962890625,
  "summary_fg_mean": 526.6533203125,
  "summary_fg_median": 527.2628784179688,
  "summary_fg_n": 170505.0,
  "summary_fg_p05": 323.9958740234375,
  "summary_fg_p95": 705.0257568359375,
  "summary_fg_stdv": 117.94905090332031,
  "tsnr": 52.525794982910156
}