{
  "aor": 0.0008114893617021278,
  "aqi": 0.008671488794326242,
  "bids_meta": {
    "AcquisitionNumber": 1,
    "AcquisitionTime": "17:16:6.947500",
    "BandwidthPerPixelPhaseEncode": 13.103,
    "ConversionSoftware": "dcm2niix",
    "ConversionSoftwareVersion": "v1.0.20170724 GCC4.4.7",
    "DeviceSerialNumber": "40482",
    "EchoTime": 0.03,
    "EffectiveEchoSpacing": 0.000719985,
    "FlipAngle": 79,
    "ImageType": [
      "ORIGINAL",
      "PRIMARY",
      "M",
      "MB",
      "ND",
      "NORM",
      "MOSAIC"
    ],
    "InstitutionAddress": "Frew_4805_Pittsburgh_District_US_15213",
    "InstitutionName": "SIBR",
    "MagneticFieldStrength": 3,
    "Manufacturer": "Siemens",
    "ManufacturersModelName": "Verio",
    "PhaseEncodingDirection": "j-",
    "PhaseEncodingLines": 106,
    "ProcedureStepDescription": "Dr._Tarr_Elissa",
    "ProtocolName": "BOLD_CSI1_Sess-4_SceneLocal",
    "RepetitionTime": 2,
    "ScanningSequence": "EP",
    "SequenceName": "epfid2d1_106",
    "SequenceVariant": "SK_SS",
    "SeriesDescription": "BOLD_CSI1_Sess-4_SceneLocal",
    "SliceTiming": [
      0,
      1.0475,
      0.0875,
      1.135,
      0.175,
      1.2225,
      0.2625,
      1.31,
      0.35,
      1.3975,
      0.4375,
      1.485,
      0.5225,
      1.57,
      0.61,
      1.6575,
      0.6975,
      1.745,
      0.785,
      1.8325,
      0.8725,
      1.92,
      0.96,
      0,
      1.0475,
      0.0875,
      1.135,
      0.175,
      1.2225,
      0.2625,
      1.31,
      0.35,
      1.3975,
      0.4375,
      1.485,
      0.5225,
      1.57,
      0.61,
      1.6575,
      0.6975,
      1.745,
      0.785,
      1.8325,
      0.8725,
      1.92,
      0.96,
      0,
      1.0475,
      0.0875,
      1.135,
      0.175,
      1.2225,
      0.2625,
      1.31,
      0.35,
      1.3975,
      0.4375,
      1.485,
      0.5225,
      1.57,
      0.61,
      1.6575,
      0.6975,
      1.745,
      0.785,
      1.8325,
      0.8725,
      1.92,
      0.96
    ],
    "SoftwareVersions": "syngo_MR_B17",
    "TaskName": "Scene Localizer",
    "TotalReadoutTime": 0.0568788,
    "modality": "bold",
    "session_id": "04",
    "subject_id": "CSI1",
    "task_id": "localizer"
  },
  "dummy_trs": 0,
  "dvars_nstd": 36.98596574242858,
  "dvars_std": 1.3024180975,
  "dvars_vstd": 1.0004663097857138,
  "efc": 0.526210566698251,
  "fber": 2082.7041015625,
  "fd_mean": 0.06946893702189938,
  "fd_num": 2,
  "fd_perc": 1.4184397163120568,
  "fwhm_avg": 2.6094683333333335,
  "fwhm_x": 2.378235,
  "fwhm_y": 2.996755,
  "fwhm_z": 2.453415,
  "gcor": 0.0064396,
  "gsr_x": 0.0016661456320434809,
  "gsr_y": 0.030731329694390297,
  "provenance": {
    "md5sum": "d16f93f6cf72132e72a7030bf9dc9f32",
    "settings": {
      "fd_thres": 0.2,
      "hmc_fsl": false
    },
    "software": "mriqc",
    "version": "0.11.0",
    "webapi_port": null,
    "webapi_url": null
  },
  "size_t": 141,
  "size_x": 106,
  "size_y": 106,
  "size_z": 69,
  "snr": 4.485147343774957,
  "spacing_tr": 2.0,
  "spacing_x": 2.0,
  "spacing_y": 2.0,
  "spacing_z": 2.0,
  "summary_bg_k": 17.297577418336925,
  "summary_bg_mad": 8.643255233764648,
  "summary_bg_mean": 31.14946937561035,
  "summary_bg_median": 11.06382942199707,
  "summary_bg_n": 505720.0,
  "summary_bg_p05": 4.439716339111328,
  "summary_bg_p95": 128.5035400390625,
  "summary_bg_stdv": 51.1741943359375,
  "summary_fg_k": 2.531690275475423,
  "summary_fg_mad": 89.43981170654297,
  "summary_fg_mean": 526.1446533203125,
  "summary_fg_median": 525.1773071289062,
  "summary_fg_n": 171426.0,
  "summary_fg_p05": 329.3209228515625,
  "summary_fg_p95": 706.5584716796875,
  "summary_fg_stdv": 117.09220123291016,
  "tsnr": 52.429412841796875
}