{
  "aor": 0.0005346907216494846,
  "aqi": 0.009651442010309277,
  "bids_meta": {
    "AcquisitionNumber": 1,
    "AcquisitionTime": "16:45:36.442500",
    "BandwidthPerPixelPhaseEncode": 13.103,
    "ConversionSoftware": "dcm2niix",
    "ConversionSoftwareVersion": "v1.0.20170724 GCC4.4.7",
    "DeviceSerialNumber": "40482",
    "EchoTime": 0.03,
    "EffectiveEchoSpacing": 0.000719985,
    "FlipAngle": 79,
    "ImageType": [
      "ORIGINAL",
      "PRIMARY",
      "M",
      "MB",
      "ND",
      "NORM",
      "MOSAIC"
    ],
    "InstitutionAddress": "Frew_4805_Pittsburgh_District_US_15213",
    "InstitutionName": "SIBR",
    "MagneticFieldStrength": 3,
    "Manufacturer": "Siemens",
    "ManufacturersModelName": "Verio",
    "PhaseEncodingDirection": "j-",
    "PhaseEncodingLines": 106,
    "ProcedureStepDescription": "Dr._Tarr_Elissa",
    "ProtocolName": "BOLD_CSI1_Sess-4_Run-6",
    "RepetitionTime": 2,
    "ScanningSequence": "EP",
    "SequenceName": "epfid2d1_106",
    "SequenceVariant": "SK_SS",
    "SeriesDescription": "BOLD_CSI1_Sess-4_Run-6",
    "SliceTiming": [
      0,
      1.0475,
      0.0875,
      1.135,
      0.175,
      1.2225,
      0.2625,
      1.31,
      0.35,
      1.3975,
      0.4375,
      1.485,
      0.525,
      1.5725,
      0.6125,
      1.66,
      0.7,
      1.7475,
      0.7875,
      1.835,
      0.875,
      1.9225,
      0.9625,
      0,
      1.0475,
      0.0875,
      1.135,
      0.175,
      1.2225,
      0.2625,
      1.31,
      0.35,
      1.3975,
      0.4375,
      1.485,
      0.525,
      1.5725,
      0.6125,
      1.66,
      0.7,
      1.7475,
      0.7875,
      1.835,
      0.875,
      1.9225,
      0.9625,
      0,
      1.0475,
      0.0875,
      1.135,
      0.175,
      1.2225,
      0.2625,
      1.31,
      0.35,
      1.3975,
      0.4375,
      1.485,
      0.525,
      1.5725,
      0.6125,
      1.66,
      0.7,
      1.7475,
      0.7875,
      1.835,
      0.875,
      1.9225,
      0.9625
    ],
    "SoftwareVersions": "syngo_MR_B17",
    "TotalReadoutTime": 0.0568788,
    "modality": "bold",
    "run_id": "06",
    "session_id": "04",
    "subject_id": "CSI1",
    "task_id": "5000scenes"
  },
  "dummy_trs": 0,
  "dvars_nstd": 36.5763329522798,
  "dvars_std": 1.255799870362694,
  "dvars_vstd": 0.9969081877202074,
  "efc": 0.5254289389062874,
  "fber": 2125.80615234375,
  "fd_mean": 0.10574766898869958,
  "fd_num": 11,
  "fd_perc": 5.670103092783505,
  "fwhm_avg": 2.5927066666666665,
  "fwhm_x": 2.360125,
  "fwhm_y": 2.97848,
  "fwhm_z": 2.439515,
  "gcor": 0.0100419,
  "gsr_x": 0.002059801248833537,
  "gsr_y": 0.031383343040943146,
  "provenance": {
    "md5sum": "1a48a4651205c782702d1bd90effd451",
    "settings": {
      "fd_thres": 0.2,
      "hmc_fsl": false
    },
    "software": "mriqc",
    "version": "0.11.0",
    "webapi_port": null,
    "webapi_url": null
  },
  "size_t": 194,
  "size_x": 106,
  "size_y": 106,
  "size_z": 69,
  "snr": 4.492576714683487,
  "spacing_tr": 2.0,
  "spacing_x": 2.0,
  "spacing_y": 2.0,
  "spacing_z": 2.0,
  "summary_bg_k": 17.740945564844417,
  "summary_bg_mad": 8.53642463684082,
  "summary_bg_mean": 30.980913162231445,
  "summary_bg_median": 10.979381561279297,
  "summary_bg_n": 506192.0,
  "summary_bg_p05": 4.432989597320557,
  "summary_bg_p95": 127.95308647155714,
  "summary_bg_stdv": 51.49028015136719,
  "summary_fg_k": 2.541816721948038,
  "summary_fg_mad": 89.49876403808594,
  "summary_fg_mean": 525.9402465820312,
  "summary_fg_median": 525.4639282226562,
  "summary_fg_n": 171235.0,
  "summary_fg_p05": 327.94175109863284,
  "summary_fg_p95": 705.4690551757812,
  "summary_fg_stdv": 116.96236419677734,
  "tsnr": 49.3582878112793
}