{
  "aor": 0.0005945360824742268,
  "aqi": 0.009486122422680413,
  "bids_meta": {
    "AcquisitionNumber": 1,
    "AcquisitionTime": "13:27:44.915000",
    "BandwidthPerPixelPhaseEncode": 13.103,
    "ConversionSoftware": "dcm2niix",
    "ConversionSoftwareVersion": "v1.0.20170724 GCC4.4.7",
    "DeviceSerialNumber": "40482",
    "EchoTime": 0.03,
    "EffectiveEchoSpacing": 0.000719985,
    "FlipAngle": 79,
    "ImageType": [
      "ORIGINAL",
      "PRIMARY",
      "M",
      "MB",
      "ND",
      "NORM",
      "MOSAIC"
    ],
    "InstitutionAddress": "Frew_4805_Pittsburgh_District_US_15213",
    "InstitutionName": "SIBR",
    "MagneticFieldStrength": 3,
    "Manufacturer": "Siemens",
    "ManufacturersModelName": "Verio",
    "PhaseEncodingDirection": "j-",
    "PhaseEncodingLines": 106,
    "ProcedureStepDescription": "Dr._Tarr_Elissa",
    "ProtocolName": "BOLD_CSI1_Sess-2_Run-7",
    "RepetitionTime": 2,
    "ScanningSequence": "EP",
    "SequenceName": "epfid2d1_106",
    "SequenceVariant": "SK_SS",
    "SeriesDescription": "BOLD_CSI1_Sess-2_Run-7",
    "SliceTiming": [
      0,
      1.0475,
      0.0875,
      1.135,
      0.175,
      1.2225,
      0.2625,
      1.31,
      0.35,
      1.3975,
      0.4375,
      1.485,
      0.525,
      1.5725,
      0.6125,
      1.66,
      0.7,
      1.7475,
      0.7875,
      1.835,
      0.875,
      1.9225,
      0.96,
      0,
      1.0475,
      0.0875,
      1.135,
      0.175,
      1.2225,
      0.2625,
      1.31,
      0.35,
      1.3975,
      0.4375,
      1.485,
      0.525,
      1.5725,
      0.6125,
      1.66,
      0.7,
      1.7475,
      0.7875,
      1.835,
      0.875,
      1.9225,
      0.96,
      0,
      1.0475,
      0.0875,
      1.135,
      0.175,
      1.2225,
      0.2625,
      1.31,
      0.35,
      1.3975,
      0.4375,
      1.485,
      0.525,
      1.5725,
      0.6125,
      1.66,
      0.7,
      1.7475,
      0.7875,
      1.835,
      0.875,
      1.9225,
      0.96
    ],
    "SoftwareVersions": "syngo_MR_B17",
    "TotalReadoutTime": 0.0568788,
    "modality": "bold",
    "run_id": "07",
    "session_id": "02",
    "subject_id": "CSI1",
    "task_id": "5000scenes"
  },
  "dummy_trs": 0,
  "dvars_nstd": 37.14948196580311,
  "dvars_std": 1.2703562861658029,
  "dvars_vstd": 1.007775847927461,
  "efc": 0.5268151280290236,
  "fber": 2381.102783203125,
  "fd_mean": 0.15411360613801295,
  "fd_num": 45,
  "fd_perc": 23.195876288659793,
  "fwhm_avg": 2.5582216666666664,
  "fwhm_x": 2.3272,
  "fwhm_y": 2.94459,
  "fwhm_z": 2.402875,
  "gcor": 0.0212593,
  "gsr_x": 0.0031225120183080435,
  "gsr_y": 0.03413204476237297,
  "provenance": {
    "md5sum": "a2eab17739b84cb1e71ae1cc5c182b2e",
    "settings": {
      "fd_thres": 0.2,
      "hmc_fsl": false
    },
    "software": "mriqc",
    "version": "0.11.0",
    "webapi_port": null,
    "webapi_url": null
  },
  "size_t": 194,
  "size_x": 106,
  "size_y": 106,
  "size_z": 69,
  "snr": 4.693819173457474,
  "spacing_tr": 2.0,
  "spacing_x": 2.0,
  "spacing_y": 2.0,
  "spacing_z": 2.0,
  "summary_bg_k": 16.14214049877784,
  "summary_bg_mad": 8.131385803222656,
  "summary_bg_mean": 31.329980850219727,
  "summary_bg_median": 10.324742317199707,
  "summary_bg_n": 506842.0,
  "summary_bg_p05": 4.072165012359619,
  "summary_bg_p95": 132.226806640625,
  "summary_bg_stdv": 53.02022933959961,
  "summary_fg_k": 2.7515029037140097,
  "summary_fg_mad": 86.38072204589844,
  "summary_fg_mean": 521.7456665039062,
  "summary_fg_median": 523.7835083007812,
  "summary_fg_n": 170823.0,
  "summary_fg_p05": 332.4891662597656,
  "summary_fg_p95": 688.4329833984375,
  "summary_fg_stdv": 111.5897216796875,
  "tsnr": 50.40585708618164
}