{
  "aor": 0.0007490780141843971,
  "aqi": 0.007711332056737587,
  "bids_meta": {
    "AcquisitionNumber": 1,
    "AcquisitionTime": "13:23:8.677500",
    "BandwidthPerPixelPhaseEncode": 13.103,
    "ConversionSoftware": "dcm2niix",
    "ConversionSoftwareVersion": "v1.0.20170724 GCC4.4.7",
    "DeviceSerialNumber": "40482",
    "EchoTime": 0.03,
    "EffectiveEchoSpacing": 0.000719985,
    "FlipAngle": 79,
    "ImageType": [
      "ORIGINAL",
      "PRIMARY",
      "M",
      "MB",
      "ND",
      "NORM",
      "MOSAIC"
    ],
    "InstitutionAddress": "Frew_4805_Pittsburgh_District_US_15213",
    "InstitutionName": "SIBR",
    "MagneticFieldStrength": 3,
    "Manufacturer": "Siemens",
    "ManufacturersModelName": "Verio",
    "PhaseEncodingDirection": "j-",
    "PhaseEncodingLines": 106,
    "ProcedureStepDescription": "Dr._Tarr_Elissa",
    "ProtocolName": "BOLD_CSI1_Sess-8_SceneLocal",
    "RepetitionTime": 2,
    "ScanningSequence": "EP",
    "SequenceName": "epfid2d1_106",
    "SequenceVariant": "SK_SS",
    "SeriesDescription": "BOLD_CSI1_Sess-8_SceneLocal",
    "SliceTiming": [
      0,
      1.0475,
      0.0875,
      1.135,
      0.175,
      1.2225,
      0.26,
      1.3075,
      0.3475,
      1.395,
      0.435,
      1.4825,
      0.5225,
      1.57,
      0.61,
      1.6575,
      0.6975,
      1.745,
      0.785,
      1.8325,
      0.8725,
      1.92,
      0.96,
      0,
      1.0475,
      0.0875,
      1.135,
      0.175,
      1.2225,
      0.26,
      1.3075,
      0.3475,
      1.395,
      0.435,
      1.4825,
      0.5225,
      1.57,
      0.61,
      1.6575,
      0.6975,
      1.745,
      0.785,
      1.8325,
      0.8725,
      1.92,
      0.96,
      0,
      1.0475,
      0.0875,
      1.135,
      0.175,
      1.2225,
      0.26,
      1.3075,
      0.3475,
      1.395,
      0.435,
      1.4825,
      0.5225,
      1.57,
      0.61,
      1.6575,
      0.6975,
      1.745,
      0.785,
      1.8325,
      0.8725,
      1.92,
      0.96
    ],
    "SoftwareVersions": "syngo_MR_B17",
    "TaskName": "Scene Localizer",
    "TotalReadoutTime": 0.0568788,
    "modality": "bold",
    "session_id": "08",
    "subject_id": "CSI1",
    "task_id": "localizer"
  },
  "dummy_trs": 0,
  "dvars_nstd": 34.282530866,
  "dvars_std": 1.243606337642857,
  "dvars_vstd": 1.0059741186428575,
  "efc": 0.5273703724655247,
  "fber": 2197.647216796875,
  "fd_mean": 0.12174779153882105,
  "fd_num": 17,
  "fd_perc": 12.056737588652481,
  "fwhm_avg": 2.6001766666666666,
  "fwhm_x": 2.36285,
  "fwhm_y": 2.99593,
  "fwhm_z": 2.44175,
  "gcor": 0.0109755,
  "gsr_x": 0.00320198736153543,
  "gsr_y": 0.03175834193825722,
  "provenance": {
    "md5sum": "5ec81f2b160820c1191dba9bd1f5ce4f",
    "settings": {
      "fd_thres": 0.2,
      "hmc_fsl": false
    },
    "software": "mriqc",
    "version": "0.11.0",
    "webapi_port": null,
    "webapi_url": null
  },
  "size_t": 141,
  "size_x": 106,
  "size_y": 106,
  "size_z": 69,
  "snr": 4.655050748944538,
  "spacing_tr": 2.0,
  "spacing_x": 2.0,
  "spacing_y": 2.0,
  "spacing_z": 2.0,
  "summary_bg_k": 16.434418581575937,
  "summary_bg_mad": 8.737890243530273,
  "summary_bg_mean": 31.789899826049805,
  "summary_bg_median": 10.971631050109863,
  "summary_bg_n": 505568.0,
  "summary_bg_p05": 4.198581218719482,
  "summary_bg_p95": 131.46807861328125,
  "summary_bg_stdv": 53.0845947265625,
  "summary_fg_k": 2.687725944882322,
  "summary_fg_mad": 88.50395202636719,
  "summary_fg_mean": 532.2745361328125,
  "summary_fg_median": 535.6240844726562,
  "summary_fg_n": 171471.0,
  "summary_fg_p05": 330.92552185058594,
  "summary_fg_p95": 700.1737365722656,
  "summary_fg_stdv": 115.06266021728516,
  "tsnr": 55.42267608642578
}