{
  "aor": 0.000494381443298969,
  "aqi": 0.009433964639175257,
  "bids_meta": {
    "AcquisitionNumber": 1,
    "AcquisitionTime": "12:09:47.002500",
    "BandwidthPerPixelPhaseEncode": 13.103,
    "ConversionSoftware": "dcm2niix",
    "ConversionSoftwareVersion": "v1.0.20170724 GCC4.4.7",
    "DeviceSerialNumber": "40482",
    "EchoTime": 0.03,
    "EffectiveEchoSpacing": 0.000719985,
    "FlipAngle": 79,
    "ImageType": [
      "ORIGINAL",
      "PRIMARY",
      "M",
      "MB",
      "ND",
      "NORM",
      "MOSAIC"
    ],
    "InstitutionAddress": "Frew_4805_Pittsburgh_District_US_15213",
    "InstitutionName": "SIBR",
    "MagneticFieldStrength": 3,
    "Manufacturer": "Siemens",
    "ManufacturersModelName": "Verio",
    "PhaseEncodingDirection": "j-",
    "PhaseEncodingLines": 106,
    "ProcedureStepDescription": "Dr._Tarr_Elissa",
    "ProtocolName": "BOLD_CSI1_Sess-14_Run-5",
    "RepetitionTime": 2,
    "ScanningSequence": "EP",
    "SequenceName": "epfid2d1_106",
    "SequenceVariant": "SK_SS",
    "SeriesDescription": "BOLD_CSI1_Sess-14_Run-5",
    "SliceTiming": [
      0,
      1.0475,
      0.0875,
      1.135,
      0.175,
      1.2225,
      0.2625,
      1.31,
      0.35,
      1.3975,
      0.4375,
      1.485,
      0.525,
      1.5725,
      0.6125,
      1.66,
      0.7,
      1.7475,
      0.7875,
      1.835,
      0.875,
      1.9225,
      0.96,
      0,
      1.0475,
      0.0875,
      1.135,
      0.175,
      1.2225,
      0.2625,
      1.31,
      0.35,
      1.3975,
      0.4375,
      1.485,
      0.525,
      1.5725,
      0.6125,
      1.66,
      0.7,
      1.7475,
      0.7875,
      1.835,
      0.875,
      1.9225,
      0.96,
      0,
      1.0475,
      0.0875,
      1.135,
      0.175,
      1.2225,
      0.2625,
      1.31,
      0.35,
      1.3975,
      0.4375,
      1.485,
      0.525,
      1.5725,
      0.6125,
      1.66,
      0.7,
      1.7475,
      0.7875,
      1.835,
      0.875,
      1.9225,
      0.96
    ],
    "SoftwareVersions": "syngo_MR_B17",
    "TotalReadoutTime": 0.0568788,
    "modality": "bold",
    "run_id": "05",
    "session_id": "14",
    "subject_id": "CSI1",
    "task_id": "5000scenes"
  },
  "dummy_trs": 0,
  "dvars_nstd": 37.7921980031088,
  "dvars_std": 1.2722412495336792,
  "dvars_vstd": 1.005880911088083,
  "efc": 0.5245375135512066,
  "fber": 2361.0458984375,
  "fd_mean": 0.20042297956157554,
  "fd_num": 80,
  "fd_perc": 41.23711340206186,
  "fwhm_avg": 2.5798516666666664,
  "fwhm_x": 2.35205,
  "fwhm_y": 2.962665,
  "fwhm_z": 2.42484,
  "gcor": 0.0220718,
  "gsr_x": 0.002622256288304925,
  "gsr_y": 0.032412104308605194,
  "provenance": {
    "md5sum": "b5830d7b6e99432c8547606e3695e607",
    "settings": {
      "fd_thres": 0.2,
      "hmc_fsl": false
    },
    "software": "mriqc",
    "version": "0.11.0",
    "webapi_port": null,
    "webapi_url": null
  },
  "size_t": 194,
  "size_x": 106,
  "size_y": 106,
  "size_z": 69,
  "snr": 4.721742056610337,
  "spacing_tr": 2.0,
  "spacing_x": 2.0,
  "spacing_y": 2.0,
  "spacing_z": 2.0,
  "summary_bg_k": 16.901632656866806,
  "summary_bg_mad": 7.863905906677246,
  "summary_bg_mean": 29.688554763793945,
  "summary_bg_median": 10.185566902160645,
  "summary_bg_n": 506927.0,
  "summary_bg_p05": 4.092783451080322,
  "summary_bg_p95": 123.71546249389552,
  "summary_bg_stdv": 49.78284454345703,
  "summary_fg_k": 2.7230490910439453,
  "summary_fg_mad": 85.18085479736328,
  "summary_fg_mean": 513.6487426757812,
  "summary_fg_median": 514.5154418945312,
  "summary_fg_n": 170849.0,
  "summary_fg_p05": 329.4958740234375,
  "summary_fg_p95": 676.4484252929688,
  "summary_fg_stdv": 108.96697235107422,
  "tsnr": 51.888671875
}