{
  "aor": 0.0007909278350515463,
  "aqi": 0.010214276701030927,
  "bids_meta": {
    "AcquisitionNumber": 1,
    "AcquisitionTime": "13:41:50.350000",
    "BandwidthPerPixelPhaseEncode": 13.103,
    "ConversionSoftware": "dcm2niix",
    "ConversionSoftwareVersion": "v1.0.20170724 GCC4.4.7",
    "DeviceSerialNumber": "40482",
    "EchoTime": 0.03,
    "EffectiveEchoSpacing": 0.000719985,
    "FlipAngle": 79,
    "ImageType": [
      "ORIGINAL",
      "PRIMARY",
      "M",
      "MB",
      "ND",
      "NORM",
      "MOSAIC"
    ],
    "InstitutionAddress": "Frew_4805_Pittsburgh_District_US_15213",
    "InstitutionName": "SIBR",
    "MagneticFieldStrength": 3,
    "Manufacturer": "Siemens",
    "ManufacturersModelName": "Verio",
    "PhaseEncodingDirection": "j-",
    "PhaseEncodingLines": 106,
    "ProcedureStepDescription": "Dr._Tarr_Elissa",
    "ProtocolName": "BOLD_CSI1_Sess-10_Run-2",
    "RepetitionTime": 2,
    "ScanningSequence": "EP",
    "SequenceName": "epfid2d1_106",
    "SequenceVariant": "SK_SS",
    "SeriesDescription": "BOLD_CSI1_Sess-10_Run-2",
    "SliceTiming": [
      0,
      1.0475,
      0.0875,
      1.135,
      0.1725,
      1.22,
      0.26,
      1.3075,
      0.3475,
      1.395,
      0.435,
      1.4825,
      0.5225,
      1.57,
      0.61,
      1.6575,
      0.6975,
      1.745,
      0.785,
      1.8325,
      0.8725,
      1.92,
      0.96,
      0,
      1.0475,
      0.0875,
      1.135,
      0.1725,
      1.22,
      0.26,
      1.3075,
      0.3475,
      1.395,
      0.435,
      1.4825,
      0.5225,
      1.57,
      0.61,
      1.6575,
      0.6975,
      1.745,
      0.785,
      1.8325,
      0.8725,
      1.92,
      0.96,
      0,
      1.0475,
      0.0875,
      1.135,
      0.1725,
      1.22,
      0.26,
      1.3075,
      0.3475,
      1.395,
      0.435,
      1.4825,
      0.5225,
      1.57,
      0.61,
      1.6575,
      0.6975,
      1.745,
      0.785,
      1.8325,
      0.8725,
      1.92,
      0.96
    ],
    "SoftwareVersions": "syngo_MR_B17",
    "TotalReadoutTime": 0.0568788,
    "modality": "bold",
    "run_id": "02",
    "session_id": "10",
    "subject_id": "CSI1",
    "task_id": "5000scenes"
  },
  "dummy_trs": 0,
  "dvars_nstd": 39.29243026502592,
  "dvars_std": 1.32724468284974,
  "dvars_vstd": 1.0008459918134713,
  "efc": 0.5229583097178881,
  "fber": 2326.087890625,
  "fd_mean": 0.11098369922766255,
  "fd_num": 17,
  "fd_perc": 8.762886597938145,
  "fwhm_avg": 2.5670766666666665,
  "fwhm_x": 2.345685,
  "fwhm_y": 2.949045,
  "fwhm_z": 2.4065,
  "gcor": 0.0120812,
  "gsr_x": 0.0017975005321204662,
  "gsr_y": 0.029582666233181953,
  "provenance": {
    "md5sum": "ebaf48d75186add541cc77eac110cc4c",
    "settings": {
      "fd_thres": 0.2,
      "hmc_fsl": false
    },
    "software": "mriqc",
    "version": "0.11.0",
    "webapi_port": null,
    "webapi_url": null
  },
  "size_t": 194,
  "size_x": 106,
  "size_y": 106,
  "size_z": 69,
  "snr": 4.622868300473086,
  "spacing_tr": 2.0,
  "spacing_x": 2.0,
  "spacing_y": 2.0,
  "spacing_z": 2.0,
  "summary_bg_k": 17.92376409396454,
  "summary_bg_mad": 8.353012084960938,
  "summary_bg_mean": 30.349023818969727,
  "summary_bg_median": 10.520618438720703,
  "summary_bg_n": 507051.0,
  "summary_bg_p05": 4.056700706481934,
  "summary_bg_p95": 126.74742126464844,
  "summary_bg_stdv": 51.909698486328125,
  "summary_fg_k": 2.7871260919413023,
  "summary_fg_mad": 86.7933578491211,
  "summary_fg_mean": 525.9136962890625,
  "summary_fg_median": 527.3814086914062,
  "summary_fg_n": 169979.0,
  "summary_fg_p05": 329.9788543701172,
  "summary_fg_p95": 695.7633911132813,
  "summary_fg_stdv": 114.08065795898438,
  "tsnr": 50.21784973144531
}