{
  "bids_meta": {
    "AccelFactPE": 2,
    "AcquisitionNumber": 1,
    "AcquisitionTime": "13:13:39.167500",
    "ConversionSoftware": "dcm2niix",
    "ConversionSoftwareVersion": "v1.0.20170724 GCC4.4.7",
    "DeviceSerialNumber": "40482",
    "EchoTime": 0.00197,
    "FlipAngle": 9,
    "ImageType": [
      "ORIGINAL",
      "PRIMARY",
      "M",
      "ND",
      "NORM"
    ],
    "InstitutionAddress": "Frew_4805_Pittsburgh_PA_District_US_15213",
    "InstitutionName": "SIBR",
    "InversionTime": 0.9,
    "MagneticFieldStrength": 3,
    "Manufacturer": "Siemens",
    "ManufacturersModelName": "Verio",
    "PhaseEncodingDirection": "i-",
    "PhaseEncodingLines": 256,
    "ProcedureStepDescription": "Dr._Tarr_John",
    "ProtocolName": "t1_mpr_sag_iso_2pat_9degflip_TI900_Berkeley",
    "RepetitionTime": 2.3,
    "ScanningSequence": "GR_IR",
    "SequenceName": "_tfl3d1_ns",
    "SequenceVariant": "SP_MP",
    "SeriesDescription": "t1_mpr_sag_iso_2pat_9degflip_TI900_Berkeley",
    "SoftwareVersions": "syngo_MR_B17",
    "modality": "T1w",
    "run_id": "01",
    "session_id": "16",
    "subject_id": "CSI1"
  },
  "cjv": 0.41755491052021076,
  "cnr": 3.2024244878055548,
  "efc": 0.5681556986412232,
  "fber": 3187.6787109375,
  "fwhm_avg": 3.413703333333333,
  "fwhm_x": 3.2958,
  "fwhm_y": 3.53467,
  "fwhm_z": 3.41064,
  "icvs_csf": 0.21121718423258773,
  "icvs_gm": 0.42063983836509483,
  "icvs_wm": 0.36814297740231744,
  "inu_med": 1.489054799079895,
  "inu_range": 0.30289126634597796,
  "provenance": {
    "md5sum": "93e938f53d502c216f33dd61a6557df8",
    "settings": {
      "testing": false
    },
    "software": "mriqc",
    "version": "0.11.0",
    "warnings": {
      "large_rot_frame": true,
      "small_air_mask": false
    },
    "webapi_port": null,
    "webapi_url": "https://mriqc.nimh.nih.gov/api/v1"
  },
  "qi_1": 0.0,
  "qi_2": 0.003220599626300191,
  "rpve_csf": 26.927937850514578,
  "rpve_gm": 14.191961377878378,
  "rpve_wm": 19.991701469113735,
  "size_x": 176,
  "size_y": 256,
  "size_z": 256,
  "snr_csf": 2.2314818369747855,
  "snr_gm": 9.769026393613803,
  "snr_total": 9.710074417124778,
  "snr_wm": 17.129715020785746,
  "snrd_csf": 27.92353856819234,
  "snrd_gm": 65.31064975080558,
  "snrd_total": 62.08632373994249,
  "snrd_wm": 93.02478290082956,
  "spacing_x": 1.0,
  "spacing_y": 1.0,
  "spacing_z": 1.0,
  "summary_bg_k": 2092.748658174451,
  "summary_bg_mad": 7.0426859855651855,
  "summary_bg_mean": 8.051557540893555,
  "summary_bg_median": 5.034162521362305,
  "summary_bg_n": 2298579.0,
  "summary_bg_p05": 0.0,
  "summary_bg_p95": 21.81987590789795,
  "summary_bg_stdv": 9.057291984558105,
  "summary_csf_k": -0.9992382389884251,
  "summary_csf_mad": 167.39456176757812,
  "summary_csf_mean": 324.3043212890625,
  "summary_csf_median": 300.1767578125,
  "summary_csf_n": 5712.0,
  "summary_csf_p05": 143.6322052001953,
  "summary_csf_p95": 532.8745544433593,
  "summary_csf_stdv": 134.5072479248047,
  "summary_gm_k": 0.038727112963610644,
  "summary_gm_mad": 70.39469909667969,
  "summary_gm_mean": 703.5842895507812,
  "summary_gm_median": 702.0864868164062,
  "summary_gm_n": 13640.0,
  "summary_gm_p05": 587.189028930664,
  "summary_gm_p95": 827.4525207519531,
  "summary_gm_stdv": 71.8659896850586,
  "summary_wm_k": 0.5469987891270307,
  "summary_wm_mad": 54.00562286376953,
  "summary_wm_mean": 1000.5054931640625,
  "summary_wm_median": 1000.0121459960938,
  "summary_wm_n": 177086.0,
  "summary_wm_p05": 903.9752655029297,
  "summary_wm_p95": 1096.9263000488281,
  "summary_wm_stdv": 58.378631591796875,
  "tpm_overlap_csf": 0.20706140995025635,
  "tpm_overlap_gm": 0.4940015971660614,
  "tpm_overlap_wm": 0.5616036057472229,
  "wm2max": 0.4165276079248688
}