{
  "aor": 0.000719290780141844,
  "aqi": 0.008676506524822698,
  "bids_meta": {
    "AcquisitionNumber": 1,
    "AcquisitionTime": "12:53:38.697500",
    "BandwidthPerPixelPhaseEncode": 13.103,
    "ConversionSoftware": "dcm2niix",
    "ConversionSoftwareVersion": "v1.0.20170724 GCC4.4.7",
    "DeviceSerialNumber": "40482",
    "EchoTime": 0.03,
    "EffectiveEchoSpacing": 0.000719985,
    "FlipAngle": 79,
    "ImageType": [
      "ORIGINAL",
      "PRIMARY",
      "M",
      "MB",
      "ND",
      "NORM",
      "MOSAIC"
    ],
    "InstitutionAddress": "Frew_4805_Pittsburgh_District_US_15213",
    "InstitutionName": "SIBR",
    "MagneticFieldStrength": 3,
    "Manufacturer": "Siemens",
    "ManufacturersModelName": "Verio",
    "PhaseEncodingDirection": "j-",
    "PhaseEncodingLines": 106,
    "ProcedureStepDescription": "Dr._Tarr_Elissa",
    "ProtocolName": "BOLD_CSI1_Sess-14_SceneLocal",
    "RepetitionTime": 2,
    "ScanningSequence": "EP",
    "SequenceName": "epfid2d1_106",
    "SequenceVariant": "SK_SS",
    "SeriesDescription": "BOLD_CSI1_Sess-14_SceneLocal",
    "SliceTiming": [
      0,
      1.0475,
      0.0875,
      1.135,
      0.1725,
      1.22,
      0.26,
      1.3075,
      0.3475,
      1.395,
      0.435,
      1.4825,
      0.5225,
      1.57,
      0.61,
      1.6575,
      0.6975,
      1.745,
      0.785,
      1.8325,
      0.8725,
      1.92,
      0.96,
      0,
      1.0475,
      0.0875,
      1.135,
      0.1725,
      1.22,
      0.26,
      1.3075,
      0.3475,
      1.395,
      0.435,
      1.4825,
      0.5225,
      1.57,
      0.61,
      1.6575,
      0.6975,
      1.745,
      0.785,
      1.8325,
      0.8725,
      1.92,
      0.96,
      0,
      1.0475,
      0.0875,
      1.135,
      0.1725,
      1.22,
      0.26,
      1.3075,
      0.3475,
      1.395,
      0.435,
      1.4825,
      0.5225,
      1.57,
      0.61,
      1.6575,
      0.6975,
      1.745,
      0.785,
      1.8325,
      0.8725,
      1.92,
      0.96
    ],
    "SoftwareVersions": "syngo_MR_B17",
    "TaskName": "Scene Localizer",
    "TotalReadoutTime": 0.0568788,
    "modality": "bold",
    "session_id": "14",
    "subject_id": "CSI1",
    "task_id": "localizer"
  },
  "dummy_trs": 0,
  "dvars_nstd": 36.88446317428569,
  "dvars_std": 1.2632199019285715,
  "dvars_vstd": 1.0047780717142856,
  "efc": 0.5257151077504938,
  "fber": 2277.501220703125,
  "fd_mean": 0.159010874351251,
  "fd_num": 43,
  "fd_perc": 30.49645390070922,
  "fwhm_avg": 2.5721333333333334,
  "fwhm_x": 2.345645,
  "fwhm_y": 2.95446,
  "fwhm_z": 2.416295,
  "gcor": 0.0116321,
  "gsr_x": 0.0031777138356119394,
  "gsr_y": 0.030799541622400284,
  "provenance": {
    "md5sum": "b2d84cc557b19cb3fd21ba29f9834f06",
    "settings": {
      "fd_thres": 0.2,
      "hmc_fsl": false
    },
    "software": "mriqc",
    "version": "0.11.0",
    "webapi_port": null,
    "webapi_url": null
  },
  "size_t": 141,
  "size_x": 106,
  "size_y": 106,
  "size_z": 69,
  "snr": 4.707010553908335,
  "spacing_tr": 2.0,
  "spacing_x": 2.0,
  "spacing_y": 2.0,
  "spacing_z": 2.0,
  "summary_bg_k": 16.330383370879943,
  "summary_bg_mad": 7.917726993560791,
  "summary_bg_mean": 29.814559936523438,
  "summary_bg_median": 10.262411117553711,
  "summary_bg_n": 506981.0,
  "summary_bg_p05": 4.141843795776367,
  "summary_bg_p95": 124.07801055908203,
  "summary_bg_stdv": 49.530487060546875,
  "summary_fg_k": 2.8046640386653907,
  "summary_fg_mad": 83.83539581298828,
  "summary_fg_mean": 507.441162109375,
  "summary_fg_median": 509.25531005859375,
  "summary_fg_n": 170607.0,
  "summary_fg_p05": 323.39927978515624,
  "summary_fg_p95": 667.4375732421873,
  "summary_fg_stdv": 108.19049835205078,
  "tsnr": 53.67869567871094
}