{
  "aor": 0.00042427835051546387,
  "aqi": 0.009733859020618556,
  "bids_meta": {
    "AcquisitionNumber": 1,
    "AcquisitionTime": "11:53:47.205000",
    "BandwidthPerPixelPhaseEncode": 13.103,
    "ConversionSoftware": "dcm2niix",
    "ConversionSoftwareVersion": "v1.0.20170724 GCC4.4.7",
    "DeviceSerialNumber": "40482",
    "EchoTime": 0.03,
    "EffectiveEchoSpacing": 0.000719985,
    "FlipAngle": 79,
    "ImageType": [
      "ORIGINAL",
      "PRIMARY",
      "M",
      "MB",
      "ND",
      "NORM",
      "MOSAIC"
    ],
    "InstitutionAddress": "Frew_4805_Pittsburgh_District_US_15213",
    "InstitutionName": "SIBR",
    "MagneticFieldStrength": 3,
    "Manufacturer": "Siemens",
    "ManufacturersModelName": "Verio",
    "PhaseEncodingDirection": "j-",
    "PhaseEncodingLines": 106,
    "ProcedureStepDescription": "Dr._Tarr_Elissa",
    "ProtocolName": "BOLD_CSI1_Sess-13_Run-3",
    "RepetitionTime": 2,
    "ScanningSequence": "EP",
    "SequenceName": "epfid2d1_106",
    "SequenceVariant": "SK_SS",
    "SeriesDescription": "BOLD_CSI1_Sess-13_Run-3",
    "SliceTiming": [
      0,
      1.0475,
      0.0875,
      1.135,
      0.175,
      1.2225,
      0.26,
      1.3075,
      0.3475,
      1.395,
      0.435,
      1.4825,
      0.5225,
      1.57,
      0.61,
      1.6575,
      0.6975,
      1.745,
      0.785,
      1.8325,
      0.8725,
      1.92,
      0.96,
      0,
      1.0475,
      0.0875,
      1.135,
      0.175,
      1.2225,
      0.26,
      1.3075,
      0.3475,
      1.395,
      0.435,
      1.4825,
      0.5225,
      1.57,
      0.61,
      1.6575,
      0.6975,
      1.745,
      0.785,
      1.8325,
      0.8725,
      1.92,
      0.96,
      0,
      1.0475,
      0.0875,
      1.135,
      0.175,
      1.2225,
      0.26,
      1.3075,
      0.3475,
      1.395,
      0.435,
      1.4825,
      0.5225,
      1.57,
      0.61,
      1.6575,
      0.6975,
      1.745,
      0.785,
      1.8325,
      0.8725,
      1.92,
      0.96
    ],
    "SoftwareVersions": "syngo_MR_B17",
    "TotalReadoutTime": 0.0568788,
    "modality": "bold",
    "run_id": "03",
    "session_id": "13",
    "subject_id": "CSI1",
    "task_id": "5000scenes"
  },
  "dummy_trs": 0,
  "dvars_nstd": 39.17932518300518,
  "dvars_std": 1.3109114736787562,
  "dvars_vstd": 1.003105906683938,
  "efc": 0.5246796574355252,
  "fber": 2263.33935546875,
  "fd_mean": 0.15850083473037863,
  "fd_num": 59,
  "fd_perc": 30.412371134020617,
  "fwhm_avg": 2.5863183333333333,
  "fwhm_x": 2.35985,
  "fwhm_y": 2.96896,
  "fwhm_z": 2.430145,
  "gcor": 0.019183,
  "gsr_x": 0.0011549001792445779,
  "gsr_y": 0.03105110488831997,
  "provenance": {
    "md5sum": "600db92913edc1b0c6d698ac5164bf21",
    "settings": {
      "fd_thres": 0.2,
      "hmc_fsl": false
    },
    "software": "mriqc",
    "version": "0.11.0",
    "webapi_port": null,
    "webapi_url": null
  },
  "size_t": 194,
  "size_x": 106,
  "size_y": 106,
  "size_z": 69,
  "snr": 4.70056008389583,
  "spacing_tr": 2.0,
  "spacing_x": 2.0,
  "spacing_y": 2.0,
  "spacing_z": 2.0,
  "summary_bg_k": 18.06634060699322,
  "summary_bg_mad": 8.582280158996582,
  "summary_bg_mean": 31.37090492248535,
  "summary_bg_median": 10.871133804321289,
  "summary_bg_n": 507023.0,
  "summary_bg_p05": 4.252577304840088,
  "summary_bg_p95": 130.16494750976562,
  "summary_bg_stdv": 53.13451385498047,
  "summary_fg_k": 2.8672326377821875,
  "summary_fg_mad": 88.39060974121094,
  "summary_fg_mean": 537.603271484375,
  "summary_fg_median": 539.0721435546875,
  "summary_fg_n": 170235.0,
  "summary_fg_p05": 343.2061767578125,
  "summary_fg_p95": 708.0231689453122,
  "summary_fg_stdv": 114.68219757080078,
  "tsnr": 51.7955436706543
}