{
  "aor": 0.000682642857142857,
  "aqi": 0.008425589142857143,
  "bids_meta": {
    "AcquisitionNumber": 1,
    "AcquisitionTime": "14:42:10.242500",
    "BandwidthPerPixelPhaseEncode": 13.103,
    "ConversionSoftware": "dcm2niix",
    "ConversionSoftwareVersion": "v1.0.20170724 GCC4.4.7",
    "DeviceSerialNumber": "40482",
    "EchoTime": 0.03,
    "EffectiveEchoSpacing": 0.000719985,
    "FlipAngle": 79,
    "ImageType": [
      "ORIGINAL",
      "PRIMARY",
      "M",
      "MB",
      "ND",
      "NORM",
      "MOSAIC"
    ],
    "InstitutionAddress": "Frew_4805_Pittsburgh_District_US_15213",
    "InstitutionName": "SIBR",
    "MagneticFieldStrength": 3,
    "Manufacturer": "Siemens",
    "ManufacturersModelName": "Verio",
    "PhaseEncodingDirection": "j-",
    "PhaseEncodingLines": 106,
    "ProcedureStepDescription": "Dr._Tarr_Elissa",
    "ProtocolName": "BOLD_CSI1_Sess-11_SceneLocal",
    "RepetitionTime": 2,
    "ScanningSequence": "EP",
    "SequenceName": "epfid2d1_106",
    "SequenceVariant": "SK_SS",
    "SeriesDescription": "BOLD_CSI1_Sess-11_SceneLocal",
    "SliceTiming": [
      0,
      1.0475,
      0.0875,
      1.135,
      0.175,
      1.2225,
      0.2625,
      1.31,
      0.35,
      1.3975,
      0.4375,
      1.485,
      0.525,
      1.5725,
      0.6125,
      1.66,
      0.7,
      1.7475,
      0.7875,
      1.835,
      0.875,
      1.9225,
      0.96,
      0,
      1.0475,
      0.0875,
      1.135,
      0.175,
      1.2225,
      0.2625,
      1.31,
      0.35,
      1.3975,
      0.4375,
      1.485,
      0.525,
      1.5725,
      0.6125,
      1.66,
      0.7,
      1.7475,
      0.7875,
      1.835,
      0.875,
      1.9225,
      0.96,
      0,
      1.0475,
      0.0875,
      1.135,
      0.175,
      1.2225,
      0.2625,
      1.31,
      0.35,
      1.3975,
      0.4375,
      1.485,
      0.525,
      1.5725,
      0.6125,
      1.66,
      0.7,
      1.7475,
      0.7875,
      1.835,
      0.875,
      1.9225,
      0.96
    ],
    "SoftwareVersions": "syngo_MR_B17",
    "TaskName": "Scene Localizer",
    "TotalReadoutTime": 0.0568788,
    "modality": "bold",
    "session_id": "11",
    "subject_id": "CSI1",
    "task_id": "localizer"
  },
  "dummy_trs": 1,
  "dvars_nstd": 36.907355397625906,
  "dvars_std": 1.2581432552517993,
  "dvars_vstd": 0.9917202284172659,
  "efc": 0.5243460936655636,
  "fber": 2241.217529296875,
  "fd_mean": 0.09749826189705803,
  "fd_num": 5,
  "fd_perc": 3.5714285714285716,
  "fwhm_avg": 2.575946666666667,
  "fwhm_x": 2.349545,
  "fwhm_y": 2.96637,
  "fwhm_z": 2.411925,
  "gcor": 0.00595423,
  "gsr_x": 0.004235377535223961,
  "gsr_y": 0.029590459540486336,
  "provenance": {
    "md5sum": "31d108d21579c0dc7684a44020d971e0",
    "settings": {
      "fd_thres": 0.2,
      "hmc_fsl": false
    },
    "software": "mriqc",
    "version": "0.11.0",
    "webapi_port": null,
    "webapi_url": null
  },
  "size_t": 140,
  "size_x": 106,
  "size_y": 106,
  "size_z": 69,
  "snr": 4.516755466847913,
  "spacing_tr": 2.0,
  "spacing_x": 2.0,
  "spacing_y": 2.0,
  "spacing_z": 2.0,
  "summary_bg_k": 18.027504238162688,
  "summary_bg_mad": 8.52496337890625,
  "summary_bg_mean": 31.074445724487305,
  "summary_bg_median": 10.685714721679688,
  "summary_bg_n": 507489.0,
  "summary_bg_p05": 4.142857074737549,
  "summary_bg_p95": 128.51142578124984,
  "summary_bg_stdv": 52.5562858581543,
  "summary_fg_k": 2.7392805318210813,
  "summary_fg_mad": 87.21934509277344,
  "summary_fg_mean": 524.4196166992188,
  "summary_fg_median": 524.80712890625,
  "summary_fg_n": 169947.0,
  "summary_fg_p05": 326.0,
  "summary_fg_p95": 700.3786010742188,
  "summary_fg_stdv": 116.19083404541016,
  "tsnr": 53.259830474853516
}