{
  "aor": 0.0013419285714285714,
  "aqi": 0.009256522428571428,
  "bids_meta": {
    "AcquisitionNumber": 1,
    "AcquisitionTime": "13:44:23.037500",
    "BandwidthPerPixelPhaseEncode": 13.103,
    "ConversionSoftware": "dcm2niix",
    "ConversionSoftwareVersion": "v1.0.20170724 GCC4.4.7",
    "DeviceSerialNumber": "40482",
    "EchoTime": 0.03,
    "EffectiveEchoSpacing": 0.000719985,
    "FlipAngle": 79,
    "ImageType": [
      "ORIGINAL",
      "PRIMARY",
      "M",
      "MB",
      "ND",
      "NORM",
      "MOSAIC"
    ],
    "InstitutionAddress": "Frew_4805_Pittsburgh_District_US_15213",
    "InstitutionName": "SIBR",
    "MagneticFieldStrength": 3,
    "Manufacturer": "Siemens",
    "ManufacturersModelName": "Verio",
    "PhaseEncodingDirection": "j-",
    "PhaseEncodingLines": 106,
    "ProcedureStepDescription": "Dr._Tarr_Elissa",
    "ProtocolName": "BOLD_CSI1_Sess-9_SceneLocal",
    "RepetitionTime": 2,
    "ScanningSequence": "EP",
    "SequenceName": "epfid2d1_106",
    "SequenceVariant": "SK_SS",
    "SeriesDescription": "BOLD_CSI1_Sess-9_SceneLocal",
    "SliceTiming": [
      0,
      1.0475,
      0.0875,
      1.135,
      0.175,
      1.2225,
      0.2625,
      1.31,
      0.35,
      1.3975,
      0.4375,
      1.485,
      0.525,
      1.5725,
      0.6125,
      1.66,
      0.7,
      1.7475,
      0.785,
      1.8325,
      0.8725,
      1.92,
      0.96,
      0,
      1.0475,
      0.0875,
      1.135,
      0.175,
      1.2225,
      0.2625,
      1.31,
      0.35,
      1.3975,
      0.4375,
      1.485,
      0.525,
      1.5725,
      0.6125,
      1.66,
      0.7,
      1.7475,
      0.785,
      1.8325,
      0.8725,
      1.92,
      0.96,
      0,
      1.0475,
      0.0875,
      1.135,
      0.175,
      1.2225,
      0.2625,
      1.31,
      0.35,
      1.3975,
      0.4375,
      1.485,
      0.525,
      1.5725,
      0.6125,
      1.66,
      0.7,
      1.7475,
      0.785,
      1.8325,
      0.8725,
      1.92,
      0.96
    ],
    "SoftwareVersions": "syngo_MR_B17",
    "TaskName": "Scene Localizer",
    "TotalReadoutTime": 0.0568788,
    "modality": "bold",
    "session_id": "09",
    "subject_id": "CSI1",
    "task_id": "localizer"
  },
  "dummy_trs": 1,
  "dvars_nstd": 34.21652213431654,
  "dvars_std": 1.2040043420143887,
  "dvars_vstd": 1.0057489587769788,
  "efc": 0.527114300830426,
  "fber": 2241.380126953125,
  "fd_mean": 0.16397803776242384,
  "fd_num": 42,
  "fd_perc": 30.0,
  "fwhm_avg": 2.550288333333333,
  "fwhm_x": 2.329655,
  "fwhm_y": 2.92549,
  "fwhm_z": 2.39572,
  "gcor": 0.00509842,
  "gsr_x": 0.0043637859635055065,
  "gsr_y": 0.03513704985380173,
  "provenance": {
    "md5sum": "b35b787ccb6ea4042d7dd4e7994bb5cc",
    "settings": {
      "fd_thres": 0.2,
      "hmc_fsl": false
    },
    "software": "mriqc",
    "version": "0.11.0",
    "webapi_port": null,
    "webapi_url": null
  },
  "size_t": 140,
  "size_x": 106,
  "size_y": 106,
  "size_z": 69,
  "snr": 4.77224688757047,
  "spacing_tr": 2.0,
  "spacing_x": 2.0,
  "spacing_y": 2.0,
  "spacing_z": 2.0,
  "summary_bg_k": 16.86903120644141,
  "summary_bg_mad": 8.059001922607422,
  "summary_bg_mean": 30.15140724182129,
  "summary_bg_median": 10.264286041259766,
  "summary_bg_n": 507831.0,
  "summary_bg_p05": 4.028571605682373,
  "summary_bg_p95": 125.05714416503906,
  "summary_bg_stdv": 50.15401077270508,
  "summary_fg_k": 2.9050723227372464,
  "summary_fg_mad": 82.06204223632812,
  "summary_fg_mean": 502.3644104003906,
  "summary_fg_median": 504.3571472167969,
  "summary_fg_n": 170166.0,
  "summary_fg_p05": 322.45179748535156,
  "summary_fg_p95": 658.30712890625,
  "summary_fg_stdv": 105.6851577758789,
  "tsnr": 51.0531005859375
}