{
  "aor": 0.0007762371134020619,
  "aqi": 0.010682490979381442,
  "bids_meta": {
    "AcquisitionNumber": 1,
    "AcquisitionTime": "15:28:27.870000",
    "BandwidthPerPixelPhaseEncode": 13.103,
    "ConversionSoftware": "dcm2niix",
    "ConversionSoftwareVersion": "v1.0.20170724 GCC4.4.7",
    "DeviceSerialNumber": "40482",
    "EchoTime": 0.03,
    "EffectiveEchoSpacing": 0.000719985,
    "FlipAngle": 79,
    "ImageType": [
      "ORIGINAL",
      "PRIMARY",
      "M",
      "MB",
      "ND",
      "NORM",
      "MOSAIC"
    ],
    "InstitutionAddress": "Frew_4805_Pittsburgh_District_US_15213",
    "InstitutionName": "SIBR",
    "MagneticFieldStrength": 3,
    "Manufacturer": "Siemens",
    "ManufacturersModelName": "Verio",
    "PhaseEncodingDirection": "j-",
    "PhaseEncodingLines": 106,
    "ProcedureStepDescription": "Dr._Tarr_Elissa",
    "ProtocolName": "BOLD_CSI1_Sess-5_Run-8",
    "RepetitionTime": 2,
    "ScanningSequence": "EP",
    "SequenceName": "epfid2d1_106",
    "SequenceVariant": "SK_SS",
    "SeriesDescription": "BOLD_CSI1_Sess-5_Run-8",
    "SliceTiming": [
      0,
      1.0475,
      0.0875,
      1.135,
      0.175,
      1.2225,
      0.2625,
      1.31,
      0.35,
      1.3975,
      0.4375,
      1.485,
      0.525,
      1.5725,
      0.61,
      1.6575,
      0.6975,
      1.745,
      0.785,
      1.8325,
      0.8725,
      1.92,
      0.96,
      0,
      1.0475,
      0.0875,
      1.135,
      0.175,
      1.2225,
      0.2625,
      1.31,
      0.35,
      1.3975,
      0.4375,
      1.485,
      0.525,
      1.5725,
      0.61,
      1.6575,
      0.6975,
      1.745,
      0.785,
      1.8325,
      0.8725,
      1.92,
      0.96,
      0,
      1.0475,
      0.0875,
      1.135,
      0.175,
      1.2225,
      0.2625,
      1.31,
      0.35,
      1.3975,
      0.4375,
      1.485,
      0.525,
      1.5725,
      0.61,
      1.6575,
      0.6975,
      1.745,
      0.785,
      1.8325,
      0.8725,
      1.92,
      0.96
    ],
    "SoftwareVersions": "syngo_MR_B17",
    "TotalReadoutTime": 0.0568788,
    "modality": "bold",
    "run_id": "08",
    "session_id": "05",
    "subject_id": "CSI1",
    "task_id": "5000scenes"
  },
  "dummy_trs": 0,
  "dvars_nstd": 36.50335757595856,
  "dvars_std": 1.2426611188082906,
  "dvars_vstd": 0.9957152491709844,
  "efc": 0.525820488875318,
  "fber": 2264.61328125,
  "fd_mean": 0.2037356295898227,
  "fd_num": 86,
  "fd_perc": 44.329896907216494,
  "fwhm_avg": 2.60861,
  "fwhm_x": 2.369855,
  "fwhm_y": 2.99101,
  "fwhm_z": 2.464965,
  "gcor": 0.00940371,
  "gsr_x": -0.0010211749467998743,
  "gsr_y": 0.02921166457235813,
  "provenance": {
    "md5sum": "1a79f584ead73c36539c6e1a85ff7de7",
    "settings": {
      "fd_thres": 0.2,
      "hmc_fsl": false
    },
    "software": "mriqc",
    "version": "0.11.0",
    "webapi_port": null,
    "webapi_url": null
  },
  "size_t": 194,
  "size_x": 106,
  "size_y": 106,
  "size_z": 69,
  "snr": 4.715649513452777,
  "spacing_tr": 2.0,
  "spacing_x": 2.0,
  "spacing_y": 2.0,
  "spacing_z": 2.0,
  "summary_bg_k": 16.594712173561483,
  "summary_bg_mad": 8.253662109375,
  "summary_bg_mean": 30.28428840637207,
  "summary_bg_median": 10.494845390319824,
  "summary_bg_n": 506840.0,
  "summary_bg_p05": 4.097938060760498,
  "summary_bg_p95": 126.0051498413086,
  "summary_bg_stdv": 50.20750045776367,
  "summary_fg_k": 2.752207307813232,
  "summary_fg_mad": 85.68901062011719,
  "summary_fg_mean": 516.906494140625,
  "summary_fg_median": 519.347900390625,
  "summary_fg_n": 170406.0,
  "summary_fg_p05": 328.912353515625,
  "summary_fg_p95": 679.7783203125,
  "summary_fg_stdv": 110.13252258300781,
  "tsnr": 48.7768440246582
}