{
  "aor": 0.0005114432989690721,
  "aqi": 0.009257397525773196,
  "bids_meta": {
    "AcquisitionNumber": 1,
    "AcquisitionTime": "12:07:11.932500",
    "BandwidthPerPixelPhaseEncode": 13.103,
    "ConversionSoftware": "dcm2niix",
    "ConversionSoftwareVersion": "v1.0.20170724 GCC4.4.7",
    "DeviceSerialNumber": "40482",
    "EchoTime": 0.03,
    "EffectiveEchoSpacing": 0.000719985,
    "FlipAngle": 79,
    "ImageType": [
      "ORIGINAL",
      "PRIMARY",
      "M",
      "MB",
      "ND",
      "NORM",
      "MOSAIC"
    ],
    "InstitutionAddress": "Frew_4805_Pittsburgh_District_US_15213",
    "InstitutionName": "SIBR",
    "MagneticFieldStrength": 3,
    "Manufacturer": "Siemens",
    "ManufacturersModelName": "Verio",
    "PhaseEncodingDirection": "j-",
    "PhaseEncodingLines": 106,
    "ProcedureStepDescription": "Dr._Tarr_Elissa",
    "ProtocolName": "BOLD_CSI1_Sess-15_Run-5",
    "RepetitionTime": 2,
    "ScanningSequence": "EP",
    "SequenceName": "epfid2d1_106",
    "SequenceVariant": "SK_SS",
    "SeriesDescription": "BOLD_CSI1_Sess-15_Run-5",
    "SliceTiming": [
      0,
      1.0475,
      0.0875,
      1.135,
      0.175,
      1.2225,
      0.2625,
      1.31,
      0.35,
      1.3975,
      0.4375,
      1.485,
      0.5225,
      1.57,
      0.61,
      1.6575,
      0.6975,
      1.745,
      0.785,
      1.8325,
      0.8725,
      1.92,
      0.96,
      0,
      1.0475,
      0.0875,
      1.135,
      0.175,
      1.2225,
      0.2625,
      1.31,
      0.35,
      1.3975,
      0.4375,
      1.485,
      0.5225,
      1.57,
      0.61,
      1.6575,
      0.6975,
      1.745,
      0.785,
      1.8325,
      0.8725,
      1.92,
      0.96,
      0,
      1.0475,
      0.0875,
      1.135,
      0.175,
      1.2225,
      0.2625,
      1.31,
      0.35,
      1.3975,
      0.4375,
      1.485,
      0.5225,
      1.57,
      0.61,
      1.6575,
      0.6975,
      1.745,
      0.785,
      1.8325,
      0.8725,
      1.92,
      0.96
    ],
    "SoftwareVersions": "syngo_MR_B17",
    "TotalReadoutTime": 0.0568788,
    "modality": "bold",
    "run_id": "05",
    "session_id": "15",
    "subject_id": "CSI1",
    "task_id": "5000scenes"
  },
  "dummy_trs": 0,
  "dvars_nstd": 35.65810647290155,
  "dvars_std": 1.2467242347150254,
  "dvars_vstd": 1.0093257620207254,
  "efc": 0.5235854848484388,
  "fber": 2289.707275390625,
  "fd_mean": 0.13002380398170463,
  "fd_num": 35,
  "fd_perc": 18.04123711340206,
  "fwhm_avg": 2.5673516666666667,
  "fwhm_x": 2.351995,
  "fwhm_y": 2.94171,
  "fwhm_z": 2.40835,
  "gcor": 0.0244832,
  "gsr_x": 0.0007664009463042021,
  "gsr_y": 0.03312070295214653,
  "provenance": {
    "md5sum": "56390a7ae33916fa32907da630ab227d",
    "settings": {
      "fd_thres": 0.2,
      "hmc_fsl": false
    },
    "software": "mriqc",
    "version": "0.11.0",
    "webapi_port": null,
    "webapi_url": null
  },
  "size_t": 194,
  "size_x": 106,
  "size_y": 106,
  "size_z": 69,
  "snr": 4.544221980036015,
  "spacing_tr": 2.0,
  "spacing_x": 2.0,
  "spacing_y": 2.0,
  "spacing_z": 2.0,
  "summary_bg_k": 19.055273027837117,
  "summary_bg_mad": 8.001466751098633,
  "summary_bg_mean": 29.7401123046875,
  "summary_bg_median": 10.340206146240234,
  "summary_bg_n": 506472.0,
  "summary_bg_p05": 4.123711109161377,
  "summary_bg_p95": 122.3682952880857,
  "summary_bg_stdv": 50.829769134521484,
  "summary_fg_k": 2.774508357101305,
  "summary_fg_mad": 85.45599365234375,
  "summary_fg_mean": 514.24853515625,
  "summary_fg_median": 515.3402099609375,
  "summary_fg_n": 170821.0,
  "summary_fg_p05": 318.3504943847656,
  "summary_fg_p95": 683.819580078125,
  "summary_fg_stdv": 113.40526580810547,
  "tsnr": 51.47651290893555
}