{
  "aor": 0.00046948453608247425,
  "aqi": 0.00957791855670103,
  "bids_meta": {
    "AcquisitionNumber": 1,
    "AcquisitionTime": "12:35:56.057500",
    "BandwidthPerPixelPhaseEncode": 13.103,
    "ConversionSoftware": "dcm2niix",
    "ConversionSoftwareVersion": "v1.0.20170724 GCC4.4.7",
    "DeviceSerialNumber": "40482",
    "EchoTime": 0.03,
    "EffectiveEchoSpacing": 0.000719985,
    "FlipAngle": 79,
    "ImageType": [
      "ORIGINAL",
      "PRIMARY",
      "M",
      "MB",
      "ND",
      "NORM",
      "MOSAIC"
    ],
    "InstitutionAddress": "Frew_4805_Pittsburgh_District_US_15213",
    "InstitutionName": "SIBR",
    "MagneticFieldStrength": 3,
    "Manufacturer": "Siemens",
    "ManufacturersModelName": "Verio",
    "PhaseEncodingDirection": "j-",
    "PhaseEncodingLines": 106,
    "ProcedureStepDescription": "Dr._Tarr_Elissa",
    "ProtocolName": "BOLD_CSI1_Sess-15_Run-8",
    "RepetitionTime": 2,
    "ScanningSequence": "EP",
    "SequenceName": "epfid2d1_106",
    "SequenceVariant": "SK_SS",
    "SeriesDescription": "BOLD_CSI1_Sess-15_Run-8",
    "SliceTiming": [
      0,
      1.0475,
      0.0875,
      1.135,
      0.175,
      1.2225,
      0.2625,
      1.31,
      0.3475,
      1.395,
      0.435,
      1.4825,
      0.5225,
      1.57,
      0.61,
      1.6575,
      0.6975,
      1.745,
      0.785,
      1.8325,
      0.8725,
      1.92,
      0.96,
      0,
      1.0475,
      0.0875,
      1.135,
      0.175,
      1.2225,
      0.2625,
      1.31,
      0.3475,
      1.395,
      0.435,
      1.4825,
      0.5225,
      1.57,
      0.61,
      1.6575,
      0.6975,
      1.745,
      0.785,
      1.8325,
      0.8725,
      1.92,
      0.96,
      0,
      1.0475,
      0.0875,
      1.135,
      0.175,
      1.2225,
      0.2625,
      1.31,
      0.3475,
      1.395,
      0.435,
      1.4825,
      0.5225,
      1.57,
      0.61,
      1.6575,
      0.6975,
      1.745,
      0.785,
      1.8325,
      0.8725,
      1.92,
      0.96
    ],
    "SoftwareVersions": "syngo_MR_B17",
    "TotalReadoutTime": 0.0568788,
    "modality": "bold",
    "run_id": "08",
    "session_id": "15",
    "subject_id": "CSI1",
    "task_id": "5000scenes"
  },
  "dummy_trs": 0,
  "dvars_nstd": 36.38141175497407,
  "dvars_std": 1.2447171165803115,
  "dvars_vstd": 1.0037026092227976,
  "efc": 0.524469222329454,
  "fber": 2237.9638671875,
  "fd_mean": 0.13192180006402773,
  "fd_num": 28,
  "fd_perc": 14.43298969072165,
  "fwhm_avg": 2.5612516666666667,
  "fwhm_x": 2.342285,
  "fwhm_y": 2.93743,
  "fwhm_z": 2.40404,
  "gcor": 0.0206834,
  "gsr_x": 0.0015184888616204262,
  "gsr_y": 0.034014929085969925,
  "provenance": {
    "md5sum": "d25b31f1f3c56f38f64e290276bf3e4c",
    "settings": {
      "fd_thres": 0.2,
      "hmc_fsl": false
    },
    "software": "mriqc",
    "version": "0.11.0",
    "webapi_port": null,
    "webapi_url": null
  },
  "size_t": 194,
  "size_x": 106,
  "size_y": 106,
  "size_z": 69,
  "snr": 4.567174940045586,
  "spacing_tr": 2.0,
  "spacing_x": 2.0,
  "spacing_y": 2.0,
  "spacing_z": 2.0,
  "summary_bg_k": 18.357250693155333,
  "summary_bg_mad": 8.047320365905762,
  "summary_bg_mean": 29.60350227355957,
  "summary_bg_median": 10.365979194641113,
  "summary_bg_n": 506638.0,
  "summary_bg_p05": 4.118556499481201,
  "summary_bg_p95": 121.73710632324219,
  "summary_bg_stdv": 49.98220443725586,
  "summary_fg_k": 2.7313191971671893,
  "summary_fg_mad": 84.72994232177734,
  "summary_fg_mean": 508.7310791015625,
  "summary_fg_median": 510.19586181640625,
  "summary_fg_n": 170939.0,
  "summary_fg_p05": 316.1628845214844,
  "summary_fg_p95": 675.7381469726563,
  "summary_fg_stdv": 111.7089614868164,
  "tsnr": 50.431663513183594
}