{
  "aor": 0.0005172680412371134,
  "aqi": 0.009736623762886597,
  "bids_meta": {
    "AcquisitionNumber": 1,
    "AcquisitionTime": "12:43:43.507500",
    "BandwidthPerPixelPhaseEncode": 13.103,
    "ConversionSoftware": "dcm2niix",
    "ConversionSoftwareVersion": "v1.0.20170724 GCC4.4.7",
    "DeviceSerialNumber": "40482",
    "EchoTime": 0.03,
    "EffectiveEchoSpacing": 0.000719985,
    "FlipAngle": 79,
    "ImageType": [
      "ORIGINAL",
      "PRIMARY",
      "M",
      "MB",
      "ND",
      "NORM",
      "MOSAIC"
    ],
    "InstitutionAddress": "Frew_4805_Pittsburgh_District_US_15213",
    "InstitutionName": "SIBR",
    "MagneticFieldStrength": 3,
    "Manufacturer": "Siemens",
    "ManufacturersModelName": "Verio",
    "PhaseEncodingDirection": "j-",
    "PhaseEncodingLines": 106,
    "ProcedureStepDescription": "Dr._Tarr_Elissa",
    "ProtocolName": "BOLD_CSI1_Sess-15_Run-9",
    "RepetitionTime": 2,
    "ScanningSequence": "EP",
    "SequenceName": "epfid2d1_106",
    "SequenceVariant": "SK_SS",
    "SeriesDescription": "BOLD_CSI1_Sess-15_Run-9",
    "SliceTiming": [
      0,
      1.0475,
      0.0875,
      1.135,
      0.175,
      1.2225,
      0.2625,
      1.31,
      0.35,
      1.3975,
      0.4375,
      1.485,
      0.525,
      1.5725,
      0.6125,
      1.66,
      0.7,
      1.7475,
      0.7875,
      1.8325,
      0.8725,
      1.92,
      0.96,
      0,
      1.0475,
      0.0875,
      1.135,
      0.175,
      1.2225,
      0.2625,
      1.31,
      0.35,
      1.3975,
      0.4375,
      1.485,
      0.525,
      1.5725,
      0.6125,
      1.66,
      0.7,
      1.7475,
      0.7875,
      1.8325,
      0.8725,
      1.92,
      0.96,
      0,
      1.0475,
      0.0875,
      1.135,
      0.175,
      1.2225,
      0.2625,
      1.31,
      0.35,
      1.3975,
      0.4375,
      1.485,
      0.525,
      1.5725,
      0.6125,
      1.66,
      0.7,
      1.7475,
      0.7875,
      1.8325,
      0.8725,
      1.92,
      0.96
    ],
    "SoftwareVersions": "syngo_MR_B17",
    "TotalReadoutTime": 0.0568788,
    "modality": "bold",
    "run_id": "09",
    "session_id": "15",
    "subject_id": "CSI1",
    "task_id": "5000scenes"
  },
  "dummy_trs": 0,
  "dvars_nstd": 37.70542587507772,
  "dvars_std": 1.261979726683938,
  "dvars_vstd": 1.0066816112953372,
  "efc": 0.5248871891423482,
  "fber": 2228.155029296875,
  "fd_mean": 0.13512089008016787,
  "fd_num": 32,
  "fd_perc": 16.49484536082474,
  "fwhm_avg": 2.56622,
  "fwhm_x": 2.34564,
  "fwhm_y": 2.94246,
  "fwhm_z": 2.41056,
  "gcor": 0.0181832,
  "gsr_x": 0.0017385461833328009,
  "gsr_y": 0.033889077603816986,
  "provenance": {
    "md5sum": "4cc2548f3fd172178b9cf76244f07537",
    "settings": {
      "fd_thres": 0.2,
      "hmc_fsl": false
    },
    "software": "mriqc",
    "version": "0.11.0",
    "webapi_port": null,
    "webapi_url": null
  },
  "size_t": 194,
  "size_x": 106,
  "size_y": 106,
  "size_z": 69,
  "snr": 4.545667138252524,
  "spacing_tr": 2.0,
  "spacing_x": 2.0,
  "spacing_y": 2.0,
  "spacing_z": 2.0,
  "summary_bg_k": 18.228864158792792,
  "summary_bg_mad": 8.047320365905762,
  "summary_bg_mean": 29.7016544342041,
  "summary_bg_median": 10.371133804321289,
  "summary_bg_n": 506415.0,
  "summary_bg_p05": 4.128865718841553,
  "summary_bg_p95": 121.98453521728516,
  "summary_bg_stdv": 50.0742301940918,
  "summary_fg_k": 2.7270921846201146,
  "summary_fg_mad": 84.59239196777344,
  "summary_fg_mean": 507.64013671875,
  "summary_fg_median": 509.1185302734375,
  "summary_fg_n": 171169.0,
  "summary_fg_p05": 312.72886962890624,
  "summary_fg_p95": 675.1814208984376,
  "summary_fg_stdv": 112.0005111694336,
  "tsnr": 50.149200439453125
}