{
  "aor": 0.0005313917525773196,
  "aqi": 0.009108141494845361,
  "bids_meta": {
    "AcquisitionNumber": 1,
    "AcquisitionTime": "13:58:22.652500",
    "BandwidthPerPixelPhaseEncode": 13.103,
    "ConversionSoftware": "dcm2niix",
    "ConversionSoftwareVersion": "v1.0.20170724 GCC4.4.7",
    "DeviceSerialNumber": "40482",
    "EchoTime": 0.03,
    "EffectiveEchoSpacing": 0.000719985,
    "FlipAngle": 79,
    "ImageType": [
      "ORIGINAL",
      "PRIMARY",
      "M",
      "MB",
      "ND",
      "NORM",
      "MOSAIC"
    ],
    "InstitutionAddress": "Frew_4805_Pittsburgh_District_US_15213",
    "InstitutionName": "SIBR",
    "MagneticFieldStrength": 3,
    "Manufacturer": "Siemens",
    "ManufacturersModelName": "Verio",
    "PhaseEncodingDirection": "j-",
    "PhaseEncodingLines": 106,
    "ProcedureStepDescription": "Dr._Tarr_Elissa",
    "ProtocolName": "BOLD_CSI1_Sess-11_Run-5",
    "RepetitionTime": 2,
    "ScanningSequence": "EP",
    "SequenceName": "epfid2d1_106",
    "SequenceVariant": "SK_SS",
    "SeriesDescription": "BOLD_CSI1_Sess-11_Run-5",
    "SliceTiming": [
      0,
      1.0475,
      0.0875,
      1.135,
      0.175,
      1.2225,
      0.2625,
      1.31,
      0.35,
      1.3975,
      0.4375,
      1.485,
      0.525,
      1.5725,
      0.6125,
      1.66,
      0.7,
      1.7475,
      0.7875,
      1.835,
      0.8725,
      1.92,
      0.96,
      0,
      1.0475,
      0.0875,
      1.135,
      0.175,
      1.2225,
      0.2625,
      1.31,
      0.35,
      1.3975,
      0.4375,
      1.485,
      0.525,
      1.5725,
      0.6125,
      1.66,
      0.7,
      1.7475,
      0.7875,
      1.835,
      0.8725,
      1.92,
      0.96,
      0,
      1.0475,
      0.0875,
      1.135,
      0.175,
      1.2225,
      0.2625,
      1.31,
      0.35,
      1.3975,
      0.4375,
      1.485,
      0.525,
      1.5725,
      0.6125,
      1.66,
      0.7,
      1.7475,
      0.7875,
      1.835,
      0.8725,
      1.92,
      0.96
    ],
    "SoftwareVersions": "syngo_MR_B17",
    "TotalReadoutTime": 0.0568788,
    "modality": "bold",
    "run_id": "05",
    "session_id": "11",
    "subject_id": "CSI1",
    "task_id": "5000scenes"
  },
  "dummy_trs": 0,
  "dvars_nstd": 38.56958039419689,
  "dvars_std": 1.2712703211917098,
  "dvars_vstd": 1.0059363305181352,
  "efc": 0.5234823937286555,
  "fber": 2333.491943359375,
  "fd_mean": 0.1399681526900516,
  "fd_num": 37,
  "fd_perc": 19.072164948453608,
  "fwhm_avg": 2.56873,
  "fwhm_x": 2.340705,
  "fwhm_y": 2.95965,
  "fwhm_z": 2.405835,
  "gcor": 0.00931112,
  "gsr_x": 0.004215136170387268,
  "gsr_y": 0.031174514442682266,
  "provenance": {
    "md5sum": "844f6e0d286dae294b4fb1948713ffea",
    "settings": {
      "fd_thres": 0.2,
      "hmc_fsl": false
    },
    "software": "mriqc",
    "version": "0.11.0",
    "webapi_port": null,
    "webapi_url": null
  },
  "size_t": 194,
  "size_x": 106,
  "size_y": 106,
  "size_z": 69,
  "snr": 4.510449453352805,
  "spacing_tr": 2.0,
  "spacing_x": 2.0,
  "spacing_y": 2.0,
  "spacing_z": 2.0,
  "summary_bg_k": 18.625424708417434,
  "summary_bg_mad": 8.307158470153809,
  "summary_bg_mean": 30.83578109741211,
  "summary_bg_median": 10.494845390319824,
  "summary_bg_n": 507574.0,
  "summary_bg_p05": 4.103092670440674,
  "summary_bg_p95": 127.7749958038329,
  "summary_bg_stdv": 52.805908203125,
  "summary_fg_k": 2.749030763228447,
  "summary_fg_mad": 87.50032043457031,
  "summary_fg_mean": 525.4130249023438,
  "summary_fg_median": 525.5489501953125,
  "summary_fg_n": 169908.0,
  "summary_fg_p05": 327.9141586303711,
  "summary_fg_p95": 702.4156860351562,
  "summary_fg_stdv": 116.51774597167969,
  "tsnr": 51.50566101074219
}