{
  "bids_meta": {
    "AccelFactPE": 2,
    "AcquisitionNumber": 1,
    "AcquisitionTime": "12:18:32.015000",
    "ConversionSoftware": "dcm2niix",
    "ConversionSoftwareVersion": "v1.0.20170724 GCC4.4.7",
    "DeviceSerialNumber": "40482",
    "EchoTime": 0.00197,
    "FlipAngle": 9,
    "ImageType": [
      "ORIGINAL",
      "PRIMARY",
      "M",
      "ND",
      "NORM"
    ],
    "InstitutionAddress": "Frew_4805_Pittsburgh_PA_District_US_15213",
    "InstitutionName": "SIBR",
    "InversionTime": 0.9,
    "MagneticFieldStrength": 3,
    "Manufacturer": "Siemens",
    "ManufacturersModelName": "Verio",
    "PhaseEncodingDirection": "i-",
    "PhaseEncodingLines": 256,
    "ProcedureStepDescription": "Dr._Tarr_John",
    "ProtocolName": "t1_mpr_sag_iso_2pat_9degflip_TI900_Berkeley",
    "RepetitionTime": 2.3,
    "ScanningSequence": "GR_IR",
    "SequenceName": "_tfl3d1_ns",
    "SequenceVariant": "SP_MP",
    "SeriesDescription": "t1_mpr_sag_iso_2pat_9degflip_TI900_Berkeley",
    "SoftwareVersions": "syngo_MR_B17",
    "modality": "T1w",
    "run_id": "02",
    "session_id": "16",
    "subject_id": "CSI1"
  },
  "cjv": 0.4021186710278243,
  "cnr": 3.2905856032288217,
  "efc": 0.5562335495418564,
  "fber": 2785.346435546875,
  "fwhm_avg": 3.43867,
  "fwhm_x": 3.30801,
  "fwhm_y": 3.58431,
  "fwhm_z": 3.42369,
  "icvs_csf": 0.21507155188063293,
  "icvs_gm": 0.4181646543341655,
  "icvs_wm": 0.3667637937852016,
  "inu_med": 1.7349919080734253,
  "inu_range": 0.3003678023815155,
  "provenance": {
    "md5sum": "0b9e9a9d715c284fad0fe3138f8ed8e7",
    "settings": {
      "testing": false
    },
    "software": "mriqc",
    "version": "0.11.0",
    "warnings": {
      "large_rot_frame": true,
      "small_air_mask": false
    },
    "webapi_port": null,
    "webapi_url": "https://mriqc.nimh.nih.gov/api/v1"
  },
  "qi_1": 0.0,
  "qi_2": 0.005439369724540534,
  "rpve_csf": 26.40951789511108,
  "rpve_gm": 14.197452873413976,
  "rpve_wm": 20.127835427993602,
  "size_x": 176,
  "size_y": 256,
  "size_z": 256,
  "snr_csf": 1.8998238601009094,
  "snr_gm": 9.725708971063685,
  "snr_total": 9.969891836529941,
  "snr_wm": 18.28414267842523,
  "snrd_csf": 25.25956475023147,
  "snrd_gm": 64.87023639628107,
  "snrd_total": 60.92406791765624,
  "snrd_wm": 92.64240260645619,
  "spacing_x": 1.0,
  "spacing_y": 1.0,
  "spacing_z": 1.0,
  "summary_bg_k": 3283.6649009315465,
  "summary_bg_mad": 7.0716328620910645,
  "summary_bg_mean": 7.995871067047119,
  "summary_bg_median": 5.269778251647949,
  "summary_bg_n": 2366247.0,
  "summary_bg_p05": 0.0,
  "summary_bg_p95": 21.187673377990702,
  "summary_bg_stdv": 11.185851097106934,
  "summary_csf_k": 11.873109140824683,
  "summary_csf_mad": 145.71609497070312,
  "summary_csf_mean": 308.7494201660156,
  "summary_csf_median": 272.6552429199219,
  "summary_csf_n": 6818.0,
  "summary_csf_p05": 135.21709518432615,
  "summary_csf_p95": 523.5637908935546,
  "summary_csf_stdv": 143.5055389404297,
  "summary_gm_k": 0.05644080852493527,
  "summary_gm_mad": 69.92708587646484,
  "summary_gm_mean": 701.0556030273438,
  "summary_gm_median": 700.2183227539062,
  "summary_gm_n": 13559.0,
  "summary_gm_p05": 584.1193481445313,
  "summary_gm_p95": 822.8015563964841,
  "summary_gm_stdv": 71.99398040771484,
  "summary_wm_k": 0.6167902940586334,
  "summary_wm_mad": 50.61868667602539,
  "summary_wm_mean": 1001.5736083984375,
  "summary_wm_median": 999.9949340820312,
  "summary_wm_n": 176502.0,
  "summary_wm_p05": 914.1030609130859,
  "summary_wm_p95": 1094.056329345703,
  "summary_wm_stdv": 54.691768646240234,
  "tpm_overlap_csf": 0.20810678601264954,
  "tpm_overlap_gm": 0.4912486970424652,
  "tpm_overlap_wm": 0.5555453896522522,
  "wm2max": 0.4110317277981403
}