{
  "aor": 0.00047854922279792745,
  "aqi": 0.008109144352331607,
  "bids_meta": {
    "AcquisitionNumber": 1,
    "AcquisitionTime": "12:35:14.807500",
    "BandwidthPerPixelPhaseEncode": 13.103,
    "ConversionSoftware": "dcm2niix",
    "ConversionSoftwareVersion": "v1.0.20170724 GCC4.4.7",
    "DeviceSerialNumber": "40482",
    "EchoTime": 0.03,
    "EffectiveEchoSpacing": 0.000719985,
    "FlipAngle": 79,
    "ImageType": [
      "ORIGINAL",
      "PRIMARY",
      "M",
      "MB",
      "ND",
      "NORM",
      "MOSAIC"
    ],
    "InstitutionAddress": "Frew_4805_Pittsburgh_District_US_15213",
    "InstitutionName": "SIBR",
    "MagneticFieldStrength": 3,
    "Manufacturer": "Siemens",
    "ManufacturersModelName": "Verio",
    "PhaseEncodingDirection": "j-",
    "PhaseEncodingLines": 106,
    "ProcedureStepDescription": "Dr._Tarr_Elissa",
    "ProtocolName": "BOLD_CSI1_Sess-12_Run-8",
    "RepetitionTime": 2,
    "ScanningSequence": "EP",
    "SequenceName": "epfid2d1_106",
    "SequenceVariant": "SK_SS",
    "SeriesDescription": "BOLD_CSI1_Sess-12_Run-8",
    "SliceTiming": [
      0,
      1.0475,
      0.0875,
      1.135,
      0.175,
      1.2225,
      0.2625,
      1.31,
      0.35,
      1.3975,
      0.4375,
      1.485,
      0.525,
      1.5725,
      0.61,
      1.6575,
      0.6975,
      1.745,
      0.785,
      1.8325,
      0.8725,
      1.92,
      0.96,
      0,
      1.0475,
      0.0875,
      1.135,
      0.175,
      1.2225,
      0.2625,
      1.31,
      0.35,
      1.3975,
      0.4375,
      1.485,
      0.525,
      1.5725,
      0.61,
      1.6575,
      0.6975,
      1.745,
      0.785,
      1.8325,
      0.8725,
      1.92,
      0.96,
      0,
      1.0475,
      0.0875,
      1.135,
      0.175,
      1.2225,
      0.2625,
      1.31,
      0.35,
      1.3975,
      0.4375,
      1.485,
      0.525,
      1.5725,
      0.61,
      1.6575,
      0.6975,
      1.745,
      0.785,
      1.8325,
      0.8725,
      1.92,
      0.96
    ],
    "SoftwareVersions": "syngo_MR_B17",
    "TotalReadoutTime": 0.0568788,
    "modality": "bold",
    "run_id": "08",
    "session_id": "12",
    "subject_id": "CSI1",
    "task_id": "5000scenes"
  },
  "dummy_trs": 1,
  "dvars_nstd": 37.55833246302085,
  "dvars_std": 1.3010844088020834,
  "dvars_vstd": 0.9988665644270832,
  "efc": 0.5225617708093044,
  "fber": 2290.059326171875,
  "fd_mean": 0.09124875999695033,
  "fd_num": 6,
  "fd_perc": 3.1088082901554404,
  "fwhm_avg": 2.519285,
  "fwhm_x": 2.29538,
  "fwhm_y": 2.90689,
  "fwhm_z": 2.355585,
  "gcor": 0.00464107,
  "gsr_x": 0.003754390636458993,
  "gsr_y": 0.025616241618990898,
  "provenance": {
    "md5sum": "5cd152b38a123e86b6030db775c1dcfb",
    "settings": {
      "fd_thres": 0.2,
      "hmc_fsl": false
    },
    "software": "mriqc",
    "version": "0.11.0",
    "webapi_port": null,
    "webapi_url": null
  },
  "size_t": 193,
  "size_x": 106,
  "size_y": 106,
  "size_z": 69,
  "snr": 4.510902100050728,
  "spacing_tr": 2.0,
  "spacing_x": 2.0,
  "spacing_y": 2.0,
  "spacing_z": 2.0,
  "summary_bg_k": 17.14865588579671,
  "summary_bg_mad": 8.150471687316895,
  "summary_bg_mean": 30.256153106689453,
  "summary_bg_median": 10.492227554321289,
  "summary_bg_n": 508001.0,
  "summary_bg_p05": 4.212435245513916,
  "summary_bg_p95": 126.2072525024414,
  "summary_bg_stdv": 51.50650405883789,
  "summary_fg_k": 2.695613171213874,
  "summary_fg_mad": 87.93827056884766,
  "summary_fg_mean": 520.725830078125,
  "summary_fg_median": 522.0414428710938,
  "summary_fg_n": 169280.0,
  "summary_fg_p05": 320.9520736694336,
  "summary_fg_p95": 693.5491943359375,
  "summary_fg_stdv": 115.7284927368164,
  "tsnr": 54.44452667236328
}