{
  "aor": 0.0007645360824742268,
  "aqi": 0.009505655670103093,
  "bids_meta": {
    "AcquisitionNumber": 1,
    "AcquisitionTime": "13:06:28.567500",
    "BandwidthPerPixelPhaseEncode": 13.103,
    "ConversionSoftware": "dcm2niix",
    "ConversionSoftwareVersion": "v1.0.20170724 GCC4.4.7",
    "DeviceSerialNumber": "40482",
    "EchoTime": 0.03,
    "EffectiveEchoSpacing": 0.000719985,
    "FlipAngle": 79,
    "ImageType": [
      "ORIGINAL",
      "PRIMARY",
      "M",
      "MB",
      "ND",
      "NORM",
      "MOSAIC"
    ],
    "InstitutionAddress": "Frew_4805_Pittsburgh_District_US_15213",
    "InstitutionName": "SIBR",
    "MagneticFieldStrength": 3,
    "Manufacturer": "Siemens",
    "ManufacturersModelName": "Verio",
    "PhaseEncodingDirection": "j-",
    "PhaseEncodingLines": 106,
    "ProcedureStepDescription": "Dr._Tarr_Elissa",
    "ProtocolName": "BOLD_CSI1_Sess-2_Run-5",
    "RepetitionTime": 2,
    "ScanningSequence": "EP",
    "SequenceName": "epfid2d1_106",
    "SequenceVariant": "SK_SS",
    "SeriesDescription": "BOLD_CSI1_Sess-2_Run-5",
    "SliceTiming": [
      0,
      1.0475,
      0.0875,
      1.135,
      0.175,
      1.2225,
      0.2625,
      1.31,
      0.35,
      1.3975,
      0.4375,
      1.485,
      0.525,
      1.5725,
      0.6125,
      1.66,
      0.7,
      1.7475,
      0.785,
      1.8325,
      0.8725,
      1.92,
      0.96,
      0,
      1.0475,
      0.0875,
      1.135,
      0.175,
      1.2225,
      0.2625,
      1.31,
      0.35,
      1.3975,
      0.4375,
      1.485,
      0.525,
      1.5725,
      0.6125,
      1.66,
      0.7,
      1.7475,
      0.785,
      1.8325,
      0.8725,
      1.92,
      0.96,
      0,
      1.0475,
      0.0875,
      1.135,
      0.175,
      1.2225,
      0.2625,
      1.31,
      0.35,
      1.3975,
      0.4375,
      1.485,
      0.525,
      1.5725,
      0.6125,
      1.66,
      0.7,
      1.7475,
      0.785,
      1.8325,
      0.8725,
      1.92,
      0.96
    ],
    "SoftwareVersions": "syngo_MR_B17",
    "TotalReadoutTime": 0.0568788,
    "modality": "bold",
    "run_id": "05",
    "session_id": "02",
    "subject_id": "CSI1",
    "task_id": "5000scenes"
  },
  "dummy_trs": 0,
  "dvars_nstd": 35.91081112284975,
  "dvars_std": 1.2485328784455962,
  "dvars_vstd": 1.0115782150259063,
  "efc": 0.5258677611222318,
  "fber": 2452.6123046875,
  "fd_mean": 0.1612525899449128,
  "fd_num": 57,
  "fd_perc": 29.38144329896907,
  "fwhm_avg": 2.5450766666666667,
  "fwhm_x": 2.312845,
  "fwhm_y": 2.922425,
  "fwhm_z": 2.39996,
  "gcor": 0.0163575,
  "gsr_x": 0.0032069669105112553,
  "gsr_y": 0.03416739031672478,
  "provenance": {
    "md5sum": "9deaf132fb11c400c492977cf3d6d4a0",
    "settings": {
      "fd_thres": 0.2,
      "hmc_fsl": false
    },
    "software": "mriqc",
    "version": "0.11.0",
    "webapi_port": null,
    "webapi_url": null
  },
  "size_t": 194,
  "size_x": 106,
  "size_y": 106,
  "size_z": 69,
  "snr": 4.767509405191885,
  "spacing_tr": 2.0,
  "spacing_x": 2.0,
  "spacing_y": 2.0,
  "spacing_z": 2.0,
  "summary_bg_k": 16.750997998484504,
  "summary_bg_mad": 8.054962158203125,
  "summary_bg_mean": 31.23359489440918,
  "summary_bg_median": 10.247422218322754,
  "summary_bg_n": 507052.0,
  "summary_bg_p05": 4.030927658081055,
  "summary_bg_p95": 131.57215881347656,
  "summary_bg_stdv": 53.65007781982422,
  "summary_fg_k": 2.6969653274123813,
  "summary_fg_mad": 86.80860900878906,
  "summary_fg_mean": 527.4137573242188,
  "summary_fg_median": 527.9896850585938,
  "summary_fg_n": 170400.0,
  "summary_fg_p05": 342.9945846557617,
  "summary_fg_p95": 695.4128692626953,
  "summary_fg_stdv": 110.74716186523438,
  "tsnr": 49.86065673828125
}