{
  "aor": 0.000802061855670103,
  "aqi": 0.01016530969072165,
  "bids_meta": {
    "AcquisitionNumber": 1,
    "AcquisitionTime": "12:30:28.105000",
    "BandwidthPerPixelPhaseEncode": 13.103,
    "ConversionSoftware": "dcm2niix",
    "ConversionSoftwareVersion": "v1.0.20170724 GCC4.4.7",
    "DeviceSerialNumber": "40482",
    "EchoTime": 0.03,
    "EffectiveEchoSpacing": 0.000719985,
    "FlipAngle": 79,
    "ImageType": [
      "ORIGINAL",
      "PRIMARY",
      "M",
      "MB",
      "ND",
      "NORM",
      "MOSAIC"
    ],
    "InstitutionAddress": "Frew_4805_Pittsburgh_District_US_15213",
    "InstitutionName": "SIBR",
    "MagneticFieldStrength": 3,
    "Manufacturer": "Siemens",
    "ManufacturersModelName": "Verio",
    "PhaseEncodingDirection": "j-",
    "PhaseEncodingLines": 106,
    "ProcedureStepDescription": "Dr._Tarr_Elissa",
    "ProtocolName": "BOLD_CSI1_Sess-13_Run-7",
    "RepetitionTime": 2,
    "ScanningSequence": "EP",
    "SequenceName": "epfid2d1_106",
    "SequenceVariant": "SK_SS",
    "SeriesDescription": "BOLD_CSI1_Sess-13_Run-7",
    "SliceTiming": [
      0,
      1.0475,
      0.0875,
      1.135,
      0.175,
      1.2225,
      0.2625,
      1.31,
      0.35,
      1.3975,
      0.4375,
      1.485,
      0.525,
      1.5725,
      0.6125,
      1.66,
      0.7,
      1.7475,
      0.7875,
      1.835,
      0.875,
      1.9225,
      0.9625,
      0,
      1.0475,
      0.0875,
      1.135,
      0.175,
      1.2225,
      0.2625,
      1.31,
      0.35,
      1.3975,
      0.4375,
      1.485,
      0.525,
      1.5725,
      0.6125,
      1.66,
      0.7,
      1.7475,
      0.7875,
      1.835,
      0.875,
      1.9225,
      0.9625,
      0,
      1.0475,
      0.0875,
      1.135,
      0.175,
      1.2225,
      0.2625,
      1.31,
      0.35,
      1.3975,
      0.4375,
      1.485,
      0.525,
      1.5725,
      0.6125,
      1.66,
      0.7,
      1.7475,
      0.7875,
      1.835,
      0.875,
      1.9225,
      0.9625
    ],
    "SoftwareVersions": "syngo_MR_B17",
    "TotalReadoutTime": 0.0568788,
    "modality": "bold",
    "run_id": "07",
    "session_id": "13",
    "subject_id": "CSI1",
    "task_id": "5000scenes"
  },
  "dummy_trs": 0,
  "dvars_nstd": 39.30003582269429,
  "dvars_std": 1.2994953529533675,
  "dvars_vstd": 1.0142233189637304,
  "efc": 0.5269791496400713,
  "fber": 2135.385986328125,
  "fd_mean": 0.20855018941201037,
  "fd_num": 90,
  "fd_perc": 46.391752577319586,
  "fwhm_avg": 2.576686666666667,
  "fwhm_x": 2.348185,
  "fwhm_y": 2.963475,
  "fwhm_z": 2.4184,
  "gcor": 0.0213508,
  "gsr_x": 0.0012296532513573766,
  "gsr_y": 0.030920077115297318,
  "provenance": {
    "md5sum": "10952da9aa7c62d0de4054913acc1155",
    "settings": {
      "fd_thres": 0.2,
      "hmc_fsl": false
    },
    "software": "mriqc",
    "version": "0.11.0",
    "webapi_port": null,
    "webapi_url": null
  },
  "size_t": 194,
  "size_x": 106,
  "size_y": 106,
  "size_z": 69,
  "snr": 4.721415390378772,
  "spacing_tr": 2.0,
  "spacing_x": 2.0,
  "spacing_y": 2.0,
  "spacing_z": 2.0,
  "summary_bg_k": 16.998144326619496,
  "summary_bg_mad": 8.81919002532959,
  "summary_bg_mean": 31.618247985839844,
  "summary_bg_median": 11.025773048400879,
  "summary_bg_n": 506837.0,
  "summary_bg_p05": 4.242268085479736,
  "summary_bg_p95": 131.23298034667945,
  "summary_bg_stdv": 52.886962890625,
  "summary_fg_k": 2.8791148796103654,
  "summary_fg_mad": 86.09789276123047,
  "summary_fg_mean": 528.8926391601562,
  "summary_fg_median": 531.0206298828125,
  "summary_fg_n": 170387.0,
  "summary_fg_p05": 336.05102844238286,
  "summary_fg_p95": 695.0706054687498,
  "summary_fg_stdv": 112.4703140258789,
  "tsnr": 50.592044830322266
}