{
  "aor": 0.0006676595744680851,
  "aqi": 0.010322947446808513,
  "bids_meta": {
    "AcquisitionNumber": 1,
    "AcquisitionTime": "14:33:45.312500",
    "BandwidthPerPixelPhaseEncode": 13.103,
    "ConversionSoftware": "dcm2niix",
    "ConversionSoftwareVersion": "v1.0.20170724 GCC4.4.7",
    "DeviceSerialNumber": "40482",
    "EchoTime": 0.03,
    "EffectiveEchoSpacing": 0.000719985,
    "FlipAngle": 79,
    "ImageType": [
      "ORIGINAL",
      "PRIMARY",
      "M",
      "MB",
      "ND",
      "NORM",
      "MOSAIC"
    ],
    "InstitutionAddress": "Frew_4805_Pittsburgh_District_US_15213",
    "InstitutionName": "SIBR",
    "MagneticFieldStrength": 3,
    "Manufacturer": "Siemens",
    "ManufacturersModelName": "Verio",
    "PhaseEncodingDirection": "j-",
    "PhaseEncodingLines": 106,
    "ProcedureStepDescription": "Dr._Tarr_Elissa",
    "ProtocolName": "BOLD_CSI1_Sess-6_SceneLocal",
    "RepetitionTime": 2,
    "ScanningSequence": "EP",
    "SequenceName": "epfid2d1_106",
    "SequenceVariant": "SK_SS",
    "SeriesDescription": "BOLD_CSI1_Sess-6_SceneLocal",
    "SliceTiming": [
      0,
      1.0475,
      0.0875,
      1.135,
      0.1725,
      1.22,
      0.26,
      1.3075,
      0.3475,
      1.395,
      0.435,
      1.4825,
      0.5225,
      1.57,
      0.61,
      1.6575,
      0.6975,
      1.745,
      0.785,
      1.8325,
      0.8725,
      1.92,
      0.96,
      0,
      1.0475,
      0.0875,
      1.135,
      0.1725,
      1.22,
      0.26,
      1.3075,
      0.3475,
      1.395,
      0.435,
      1.4825,
      0.5225,
      1.57,
      0.61,
      1.6575,
      0.6975,
      1.745,
      0.785,
      1.8325,
      0.8725,
      1.92,
      0.96,
      0,
      1.0475,
      0.0875,
      1.135,
      0.1725,
      1.22,
      0.26,
      1.3075,
      0.3475,
      1.395,
      0.435,
      1.4825,
      0.5225,
      1.57,
      0.61,
      1.6575,
      0.6975,
      1.745,
      0.785,
      1.8325,
      0.8725,
      1.92,
      0.96
    ],
    "SoftwareVersions": "syngo_MR_B17",
    "TaskName": "Scene Localizer",
    "TotalReadoutTime": 0.0568788,
    "modality": "bold",
    "session_id": "06",
    "subject_id": "CSI1",
    "task_id": "localizer"
  },
  "dummy_trs": 0,
  "dvars_nstd": 40.877863284428564,
  "dvars_std": 1.3246296066428573,
  "dvars_vstd": 1.000029803357143,
  "efc": 0.5241079740342669,
  "fber": 2410.718505859375,
  "fd_mean": 0.10958167662858777,
  "fd_num": 11,
  "fd_perc": 7.801418439716312,
  "fwhm_avg": 2.5532350000000004,
  "fwhm_x": 2.32616,
  "fwhm_y": 2.933215,
  "fwhm_z": 2.40033,
  "gcor": 0.0125791,
  "gsr_x": 0.003335763467475772,
  "gsr_y": 0.03334581106901169,
  "provenance": {
    "md5sum": "5ec082f622a4bbf4df8562edbd6b586b",
    "settings": {
      "fd_thres": 0.2,
      "hmc_fsl": false
    },
    "software": "mriqc",
    "version": "0.11.0",
    "webapi_port": null,
    "webapi_url": null
  },
  "size_t": 141,
  "size_x": 106,
  "size_y": 106,
  "size_z": 69,
  "snr": 4.683867304025605,
  "spacing_tr": 2.0,
  "spacing_x": 2.0,
  "spacing_y": 2.0,
  "spacing_z": 2.0,
  "summary_bg_k": 17.46445638933264,
  "summary_bg_mad": 7.591763973236084,
  "summary_bg_mean": 28.804349899291992,
  "summary_bg_median": 9.86524772644043,
  "summary_bg_n": 507220.0,
  "summary_bg_p05": 3.95035457611084,
  "summary_bg_p95": 120.32659492492668,
  "summary_bg_stdv": 48.206260681152344,
  "summary_fg_k": 2.7559728499790994,
  "summary_fg_mad": 82.80488586425781,
  "summary_fg_mean": 500.6513366699219,
  "summary_fg_median": 502.2056579589844,
  "summary_fg_n": 170659.0,
  "summary_fg_p05": 317.5673522949219,
  "summary_fg_p95": 660.2127685546875,
  "summary_fg_stdv": 107.21998596191406,
  "tsnr": 49.753578186035156
}