{
  "aor": 0.0004992783505154639,
  "aqi": 0.009125881752577319,
  "bids_meta": {
    "AcquisitionNumber": 1,
    "AcquisitionTime": "13:07:29.850000",
    "BandwidthPerPixelPhaseEncode": 13.103,
    "ConversionSoftware": "dcm2niix",
    "ConversionSoftwareVersion": "v1.0.20170724 GCC4.4.7",
    "DeviceSerialNumber": "40482",
    "EchoTime": 0.03,
    "EffectiveEchoSpacing": 0.000719985,
    "FlipAngle": 79,
    "ImageType": [
      "ORIGINAL",
      "PRIMARY",
      "M",
      "MB",
      "ND",
      "NORM",
      "MOSAIC"
    ],
    "InstitutionAddress": "Frew_4805_Pittsburgh_District_US_15213",
    "InstitutionName": "SIBR",
    "MagneticFieldStrength": 3,
    "Manufacturer": "Siemens",
    "ManufacturersModelName": "Verio",
    "PhaseEncodingDirection": "j-",
    "PhaseEncodingLines": 106,
    "ProcedureStepDescription": "Dr._Tarr_Elissa",
    "ProtocolName": "BOLD_CSI1_Sess-8_Run-8",
    "RepetitionTime": 2,
    "ScanningSequence": "EP",
    "SequenceName": "epfid2d1_106",
    "SequenceVariant": "SK_SS",
    "SeriesDescription": "BOLD_CSI1_Sess-8_Run-8",
    "SliceTiming": [
      0,
      1.0475,
      0.085,
      1.1325,
      0.1725,
      1.22,
      0.26,
      1.3075,
      0.3475,
      1.395,
      0.435,
      1.4825,
      0.5225,
      1.57,
      0.61,
      1.6575,
      0.6975,
      1.745,
      0.785,
      1.8325,
      0.8725,
      1.92,
      0.96,
      0,
      1.0475,
      0.085,
      1.1325,
      0.1725,
      1.22,
      0.26,
      1.3075,
      0.3475,
      1.395,
      0.435,
      1.4825,
      0.5225,
      1.57,
      0.61,
      1.6575,
      0.6975,
      1.745,
      0.785,
      1.8325,
      0.8725,
      1.92,
      0.96,
      0,
      1.0475,
      0.085,
      1.1325,
      0.1725,
      1.22,
      0.26,
      1.3075,
      0.3475,
      1.395,
      0.435,
      1.4825,
      0.5225,
      1.57,
      0.61,
      1.6575,
      0.6975,
      1.745,
      0.785,
      1.8325,
      0.8725,
      1.92,
      0.96
    ],
    "SoftwareVersions": "syngo_MR_B17",
    "TotalReadoutTime": 0.0568788,
    "modality": "bold",
    "run_id": "08",
    "session_id": "08",
    "subject_id": "CSI1",
    "task_id": "5000scenes"
  },
  "dummy_trs": 0,
  "dvars_nstd": 36.10324417860105,
  "dvars_std": 1.2555077210362695,
  "dvars_vstd": 1.0055248984974094,
  "efc": 0.5270627757170079,
  "fber": 2207.258056640625,
  "fd_mean": 0.16551792892957046,
  "fd_num": 57,
  "fd_perc": 29.38144329896907,
  "fwhm_avg": 2.596745,
  "fwhm_x": 2.36115,
  "fwhm_y": 2.9873,
  "fwhm_z": 2.441785,
  "gcor": 0.0144728,
  "gsr_x": 0.00273504969663918,
  "gsr_y": 0.031955786049366,
  "provenance": {
    "md5sum": "9ffd8267029ae23c016a879237798714",
    "settings": {
      "fd_thres": 0.2,
      "hmc_fsl": false
    },
    "software": "mriqc",
    "version": "0.11.0",
    "webapi_port": null,
    "webapi_url": null
  },
  "size_t": 194,
  "size_x": 106,
  "size_y": 106,
  "size_z": 69,
  "snr": 4.654810973833235,
  "spacing_tr": 2.0,
  "spacing_x": 2.0,
  "spacing_y": 2.0,
  "spacing_z": 2.0,
  "summary_bg_k": 16.553621768162447,
  "summary_bg_mad": 8.811549186706543,
  "summary_bg_mean": 31.907421112060547,
  "summary_bg_median": 10.994845390319824,
  "summary_bg_n": 505923.0,
  "summary_bg_p05": 4.170103073120117,
  "summary_bg_p95": 132.16443176269513,
  "summary_bg_stdv": 53.50954055786133,
  "summary_fg_k": 2.6880250255531504,
  "summary_fg_mad": 88.63896179199219,
  "summary_fg_mean": 533.9918823242188,
  "summary_fg_median": 537.208740234375,
  "summary_fg_n": 171094.0,
  "summary_fg_p05": 332.63039245605466,
  "summary_fg_p95": 702.5894012451172,
  "summary_fg_stdv": 115.40901947021484,
  "tsnr": 51.13129806518555
}