{
  "aor": 0.0008938297872340426,
  "aqi": 0.00944241255319149,
  "bids_meta": {
    "AcquisitionNumber": 1,
    "AcquisitionTime": "12:54:5.920000",
    "BandwidthPerPixelPhaseEncode": 13.103,
    "ConversionSoftware": "dcm2niix",
    "ConversionSoftwareVersion": "v1.0.20170724 GCC4.4.7",
    "DeviceSerialNumber": "40482",
    "EchoTime": 0.03,
    "EffectiveEchoSpacing": 0.000719985,
    "FlipAngle": 79,
    "ImageType": [
      "ORIGINAL",
      "PRIMARY",
      "M",
      "MB",
      "ND",
      "NORM",
      "MOSAIC"
    ],
    "InstitutionAddress": "Frew_4805_Pittsburgh_District_US_15213",
    "InstitutionName": "SIBR",
    "MagneticFieldStrength": 3,
    "Manufacturer": "Siemens",
    "ManufacturersModelName": "Verio",
    "PhaseEncodingDirection": "j-",
    "PhaseEncodingLines": 106,
    "ProcedureStepDescription": "Dr._Tarr_Elissa",
    "ProtocolName": "BOLD_CSI1_Sess-13_SceneLocal",
    "RepetitionTime": 2,
    "ScanningSequence": "EP",
    "SequenceName": "epfid2d1_106",
    "SequenceVariant": "SK_SS",
    "SeriesDescription": "BOLD_CSI1_Sess-13_SceneLocal",
    "SliceTiming": [
      0,
      1.0475,
      0.0875,
      1.135,
      0.175,
      1.2225,
      0.2625,
      1.31,
      0.35,
      1.3975,
      0.4375,
      1.485,
      0.525,
      1.5725,
      0.6125,
      1.66,
      0.7,
      1.7475,
      0.7875,
      1.835,
      0.875,
      1.9225,
      0.96,
      0,
      1.0475,
      0.0875,
      1.135,
      0.175,
      1.2225,
      0.2625,
      1.31,
      0.35,
      1.3975,
      0.4375,
      1.485,
      0.525,
      1.5725,
      0.6125,
      1.66,
      0.7,
      1.7475,
      0.7875,
      1.835,
      0.875,
      1.9225,
      0.96,
      0,
      1.0475,
      0.0875,
      1.135,
      0.175,
      1.2225,
      0.2625,
      1.31,
      0.35,
      1.3975,
      0.4375,
      1.485,
      0.525,
      1.5725,
      0.6125,
      1.66,
      0.7,
      1.7475,
      0.7875,
      1.835,
      0.875,
      1.9225,
      0.96
    ],
    "SoftwareVersions": "syngo_MR_B17",
    "TaskName": "Scene Localizer",
    "TotalReadoutTime": 0.0568788,
    "modality": "bold",
    "session_id": "13",
    "subject_id": "CSI1",
    "task_id": "localizer"
  },
  "dummy_trs": 0,
  "dvars_nstd": 39.294911793571444,
  "dvars_std": 1.3090344172142856,
  "dvars_vstd": 1.0087922886428573,
  "efc": 0.5274917427326874,
  "fber": 2147.587890625,
  "fd_mean": 0.1967560505719884,
  "fd_num": 53,
  "fd_perc": 37.5886524822695,
  "fwhm_avg": 2.581158333333333,
  "fwhm_x": 2.350985,
  "fwhm_y": 2.96858,
  "fwhm_z": 2.42391,
  "gcor": 0.0190132,
  "gsr_x": 0.002018110128119588,
  "gsr_y": 0.030507665127515793,
  "provenance": {
    "md5sum": "ca73a9e1358b9a31774152a81ec0fe4f",
    "settings": {
      "fd_thres": 0.2,
      "hmc_fsl": false
    },
    "software": "mriqc",
    "version": "0.11.0",
    "webapi_port": null,
    "webapi_url": null
  },
  "size_t": 141,
  "size_x": 106,
  "size_y": 106,
  "size_z": 69,
  "snr": 4.713272606748478,
  "spacing_tr": 2.0,
  "spacing_x": 2.0,
  "spacing_y": 2.0,
  "spacing_z": 2.0,
  "summary_bg_k": 17.063641734774695,
  "summary_bg_mad": 8.653770446777344,
  "summary_bg_mean": 31.489402770996094,
  "summary_bg_median": 10.943262100219727,
  "summary_bg_n": 506210.0,
  "summary_bg_p05": 4.269503593444824,
  "summary_bg_p95": 130.7446746826172,
  "summary_bg_stdv": 52.736236572265625,
  "summary_fg_k": 2.884119794928072,
  "summary_fg_mad": 85.68601989746094,
  "summary_fg_mean": 525.5339965820312,
  "summary_fg_median": 528.3546142578125,
  "summary_fg_n": 171007.0,
  "summary_fg_p05": 330.59290161132816,
  "summary_fg_p95": 689.4751586914062,
  "summary_fg_stdv": 112.09898376464844,
  "tsnr": 52.49416732788086
}