{
  "bids_meta": {
    "AccelFactPE": 2,
    "AcquisitionNumber": 1,
    "AcquisitionTime": "12:24:8.280000",
    "ConversionSoftware": "dcm2niix",
    "ConversionSoftwareVersion": "v1.0.20170724 GCC4.4.7",
    "DeviceSerialNumber": "40482",
    "EchoTime": 0.422,
    "EchoTrainLength": 147,
    "FlipAngle": 120,
    "ImageType": [
      "ORIGINAL",
      "PRIMARY",
      "M",
      "ND",
      "NORM"
    ],
    "InstitutionAddress": "Frew_4805_Pittsburgh_PA_District_US_15213",
    "InstitutionName": "SIBR",
    "MagneticFieldStrength": 3,
    "Manufacturer": "Siemens",
    "ManufacturersModelName": "Verio",
    "PhaseEncodingDirection": "i-",
    "PhaseEncodingLines": 258,
    "ProcedureStepDescription": "Dr._Tarr_John",
    "ProtocolName": "t2_spc_sag_p2_iso_1mm",
    "RepetitionTime": 3,
    "ScanningSequence": "SE",
    "SequenceName": "_spc3d1_294ns",
    "SequenceVariant": "SK_SP",
    "SeriesDescription": "t2_spc_sag_p2_iso_1mm",
    "SoftwareVersions": "syngo_MR_B17",
    "modality": "T2w",
    "session_id": "16",
    "subject_id": "CSI1"
  },
  "cjv": 0.7131850480317606,
  "cnr": 1.2217481497170601,
  "efc": 0.5772561316014814,
  "fber": 3965.355712890625,
  "fwhm_avg": 2.5277233333333338,
  "fwhm_x": 2.43215,
  "fwhm_y": 2.78101,
  "fwhm_z": 2.37001,
  "icvs_csf": 0.3119757237647086,
  "icvs_gm": 0.0321168916491246,
  "icvs_wm": 0.6559073845861668,
  "inu_med": 1.381704568862915,
  "inu_range": 0.27600021362304683,
  "provenance": {
    "md5sum": "27cf55a8a3fdc3f91be61b1b1453ea16",
    "settings": {
      "testing": false
    },
    "software": "mriqc",
    "version": "0.11.0",
    "warnings": {
      "large_rot_frame": true,
      "small_air_mask": false
    },
    "webapi_port": null,
    "webapi_url": "https://mriqc.nimh.nih.gov/api/v1"
  },
  "qi_1": 0.00010095075986478206,
  "qi_2": 0.009664613754333603,
  "rpve_csf": 16.59502580470903,
  "rpve_gm": 184.94755682547836,
  "rpve_wm": 10.758267546129455,
  "size_x": 176,
  "size_y": 256,
  "size_z": 256,
  "snr_csf": 4.530380306046831,
  "snr_gm": 2.6518703054870865,
  "snr_total": 4.712809483581922,
  "snr_wm": 6.956177839211849,
  "snrd_csf": 104.02679483077326,
  "snrd_gm": 22.99958589090121,
  "snrd_total": 54.095815960438564,
  "snrd_wm": 35.26106715964122,
  "spacing_x": 1.0,
  "spacing_y": 1.0,
  "spacing_z": 1.0,
  "summary_bg_k": 12.907173323034872,
  "summary_bg_mad": 18.59383334124929,
  "summary_bg_mean": 9.344932556152344,
  "summary_bg_median": 0.0,
  "summary_bg_n": 933433.0,
  "summary_bg_p05": 0.0,
  "summary_bg_p95": 29.387182998657217,
  "summary_bg_stdv": 12.181496620178223,
  "summary_csf_k": 0.35238886329417873,
  "summary_csf_mad": 557.1424560546875,
  "summary_csf_mean": 2854.1396484375,
  "summary_csf_median": 2952.44921875,
  "summary_csf_n": 59885.0,
  "summary_csf_p05": 1600.4200439453125,
  "summary_csf_p95": 3749.439111328125,
  "summary_csf_stdv": 651.6946411132812,
  "summary_gm_k": 27.613273538645128,
  "summary_gm_mad": 131.9348602294922,
  "summary_gm_mean": 680.043212890625,
  "summary_gm_median": 652.7655639648438,
  "summary_gm_n": 199.0,
  "summary_gm_p05": 457.9320404052735,
  "summary_gm_p95": 897.172802734375,
  "summary_gm_stdv": 245.5336456298828,
  "summary_wm_k": 2.105598182729876,
  "summary_wm_mad": 116.25405883789062,
  "summary_wm_mean": 1023.1919555664062,
  "summary_wm_median": 1000.7662963867188,
  "summary_wm_n": 331337.0,
  "summary_wm_p05": 834.3911987304688,
  "summary_wm_p95": 1304.4954833984377,
  "summary_wm_stdv": 143.86705017089844,
  "tpm_overlap_csf": 0.1823735237121582,
  "tpm_overlap_gm": 0.02403639256954193,
  "tpm_overlap_wm": 0.47183337807655334,
  "wm2max": 0.2661200368290032
}