{
  "aor": 0.0004435051546391753,
  "aqi": 0.011231789329896907,
  "bids_meta": {
    "AcquisitionNumber": 1,
    "AcquisitionTime": "12:43:43.037500",
    "BandwidthPerPixelPhaseEncode": 13.103,
    "ConversionSoftware": "dcm2niix",
    "ConversionSoftwareVersion": "v1.0.20170724 GCC4.4.7",
    "DeviceSerialNumber": "40482",
    "EchoTime": 0.03,
    "EffectiveEchoSpacing": 0.000719985,
    "FlipAngle": 79,
    "ImageType": [
      "ORIGINAL",
      "PRIMARY",
      "M",
      "MB",
      "ND",
      "NORM",
      "MOSAIC"
    ],
    "InstitutionAddress": "Frew_4805_Pittsburgh_District_US_15213",
    "InstitutionName": "SIBR",
    "MagneticFieldStrength": 3,
    "Manufacturer": "Siemens",
    "ManufacturersModelName": "Verio",
    "PhaseEncodingDirection": "j-",
    "PhaseEncodingLines": 106,
    "ProcedureStepDescription": "Dr._Tarr_Elissa",
    "ProtocolName": "BOLD_CSI1_Sess-3_Run-2",
    "RepetitionTime": 2,
    "ScanningSequence": "EP",
    "SequenceName": "epfid2d1_106",
    "SequenceVariant": "SK_SS",
    "SeriesDescription": "BOLD_CSI1_Sess-3_Run-2",
    "SliceTiming": [
      0,
      1.0475,
      0.0875,
      1.135,
      0.175,
      1.2225,
      0.2625,
      1.31,
      0.35,
      1.3975,
      0.4375,
      1.485,
      0.525,
      1.5725,
      0.6125,
      1.66,
      0.7,
      1.7475,
      0.7875,
      1.835,
      0.875,
      1.9225,
      0.9625,
      0,
      1.0475,
      0.0875,
      1.135,
      0.175,
      1.2225,
      0.2625,
      1.31,
      0.35,
      1.3975,
      0.4375,
      1.485,
      0.525,
      1.5725,
      0.6125,
      1.66,
      0.7,
      1.7475,
      0.7875,
      1.835,
      0.875,
      1.9225,
      0.9625,
      0,
      1.0475,
      0.0875,
      1.135,
      0.175,
      1.2225,
      0.2625,
      1.31,
      0.35,
      1.3975,
      0.4375,
      1.485,
      0.525,
      1.5725,
      0.6125,
      1.66,
      0.7,
      1.7475,
      0.7875,
      1.835,
      0.875,
      1.9225,
      0.9625
    ],
    "SoftwareVersions": "syngo_MR_B17",
    "TotalReadoutTime": 0.0568788,
    "modality": "bold",
    "run_id": "02",
    "session_id": "03",
    "subject_id": "CSI1",
    "task_id": "5000scenes"
  },
  "dummy_trs": 0,
  "dvars_nstd": 37.40033379015546,
  "dvars_std": 1.2904495586010358,
  "dvars_vstd": 0.9745064920207247,
  "efc": 0.5196512152953876,
  "fber": 2641.475341796875,
  "fd_mean": 0.11538982967037055,
  "fd_num": 17,
  "fd_perc": 8.762886597938145,
  "fwhm_avg": 2.552168333333333,
  "fwhm_x": 2.32397,
  "fwhm_y": 2.92547,
  "fwhm_z": 2.407065,
  "gcor": 0.00507839,
  "gsr_x": 0.0011026285355910659,
  "gsr_y": 0.030232131481170654,
  "provenance": {
    "md5sum": "bb0072298c2a73a5387ad24c15db767a",
    "settings": {
      "fd_thres": 0.2,
      "hmc_fsl": false
    },
    "software": "mriqc",
    "version": "0.11.0",
    "webapi_port": null,
    "webapi_url": null
  },
  "size_t": 194,
  "size_x": 106,
  "size_y": 106,
  "size_z": 69,
  "snr": 4.6986997472187575,
  "spacing_tr": 2.0,
  "spacing_x": 2.0,
  "spacing_y": 2.0,
  "spacing_z": 2.0,
  "summary_bg_k": 18.571727122290582,
  "summary_bg_mad": 7.497076034545898,
  "summary_bg_mean": 28.36285972595215,
  "summary_bg_median": 9.742267608642578,
  "summary_bg_n": 507364.0,
  "summary_bg_p05": 3.9072163105010986,
  "summary_bg_p95": 117.50953369140612,
  "summary_bg_stdv": 48.44214630126953,
  "summary_fg_k": 2.7256144754048632,
  "summary_fg_mad": 86.31954956054688,
  "summary_fg_mean": 519.5581665039062,
  "summary_fg_median": 520.1030883789062,
  "summary_fg_n": 170151.0,
  "summary_fg_p05": 335.08245849609375,
  "summary_fg_p95": 686.8066711425781,
  "summary_fg_stdv": 110.6905288696289,
  "tsnr": 48.145389556884766
}