{
  "aor": 0.0006431428571428571,
  "aqi": 0.007852364928571429,
  "bids_meta": {
    "AcquisitionNumber": 1,
    "AcquisitionTime": "12:50:59.022500",
    "BandwidthPerPixelPhaseEncode": 13.103,
    "ConversionSoftware": "dcm2niix",
    "ConversionSoftwareVersion": "v1.0.20170724 GCC4.4.7",
    "DeviceSerialNumber": "40482",
    "EchoTime": 0.03,
    "EffectiveEchoSpacing": 0.000719985,
    "FlipAngle": 79,
    "ImageType": [
      "ORIGINAL",
      "PRIMARY",
      "M",
      "MB",
      "ND",
      "NORM",
      "MOSAIC"
    ],
    "InstitutionAddress": "Frew_4805_Pittsburgh_District_US_15213",
    "InstitutionName": "SIBR",
    "MagneticFieldStrength": 3,
    "Manufacturer": "Siemens",
    "ManufacturersModelName": "Verio",
    "PhaseEncodingDirection": "j-",
    "PhaseEncodingLines": 106,
    "ProcedureStepDescription": "Dr._Tarr_Elissa",
    "ProtocolName": "BOLD_CSI1_Sess-12_SceneLocal",
    "RepetitionTime": 2,
    "ScanningSequence": "EP",
    "SequenceName": "epfid2d1_106",
    "SequenceVariant": "SK_SS",
    "SeriesDescription": "BOLD_CSI1_Sess-12_SceneLocal",
    "SliceTiming": [
      0,
      1.0475,
      0.0875,
      1.135,
      0.175,
      1.2225,
      0.2625,
      1.31,
      0.35,
      1.3975,
      0.4375,
      1.485,
      0.5225,
      1.57,
      0.61,
      1.6575,
      0.6975,
      1.745,
      0.785,
      1.8325,
      0.8725,
      1.92,
      0.96,
      0,
      1.0475,
      0.0875,
      1.135,
      0.175,
      1.2225,
      0.2625,
      1.31,
      0.35,
      1.3975,
      0.4375,
      1.485,
      0.5225,
      1.57,
      0.61,
      1.6575,
      0.6975,
      1.745,
      0.785,
      1.8325,
      0.8725,
      1.92,
      0.96,
      0,
      1.0475,
      0.0875,
      1.135,
      0.175,
      1.2225,
      0.2625,
      1.31,
      0.35,
      1.3975,
      0.4375,
      1.485,
      0.5225,
      1.57,
      0.61,
      1.6575,
      0.6975,
      1.745,
      0.785,
      1.8325,
      0.8725,
      1.92,
      0.96
    ],
    "SoftwareVersions": "syngo_MR_B17",
    "TaskName": "Scene Localizer",
    "TotalReadoutTime": 0.0568788,
    "modality": "bold",
    "session_id": "12",
    "subject_id": "CSI1",
    "task_id": "localizer"
  },
  "dummy_trs": 1,
  "dvars_nstd": 35.847920987266164,
  "dvars_std": 1.2657262430935246,
  "dvars_vstd": 0.9917762566906468,
  "efc": 0.5229813733400849,
  "fber": 2260.15478515625,
  "fd_mean": 0.07941112939957355,
  "fd_num": 2,
  "fd_perc": 1.4285714285714286,
  "fwhm_avg": 2.5278266666666664,
  "fwhm_x": 2.304725,
  "fwhm_y": 2.91836,
  "fwhm_z": 2.360395,
  "gcor": 0.00548492,
  "gsr_x": 0.0034037139266729355,
  "gsr_y": 0.02500436268746853,
  "provenance": {
    "md5sum": "4f17aab8ee0a254d93e564e796c1d391",
    "settings": {
      "fd_thres": 0.2,
      "hmc_fsl": false
    },
    "software": "mriqc",
    "version": "0.11.0",
    "webapi_port": null,
    "webapi_url": null
  },
  "size_t": 140,
  "size_x": 106,
  "size_y": 106,
  "size_z": 69,
  "snr": 4.491970018290361,
  "spacing_tr": 2.0,
  "spacing_x": 2.0,
  "spacing_y": 2.0,
  "spacing_z": 2.0,
  "summary_bg_k": 17.193699734600646,
  "summary_bg_mad": 8.22844409942627,
  "summary_bg_mean": 30.36740493774414,
  "summary_bg_median": 10.578571319580078,
  "summary_bg_n": 507788.0,
  "summary_bg_p05": 4.242856979370117,
  "summary_bg_p95": 126.56428527832031,
  "summary_bg_stdv": 51.6068115234375,
  "summary_fg_k": 2.7241473953631408,
  "summary_fg_mad": 87.75948333740234,
  "summary_fg_mean": 520.5286254882812,
  "summary_fg_median": 522.4928588867188,
  "summary_fg_n": 169481.0,
  "summary_fg_p05": 318.5,
  "summary_fg_p95": 693.8643188476562,
  "summary_fg_stdv": 116.31674194335938,
  "tsnr": 54.868595123291016
}