{
  "aor": 0.0005493814432989691,
  "aqi": 0.009247175154639176,
  "bids_meta": {
    "AcquisitionNumber": 1,
    "AcquisitionTime": "10:09:3.300000",
    "BandwidthPerPixelPhaseEncode": 13.103,
    "ConversionSoftware": "dcm2niix",
    "ConversionSoftwareVersion": "v1.0.20170724 GCC4.4.7",
    "DeviceSerialNumber": "40482",
    "EchoTime": 0.03,
    "EffectiveEchoSpacing": 0.000719985,
    "FlipAngle": 79,
    "ImageType": [
      "ORIGINAL",
      "PRIMARY",
      "M",
      "MB",
      "ND",
      "NORM",
      "MOSAIC"
    ],
    "InstitutionAddress": "Frew_4805_Pittsburgh_District_US_15213",
    "InstitutionName": "SIBR",
    "MagneticFieldStrength": 3,
    "Manufacturer": "Siemens",
    "ManufacturersModelName": "Verio",
    "PhaseEncodingDirection": "j-",
    "PhaseEncodingLines": 106,
    "ProcedureStepDescription": "Dr._Tarr_Elissa",
    "ProtocolName": "BOLD_CSI4_Sess-4_Run-2",
    "RepetitionTime": 2,
    "ScanningSequence": "EP",
    "SequenceName": "epfid2d1_106",
    "SequenceVariant": "SK_SS",
    "SeriesDescription": "BOLD_CSI4_Sess-4_Run-2",
    "SliceTiming": [
      0,
      1.0475,
      0.0875,
      1.135,
      0.175,
      1.2225,
      0.2625,
      1.31,
      0.35,
      1.3975,
      0.4375,
      1.485,
      0.525,
      1.5725,
      0.6125,
      1.66,
      0.7,
      1.7475,
      0.7875,
      1.835,
      0.875,
      1.9225,
      0.96,
      0,
      1.0475,
      0.0875,
      1.135,
      0.175,
      1.2225,
      0.2625,
      1.31,
      0.35,
      1.3975,
      0.4375,
      1.485,
      0.525,
      1.5725,
      0.6125,
      1.66,
      0.7,
      1.7475,
      0.7875,
      1.835,
      0.875,
      1.9225,
      0.96,
      0,
      1.0475,
      0.0875,
      1.135,
      0.175,
      1.2225,
      0.2625,
      1.31,
      0.35,
      1.3975,
      0.4375,
      1.485,
      0.525,
      1.5725,
      0.6125,
      1.66,
      0.7,
      1.7475,
      0.7875,
      1.835,
      0.875,
      1.9225,
      0.96
    ],
    "SoftwareVersions": "syngo_MR_B17",
    "TotalReadoutTime": 0.0568788,
    "modality": "bold",
    "run_id": "02",
    "session_id": "04",
    "subject_id": "CSI4",
    "task_id": "5000scenes"
  },
  "dummy_trs": 0,
  "dvars_nstd": 33.69072613694299,
  "dvars_std": 1.3188193189637307,
  "dvars_vstd": 1.0092610981347148,
  "efc": 0.4931022872124904,
  "fber": 4070.0908203125,
  "fd_mean": 0.06289922714253315,
  "fd_num": 1,
  "fd_perc": 0.5154639175257731,
  "fwhm_avg": 2.573131666666667,
  "fwhm_x": 2.321715,
  "fwhm_y": 3.023725,
  "fwhm_z": 2.373955,
  "gcor": 0.0131451,
  "gsr_x": -0.013722489587962627,
  "gsr_y": 0.03713229298591614,
  "provenance": {
    "md5sum": "fe4e2a88e65d3767ec16573d16423f8f",
    "settings": {
      "fd_thres": 0.2,
      "hmc_fsl": false
    },
    "software": "mriqc",
    "version": "0.11.0",
    "webapi_port": null,
    "webapi_url": null
  },
  "size_t": 194,
  "size_x": 106,
  "size_y": 106,
  "size_z": 69,
  "snr": 5.403676238672139,
  "spacing_tr": 2.0,
  "spacing_x": 2.0,
  "spacing_y": 2.0,
  "spacing_z": 2.0,
  "summary_bg_k": 37.17342348140875,
  "summary_bg_mad": 4.891058444976807,
  "summary_bg_mean": 20.647090911865234,
  "summary_bg_median": 7.896906852722168,
  "summary_bg_n": 520140.0,
  "summary_bg_p05": 3.2680411338806152,
  "summary_bg_p95": 81.22190666198723,
  "summary_bg_stdv": 38.19845962524414,
  "summary_fg_k": 3.871942988043755,
  "summary_fg_mad": 76.48773956298828,
  "summary_fg_mean": 513.14794921875,
  "summary_fg_median": 517.7009887695312,
  "summary_fg_n": 159768.0,
  "summary_fg_p05": 356.56236419677737,
  "summary_fg_p95": 645.8435424804687,
  "summary_fg_stdv": 95.8050308227539,
  "tsnr": 59.649436950683594
}