{
  "aor": 0.001738936170212766,
  "aqi": 0.00956201695035461,
  "bids_meta": {
    "AcquisitionNumber": 1,
    "AcquisitionTime": "10:46:47.490000",
    "BandwidthPerPixelPhaseEncode": 13.103,
    "ConversionSoftware": "dcm2niix",
    "ConversionSoftwareVersion": "v1.0.20170724 GCC4.4.7",
    "DeviceSerialNumber": "40482",
    "EchoTime": 0.03,
    "EffectiveEchoSpacing": 0.000719985,
    "FlipAngle": 79,
    "ImageType": [
      "ORIGINAL",
      "PRIMARY",
      "M",
      "MB",
      "ND",
      "NORM",
      "MOSAIC"
    ],
    "InstitutionAddress": "Frew_4805_Pittsburgh_District_US_15213",
    "InstitutionName": "SIBR",
    "MagneticFieldStrength": 3,
    "Manufacturer": "Siemens",
    "ManufacturersModelName": "Verio",
    "PhaseEncodingDirection": "j-",
    "PhaseEncodingLines": 106,
    "ProcedureStepDescription": "Dr._Tarr_Elissa",
    "ProtocolName": "BOLD_CSI4_Sess-3_SceneLocal",
    "RepetitionTime": 2,
    "ScanningSequence": "EP",
    "SequenceName": "epfid2d1_106",
    "SequenceVariant": "SK_SS",
    "SeriesDescription": "BOLD_CSI4_Sess-3_SceneLocal",
    "SliceTiming": [
      0,
      1.0475,
      0.0875,
      1.135,
      0.175,
      1.2225,
      0.26,
      1.3075,
      0.3475,
      1.395,
      0.435,
      1.4825,
      0.5225,
      1.57,
      0.61,
      1.6575,
      0.6975,
      1.745,
      0.785,
      1.8325,
      0.8725,
      1.92,
      0.96,
      0,
      1.0475,
      0.0875,
      1.135,
      0.175,
      1.2225,
      0.26,
      1.3075,
      0.3475,
      1.395,
      0.435,
      1.4825,
      0.5225,
      1.57,
      0.61,
      1.6575,
      0.6975,
      1.745,
      0.785,
      1.8325,
      0.8725,
      1.92,
      0.96,
      0,
      1.0475,
      0.0875,
      1.135,
      0.175,
      1.2225,
      0.26,
      1.3075,
      0.3475,
      1.395,
      0.435,
      1.4825,
      0.5225,
      1.57,
      0.61,
      1.6575,
      0.6975,
      1.745,
      0.785,
      1.8325,
      0.8725,
      1.92,
      0.96
    ],
    "SoftwareVersions": "syngo_MR_B17",
    "TaskName": "Scene Localizer",
    "TotalReadoutTime": 0.0568788,
    "modality": "bold",
    "session_id": "03",
    "subject_id": "CSI4",
    "task_id": "localizer"
  },
  "dummy_trs": 0,
  "dvars_nstd": 31.696395669500003,
  "dvars_std": 1.2809469482142863,
  "dvars_vstd": 1.0213538077142852,
  "efc": 0.5006275300272078,
  "fber": 3601.867919921875,
  "fd_mean": 0.09921213993927809,
  "fd_num": 9,
  "fd_perc": 6.382978723404255,
  "fwhm_avg": 2.5937016666666666,
  "fwhm_x": 2.33718,
  "fwhm_y": 3.070685,
  "fwhm_z": 2.37324,
  "gcor": 0.0172083,
  "gsr_x": -0.01795811578631401,
  "gsr_y": 0.03435030207037926,
  "provenance": {
    "md5sum": "54fa0d5fb2ed910e247a4b429c15ed01",
    "settings": {
      "fd_thres": 0.2,
      "hmc_fsl": false
    },
    "software": "mriqc",
    "version": "0.11.0",
    "webapi_port": null,
    "webapi_url": null
  },
  "size_t": 141,
  "size_x": 106,
  "size_y": 106,
  "size_z": 69,
  "snr": 5.365515723347221,
  "spacing_tr": 2.0,
  "spacing_x": 2.0,
  "spacing_y": 2.0,
  "spacing_z": 2.0,
  "summary_bg_k": 30.840231241084737,
  "summary_bg_mad": 5.394148826599121,
  "summary_bg_mean": 23.828197479248047,
  "summary_bg_median": 8.617020606994629,
  "summary_bg_n": 518040.0,
  "summary_bg_p05": 3.659574270248413,
  "summary_bg_p95": 96.00708770751953,
  "summary_bg_stdv": 44.1818733215332,
  "summary_fg_k": 3.695545780571913,
  "summary_fg_mad": 79.35600280761719,
  "summary_fg_mean": 528.938720703125,
  "summary_fg_median": 533.7730102539062,
  "summary_fg_n": 160434.0,
  "summary_fg_p05": 362.6570877075195,
  "summary_fg_p95": 666.6666259765625,
  "summary_fg_stdv": 99.4818344116211,
  "tsnr": 57.135101318359375
}