{
  "aor": 0.00066840206185567,
  "aqi": 0.009321952268041238,
  "bids_meta": {
    "AcquisitionNumber": 1,
    "AcquisitionTime": "09:32:46.757500",
    "BandwidthPerPixelPhaseEncode": 13.103,
    "ConversionSoftware": "dcm2niix",
    "ConversionSoftwareVersion": "v1.0.20170724 GCC4.4.7",
    "DeviceSerialNumber": "40482",
    "EchoTime": 0.03,
    "EffectiveEchoSpacing": 0.000719985,
    "FlipAngle": 79,
    "ImageType": [
      "ORIGINAL",
      "PRIMARY",
      "M",
      "MB",
      "ND",
      "NORM",
      "MOSAIC"
    ],
    "InstitutionAddress": "Frew_4805_Pittsburgh_District_US_15213",
    "InstitutionName": "SIBR",
    "MagneticFieldStrength": 3,
    "Manufacturer": "Siemens",
    "ManufacturersModelName": "Verio",
    "PhaseEncodingDirection": "j-",
    "PhaseEncodingLines": 106,
    "ProcedureStepDescription": "Dr._Tarr_Elissa",
    "ProtocolName": "BOLD_CSI4_Sess-3_Run-1",
    "RepetitionTime": 2,
    "ScanningSequence": "EP",
    "SequenceName": "epfid2d1_106",
    "SequenceVariant": "SK_SS",
    "SeriesDescription": "BOLD_CSI4_Sess-3_Run-1",
    "SliceTiming": [
      0,
      1.0475,
      0.085,
      1.1325,
      0.1725,
      1.22,
      0.26,
      1.3075,
      0.3475,
      1.395,
      0.435,
      1.4825,
      0.5225,
      1.57,
      0.61,
      1.6575,
      0.6975,
      1.745,
      0.785,
      1.8325,
      0.8725,
      1.92,
      0.96,
      0,
      1.0475,
      0.085,
      1.1325,
      0.1725,
      1.22,
      0.26,
      1.3075,
      0.3475,
      1.395,
      0.435,
      1.4825,
      0.5225,
      1.57,
      0.61,
      1.6575,
      0.6975,
      1.745,
      0.785,
      1.8325,
      0.8725,
      1.92,
      0.96,
      0,
      1.0475,
      0.085,
      1.1325,
      0.1725,
      1.22,
      0.26,
      1.3075,
      0.3475,
      1.395,
      0.435,
      1.4825,
      0.5225,
      1.57,
      0.61,
      1.6575,
      0.6975,
      1.745,
      0.785,
      1.8325,
      0.8725,
      1.92,
      0.96
    ],
    "SoftwareVersions": "syngo_MR_B17",
    "TotalReadoutTime": 0.0568788,
    "modality": "bold",
    "run_id": "01",
    "session_id": "03",
    "subject_id": "CSI4",
    "task_id": "5000scenes"
  },
  "dummy_trs": 0,
  "dvars_nstd": 33.71633208502589,
  "dvars_std": 1.3412828358549218,
  "dvars_vstd": 1.007955200621762,
  "efc": 0.4939859838005584,
  "fber": 4049.938232421875,
  "fd_mean": 0.06068124160116137,
  "fd_num": 3,
  "fd_perc": 1.5463917525773196,
  "fwhm_avg": 2.62499,
  "fwhm_x": 2.362425,
  "fwhm_y": 3.091695,
  "fwhm_z": 2.42085,
  "gcor": 0.00862651,
  "gsr_x": -0.01620260812342167,
  "gsr_y": 0.03459327295422554,
  "provenance": {
    "md5sum": "a45945dd99c09b15762e8c13a12e3bfb",
    "settings": {
      "fd_thres": 0.2,
      "hmc_fsl": false
    },
    "software": "mriqc",
    "version": "0.11.0",
    "webapi_port": null,
    "webapi_url": null
  },
  "size_t": 194,
  "size_x": 106,
  "size_y": 106,
  "size_z": 69,
  "snr": 5.40014842903331,
  "spacing_tr": 2.0,
  "spacing_x": 2.0,
  "spacing_y": 2.0,
  "spacing_z": 2.0,
  "summary_bg_k": 35.085614275577306,
  "summary_bg_mad": 5.341953277587891,
  "summary_bg_mean": 22.506175994873047,
  "summary_bg_median": 8.546391487121582,
  "summary_bg_n": 518953.0,
  "summary_bg_p05": 3.5876288414001465,
  "summary_bg_p95": 87.94329833984375,
  "summary_bg_stdv": 41.43826675415039,
  "summary_fg_k": 3.617511862019896,
  "summary_fg_mad": 83.96574401855469,
  "summary_fg_mean": 556.1382446289062,
  "summary_fg_median": 560.7783203125,
  "summary_fg_n": 159848.0,
  "summary_fg_p05": 388.2118392944336,
  "summary_fg_p95": 701.865966796875,
  "summary_fg_stdv": 103.84465789794922,
  "tsnr": 59.63370895385742
}