{
  "aor": 0.0016532474226804122,
  "aqi": 0.010678400360824743,
  "bids_meta": {
    "AcquisitionNumber": 1,
    "AcquisitionTime": "10:16:7.250000",
    "BandwidthPerPixelPhaseEncode": 13.103,
    "ConversionSoftware": "dcm2niix",
    "ConversionSoftwareVersion": "v1.0.20170724 GCC4.4.7",
    "DeviceSerialNumber": "40482",
    "EchoTime": 0.03,
    "EffectiveEchoSpacing": 0.000719985,
    "FlipAngle": 79,
    "ImageType": [
      "ORIGINAL",
      "PRIMARY",
      "M",
      "MB",
      "ND",
      "NORM",
      "MOSAIC"
    ],
    "InstitutionAddress": "Frew_4805_Pittsburgh_District_US_15213",
    "InstitutionName": "SIBR",
    "MagneticFieldStrength": 3,
    "Manufacturer": "Siemens",
    "ManufacturersModelName": "Verio",
    "PhaseEncodingDirection": "j-",
    "PhaseEncodingLines": 106,
    "ProcedureStepDescription": "Dr._Tarr_Elissa",
    "ProtocolName": "BOLD_CSI4_Sess-3_Run-6",
    "RepetitionTime": 2,
    "ScanningSequence": "EP",
    "SequenceName": "epfid2d1_106",
    "SequenceVariant": "SK_SS",
    "SeriesDescription": "BOLD_CSI4_Sess-3_Run-6",
    "SliceTiming": [
      0,
      1.0475,
      0.0875,
      1.135,
      0.175,
      1.2225,
      0.2625,
      1.31,
      0.35,
      1.3975,
      0.4375,
      1.485,
      0.525,
      1.5725,
      0.6125,
      1.66,
      0.7,
      1.7475,
      0.7875,
      1.835,
      0.875,
      1.9225,
      0.9625,
      0,
      1.0475,
      0.0875,
      1.135,
      0.175,
      1.2225,
      0.2625,
      1.31,
      0.35,
      1.3975,
      0.4375,
      1.485,
      0.525,
      1.5725,
      0.6125,
      1.66,
      0.7,
      1.7475,
      0.7875,
      1.835,
      0.875,
      1.9225,
      0.9625,
      0,
      1.0475,
      0.0875,
      1.135,
      0.175,
      1.2225,
      0.2625,
      1.31,
      0.35,
      1.3975,
      0.4375,
      1.485,
      0.525,
      1.5725,
      0.6125,
      1.66,
      0.7,
      1.7475,
      0.7875,
      1.835,
      0.875,
      1.9225,
      0.9625
    ],
    "SoftwareVersions": "syngo_MR_B17",
    "TotalReadoutTime": 0.0568788,
    "modality": "bold",
    "run_id": "06",
    "session_id": "03",
    "subject_id": "CSI4",
    "task_id": "5000scenes"
  },
  "dummy_trs": 0,
  "dvars_nstd": 33.08643237279793,
  "dvars_std": 1.2955389430051811,
  "dvars_vstd": 1.015289821917099,
  "efc": 0.4994560697699943,
  "fber": 3755.796875,
  "fd_mean": 0.09971519923121304,
  "fd_num": 13,
  "fd_perc": 6.701030927835052,
  "fwhm_avg": 2.6063250000000004,
  "fwhm_x": 2.349565,
  "fwhm_y": 3.0836,
  "fwhm_z": 2.38581,
  "gcor": 0.0238646,
  "gsr_x": -0.017658250406384468,
  "gsr_y": 0.03563384339213371,
  "provenance": {
    "md5sum": "7caca40d9a9b42829fbd5d6fb2429a4c",
    "settings": {
      "fd_thres": 0.2,
      "hmc_fsl": false
    },
    "software": "mriqc",
    "version": "0.11.0",
    "webapi_port": null,
    "webapi_url": null
  },
  "size_t": 194,
  "size_x": 106,
  "size_y": 106,
  "size_z": 69,
  "snr": 5.329571472672891,
  "spacing_tr": 2.0,
  "spacing_x": 2.0,
  "spacing_y": 2.0,
  "spacing_z": 2.0,
  "summary_bg_k": 31.71095388299473,
  "summary_bg_mad": 5.349595546722412,
  "summary_bg_mean": 23.4782657623291,
  "summary_bg_median": 8.530927658081055,
  "summary_bg_n": 517498.0,
  "summary_bg_p05": 3.597938060760498,
  "summary_bg_p95": 94.4587631225586,
  "summary_bg_stdv": 43.61223602294922,
  "summary_fg_k": 3.7010933410133644,
  "summary_fg_mad": 79.55612182617188,
  "summary_fg_mean": 534.352294921875,
  "summary_fg_median": 539.7061767578125,
  "summary_fg_n": 160991.0,
  "summary_fg_p05": 362.87628173828125,
  "summary_fg_p95": 673.8479309082031,
  "summary_fg_stdv": 101.26602172851562,
  "tsnr": 54.383094787597656
}