{
  "aor": 0.001345886524822695,
  "aqi": 0.009311119432624113,
  "bids_meta": {
    "AcquisitionNumber": 1,
    "AcquisitionTime": "13:18:32.327500",
    "BandwidthPerPixelPhaseEncode": 13.103,
    "ConversionSoftware": "dcm2niix",
    "ConversionSoftwareVersion": "v1.0.20170724 GCC4.4.7",
    "DeviceSerialNumber": "40482",
    "EchoTime": 0.03,
    "EffectiveEchoSpacing": 0.000719985,
    "FlipAngle": 79,
    "ImageType": [
      "ORIGINAL",
      "PRIMARY",
      "M",
      "MB",
      "ND",
      "NORM",
      "MOSAIC"
    ],
    "InstitutionAddress": "Frew_4805_Pittsburgh_District_US_15213",
    "InstitutionName": "SIBR",
    "MagneticFieldStrength": 3,
    "Manufacturer": "Siemens",
    "ManufacturersModelName": "Verio",
    "PhaseEncodingDirection": "j-",
    "PhaseEncodingLines": 106,
    "ProcedureStepDescription": "Dr._Tarr_Elissa",
    "ProtocolName": "BOLD_CSI4_Sess-8_SceneLocal",
    "RepetitionTime": 2,
    "ScanningSequence": "EP",
    "SequenceName": "epfid2d1_106",
    "SequenceVariant": "SK_SS",
    "SeriesDescription": "BOLD_CSI4_Sess-8_SceneLocal",
    "SliceTiming": [
      0,
      1.0475,
      0.0875,
      1.135,
      0.175,
      1.2225,
      0.2625,
      1.31,
      0.35,
      1.3975,
      0.4375,
      1.485,
      0.525,
      1.5725,
      0.6125,
      1.66,
      0.7,
      1.7475,
      0.785,
      1.8325,
      0.8725,
      1.92,
      0.96,
      0,
      1.0475,
      0.0875,
      1.135,
      0.175,
      1.2225,
      0.2625,
      1.31,
      0.35,
      1.3975,
      0.4375,
      1.485,
      0.525,
      1.5725,
      0.6125,
      1.66,
      0.7,
      1.7475,
      0.785,
      1.8325,
      0.8725,
      1.92,
      0.96,
      0,
      1.0475,
      0.0875,
      1.135,
      0.175,
      1.2225,
      0.2625,
      1.31,
      0.35,
      1.3975,
      0.4375,
      1.485,
      0.525,
      1.5725,
      0.6125,
      1.66,
      0.7,
      1.7475,
      0.785,
      1.8325,
      0.8725,
      1.92,
      0.96
    ],
    "SoftwareVersions": "syngo_MR_B17",
    "TaskName": "Scene Localizer",
    "TotalReadoutTime": 0.0568788,
    "modality": "bold",
    "session_id": "08",
    "subject_id": "CSI4",
    "task_id": "localizer"
  },
  "dummy_trs": 0,
  "dvars_nstd": 27.17637098871428,
  "dvars_std": 1.1653279044999993,
  "dvars_vstd": 0.9997992749285718,
  "efc": 0.5002113216110414,
  "fber": 3465.90234375,
  "fd_mean": 0.0675758199801725,
  "fd_num": 2,
  "fd_perc": 1.4184397163120568,
  "fwhm_avg": 2.5937533333333334,
  "fwhm_x": 2.34192,
  "fwhm_y": 3.05784,
  "fwhm_z": 2.3815,
  "gcor": 0.00821108,
  "gsr_x": -0.01718854531645775,
  "gsr_y": 0.03738950565457344,
  "provenance": {
    "md5sum": "4fd1de4c8529430131eff871f866f9d6",
    "settings": {
      "fd_thres": 0.2,
      "hmc_fsl": false
    },
    "software": "mriqc",
    "version": "0.11.0",
    "webapi_port": null,
    "webapi_url": null
  },
  "size_t": 141,
  "size_x": 106,
  "size_y": 106,
  "size_z": 69,
  "snr": 5.398169222266764,
  "spacing_tr": 2.0,
  "spacing_x": 2.0,
  "spacing_y": 2.0,
  "spacing_z": 2.0,
  "summary_bg_k": 32.858578188749995,
  "summary_bg_mad": 5.352088451385498,
  "summary_bg_mean": 22.763948440551758,
  "summary_bg_median": 8.595744132995605,
  "summary_bg_n": 517499.0,
  "summary_bg_p05": 3.617021083831787,
  "summary_bg_p95": 89.24113464355469,
  "summary_bg_stdv": 41.30747985839844,
  "summary_fg_k": 3.7123648920536,
  "summary_fg_mad": 77.57898712158203,
  "summary_fg_mean": 517.4205322265625,
  "summary_fg_median": 522.2694702148438,
  "summary_fg_n": 160946.0,
  "summary_fg_p05": 357.33509063720703,
  "summary_fg_p95": 651.2890014648438,
  "summary_fg_stdv": 96.74906921386719,
  "tsnr": 57.41855239868164
}