{
  "aor": 0.0011747517730496455,
  "aqi": 0.009049031276595745,
  "bids_meta": {
    "AcquisitionNumber": 1,
    "AcquisitionTime": "13:50:6.200000",
    "BandwidthPerPixelPhaseEncode": 13.103,
    "ConversionSoftware": "dcm2niix",
    "ConversionSoftwareVersion": "v1.0.20170724 GCC4.4.7",
    "DeviceSerialNumber": "40482",
    "EchoTime": 0.03,
    "EffectiveEchoSpacing": 0.000719985,
    "FlipAngle": 79,
    "ImageType": [
      "ORIGINAL",
      "PRIMARY",
      "M",
      "MB",
      "ND",
      "NORM",
      "MOSAIC"
    ],
    "InstitutionAddress": "Frew_4805_Pittsburgh_District_US_15213",
    "InstitutionName": "SIBR",
    "MagneticFieldStrength": 3,
    "Manufacturer": "Siemens",
    "ManufacturersModelName": "Verio",
    "PhaseEncodingDirection": "j-",
    "PhaseEncodingLines": 106,
    "ProcedureStepDescription": "Dr._Tarr_Elissa",
    "ProtocolName": "BOLD_CSI4_Sess-2_SceneLocal",
    "RepetitionTime": 2,
    "ScanningSequence": "EP",
    "SequenceName": "epfid2d1_106",
    "SequenceVariant": "SK_SS",
    "SeriesDescription": "BOLD_CSI4_Sess-2_SceneLocal",
    "SliceTiming": [
      0,
      1.0475,
      0.0875,
      1.135,
      0.1725,
      1.22,
      0.26,
      1.3075,
      0.3475,
      1.395,
      0.435,
      1.4825,
      0.5225,
      1.57,
      0.61,
      1.6575,
      0.6975,
      1.745,
      0.785,
      1.8325,
      0.8725,
      1.92,
      0.96,
      0,
      1.0475,
      0.0875,
      1.135,
      0.1725,
      1.22,
      0.26,
      1.3075,
      0.3475,
      1.395,
      0.435,
      1.4825,
      0.5225,
      1.57,
      0.61,
      1.6575,
      0.6975,
      1.745,
      0.785,
      1.8325,
      0.8725,
      1.92,
      0.96,
      0,
      1.0475,
      0.0875,
      1.135,
      0.1725,
      1.22,
      0.26,
      1.3075,
      0.3475,
      1.395,
      0.435,
      1.4825,
      0.5225,
      1.57,
      0.61,
      1.6575,
      0.6975,
      1.745,
      0.785,
      1.8325,
      0.8725,
      1.92,
      0.96
    ],
    "SoftwareVersions": "syngo_MR_B17",
    "TaskName": "Scene Localizer",
    "TotalReadoutTime": 0.0568788,
    "modality": "bold",
    "session_id": "02",
    "subject_id": "CSI4",
    "task_id": "localizer"
  },
  "dummy_trs": 0,
  "dvars_nstd": 30.404680756214294,
  "dvars_std": 1.265609355357142,
  "dvars_vstd": 1.0107019306428575,
  "efc": 0.5032077523139884,
  "fber": 3472.61767578125,
  "fd_mean": 0.09007698625098287,
  "fd_num": 10,
  "fd_perc": 7.092198581560283,
  "fwhm_avg": 2.616593333333333,
  "fwhm_x": 2.361955,
  "fwhm_y": 3.086065,
  "fwhm_z": 2.40176,
  "gcor": 0.0105566,
  "gsr_x": -0.018790509551763535,
  "gsr_y": 0.03477524593472481,
  "provenance": {
    "md5sum": "c2370ac783ee71223565ca268edf3c94",
    "settings": {
      "fd_thres": 0.2,
      "hmc_fsl": false
    },
    "software": "mriqc",
    "version": "0.11.0",
    "webapi_port": null,
    "webapi_url": null
  },
  "size_t": 141,
  "size_x": 106,
  "size_y": 106,
  "size_z": 69,
  "snr": 5.35531461399054,
  "spacing_tr": 2.0,
  "spacing_x": 2.0,
  "spacing_y": 2.0,
  "spacing_z": 2.0,
  "summary_bg_k": 29.463863327912506,
  "summary_bg_mad": 5.499297618865967,
  "summary_bg_mean": 23.854520797729492,
  "summary_bg_median": 8.631205558776855,
  "summary_bg_n": 516458.0,
  "summary_bg_p05": 3.6382977962493896,
  "summary_bg_p95": 96.64042549133251,
  "summary_bg_stdv": 43.772239685058594,
  "summary_fg_k": 3.757579197357532,
  "summary_fg_mad": 77.4002685546875,
  "summary_fg_mean": 520.906494140625,
  "summary_fg_median": 525.3262329101562,
  "summary_fg_n": 161742.0,
  "summary_fg_p05": 356.5535461425781,
  "summary_fg_p95": 656.6946533203123,
  "summary_fg_stdv": 98.09407043457031,
  "tsnr": 59.264564514160156
}