{
  "aor": 0.0022428865979381447,
  "aqi": 0.013352336185567009,
  "bids_meta": {
    "AcquisitionNumber": 1,
    "AcquisitionTime": "10:44:36.425000",
    "BandwidthPerPixelPhaseEncode": 13.103,
    "ConversionSoftware": "dcm2niix",
    "ConversionSoftwareVersion": "v1.0.20170724 GCC4.4.7",
    "DeviceSerialNumber": "40482",
    "EchoTime": 0.03,
    "EffectiveEchoSpacing": 0.000719985,
    "FlipAngle": 79,
    "ImageType": [
      "ORIGINAL",
      "PRIMARY",
      "M",
      "MB",
      "ND",
      "NORM",
      "MOSAIC"
    ],
    "InstitutionAddress": "Frew_4805_Pittsburgh_District_US_15213",
    "InstitutionName": "SIBR",
    "MagneticFieldStrength": 3,
    "Manufacturer": "Siemens",
    "ManufacturersModelName": "Verio",
    "PhaseEncodingDirection": "j-",
    "PhaseEncodingLines": 106,
    "ProcedureStepDescription": "Dr._Tarr_Elissa",
    "ProtocolName": "BOLD_CSI4_Sess-4_Run-6",
    "RepetitionTime": 2,
    "ScanningSequence": "EP",
    "SequenceName": "epfid2d1_106",
    "SequenceVariant": "SK_SS",
    "SeriesDescription": "BOLD_CSI4_Sess-4_Run-6",
    "SliceTiming": [
      0,
      1.0475,
      0.0875,
      1.135,
      0.175,
      1.2225,
      0.2625,
      1.31,
      0.35,
      1.3975,
      0.4375,
      1.485,
      0.525,
      1.5725,
      0.61,
      1.6575,
      0.6975,
      1.745,
      0.785,
      1.8325,
      0.8725,
      1.92,
      0.96,
      0,
      1.0475,
      0.0875,
      1.135,
      0.175,
      1.2225,
      0.2625,
      1.31,
      0.35,
      1.3975,
      0.4375,
      1.485,
      0.525,
      1.5725,
      0.61,
      1.6575,
      0.6975,
      1.745,
      0.785,
      1.8325,
      0.8725,
      1.92,
      0.96,
      0,
      1.0475,
      0.0875,
      1.135,
      0.175,
      1.2225,
      0.2625,
      1.31,
      0.35,
      1.3975,
      0.4375,
      1.485,
      0.525,
      1.5725,
      0.61,
      1.6575,
      0.6975,
      1.745,
      0.785,
      1.8325,
      0.8725,
      1.92,
      0.96
    ],
    "SoftwareVersions": "syngo_MR_B17",
    "TotalReadoutTime": 0.0568788,
    "modality": "bold",
    "run_id": "06",
    "session_id": "04",
    "subject_id": "CSI4",
    "task_id": "5000scenes"
  },
  "dummy_trs": 0,
  "dvars_nstd": 30.63978602316062,
  "dvars_std": 1.2315573634715025,
  "dvars_vstd": 1.020079788601036,
  "efc": 0.4964229580934472,
  "fber": 3764.393310546875,
  "fd_mean": 0.10821011524987549,
  "fd_num": 19,
  "fd_perc": 9.793814432989691,
  "fwhm_avg": 2.5654983333333337,
  "fwhm_x": 2.31837,
  "fwhm_y": 3.01168,
  "fwhm_z": 2.366445,
  "gcor": 0.0123497,
  "gsr_x": -0.015341231599450111,
  "gsr_y": 0.035392072051763535,
  "provenance": {
    "md5sum": "a41034611268a8f6c9d3671d155e656e",
    "settings": {
      "fd_thres": 0.2,
      "hmc_fsl": false
    },
    "software": "mriqc",
    "version": "0.11.0",
    "webapi_port": null,
    "webapi_url": null
  },
  "size_t": 194,
  "size_x": 106,
  "size_y": 106,
  "size_z": 69,
  "snr": 5.436111911065539,
  "spacing_tr": 2.0,
  "spacing_x": 2.0,
  "spacing_y": 2.0,
  "spacing_z": 2.0,
  "summary_bg_k": 33.087520643317134,
  "summary_bg_mad": 5.097399711608887,
  "summary_bg_mean": 21.728721618652344,
  "summary_bg_median": 8.113401412963867,
  "summary_bg_n": 520151.0,
  "summary_bg_p05": 3.371133804321289,
  "summary_bg_p95": 86.46649169921875,
  "summary_bg_stdv": 39.764591217041016,
  "summary_fg_k": 3.8049593615234016,
  "summary_fg_mad": 75.50570678710938,
  "summary_fg_mean": 508.2043151855469,
  "summary_fg_median": 512.6546020507812,
  "summary_fg_n": 159170.0,
  "summary_fg_p05": 352.70849761962893,
  "summary_fg_p95": 638.7713714599607,
  "summary_fg_stdv": 94.30508422851562,
  "tsnr": 49.431602478027344
}