{
  "aor": 0.0017538659793814432,
  "aqi": 0.00874248231958763,
  "bids_meta": {
    "AcquisitionNumber": 1,
    "AcquisitionTime": "13:46:43.387500",
    "BandwidthPerPixelPhaseEncode": 13.103,
    "ConversionSoftware": "dcm2niix",
    "ConversionSoftwareVersion": "v1.0.20170724 GCC4.4.7",
    "DeviceSerialNumber": "40482",
    "EchoTime": 0.03,
    "EffectiveEchoSpacing": 0.000719985,
    "FlipAngle": 79,
    "ImageType": [
      "ORIGINAL",
      "PRIMARY",
      "M",
      "MB",
      "ND",
      "NORM",
      "MOSAIC"
    ],
    "InstitutionAddress": "Frew_4805_Pittsburgh_District_US_15213",
    "InstitutionName": "SIBR",
    "MagneticFieldStrength": 3,
    "Manufacturer": "Siemens",
    "ManufacturersModelName": "Verio",
    "PhaseEncodingDirection": "j-",
    "PhaseEncodingLines": 106,
    "ProcedureStepDescription": "Dr._Tarr_Elissa",
    "ProtocolName": "BOLD_CSI4_Sess-9_Run-8",
    "RepetitionTime": 2,
    "ScanningSequence": "EP",
    "SequenceName": "epfid2d1_106",
    "SequenceVariant": "SK_SS",
    "SeriesDescription": "BOLD_CSI4_Sess-9_Run-8",
    "SliceTiming": [
      0,
      1.0475,
      0.0875,
      1.135,
      0.175,
      1.2225,
      0.2625,
      1.31,
      0.35,
      1.3975,
      0.4375,
      1.485,
      0.5225,
      1.57,
      0.61,
      1.6575,
      0.6975,
      1.745,
      0.785,
      1.8325,
      0.8725,
      1.92,
      0.96,
      0,
      1.0475,
      0.0875,
      1.135,
      0.175,
      1.2225,
      0.2625,
      1.31,
      0.35,
      1.3975,
      0.4375,
      1.485,
      0.5225,
      1.57,
      0.61,
      1.6575,
      0.6975,
      1.745,
      0.785,
      1.8325,
      0.8725,
      1.92,
      0.96,
      0,
      1.0475,
      0.0875,
      1.135,
      0.175,
      1.2225,
      0.2625,
      1.31,
      0.35,
      1.3975,
      0.4375,
      1.485,
      0.5225,
      1.57,
      0.61,
      1.6575,
      0.6975,
      1.745,
      0.785,
      1.8325,
      0.8725,
      1.92,
      0.96
    ],
    "SoftwareVersions": "syngo_MR_B17",
    "TotalReadoutTime": 0.0568788,
    "modality": "bold",
    "run_id": "08",
    "session_id": "09",
    "subject_id": "CSI4",
    "task_id": "5000scenes"
  },
  "dummy_trs": 0,
  "dvars_nstd": 28.657381295025896,
  "dvars_std": 1.2126595742487047,
  "dvars_vstd": 1.0227560939378242,
  "efc": 0.49643919259346864,
  "fber": 3587.52734375,
  "fd_mean": 0.13767868331280597,
  "fd_num": 37,
  "fd_perc": 19.072164948453608,
  "fwhm_avg": 2.6031516666666668,
  "fwhm_x": 2.353725,
  "fwhm_y": 3.05435,
  "fwhm_z": 2.40138,
  "gcor": 0.0167443,
  "gsr_x": -0.015497407875955105,
  "gsr_y": 0.03567305952310562,
  "provenance": {
    "md5sum": "2d0919a4acb1aba3ba11721606d0de3b",
    "settings": {
      "fd_thres": 0.2,
      "hmc_fsl": false
    },
    "software": "mriqc",
    "version": "0.11.0",
    "webapi_port": null,
    "webapi_url": null
  },
  "size_t": 194,
  "size_x": 106,
  "size_y": 106,
  "size_z": 69,
  "snr": 5.302610494522628,
  "spacing_tr": 2.0,
  "spacing_x": 2.0,
  "spacing_y": 2.0,
  "spacing_z": 2.0,
  "summary_bg_k": 34.52477408624416,
  "summary_bg_mad": 5.670571327209473,
  "summary_bg_mean": 24.371002197265625,
  "summary_bg_median": 9.180412292480469,
  "summary_bg_n": 519877.0,
  "summary_bg_p05": 4.056700706481934,
  "summary_bg_p95": 95.89690399169922,
  "summary_bg_stdv": 44.82456588745117,
  "summary_fg_k": 3.6136756667165386,
  "summary_fg_mad": 85.20759582519531,
  "summary_fg_mean": 563.686767578125,
  "summary_fg_median": 567.0128784179688,
  "summary_fg_n": 158974.0,
  "summary_fg_p05": 390.04097137451174,
  "summary_fg_p95": 715.1582122802735,
  "summary_fg_stdv": 106.93055725097656,
  "tsnr": 57.87835693359375
}