{
  "bids_meta": {
    "AccelFactPE": 2,
    "AcquisitionNumber": 1,
    "AcquisitionTime": "10:06:14.625000",
    "ConversionSoftware": "dcm2niix",
    "ConversionSoftwareVersion": "v1.0.20170724 GCC4.4.7",
    "DeviceSerialNumber": "40482",
    "EchoTime": 0.00197,
    "FlipAngle": 9,
    "ImageType": [
      "ORIGINAL",
      "PRIMARY",
      "M",
      "ND",
      "NORM"
    ],
    "InstitutionAddress": "Frew_4805_Pittsburgh_District_US_15213",
    "InstitutionName": "SIBR",
    "InversionTime": 0.9,
    "MagneticFieldStrength": 3,
    "Manufacturer": "Siemens",
    "ManufacturersModelName": "Verio",
    "PhaseEncodingDirection": "i-",
    "PhaseEncodingLines": 256,
    "ProcedureStepDescription": "Dr._Tarr_John",
    "ProtocolName": "T1w_MPRAGE_STS9_S1",
    "RepetitionTime": 2.3,
    "ScanningSequence": "GR_IR",
    "SequenceName": "_tfl3d1_ns",
    "SequenceVariant": "SP_MP",
    "SeriesDescription": "T1w_MPRAGE_STS9_S1",
    "SoftwareVersions": "syngo_MR_B17",
    "modality": "T1w",
    "session_id": "10",
    "subject_id": "CSI4"
  },
  "cjv": 0.3356673958401114,
  "cnr": 3.9282361958271528,
  "efc": 0.4874928255327738,
  "fber": 4408.34326171875,
  "fwhm_avg": 3.566186666666667,
  "fwhm_x": 3.46586,
  "fwhm_y": 3.64047,
  "fwhm_z": 3.59223,
  "icvs_csf": 0.20685596557082617,
  "icvs_gm": 0.429141876995602,
  "icvs_wm": 0.36400215743357184,
  "inu_med": 1.1731586456298828,
  "inu_range": 0.24563546180725093,
  "provenance": {
    "md5sum": "43264f5f99efb599e10706ba338584a2",
    "settings": {
      "testing": false
    },
    "software": "mriqc",
    "version": "0.11.0",
    "warnings": {
      "large_rot_frame": true,
      "small_air_mask": false
    },
    "webapi_port": null,
    "webapi_url": "https://mriqc.nimh.nih.gov/api/v1"
  },
  "qi_1": 0.0,
  "qi_2": 0.09395869263408305,
  "rpve_csf": 25.850291118183133,
  "rpve_gm": 13.437982146044083,
  "rpve_wm": 19.460524641021244,
  "size_x": 176,
  "size_y": 256,
  "size_z": 256,
  "snr_csf": 2.393601599044758,
  "snr_gm": 10.131119235609756,
  "snr_total": 11.754140795412981,
  "snr_wm": 22.737701551584433,
  "snrd_csf": 41.36491379723043,
  "snrd_gm": 74.63402677054037,
  "snrd_total": 75.09326852016785,
  "snrd_wm": 109.28086499273277,
  "spacing_x": 1.0,
  "spacing_y": 1.0,
  "spacing_z": 1.0,
  "summary_bg_k": 4.372504062438845,
  "summary_bg_mad": 5.994998455047607,
  "summary_bg_mean": 6.127527713775635,
  "summary_bg_median": 4.043564796447754,
  "summary_bg_n": 2901435.0,
  "summary_bg_p05": 0.0,
  "summary_bg_p95": 17.78033180236816,
  "summary_bg_stdv": 5.959477424621582,
  "summary_csf_k": 41.11951548106553,
  "summary_csf_mad": 128.83848571777344,
  "summary_csf_mean": 365.9367980957031,
  "summary_csf_median": 378.52056884765625,
  "summary_csf_n": 12403.0,
  "summary_csf_p05": 161.65694427490234,
  "summary_csf_p95": 531.2329711914062,
  "summary_csf_stdv": 158.1321258544922,
  "summary_gm_k": 0.027593782392482336,
  "summary_gm_mad": 66.66488647460938,
  "summary_gm_mean": 683.4998779296875,
  "summary_gm_median": 682.9583740234375,
  "summary_gm_n": 35791.0,
  "summary_gm_p05": 572.1559753417969,
  "summary_gm_p95": 795.3653259277344,
  "summary_gm_stdv": 67.41099548339844,
  "summary_wm_k": 0.7719774722523205,
  "summary_wm_mad": 39.756797790527344,
  "summary_wm_mean": 998.6727294921875,
  "summary_wm_median": 1000.00341796875,
  "summary_wm_n": 185399.0,
  "summary_wm_p05": 923.6713745117188,
  "summary_wm_p95": 1068.2444213867188,
  "summary_wm_stdv": 43.97985076904297,
  "tpm_overlap_csf": 0.21841312944889069,
  "tpm_overlap_gm": 0.5099371671676636,
  "tpm_overlap_wm": 0.544120192527771,
  "wm2max": 0.4429116293013098
}