{
  "aor": 0.0009777304964539006,
  "aqi": 0.008430204609929081,
  "bids_meta": {
    "AcquisitionNumber": 1,
    "AcquisitionTime": "13:51:2.075000",
    "BandwidthPerPixelPhaseEncode": 13.103,
    "ConversionSoftware": "dcm2niix",
    "ConversionSoftwareVersion": "v1.0.20170724 GCC4.4.7",
    "DeviceSerialNumber": "40482",
    "EchoTime": 0.03,
    "EffectiveEchoSpacing": 0.000719985,
    "FlipAngle": 79,
    "ImageType": [
      "ORIGINAL",
      "PRIMARY",
      "M",
      "MB",
      "ND",
      "NORM",
      "MOSAIC"
    ],
    "InstitutionAddress": "Frew_4805_Pittsburgh_District_US_15213",
    "InstitutionName": "SIBR",
    "MagneticFieldStrength": 3,
    "Manufacturer": "Siemens",
    "ManufacturersModelName": "Verio",
    "PhaseEncodingDirection": "j-",
    "PhaseEncodingLines": 106,
    "ProcedureStepDescription": "Dr._Tarr_Elissa",
    "ProtocolName": "BOLD_CSI4_Sess-5_SceneLocal",
    "RepetitionTime": 2,
    "ScanningSequence": "EP",
    "SequenceName": "epfid2d1_106",
    "SequenceVariant": "SK_SS",
    "SeriesDescription": "BOLD_CSI4_Sess-5_SceneLocal",
    "SliceTiming": [
      0,
      1.0475,
      0.0875,
      1.135,
      0.175,
      1.2225,
      0.2625,
      1.31,
      0.35,
      1.3975,
      0.4375,
      1.485,
      0.525,
      1.5725,
      0.6125,
      1.6575,
      0.6975,
      1.745,
      0.785,
      1.8325,
      0.8725,
      1.92,
      0.96,
      0,
      1.0475,
      0.0875,
      1.135,
      0.175,
      1.2225,
      0.2625,
      1.31,
      0.35,
      1.3975,
      0.4375,
      1.485,
      0.525,
      1.5725,
      0.6125,
      1.6575,
      0.6975,
      1.745,
      0.785,
      1.8325,
      0.8725,
      1.92,
      0.96,
      0,
      1.0475,
      0.0875,
      1.135,
      0.175,
      1.2225,
      0.2625,
      1.31,
      0.35,
      1.3975,
      0.4375,
      1.485,
      0.525,
      1.5725,
      0.6125,
      1.6575,
      0.6975,
      1.745,
      0.785,
      1.8325,
      0.8725,
      1.92,
      0.96
    ],
    "SoftwareVersions": "syngo_MR_B17",
    "TaskName": "Scene Localizer",
    "TotalReadoutTime": 0.0568788,
    "modality": "bold",
    "session_id": "05",
    "subject_id": "CSI4",
    "task_id": "localizer"
  },
  "dummy_trs": 0,
  "dvars_nstd": 29.720839199857153,
  "dvars_std": 1.2326068560000005,
  "dvars_vstd": 1.0110131501428576,
  "efc": 0.49834509018162626,
  "fber": 3662.559814453125,
  "fd_mean": 0.09935139644308054,
  "fd_num": 7,
  "fd_perc": 4.964539007092198,
  "fwhm_avg": 2.569611666666667,
  "fwhm_x": 2.323415,
  "fwhm_y": 3.01184,
  "fwhm_z": 2.37358,
  "gcor": 0.0105605,
  "gsr_x": -0.014570126309990883,
  "gsr_y": 0.03986937925219536,
  "provenance": {
    "md5sum": "212b5237010dc0f6e6b7e2edd3f034c5",
    "settings": {
      "fd_thres": 0.2,
      "hmc_fsl": false
    },
    "software": "mriqc",
    "version": "0.11.0",
    "webapi_port": null,
    "webapi_url": null
  },
  "size_t": 141,
  "size_x": 106,
  "size_y": 106,
  "size_z": 69,
  "snr": 5.425674932787418,
  "spacing_tr": 2.0,
  "spacing_x": 2.0,
  "spacing_y": 2.0,
  "spacing_z": 2.0,
  "summary_bg_k": 33.73956756916836,
  "summary_bg_mad": 5.267969131469727,
  "summary_bg_mean": 22.6032657623291,
  "summary_bg_median": 8.503545761108398,
  "summary_bg_n": 518691.0,
  "summary_bg_p05": 3.730496406555176,
  "summary_bg_p95": 90.60992431640625,
  "summary_bg_stdv": 40.954952239990234,
  "summary_fg_k": 3.6423291535563234,
  "summary_fg_mad": 79.08263397216797,
  "summary_fg_mean": 526.709716796875,
  "summary_fg_median": 530.9716186523438,
  "summary_fg_n": 160457.0,
  "summary_fg_p05": 365.32623291015625,
  "summary_fg_p95": 662.858154296875,
  "summary_fg_stdv": 97.86247253417969,
  "tsnr": 60.416648864746094
}