{
  "aor": 0.0014310638297872341,
  "aqi": 0.008155954397163118,
  "bids_meta": {
    "AcquisitionNumber": 1,
    "AcquisitionTime": "13:12:56.565000",
    "BandwidthPerPixelPhaseEncode": 13.103,
    "ConversionSoftware": "dcm2niix",
    "ConversionSoftwareVersion": "v1.0.20170724 GCC4.4.7",
    "DeviceSerialNumber": "40482",
    "EchoTime": 0.03,
    "EffectiveEchoSpacing": 0.000719985,
    "FlipAngle": 79,
    "ImageType": [
      "ORIGINAL",
      "PRIMARY",
      "M",
      "MB",
      "ND",
      "NORM",
      "MOSAIC"
    ],
    "InstitutionAddress": "Frew_4805_Pittsburgh_District_US_15213",
    "InstitutionName": "SIBR",
    "MagneticFieldStrength": 3,
    "Manufacturer": "Siemens",
    "ManufacturersModelName": "Verio",
    "PhaseEncodingDirection": "j-",
    "PhaseEncodingLines": 106,
    "ProcedureStepDescription": "Dr._Tarr_Elissa",
    "ProtocolName": "BOLD_CSI4_Sess-6_SceneLocal",
    "RepetitionTime": 2,
    "ScanningSequence": "EP",
    "SequenceName": "epfid2d1_106",
    "SequenceVariant": "SK_SS",
    "SeriesDescription": "BOLD_CSI4_Sess-6_SceneLocal",
    "SliceTiming": [
      0,
      1.0475,
      0.0875,
      1.135,
      0.175,
      1.2225,
      0.2625,
      1.31,
      0.35,
      1.3975,
      0.4375,
      1.485,
      0.525,
      1.5725,
      0.6125,
      1.66,
      0.7,
      1.7475,
      0.7875,
      1.8325,
      0.8725,
      1.92,
      0.96,
      0,
      1.0475,
      0.0875,
      1.135,
      0.175,
      1.2225,
      0.2625,
      1.31,
      0.35,
      1.3975,
      0.4375,
      1.485,
      0.525,
      1.5725,
      0.6125,
      1.66,
      0.7,
      1.7475,
      0.7875,
      1.8325,
      0.8725,
      1.92,
      0.96,
      0,
      1.0475,
      0.0875,
      1.135,
      0.175,
      1.2225,
      0.2625,
      1.31,
      0.35,
      1.3975,
      0.4375,
      1.485,
      0.525,
      1.5725,
      0.6125,
      1.66,
      0.7,
      1.7475,
      0.7875,
      1.8325,
      0.8725,
      1.92,
      0.96
    ],
    "SoftwareVersions": "syngo_MR_B17",
    "TaskName": "Scene Localizer",
    "TotalReadoutTime": 0.0568788,
    "modality": "bold",
    "session_id": "06",
    "subject_id": "CSI4",
    "task_id": "localizer"
  },
  "dummy_trs": 0,
  "dvars_nstd": 30.69982667664287,
  "dvars_std": 1.2747333570714277,
  "dvars_vstd": 1.0194198348571426,
  "efc": 0.49765763884696584,
  "fber": 3748.427978515625,
  "fd_mean": 0.1139861059713657,
  "fd_num": 22,
  "fd_perc": 15.602836879432624,
  "fwhm_avg": 2.5802616666666665,
  "fwhm_x": 2.329725,
  "fwhm_y": 3.040335,
  "fwhm_z": 2.370725,
  "gcor": 0.0137088,
  "gsr_x": -0.016084065660834312,
  "gsr_y": 0.034698743373155594,
  "provenance": {
    "md5sum": "218784d451be91d46916624d36f8b3d7",
    "settings": {
      "fd_thres": 0.2,
      "hmc_fsl": false
    },
    "software": "mriqc",
    "version": "0.11.0",
    "webapi_port": null,
    "webapi_url": null
  },
  "size_t": 141,
  "size_x": 106,
  "size_y": 106,
  "size_z": 69,
  "snr": 5.292884669466484,
  "spacing_tr": 2.0,
  "spacing_x": 2.0,
  "spacing_y": 2.0,
  "spacing_z": 2.0,
  "summary_bg_k": 37.127663296846684,
  "summary_bg_mad": 5.246939182281494,
  "summary_bg_mean": 23.22563934326172,
  "summary_bg_median": 8.624113082885742,
  "summary_bg_n": 518001.0,
  "summary_bg_p05": 3.8581559658050537,
  "summary_bg_p95": 90.82978057861328,
  "summary_bg_stdv": 43.79539108276367,
  "summary_fg_k": 3.744767623254102,
  "summary_fg_mad": 80.60211181640625,
  "summary_fg_mean": 540.3417358398438,
  "summary_fg_median": 544.1666259765625,
  "summary_fg_n": 160690.0,
  "summary_fg_p05": 370.99927520751953,
  "summary_fg_p95": 684.3971557617188,
  "summary_fg_stdv": 102.81065368652344,
  "tsnr": 60.974815368652344
}