{
  "aor": 0.0011274468085106383,
  "aqi": 0.01055370886524823,
  "bids_meta": {
    "AcquisitionNumber": 1,
    "AcquisitionTime": "16:14:48.885000",
    "BandwidthPerPixelPhaseEncode": 13.103,
    "ConversionSoftware": "dcm2niix",
    "ConversionSoftwareVersion": "v1.0.20170724 GCC4.4.7",
    "DeviceSerialNumber": "40482",
    "EchoTime": 0.03,
    "EffectiveEchoSpacing": 0.000719985,
    "FlipAngle": 79,
    "ImageType": [
      "ORIGINAL",
      "PRIMARY",
      "M",
      "MB",
      "ND",
      "NORM",
      "MOSAIC"
    ],
    "InstitutionAddress": "Frew_4805_Pittsburgh_District_US_15213",
    "InstitutionName": "SIBR",
    "MagneticFieldStrength": 3,
    "Manufacturer": "Siemens",
    "ManufacturersModelName": "Verio",
    "PhaseEncodingDirection": "j-",
    "PhaseEncodingLines": 106,
    "ProcedureStepDescription": "Dr._Tarr_Elissa",
    "ProtocolName": "BOLD_CSI4_Sess-7_SceneLocal",
    "RepetitionTime": 2,
    "ScanningSequence": "EP",
    "SequenceName": "epfid2d1_106",
    "SequenceVariant": "SK_SS",
    "SeriesDescription": "BOLD_CSI4_Sess-7_SceneLocal",
    "SliceTiming": [
      0,
      1.0475,
      0.0875,
      1.135,
      0.175,
      1.2225,
      0.2625,
      1.3075,
      0.3475,
      1.395,
      0.435,
      1.4825,
      0.5225,
      1.57,
      0.61,
      1.6575,
      0.6975,
      1.745,
      0.785,
      1.8325,
      0.8725,
      1.92,
      0.96,
      0,
      1.0475,
      0.0875,
      1.135,
      0.175,
      1.2225,
      0.2625,
      1.3075,
      0.3475,
      1.395,
      0.435,
      1.4825,
      0.5225,
      1.57,
      0.61,
      1.6575,
      0.6975,
      1.745,
      0.785,
      1.8325,
      0.8725,
      1.92,
      0.96,
      0,
      1.0475,
      0.0875,
      1.135,
      0.175,
      1.2225,
      0.2625,
      1.3075,
      0.3475,
      1.395,
      0.435,
      1.4825,
      0.5225,
      1.57,
      0.61,
      1.6575,
      0.6975,
      1.745,
      0.785,
      1.8325,
      0.8725,
      1.92,
      0.96
    ],
    "SoftwareVersions": "syngo_MR_B17",
    "TaskName": "Scene Localizer",
    "TotalReadoutTime": 0.0568788,
    "modality": "bold",
    "session_id": "07",
    "subject_id": "CSI4",
    "task_id": "localizer"
  },
  "dummy_trs": 0,
  "dvars_nstd": 26.28865345492856,
  "dvars_std": 1.1544460859285712,
  "dvars_vstd": 0.9950167542857149,
  "efc": 0.49726490298246767,
  "fber": 3432.653076171875,
  "fd_mean": 0.07387715852949067,
  "fd_num": 7,
  "fd_perc": 4.964539007092198,
  "fwhm_avg": 2.592943333333334,
  "fwhm_x": 2.356485,
  "fwhm_y": 3.04107,
  "fwhm_z": 2.381275,
  "gcor": 0.00866095,
  "gsr_x": -0.018878338858485222,
  "gsr_y": 0.03474026545882225,
  "provenance": {
    "md5sum": "4a5bca895e7b17663ffe00b760ee0919",
    "settings": {
      "fd_thres": 0.2,
      "hmc_fsl": false
    },
    "software": "mriqc",
    "version": "0.11.0",
    "webapi_port": null,
    "webapi_url": null
  },
  "size_t": 141,
  "size_x": 106,
  "size_y": 106,
  "size_z": 69,
  "snr": 5.331458892101771,
  "spacing_tr": 2.0,
  "spacing_x": 2.0,
  "spacing_y": 2.0,
  "spacing_z": 2.0,
  "summary_bg_k": 36.2083117529185,
  "summary_bg_mad": 5.520327568054199,
  "summary_bg_mean": 22.918554306030273,
  "summary_bg_median": 8.730496406555176,
  "summary_bg_n": 519439.0,
  "summary_bg_p05": 3.6382977962493896,
  "summary_bg_p95": 88.78084564208967,
  "summary_bg_stdv": 42.309814453125,
  "summary_fg_k": 3.8894736093397793,
  "summary_fg_mad": 77.69464111328125,
  "summary_fg_mean": 523.677978515625,
  "summary_fg_median": 528.4822387695312,
  "summary_fg_n": 159103.0,
  "summary_fg_p05": 356.9163055419922,
  "summary_fg_p95": 660.3531921386718,
  "summary_fg_stdv": 99.12494659423828,
  "tsnr": 55.49519729614258
}