{
  "aor": 0.0018510309278350514,
  "aqi": 0.011264420876288659,
  "bids_meta": {
    "AcquisitionNumber": 1,
    "AcquisitionTime": "13:27:0.027500",
    "BandwidthPerPixelPhaseEncode": 13.103,
    "ConversionSoftware": "dcm2niix",
    "ConversionSoftwareVersion": "v1.0.20170724 GCC4.4.7",
    "DeviceSerialNumber": "40482",
    "EchoTime": 0.03,
    "EffectiveEchoSpacing": 0.000719985,
    "FlipAngle": 79,
    "ImageType": [
      "ORIGINAL",
      "PRIMARY",
      "M",
      "MB",
      "ND",
      "NORM",
      "MOSAIC"
    ],
    "InstitutionAddress": "Frew_4805_Pittsburgh_District_US_15213",
    "InstitutionName": "SIBR",
    "MagneticFieldStrength": 3,
    "Manufacturer": "Siemens",
    "ManufacturersModelName": "Verio",
    "PhaseEncodingDirection": "j-",
    "PhaseEncodingLines": 106,
    "ProcedureStepDescription": "Dr._Tarr_Elissa",
    "ProtocolName": "BOLD_CSI4_Sess-5_Run-7",
    "RepetitionTime": 2,
    "ScanningSequence": "EP",
    "SequenceName": "epfid2d1_106",
    "SequenceVariant": "SK_SS",
    "SeriesDescription": "BOLD_CSI4_Sess-5_Run-7",
    "SliceTiming": [
      0,
      1.0475,
      0.0875,
      1.135,
      0.175,
      1.2225,
      0.2625,
      1.31,
      0.35,
      1.3975,
      0.435,
      1.4825,
      0.5225,
      1.57,
      0.61,
      1.6575,
      0.6975,
      1.745,
      0.785,
      1.8325,
      0.8725,
      1.92,
      0.96,
      0,
      1.0475,
      0.0875,
      1.135,
      0.175,
      1.2225,
      0.2625,
      1.31,
      0.35,
      1.3975,
      0.435,
      1.4825,
      0.5225,
      1.57,
      0.61,
      1.6575,
      0.6975,
      1.745,
      0.785,
      1.8325,
      0.8725,
      1.92,
      0.96,
      0,
      1.0475,
      0.0875,
      1.135,
      0.175,
      1.2225,
      0.2625,
      1.31,
      0.35,
      1.3975,
      0.435,
      1.4825,
      0.5225,
      1.57,
      0.61,
      1.6575,
      0.6975,
      1.745,
      0.785,
      1.8325,
      0.8725,
      1.92,
      0.96
    ],
    "SoftwareVersions": "syngo_MR_B17",
    "TotalReadoutTime": 0.0568788,
    "modality": "bold",
    "run_id": "07",
    "session_id": "05",
    "subject_id": "CSI4",
    "task_id": "5000scenes"
  },
  "dummy_trs": 0,
  "dvars_nstd": 31.871207489637314,
  "dvars_std": 1.234274552176166,
  "dvars_vstd": 1.016384281139896,
  "efc": 0.496219270323657,
  "fber": 3799.205810546875,
  "fd_mean": 0.16946543256692417,
  "fd_num": 53,
  "fd_perc": 27.31958762886598,
  "fwhm_avg": 2.582238333333333,
  "fwhm_x": 2.330015,
  "fwhm_y": 3.028465,
  "fwhm_z": 2.388235,
  "gcor": 0.0126819,
  "gsr_x": -0.014389066025614738,
  "gsr_y": 0.03910762816667557,
  "provenance": {
    "md5sum": "3de3aca706c77c52cd4ac5eb75887768",
    "settings": {
      "fd_thres": 0.2,
      "hmc_fsl": false
    },
    "software": "mriqc",
    "version": "0.11.0",
    "webapi_port": null,
    "webapi_url": null
  },
  "size_t": 194,
  "size_x": 106,
  "size_y": 106,
  "size_z": 69,
  "snr": 5.419199278351186,
  "spacing_tr": 2.0,
  "spacing_x": 2.0,
  "spacing_y": 2.0,
  "spacing_z": 2.0,
  "summary_bg_k": 33.82045420056929,
  "summary_bg_mad": 5.219676971435547,
  "summary_bg_mean": 22.039731979370117,
  "summary_bg_median": 8.386597633361816,
  "summary_bg_n": 519261.0,
  "summary_bg_p05": 3.6804122924804688,
  "summary_bg_p95": 87.87113189697266,
  "summary_bg_stdv": 39.78860092163086,
  "summary_fg_k": 3.6700095321487325,
  "summary_fg_mad": 79.06702423095703,
  "summary_fg_mean": 528.5723876953125,
  "summary_fg_median": 533.0,
  "summary_fg_n": 160015.0,
  "summary_fg_p05": 365.9077117919922,
  "summary_fg_p95": 664.7009887695312,
  "summary_fg_stdv": 98.35370635986328,
  "tsnr": 53.13148880004883
}