{
  "aor": 0.0007117525773195875,
  "aqi": 0.009449706546391752,
  "bids_meta": {
    "AcquisitionNumber": 1,
    "AcquisitionTime": "12:17:5.510000",
    "BandwidthPerPixelPhaseEncode": 13.103,
    "ConversionSoftware": "dcm2niix",
    "ConversionSoftwareVersion": "v1.0.20170724 GCC4.4.7",
    "DeviceSerialNumber": "40482",
    "EchoTime": 0.03,
    "EffectiveEchoSpacing": 0.000719985,
    "FlipAngle": 79,
    "ImageType": [
      "ORIGINAL",
      "PRIMARY",
      "M",
      "MB",
      "ND",
      "NORM",
      "MOSAIC"
    ],
    "InstitutionAddress": "Frew_4805_Pittsburgh_District_US_15213",
    "InstitutionName": "SIBR",
    "MagneticFieldStrength": 3,
    "Manufacturer": "Siemens",
    "ManufacturersModelName": "Verio",
    "PhaseEncodingDirection": "j-",
    "PhaseEncodingLines": 106,
    "ProcedureStepDescription": "Dr._Tarr_Elissa",
    "ProtocolName": "BOLD_CSI4_Sess-8_Run-3",
    "RepetitionTime": 2,
    "ScanningSequence": "EP",
    "SequenceName": "epfid2d1_106",
    "SequenceVariant": "SK_SS",
    "SeriesDescription": "BOLD_CSI4_Sess-8_Run-3",
    "SliceTiming": [
      0,
      1.0475,
      0.0875,
      1.135,
      0.175,
      1.2225,
      0.2625,
      1.31,
      0.35,
      1.3975,
      0.4375,
      1.485,
      0.525,
      1.5725,
      0.6125,
      1.66,
      0.6975,
      1.745,
      0.785,
      1.8325,
      0.8725,
      1.92,
      0.96,
      0,
      1.0475,
      0.0875,
      1.135,
      0.175,
      1.2225,
      0.2625,
      1.31,
      0.35,
      1.3975,
      0.4375,
      1.485,
      0.525,
      1.5725,
      0.6125,
      1.66,
      0.6975,
      1.745,
      0.785,
      1.8325,
      0.8725,
      1.92,
      0.96,
      0,
      1.0475,
      0.0875,
      1.135,
      0.175,
      1.2225,
      0.2625,
      1.31,
      0.35,
      1.3975,
      0.4375,
      1.485,
      0.525,
      1.5725,
      0.6125,
      1.66,
      0.6975,
      1.745,
      0.785,
      1.8325,
      0.8725,
      1.92,
      0.96
    ],
    "SoftwareVersions": "syngo_MR_B17",
    "TotalReadoutTime": 0.0568788,
    "modality": "bold",
    "run_id": "03",
    "session_id": "08",
    "subject_id": "CSI4",
    "task_id": "5000scenes"
  },
  "dummy_trs": 0,
  "dvars_nstd": 28.348368640051806,
  "dvars_std": 1.2187769527979273,
  "dvars_vstd": 1.0015572258031074,
  "efc": 0.4970996136900581,
  "fber": 3731.861083984375,
  "fd_mean": 0.06456921131180299,
  "fd_num": 4,
  "fd_perc": 2.0618556701030926,
  "fwhm_avg": 2.574081666666667,
  "fwhm_x": 2.324835,
  "fwhm_y": 3.029325,
  "fwhm_z": 2.368085,
  "gcor": 0.0117098,
  "gsr_x": -0.01658385992050171,
  "gsr_y": 0.03857984021306038,
  "provenance": {
    "md5sum": "cd2560fad57cd17b76c27a9f04005f55",
    "settings": {
      "fd_thres": 0.2,
      "hmc_fsl": false
    },
    "software": "mriqc",
    "version": "0.11.0",
    "webapi_port": null,
    "webapi_url": null
  },
  "size_t": 194,
  "size_x": 106,
  "size_y": 106,
  "size_z": 69,
  "snr": 5.4106341582368165,
  "spacing_tr": 2.0,
  "spacing_x": 2.0,
  "spacing_y": 2.0,
  "spacing_z": 2.0,
  "summary_bg_k": 36.59048910595135,
  "summary_bg_mad": 5.189107894897461,
  "summary_bg_mean": 21.87033462524414,
  "summary_bg_median": 8.365979194641113,
  "summary_bg_n": 518458.0,
  "summary_bg_p05": 3.505154609680176,
  "summary_bg_p95": 84.70618438720703,
  "summary_bg_stdv": 40.34451675415039,
  "summary_fg_k": 3.7993489761433796,
  "summary_fg_mad": 78.08881378173828,
  "summary_fg_mean": 522.1430053710938,
  "summary_fg_median": 526.7938232421875,
  "summary_fg_n": 160583.0,
  "summary_fg_p05": 363.9118347167969,
  "summary_fg_p95": 657.7046264648436,
  "summary_fg_stdv": 97.36237335205078,
  "tsnr": 58.117496490478516
}