{
  "aor": 0.001204123711340206,
  "aqi": 0.00900190025773196,
  "bids_meta": {
    "AcquisitionNumber": 1,
    "AcquisitionTime": "13:18:52.985000",
    "BandwidthPerPixelPhaseEncode": 13.103,
    "ConversionSoftware": "dcm2niix",
    "ConversionSoftwareVersion": "v1.0.20170724 GCC4.4.7",
    "DeviceSerialNumber": "40482",
    "EchoTime": 0.03,
    "EffectiveEchoSpacing": 0.000719985,
    "FlipAngle": 79,
    "ImageType": [
      "ORIGINAL",
      "PRIMARY",
      "M",
      "MB",
      "ND",
      "NORM",
      "MOSAIC"
    ],
    "InstitutionAddress": "Frew_4805_Pittsburgh_District_US_15213",
    "InstitutionName": "SIBR",
    "MagneticFieldStrength": 3,
    "Manufacturer": "Siemens",
    "ManufacturersModelName": "Verio",
    "PhaseEncodingDirection": "j-",
    "PhaseEncodingLines": 106,
    "ProcedureStepDescription": "Dr._Tarr_Elissa",
    "ProtocolName": "BOLD_CSI4_Sess-2_Run-6",
    "RepetitionTime": 2,
    "ScanningSequence": "EP",
    "SequenceName": "epfid2d1_106",
    "SequenceVariant": "SK_SS",
    "SeriesDescription": "BOLD_CSI4_Sess-2_Run-6",
    "SliceTiming": [
      0,
      1.0475,
      0.0875,
      1.135,
      0.175,
      1.2225,
      0.2625,
      1.31,
      0.35,
      1.3975,
      0.4375,
      1.485,
      0.525,
      1.5725,
      0.6125,
      1.66,
      0.7,
      1.7475,
      0.7875,
      1.835,
      0.875,
      1.9225,
      0.9625,
      0,
      1.0475,
      0.0875,
      1.135,
      0.175,
      1.2225,
      0.2625,
      1.31,
      0.35,
      1.3975,
      0.4375,
      1.485,
      0.525,
      1.5725,
      0.6125,
      1.66,
      0.7,
      1.7475,
      0.7875,
      1.835,
      0.875,
      1.9225,
      0.9625,
      0,
      1.0475,
      0.0875,
      1.135,
      0.175,
      1.2225,
      0.2625,
      1.31,
      0.35,
      1.3975,
      0.4375,
      1.485,
      0.525,
      1.5725,
      0.6125,
      1.66,
      0.7,
      1.7475,
      0.7875,
      1.835,
      0.875,
      1.9225,
      0.9625
    ],
    "SoftwareVersions": "syngo_MR_B17",
    "TotalReadoutTime": 0.0568788,
    "modality": "bold",
    "run_id": "06",
    "session_id": "02",
    "subject_id": "CSI4",
    "task_id": "5000scenes"
  },
  "dummy_trs": 0,
  "dvars_nstd": 32.03570819533678,
  "dvars_std": 1.3077784601554403,
  "dvars_vstd": 1.0207629382383423,
  "efc": 0.5010565788287816,
  "fber": 3582.1728515625,
  "fd_mean": 0.10512030265930124,
  "fd_num": 16,
  "fd_perc": 8.24742268041237,
  "fwhm_avg": 2.596675,
  "fwhm_x": 2.34341,
  "fwhm_y": 3.058275,
  "fwhm_z": 2.38834,
  "gcor": 0.0172491,
  "gsr_x": -0.018384259194135666,
  "gsr_y": 0.03497650474309921,
  "provenance": {
    "md5sum": "59ff501b2034a5a3c7a90b2bc907142c",
    "settings": {
      "fd_thres": 0.2,
      "hmc_fsl": false
    },
    "software": "mriqc",
    "version": "0.11.0",
    "webapi_port": null,
    "webapi_url": null
  },
  "size_t": 194,
  "size_x": 106,
  "size_y": 106,
  "size_z": 69,
  "snr": 5.3622119556488075,
  "spacing_tr": 2.0,
  "spacing_x": 2.0,
  "spacing_y": 2.0,
  "spacing_z": 2.0,
  "summary_bg_k": 30.455957544713286,
  "summary_bg_mad": 5.456586837768555,
  "summary_bg_mean": 23.758665084838867,
  "summary_bg_median": 8.582473754882812,
  "summary_bg_n": 517481.0,
  "summary_bg_p05": 3.623711347579956,
  "summary_bg_p95": 95.58247375488281,
  "summary_bg_stdv": 44.23741912841797,
  "summary_fg_k": 3.728047111715343,
  "summary_fg_mad": 78.1843490600586,
  "summary_fg_mean": 526.2188110351562,
  "summary_fg_median": 530.2835083007812,
  "summary_fg_n": 160874.0,
  "summary_fg_p05": 362.15102233886716,
  "summary_fg_p95": 663.8350219726562,
  "summary_fg_stdv": 98.89237213134766,
  "tsnr": 58.65316390991211
}