{
  "aor": 0.0006727835051546392,
  "aqi": 0.009186203350515464,
  "bids_meta": {
    "AcquisitionNumber": 1,
    "AcquisitionTime": "15:15:41.695000",
    "BandwidthPerPixelPhaseEncode": 13.103,
    "ConversionSoftware": "dcm2niix",
    "ConversionSoftwareVersion": "v1.0.20170724 GCC4.4.7",
    "DeviceSerialNumber": "40482",
    "EchoTime": 0.03,
    "EffectiveEchoSpacing": 0.000719985,
    "FlipAngle": 79,
    "ImageType": [
      "ORIGINAL",
      "PRIMARY",
      "M",
      "MB",
      "ND",
      "NORM",
      "MOSAIC"
    ],
    "InstitutionAddress": "Frew_4805_Pittsburgh_District_US_15213",
    "InstitutionName": "SIBR",
    "MagneticFieldStrength": 3,
    "Manufacturer": "Siemens",
    "ManufacturersModelName": "Verio",
    "PhaseEncodingDirection": "j-",
    "PhaseEncodingLines": 106,
    "ProcedureStepDescription": "Dr._Tarr_Elissa",
    "ProtocolName": "BOLD_CSI4_Sess-7_Run-3",
    "RepetitionTime": 2,
    "ScanningSequence": "EP",
    "SequenceName": "epfid2d1_106",
    "SequenceVariant": "SK_SS",
    "SeriesDescription": "BOLD_CSI4_Sess-7_Run-3",
    "SliceTiming": [
      0,
      1.0475,
      0.0875,
      1.135,
      0.175,
      1.2225,
      0.2625,
      1.31,
      0.35,
      1.3975,
      0.4375,
      1.485,
      0.525,
      1.5725,
      0.6125,
      1.66,
      0.7,
      1.7475,
      0.7875,
      1.835,
      0.8725,
      1.92,
      0.96,
      0,
      1.0475,
      0.0875,
      1.135,
      0.175,
      1.2225,
      0.2625,
      1.31,
      0.35,
      1.3975,
      0.4375,
      1.485,
      0.525,
      1.5725,
      0.6125,
      1.66,
      0.7,
      1.7475,
      0.7875,
      1.835,
      0.8725,
      1.92,
      0.96,
      0,
      1.0475,
      0.0875,
      1.135,
      0.175,
      1.2225,
      0.2625,
      1.31,
      0.35,
      1.3975,
      0.4375,
      1.485,
      0.525,
      1.5725,
      0.6125,
      1.66,
      0.7,
      1.7475,
      0.7875,
      1.835,
      0.8725,
      1.92,
      0.96
    ],
    "SoftwareVersions": "syngo_MR_B17",
    "TotalReadoutTime": 0.0568788,
    "modality": "bold",
    "run_id": "03",
    "session_id": "07",
    "subject_id": "CSI4",
    "task_id": "5000scenes"
  },
  "dummy_trs": 0,
  "dvars_nstd": 25.440684353523288,
  "dvars_std": 1.1581491875129541,
  "dvars_vstd": 1.0043534194818653,
  "efc": 0.49510784091287025,
  "fber": 3659.887451171875,
  "fd_mean": 0.05582804218168713,
  "fd_num": 2,
  "fd_perc": 1.0309278350515463,
  "fwhm_avg": 2.5843716666666663,
  "fwhm_x": 2.34434,
  "fwhm_y": 3.03416,
  "fwhm_z": 2.374615,
  "gcor": 0.0156765,
  "gsr_x": -0.017340337857604027,
  "gsr_y": 0.035932835191488266,
  "provenance": {
    "md5sum": "bb94dcea23b1c9ded6aec931e0de2b07",
    "settings": {
      "fd_thres": 0.2,
      "hmc_fsl": false
    },
    "software": "mriqc",
    "version": "0.11.0",
    "webapi_port": null,
    "webapi_url": null
  },
  "size_t": 194,
  "size_x": 106,
  "size_y": 106,
  "size_z": 69,
  "snr": 5.371696941743699,
  "spacing_tr": 2.0,
  "spacing_x": 2.0,
  "spacing_y": 2.0,
  "spacing_z": 2.0,
  "summary_bg_k": 39.42976848868631,
  "summary_bg_mad": 5.357237815856934,
  "summary_bg_mean": 22.101516723632812,
  "summary_bg_median": 8.546391487121582,
  "summary_bg_n": 518995.0,
  "summary_bg_p05": 3.551546335220337,
  "summary_bg_p95": 84.06855392456049,
  "summary_bg_stdv": 41.3963508605957,
  "summary_fg_k": 3.8246373268179665,
  "summary_fg_mad": 78.18435668945312,
  "summary_fg_mean": 529.4673461914062,
  "summary_fg_median": 534.2113037109375,
  "summary_fg_n": 159572.0,
  "summary_fg_p05": 364.52343597412107,
  "summary_fg_p95": 667.1157104492186,
  "summary_fg_stdv": 99.4489517211914,
  "tsnr": 59.345699310302734
}