{
  "aor": 0.00447359375,
  "aqi": 0.013323936875,
  "bids_meta": {
    "AcquisitionNumber": 1,
    "AcquisitionTime": "16:06:30.707500",
    "BandwidthPerPixelPhaseEncode": 13.103,
    "ConversionSoftware": "dcm2niix",
    "ConversionSoftwareVersion": "v1.0.20170724 GCC4.4.7",
    "DeviceSerialNumber": "40482",
    "EchoTime": 0.03,
    "EffectiveEchoSpacing": 0.000719985,
    "FlipAngle": 79,
    "ImageType": [
      "ORIGINAL",
      "PRIMARY",
      "M",
      "MB",
      "ND",
      "NORM",
      "MOSAIC"
    ],
    "InstitutionAddress": "Frew_4805_Pittsburgh_District_US_15213",
    "InstitutionName": "SIBR",
    "MagneticFieldStrength": 3,
    "Manufacturer": "Siemens",
    "ManufacturersModelName": "Verio",
    "PhaseEncodingDirection": "j-",
    "PhaseEncodingLines": 106,
    "ProcedureStepDescription": "Dr._Tarr_Elissa",
    "ProtocolName": "BOLD_CSI4_Sess-7_Run-9",
    "RepetitionTime": 2,
    "ScanningSequence": "EP",
    "SequenceName": "epfid2d1_106",
    "SequenceVariant": "SK_SS",
    "SeriesDescription": "BOLD_CSI4_Sess-7_Run-9",
    "SliceTiming": [
      0,
      1.0475,
      0.0875,
      1.135,
      0.175,
      1.2225,
      0.2625,
      1.31,
      0.35,
      1.3975,
      0.435,
      1.4825,
      0.5225,
      1.57,
      0.61,
      1.6575,
      0.6975,
      1.745,
      0.785,
      1.8325,
      0.8725,
      1.92,
      0.96,
      0,
      1.0475,
      0.0875,
      1.135,
      0.175,
      1.2225,
      0.2625,
      1.31,
      0.35,
      1.3975,
      0.435,
      1.4825,
      0.5225,
      1.57,
      0.61,
      1.6575,
      0.6975,
      1.745,
      0.785,
      1.8325,
      0.8725,
      1.92,
      0.96,
      0,
      1.0475,
      0.0875,
      1.135,
      0.175,
      1.2225,
      0.2625,
      1.31,
      0.35,
      1.3975,
      0.435,
      1.4825,
      0.5225,
      1.57,
      0.61,
      1.6575,
      0.6975,
      1.745,
      0.785,
      1.8325,
      0.8725,
      1.92,
      0.96
    ],
    "SoftwareVersions": "syngo_MR_B17",
    "TotalReadoutTime": 0.0568788,
    "modality": "bold",
    "run_id": "09",
    "session_id": "07",
    "subject_id": "CSI4",
    "task_id": "5000scenes"
  },
  "dummy_trs": 2,
  "dvars_nstd": 27.59982672272252,
  "dvars_std": 1.1651741349738225,
  "dvars_vstd": 1.0195294808900521,
  "efc": 0.4964749330292841,
  "fber": 3481.915283203125,
  "fd_mean": 0.11093120506825825,
  "fd_num": 20,
  "fd_perc": 10.416666666666666,
  "fwhm_avg": 2.5971016666666666,
  "fwhm_x": 2.356065,
  "fwhm_y": 3.044775,
  "fwhm_z": 2.390465,
  "gcor": 0.0170489,
  "gsr_x": -0.01867356151342392,
  "gsr_y": 0.03475406765937805,
  "provenance": {
    "md5sum": "f2c43e2a61096ae6b18340f4a43ce377",
    "settings": {
      "fd_thres": 0.2,
      "hmc_fsl": false
    },
    "software": "mriqc",
    "version": "0.11.0",
    "webapi_port": null,
    "webapi_url": null
  },
  "size_t": 192,
  "size_x": 106,
  "size_y": 106,
  "size_z": 69,
  "snr": 5.333984640214242,
  "spacing_tr": 2.0,
  "spacing_x": 2.0,
  "spacing_y": 2.0,
  "spacing_z": 2.0,
  "summary_bg_k": 37.118301441305405,
  "summary_bg_mad": 5.490261554718018,
  "summary_bg_mean": 22.82339859008789,
  "summary_bg_median": 8.6875,
  "summary_bg_n": 519861.0,
  "summary_bg_p05": 3.6197917461395264,
  "summary_bg_p95": 88.046875,
  "summary_bg_stdv": 42.30687713623047,
  "summary_fg_k": 3.7594253926274686,
  "summary_fg_mad": 77.53546142578125,
  "summary_fg_mean": 524.3185424804688,
  "summary_fg_median": 529.1927490234375,
  "summary_fg_n": 158704.0,
  "summary_fg_p05": 357.06484375,
  "summary_fg_p95": 661.5460968017578,
  "summary_fg_stdv": 99.21121215820312,
  "tsnr": 49.840484619140625
}