{
  "aor": 0.0009702061855670103,
  "aqi": 0.008200901546391753,
  "bids_meta": {
    "AcquisitionNumber": 1,
    "AcquisitionTime": "12:20:45.697500",
    "BandwidthPerPixelPhaseEncode": 13.103,
    "ConversionSoftware": "dcm2niix",
    "ConversionSoftwareVersion": "v1.0.20170724 GCC4.4.7",
    "DeviceSerialNumber": "40482",
    "EchoTime": 0.03,
    "EffectiveEchoSpacing": 0.000719985,
    "FlipAngle": 79,
    "ImageType": [
      "ORIGINAL",
      "PRIMARY",
      "M",
      "MB",
      "ND",
      "NORM",
      "MOSAIC"
    ],
    "InstitutionAddress": "Frew_4805_Pittsburgh_District_US_15213",
    "InstitutionName": "SIBR",
    "MagneticFieldStrength": 3,
    "Manufacturer": "Siemens",
    "ManufacturersModelName": "Verio",
    "PhaseEncodingDirection": "j-",
    "PhaseEncodingLines": 106,
    "ProcedureStepDescription": "Dr._Tarr_Elissa",
    "ProtocolName": "BOLD_CSI4_Sess-6_Run-4",
    "RepetitionTime": 2,
    "ScanningSequence": "EP",
    "SequenceName": "epfid2d1_106",
    "SequenceVariant": "SK_SS",
    "SeriesDescription": "BOLD_CSI4_Sess-6_Run-4",
    "SliceTiming": [
      0,
      1.0475,
      0.0875,
      1.135,
      0.175,
      1.2225,
      0.2625,
      1.31,
      0.35,
      1.3975,
      0.435,
      1.4825,
      0.5225,
      1.57,
      0.61,
      1.6575,
      0.6975,
      1.745,
      0.785,
      1.8325,
      0.8725,
      1.92,
      0.96,
      0,
      1.0475,
      0.0875,
      1.135,
      0.175,
      1.2225,
      0.2625,
      1.31,
      0.35,
      1.3975,
      0.435,
      1.4825,
      0.5225,
      1.57,
      0.61,
      1.6575,
      0.6975,
      1.745,
      0.785,
      1.8325,
      0.8725,
      1.92,
      0.96,
      0,
      1.0475,
      0.0875,
      1.135,
      0.175,
      1.2225,
      0.2625,
      1.31,
      0.35,
      1.3975,
      0.435,
      1.4825,
      0.5225,
      1.57,
      0.61,
      1.6575,
      0.6975,
      1.745,
      0.785,
      1.8325,
      0.8725,
      1.92,
      0.96
    ],
    "SoftwareVersions": "syngo_MR_B17",
    "TotalReadoutTime": 0.0568788,
    "modality": "bold",
    "run_id": "04",
    "session_id": "06",
    "subject_id": "CSI4",
    "task_id": "5000scenes"
  },
  "dummy_trs": 0,
  "dvars_nstd": 30.6704659631088,
  "dvars_std": 1.285620739689119,
  "dvars_vstd": 1.0189883329533675,
  "efc": 0.4944901938390072,
  "fber": 3917.5595703125,
  "fd_mean": 0.07218733052214854,
  "fd_num": 7,
  "fd_perc": 3.6082474226804124,
  "fwhm_avg": 2.5720500000000004,
  "fwhm_x": 2.32064,
  "fwhm_y": 3.02468,
  "fwhm_z": 2.37083,
  "gcor": 0.0135077,
  "gsr_x": -0.01525631733238697,
  "gsr_y": 0.03491361811757088,
  "provenance": {
    "md5sum": "a4770e031dcf539cd2032c3c09f9b4b6",
    "settings": {
      "fd_thres": 0.2,
      "hmc_fsl": false
    },
    "software": "mriqc",
    "version": "0.11.0",
    "webapi_port": null,
    "webapi_url": null
  },
  "size_t": 194,
  "size_x": 106,
  "size_y": 106,
  "size_z": 69,
  "snr": 5.309520349772529,
  "spacing_tr": 2.0,
  "spacing_x": 2.0,
  "spacing_y": 2.0,
  "spacing_z": 2.0,
  "summary_bg_k": 38.973432400894005,
  "summary_bg_mad": 5.127968788146973,
  "summary_bg_mean": 22.332717895507812,
  "summary_bg_median": 8.469072341918945,
  "summary_bg_n": 519070.0,
  "summary_bg_p05": 3.7886595726013184,
  "summary_bg_p95": 86.22164916992188,
  "summary_bg_stdv": 42.10662841796875,
  "summary_fg_k": 3.585388388554602,
  "summary_fg_mad": 81.67298126220703,
  "summary_fg_mean": 542.4954223632812,
  "summary_fg_median": 545.8298950195312,
  "summary_fg_n": 159797.0,
  "summary_fg_p05": 374.3350524902344,
  "summary_fg_p95": 688.0061645507811,
  "summary_fg_stdv": 102.80178833007812,
  "tsnr": 60.263267517089844
}