{
  "aor": 0.0012870618556701033,
  "aqi": 0.010871422886597936,
  "bids_meta": {
    "AcquisitionNumber": 1,
    "AcquisitionTime": "11:16:51.082500",
    "BandwidthPerPixelPhaseEncode": 13.103,
    "ConversionSoftware": "dcm2niix",
    "ConversionSoftwareVersion": "v1.0.20170724 GCC4.4.7",
    "DeviceSerialNumber": "40482",
    "EchoTime": 0.03,
    "EffectiveEchoSpacing": 0.000719985,
    "FlipAngle": 79,
    "ImageType": [
      "ORIGINAL",
      "PRIMARY",
      "M",
      "MB",
      "ND",
      "NORM",
      "MOSAIC"
    ],
    "InstitutionAddress": "Frew_4805_Pittsburgh_District_US_15213",
    "InstitutionName": "SIBR",
    "MagneticFieldStrength": 3,
    "Manufacturer": "Siemens",
    "ManufacturersModelName": "Verio",
    "PhaseEncodingDirection": "j-",
    "PhaseEncodingLines": 106,
    "ProcedureStepDescription": "Dr._Tarr_Elissa",
    "ProtocolName": "BOLD_CSI4_Sess-4_Run-10",
    "RepetitionTime": 2,
    "ScanningSequence": "EP",
    "SequenceName": "epfid2d1_106",
    "SequenceVariant": "SK_SS",
    "SeriesDescription": "BOLD_CSI4_Sess-4_Run-10",
    "SliceTiming": [
      0,
      1.0475,
      0.0875,
      1.135,
      0.175,
      1.2225,
      0.26,
      1.3075,
      0.3475,
      1.395,
      0.435,
      1.4825,
      0.5225,
      1.57,
      0.61,
      1.6575,
      0.6975,
      1.745,
      0.785,
      1.8325,
      0.8725,
      1.92,
      0.96,
      0,
      1.0475,
      0.0875,
      1.135,
      0.175,
      1.2225,
      0.26,
      1.3075,
      0.3475,
      1.395,
      0.435,
      1.4825,
      0.5225,
      1.57,
      0.61,
      1.6575,
      0.6975,
      1.745,
      0.785,
      1.8325,
      0.8725,
      1.92,
      0.96,
      0,
      1.0475,
      0.0875,
      1.135,
      0.175,
      1.2225,
      0.26,
      1.3075,
      0.3475,
      1.395,
      0.435,
      1.4825,
      0.5225,
      1.57,
      0.61,
      1.6575,
      0.6975,
      1.745,
      0.785,
      1.8325,
      0.8725,
      1.92,
      0.96
    ],
    "SoftwareVersions": "syngo_MR_B17",
    "TotalReadoutTime": 0.0568788,
    "modality": "bold",
    "run_id": "10",
    "session_id": "04",
    "subject_id": "CSI4",
    "task_id": "5000scenes"
  },
  "dummy_trs": 0,
  "dvars_nstd": 29.79968112471503,
  "dvars_std": 1.223828045336787,
  "dvars_vstd": 1.0099432340932641,
  "efc": 0.49856423548544193,
  "fber": 3629.045654296875,
  "fd_mean": 0.08534119380865865,
  "fd_num": 11,
  "fd_perc": 5.670103092783505,
  "fwhm_avg": 2.5473083333333335,
  "fwhm_x": 2.30651,
  "fwhm_y": 2.99744,
  "fwhm_z": 2.337975,
  "gcor": 0.0104071,
  "gsr_x": -0.016280611976981163,
  "gsr_y": 0.03469755873084068,
  "provenance": {
    "md5sum": "0fef7f553c486dc0d75d30678b3eae9f",
    "settings": {
      "fd_thres": 0.2,
      "hmc_fsl": false
    },
    "software": "mriqc",
    "version": "0.11.0",
    "webapi_port": null,
    "webapi_url": null
  },
  "size_t": 194,
  "size_x": 106,
  "size_y": 106,
  "size_z": 69,
  "snr": 5.470947366081401,
  "spacing_tr": 2.0,
  "spacing_x": 2.0,
  "spacing_y": 2.0,
  "spacing_z": 2.0,
  "summary_bg_k": 30.66402259507052,
  "summary_bg_mad": 5.1661810874938965,
  "summary_bg_mean": 22.340654373168945,
  "summary_bg_median": 8.2164945602417,
  "summary_bg_n": 519786.0,
  "summary_bg_p05": 3.443298816680908,
  "summary_bg_p95": 89.60308837890625,
  "summary_bg_stdv": 40.73731231689453,
  "summary_fg_k": 3.7383862191576096,
  "summary_fg_mad": 75.02425384521484,
  "summary_fg_mean": 506.4210510253906,
  "summary_fg_median": 510.74224853515625,
  "summary_fg_n": 159121.0,
  "summary_fg_p05": 353.1649475097656,
  "summary_fg_p95": 636.680419921875,
  "summary_fg_stdv": 93.35506439208984,
  "tsnr": 54.31697082519531
}