{
	"Manufacturer": "Siemens",
	"ManufacturersModelName": "Verio",
	"AcquisitionNumber": 1,
	"InstitutionName": "SIBR",
	"InstitutionAddress": "Frew_4805_Pittsburgh_District_US_15213",
	"DeviceSerialNumber": "40482",
	"SoftwareVersions": "syngo_MR_B17",
	"ProcedureStepDescription": "Dr._Tarr_Elissa",
	"ScanningSequence": "EP",
	"SequenceVariant": "SK",
	"SeriesDescription": "SpinEchoFieldMap_pF68_PA_CSI3_Sess-11",
	"ProtocolName": "SpinEchoFieldMap_pF68_PA_CSI3_Sess-11",
	"SequenceName": "epse2d1_106",
	"ImageType": ["ORIGINAL", "PRIMARY", "M", "ND", "NORM", "MOSAIC"],
	"AcquisitionTime": "13:14:41.002500",
	"MagneticFieldStrength": 3,
	"FlipAngle": 90,
	"EchoTime": 0.045,
	"RepetitionTime": 6.708,
	"PhaseEncodingLines": 106,
	"BandwidthPerPixelPhaseEncode": 13.103,
	"EffectiveEchoSpacing": 0.000719985,
	"TotalReadoutTime": 0.0568788,
	"SliceTiming": [
		0,
		3.4175,
		0.1,
		3.515,
		0.1975,
		3.6125,
		0.295,
		3.71,
		0.3925,
		3.8075,
		0.49,
		3.905,
		0.5875,
		4.0025,
		0.685,
		4.1,
		0.7825,
		4.1975,
		0.88,
		4.295,
		0.9775,
		4.3925,
		1.075,
		4.49,
		1.1725,
		4.5875,
		1.27,
		4.685,
		1.3675,
		4.7825,
		1.465,
		4.88,
		1.5625,
		4.98,
		1.66,
		5.0775,
		1.7575,
		5.175,
		1.855,
		5.2725,
		1.9525,
		5.37,
		2.05,
		5.4675,
		2.1475,
		5.565,
		2.245,
		5.6625,
		2.3425,
		5.76,
		2.44,
		5.8575,
		2.54,
		5.955,
		2.6375,
		6.0525,
		2.735,
		6.15,
		2.8325,
		6.2475,
		2.93,
		6.345,
		3.0275,
		6.4425,
		3.125,
		6.54,
		3.2225,
		6.6375,
		3.32	],
	"PhaseEncodingDirection": "j",
	"ConversionSoftware": "dcm2niix",
	"ConversionSoftwareVersion": "v1.0.20170724 GCC4.4.7"
}
