{
	"Manufacturer": "Siemens",
	"ManufacturersModelName": "Verio",
	"AcquisitionNumber": 1,
	"InstitutionName": "SIBR",
	"InstitutionAddress": "Frew_4805_Pittsburgh_District_US_15213",
	"DeviceSerialNumber": "40482",
	"SoftwareVersions": "syngo_MR_B17",
	"ProcedureStepDescription": "Dr._Tarr_Elissa",
	"ScanningSequence": "EP",
	"SequenceVariant": "SK",
	"SeriesDescription": "SpinEchoFieldMap_pF68_PA_CSI2_Sess-10",
	"ProtocolName": "SpinEchoFieldMap_pF68_PA_CSI2_Sess-10",
	"SequenceName": "epse2d1_106",
	"ImageType": ["ORIGINAL", "PRIMARY", "M", "ND", "NORM", "MOSAIC"],
	"AcquisitionTime": "15:12:32.017500",
	"MagneticFieldStrength": 3,
	"FlipAngle": 90,
	"EchoTime": 0.045,
	"RepetitionTime": 6.708,
	"PhaseEncodingLines": 106,
	"BandwidthPerPixelPhaseEncode": 13.103,
	"EffectiveEchoSpacing": 0.000719985,
	"TotalReadoutTime": 0.0568788,
	"SliceTiming": [
		0,
		3.415,
		0.0975,
		3.515,
		0.195,
		3.6125,
		0.2925,
		3.71,
		0.39,
		3.8075,
		0.4875,
		3.905,
		0.585,
		4.0025,
		0.6825,
		4.1,
		0.78,
		4.1975,
		0.8775,
		4.295,
		0.975,
		4.3925,
		1.075,
		4.49,
		1.1725,
		4.5875,
		1.27,
		4.685,
		1.3675,
		4.7825,
		1.465,
		4.88,
		1.5625,
		4.9775,
		1.66,
		5.075,
		1.7575,
		5.1725,
		1.855,
		5.27,
		1.9525,
		5.3675,
		2.05,
		5.465,
		2.1475,
		5.5625,
		2.245,
		5.66,
		2.3425,
		5.7575,
		2.44,
		5.855,
		2.5375,
		5.955,
		2.635,
		6.0525,
		2.7325,
		6.15,
		2.83,
		6.2475,
		2.9275,
		6.345,
		3.025,
		6.4425,
		3.1225,
		6.54,
		3.22,
		6.6375,
		3.3175	],
	"PhaseEncodingDirection": "j",
	"ConversionSoftware": "dcm2niix",
	"ConversionSoftwareVersion": "v1.0.20170724 GCC4.4.7"
}
