{
  "aor": 0.0009393298969072165,
  "aqi": 0.01007060262886598,
  "bids_meta": {
    "AcquisitionNumber": 1,
    "AcquisitionTime": "12:46:15.445000",
    "BandwidthPerPixelPhaseEncode": 13.103,
    "ConversionSoftware": "dcm2niix",
    "ConversionSoftwareVersion": "v1.0.20170724 GCC4.4.7",
    "DeviceSerialNumber": "40482",
    "EchoTime": 0.03,
    "EffectiveEchoSpacing": 0.000719985,
    "FlipAngle": 79,
    "ImageType": [
      "ORIGINAL",
      "PRIMARY",
      "M",
      "MB",
      "ND",
      "NORM",
      "MOSAIC"
    ],
    "InstitutionAddress": "Frew_4805_Pittsburgh_District_US_15213",
    "InstitutionName": "SIBR",
    "MagneticFieldStrength": 3,
    "Manufacturer": "Siemens",
    "ManufacturersModelName": "Verio",
    "PhaseEncodingDirection": "j-",
    "PhaseEncodingLines": 106,
    "ProcedureStepDescription": "Dr._Tarr_Elissa",
    "ProtocolName": "BOLD_CSI1_Sess-13_Run-9",
    "RepetitionTime": 2,
    "ScanningSequence": "EP",
    "SequenceName": "epfid2d1_106",
    "SequenceVariant": "SK_SS",
    "SeriesDescription": "BOLD_CSI1_Sess-13_Run-9",
    "SliceTiming": [
      0,
      1.0475,
      0.0875,
      1.135,
      0.175,
      1.2225,
      0.2625,
      1.31,
      0.35,
      1.3975,
      0.4375,
      1.485,
      0.525,
      1.5725,
      0.6125,
      1.66,
      0.7,
      1.7475,
      0.7875,
      1.835,
      0.875,
      1.9225,
      0.9625,
      0,
      1.0475,
      0.0875,
      1.135,
      0.175,
      1.2225,
      0.2625,
      1.31,
      0.35,
      1.3975,
      0.4375,
      1.485,
      0.525,
      1.5725,
      0.6125,
      1.66,
      0.7,
      1.7475,
      0.7875,
      1.835,
      0.875,
      1.9225,
      0.9625,
      0,
      1.0475,
      0.0875,
      1.135,
      0.175,
      1.2225,
      0.2625,
      1.31,
      0.35,
      1.3975,
      0.4375,
      1.485,
      0.525,
      1.5725,
      0.6125,
      1.66,
      0.7,
      1.7475,
      0.7875,
      1.835,
      0.875,
      1.9225,
      0.9625
    ],
    "SoftwareVersions": "syngo_MR_B17",
    "TotalReadoutTime": 0.0568788,
    "modality": "bold",
    "run_id": "09",
    "session_id": "13",
    "subject_id": "CSI1",
    "task_id": "5000scenes"
  },
  "dummy_trs": 0,
  "dvars_nstd": 39.912488186321255,
  "dvars_std": 1.3033508867875643,
  "dvars_vstd": 1.0172523093264243,
  "efc": 0.5276321282202782,
  "fber": 2153.080810546875,
  "fd_mean": 0.229284722340427,
  "fd_num": 93,
  "fd_perc": 47.93814432989691,
  "fwhm_avg": 2.5834550000000003,
  "fwhm_x": 2.351905,
  "fwhm_y": 2.97125,
  "fwhm_z": 2.42721,
  "gcor": 0.0231085,
  "gsr_x": 0.0018001776188611984,
  "gsr_y": 0.0308163370937109,
  "provenance": {
    "md5sum": "97804e9a5e0c3084d1af228605ca7f49",
    "settings": {
      "fd_thres": 0.2,
      "hmc_fsl": false
    },
    "software": "mriqc",
    "version": "0.11.0",
    "webapi_port": null,
    "webapi_url": null
  },
  "size_t": 194,
  "size_x": 106,
  "size_y": 106,
  "size_z": 69,
  "snr": 4.690266542233199,
  "spacing_tr": 2.0,
  "spacing_x": 2.0,
  "spacing_y": 2.0,
  "spacing_z": 2.0,
  "summary_bg_k": 16.7986699648268,
  "summary_bg_mad": 8.696913719177246,
  "summary_bg_mean": 31.66897964477539,
  "summary_bg_median": 10.948452949523926,
  "summary_bg_n": 506292.0,
  "summary_bg_p05": 4.2628865242004395,
  "summary_bg_p95": 131.5102996826172,
  "summary_bg_stdv": 53.151451110839844,
  "summary_fg_k": 2.904641951174865,
  "summary_fg_mad": 85.95274353027344,
  "summary_fg_mean": 526.1394653320312,
  "summary_fg_median": 529.32470703125,
  "summary_fg_n": 171030.0,
  "summary_fg_p05": 329.62267303466797,
  "summary_fg_p95": 690.735299682617,
  "summary_fg_stdv": 112.85566711425781,
  "tsnr": 50.961734771728516
}