{
	"Manufacturer": "Siemens",
	"ManufacturersModelName": "Verio",
	"AcquisitionNumber": 1,
	"InstitutionName": "SIBR",
	"InstitutionAddress": "Frew_4805_Pittsburgh_District_US_15213",
	"DeviceSerialNumber": "40482",
	"SoftwareVersions": "syngo_MR_B17",
	"ProcedureStepDescription": "Dr._Tarr_Elissa",
	"ScanningSequence": "EP",
	"SequenceVariant": "SK",
	"SeriesDescription": "SpinEchoFieldMap_AP_CSI1_Sess-7",
	"ProtocolName": "SpinEchoFieldMap_AP_CSI1_Sess-7",
	"SequenceName": "epse2d1_106",
	"ImageType": ["ORIGINAL", "PRIMARY", "M", "ND", "NORM", "MOSAIC"],
	"AcquisitionTime": "12:45:33.580000",
	"MagneticFieldStrength": 3,
	"FlipAngle": 90,
	"EchoTime": 0.0816,
	"RepetitionTime": 9.24,
	"PhaseEncodingLines": 106,
	"BandwidthPerPixelPhaseEncode": 13.103,
	"EffectiveEchoSpacing": 0.000719985,
	"TotalReadoutTime": 0.0755984,
	"SliceTiming": [
		0,
		4.705,
		0.1325,
		4.8375,
		0.2675,
		4.9725,
		0.4025,
		5.1075,
		0.5375,
		5.2425,
		0.67,
		5.3775,
		0.805,
		5.51,
		0.94,
		5.645,
		1.075,
		5.78,
		1.21,
		5.915,
		1.3425,
		6.0475,
		1.4775,
		6.1825,
		1.6125,
		6.3175,
		1.7475,
		6.4525,
		1.88,
		6.5875,
		2.015,
		6.72,
		2.15,
		6.855,
		2.285,
		6.99,
		2.42,
		7.125,
		2.5525,
		7.2575,
		2.6875,
		7.3925,
		2.8225,
		7.5275,
		2.9575,
		7.6625,
		3.09,
		7.7975,
		3.225,
		7.93,
		3.36,
		8.065,
		3.495,
		8.2,
		3.6275,
		8.335,
		3.7625,
		8.4675,
		3.8975,
		8.6025,
		4.0325,
		8.7375,
		4.1675,
		8.8725,
		4.3,
		9.005,
		4.435,
		9.14,
		4.57	],
	"PhaseEncodingDirection": "j-",
	"ConversionSoftware": "dcm2niix",
	"ConversionSoftwareVersion": "v1.0.20170724 GCC4.4.7"
}
