{
	"Manufacturer": "Siemens",
	"ManufacturersModelName": "Verio",
	"AcquisitionNumber": 1,
	"InstitutionName": "SIBR",
	"InstitutionAddress": "Frew_4805_Pittsburgh_District_US_15213",
	"DeviceSerialNumber": "40482",
	"SoftwareVersions": "syngo_MR_B17",
	"ProcedureStepDescription": "Dr._Tarr_Elissa",
	"ScanningSequence": "EP",
	"SequenceVariant": "SK_SS",
	"SeriesDescription": "OppPhase-BOLD_PA_CSI1_Sess-7",
	"ProtocolName": "OppPhase-BOLD_PA_CSI1_Sess-7",
	"SequenceName": "epfid2d1_106",
	"ImageType": ["ORIGINAL", "PRIMARY", "M", "MB", "ND", "NORM", "MOSAIC"],
	"AcquisitionTime": "12:47:3.305000",
	"MagneticFieldStrength": 3,
	"FlipAngle": 79,
	"EchoTime": 0.03,
	"RepetitionTime": 2,
	"PhaseEncodingLines": 106,
	"BandwidthPerPixelPhaseEncode": 13.103,
	"EffectiveEchoSpacing": 0.000719985,
	"TotalReadoutTime": 0.0568788,
	"SliceTiming": [
		0,
		1.0475,
		0.0875,
		1.135,
		0.175,
		1.2225,
		0.2625,
		1.31,
		0.35,
		1.3975,
		0.4375,
		1.485,
		0.525,
		1.5725,
		0.6125,
		1.66,
		0.6975,
		1.745,
		0.785,
		1.8325,
		0.8725,
		1.92,
		0.96,
		0,
		1.0475,
		0.0875,
		1.135,
		0.175,
		1.2225,
		0.2625,
		1.31,
		0.35,
		1.3975,
		0.4375,
		1.485,
		0.525,
		1.5725,
		0.6125,
		1.66,
		0.6975,
		1.745,
		0.785,
		1.8325,
		0.8725,
		1.92,
		0.96,
		0,
		1.0475,
		0.0875,
		1.135,
		0.175,
		1.2225,
		0.2625,
		1.31,
		0.35,
		1.3975,
		0.4375,
		1.485,
		0.525,
		1.5725,
		0.6125,
		1.66,
		0.6975,
		1.745,
		0.785,
		1.8325,
		0.8725,
		1.92,
		0.96	],
	"PhaseEncodingDirection": "j",
	"ConversionSoftware": "dcm2niix",
	"ConversionSoftwareVersion": "v1.0.20170724 GCC4.4.7",
	"IntendedFor": ["ses-07/func/sub-CSI1_ses-07_task-5000scenes_run-01_bold.nii.gz",
		"ses-07/func/sub-CSI1_ses-07_task-5000scenes_run-02_bold.nii.gz",
		"ses-07/func/sub-CSI1_ses-07_task-5000scenes_run-03_bold.nii.gz",
		"ses-07/func/sub-CSI1_ses-07_task-5000scenes_run-04_bold.nii.gz",
		"ses-07/func/sub-CSI1_ses-07_task-5000scenes_run-05_bold.nii.gz",
		"ses-07/func/sub-CSI1_ses-07_task-5000scenes_run-06_bold.nii.gz",
		"ses-07/func/sub-CSI1_ses-07_task-5000scenes_run-07_bold.nii.gz",
		"ses-07/func/sub-CSI1_ses-07_task-5000scenes_run-08_bold.nii.gz",
		"ses-07/func/sub-CSI1_ses-07_task-5000scenes_run-09_bold.nii.gz",
		"ses-07/func/sub-CSI1_ses-07_task-5000scenes_run-10_bold.nii.gz"]

}
