{
	"Manufacturer": "Siemens",
	"ManufacturersModelName": "Verio",
	"EchoTrainLength": 147,
	"AcquisitionNumber": 1,
	"InstitutionName": "SIBR",
	"InstitutionAddress": "Frew_4805_Pittsburgh_PA_District_US_15213",
	"DeviceSerialNumber": "40482",
	"SoftwareVersions": "syngo_MR_B17",
	"ProcedureStepDescription": "Dr._Tarr_John",
	"ScanningSequence": "SE",
	"SequenceVariant": "SK_SP",
	"SeriesDescription": "t2_spc_sag_p2_iso_1mm",
	"ProtocolName": "t2_spc_sag_p2_iso_1mm",
	"SequenceName": "_spc3d1_294ns",
	"ImageType": ["ORIGINAL", "PRIMARY", "M", "ND", "NORM"],
	"AcquisitionTime": "12:24:8.280000",
	"MagneticFieldStrength": 3,
	"FlipAngle": 120,
	"EchoTime": 0.422,
	"RepetitionTime": 3,
	"PhaseEncodingLines": 258,
	"AccelFactPE": 2,
	"PhaseEncodingDirection": "i-",
	"ConversionSoftware": "dcm2niix",
	"ConversionSoftwareVersion": "v1.0.20170724 GCC4.4.7"
}
