{
  "aor": 0.001953350515463917,
  "aqi": 0.012783332268041236,
  "bids_meta": {
    "AcquisitionNumber": 1,
    "AcquisitionTime": "10:45:7.765000",
    "BandwidthPerPixelPhaseEncode": 13.103,
    "ConversionSoftware": "dcm2niix",
    "ConversionSoftwareVersion": "v1.0.20170724 GCC4.4.7",
    "DeviceSerialNumber": "40482",
    "EchoTime": 0.03,
    "EffectiveEchoSpacing": 0.000719985,
    "FlipAngle": 79,
    "ImageType": [
      "ORIGINAL",
      "PRIMARY",
      "M",
      "MB",
      "ND",
      "NORM",
      "MOSAIC"
    ],
    "InstitutionAddress": "Frew_4805_Pittsburgh_District_US_15213",
    "InstitutionName": "SIBR",
    "MagneticFieldStrength": 3,
    "Manufacturer": "Siemens",
    "ManufacturersModelName": "Verio",
    "PartialFourier": "6/8",
    "PhaseEncodingDirection": "j-",
    "PhaseEncodingLines": 106,
    "ProcedureStepDescription": "Dr._Tarr_Elissa",
    "ProtocolName": "BOLD_CSI3_Sess-7_Run-8",
    "PulseSequenceType": "Multiband gradient echo EPI",
    "RepetitionTime": 2,
    "ScanningSequence": "EP",
    "SequenceName": "epfid2d1_106",
    "SequenceVariant": "SK_SS",
    "SeriesDescription": "BOLD_CSI3_Sess-7_Run-8",
    "SliceTiming": [
      0,
      1.0475,
      0.0875,
      1.135,
      0.175,
      1.2225,
      0.2625,
      1.31,
      0.35,
      1.3975,
      0.4375,
      1.485,
      0.5225,
      1.57,
      0.61,
      1.6575,
      0.6975,
      1.745,
      0.785,
      1.8325,
      0.8725,
      1.92,
      0.96,
      0,
      1.0475,
      0.0875,
      1.135,
      0.175,
      1.2225,
      0.2625,
      1.31,
      0.35,
      1.3975,
      0.4375,
      1.485,
      0.5225,
      1.57,
      0.61,
      1.6575,
      0.6975,
      1.745,
      0.785,
      1.8325,
      0.8725,
      1.92,
      0.96,
      0,
      1.0475,
      0.0875,
      1.135,
      0.175,
      1.2225,
      0.2625,
      1.31,
      0.35,
      1.3975,
      0.4375,
      1.485,
      0.5225,
      1.57,
      0.61,
      1.6575,
      0.6975,
      1.745,
      0.785,
      1.8325,
      0.8725,
      1.92,
      0.96
    ],
    "SoftwareVersions": "syngo_MR_B17",
    "TaskName": "5000scenes",
    "TotalReadoutTime": 0.0568788,
    "modality": "bold",
    "run_id": "08",
    "session_id": "07",
    "subject_id": "CSI3",
    "task_id": "5000scenes"
  },
  "dummy_trs": 0,
  "dvars_nstd": 39.91941374932642,
  "dvars_std": 1.265727319222798,
  "dvars_vstd": 1.0289134698445588,
  "efc": 0.5014850551290952,
  "fber": 1895.609619140625,
  "fd_mean": 0.16961025200188357,
  "fd_num": 55,
  "fd_perc": 28.350515463917525,
  "fwhm_avg": 2.9899683333333336,
  "fwhm_x": 2.63315,
  "fwhm_y": 3.52381,
  "fwhm_z": 2.812945,
  "gcor": 0.00946801,
  "gsr_x": -0.013490361161530018,
  "gsr_y": 0.02031499333679676,
  "provenance": {
    "md5sum": "820a9239167e800b5cb93938e7366761",
    "settings": {
      "fd_thres": 0.2,
      "hmc_fsl": false
    },
    "software": "mriqc",
    "version": "0.11.0",
    "webapi_port": null,
    "webapi_url": null
  },
  "size_t": 194,
  "size_x": 106,
  "size_y": 106,
  "size_z": 69,
  "snr": 4.272920619804715,
  "spacing_tr": 2.0,
  "spacing_x": 2.0,
  "spacing_y": 2.0,
  "spacing_z": 2.0,
  "summary_bg_k": 25.348946464045532,
  "summary_bg_mad": 8.36829662322998,
  "summary_bg_mean": 18.340423583984375,
  "summary_bg_median": 8.69072151184082,
  "summary_bg_n": 516616.0,
  "summary_bg_p05": 2.1855669021606445,
  "summary_bg_p95": 64.37113189697266,
  "summary_bg_stdv": 29.614456176757812,
  "summary_fg_k": 1.0762296490881065,
  "summary_fg_mad": 65.81526947021484,
  "summary_fg_mean": 372.2330322265625,
  "summary_fg_median": 388.4484558105469,
  "summary_fg_n": 161344.0,
  "summary_fg_p05": 185.2894241333008,
  "summary_fg_p95": 490.88582305908204,
  "summary_fg_stdv": 90.90907287597656,
  "tsnr": 40.39925003051758
}