{
  "bids_meta": {
    "AccelFactPE": 2,
    "AcquisitionNumber": 1,
    "AcquisitionTime": "13:56:36.347500",
    "ConversionSoftware": "dcm2niix",
    "ConversionSoftwareVersion": "v1.0.20170724 GCC4.4.7",
    "DeviceSerialNumber": "40482",
    "EchoTime": 0.00197,
    "FlipAngle": 9,
    "ImageType": [
      "ORIGINAL",
      "PRIMARY",
      "M",
      "ND",
      "NORM"
    ],
    "InstitutionAddress": "Frew_4805_Pittsburgh_District_US_15213",
    "InstitutionName": "SIBR",
    "InversionTime": 0.9,
    "MagneticFieldStrength": 3,
    "Manufacturer": "Siemens",
    "ManufacturersModelName": "Verio",
    "PhaseEncodingDirection": "i-",
    "PhaseEncodingLines": 256,
    "ProcedureStepDescription": "Dr._Tarr_John",
    "ProtocolName": "T1w_MPRAGE_STS8_S1",
    "RepetitionTime": 2.3,
    "ScanningSequence": "GR_IR",
    "SequenceName": "_tfl3d1_ns",
    "SequenceVariant": "SP_MP",
    "SeriesDescription": "T1w_MPRAGE_STS8_S1",
    "SoftwareVersions": "syngo_MR_B17",
    "modality": "T1w",
    "session_id": "16",
    "subject_id": "CSI3"
  },
  "cjv": 0.3324273789483451,
  "cnr": 3.9444449662736916,
  "efc": 0.47911589590100656,
  "fber": 5229.435546875,
  "fwhm_avg": 3.4725933333333336,
  "fwhm_x": 3.3708,
  "fwhm_y": 3.52333,
  "fwhm_z": 3.52365,
  "icvs_csf": 0.1870186023876367,
  "icvs_gm": 0.4670054405968436,
  "icvs_wm": 0.3459759570155197,
  "inu_med": 1.188807487487793,
  "inu_range": 0.3155329465866088,
  "provenance": {
    "md5sum": "740ceb7afe9506e2384be4585c92713d",
    "settings": {
      "testing": false
    },
    "software": "mriqc",
    "version": "0.11.0",
    "warnings": {
      "large_rot_frame": true,
      "small_air_mask": false
    },
    "webapi_port": null,
    "webapi_url": "https://mriqc.nimh.nih.gov/api/v1"
  },
  "qi_1": 0.0,
  "qi_2": 0.047854214139588076,
  "rpve_csf": 28.80409586188162,
  "rpve_gm": 13.125197513350173,
  "rpve_wm": 20.347997514645837,
  "size_x": 176,
  "size_y": 256,
  "size_z": 256,
  "snr_csf": 1.8042208161341127,
  "snr_gm": 10.46573879932742,
  "snr_total": 10.830382520958436,
  "snr_wm": 20.221187947413775,
  "snrd_csf": 34.63299826641655,
  "snrd_gm": 65.91401945781104,
  "snrd_total": 65.93728070974038,
  "snrd_wm": 97.26482440499355,
  "spacing_x": 1.0,
  "spacing_y": 1.0,
  "spacing_z": 1.0,
  "summary_bg_k": 5.022190450592211,
  "summary_bg_mad": 6.735658645629883,
  "summary_bg_mean": 6.537528991699219,
  "summary_bg_median": 4.59279727935791,
  "summary_bg_n": 3214338.0,
  "summary_bg_p05": 0.0,
  "summary_bg_p95": 17.865237712860107,
  "summary_bg_stdv": 6.265876770019531,
  "summary_csf_k": 44.71355746813748,
  "summary_csf_mad": 178.2120819091797,
  "summary_csf_mean": 369.9361267089844,
  "summary_csf_median": 356.072509765625,
  "summary_csf_n": 7655.0,
  "summary_csf_p05": 162.62728729248047,
  "summary_csf_p95": 551.0955444335934,
  "summary_csf_stdv": 197.34239196777344,
  "summary_gm_k": 0.07524300921955085,
  "summary_gm_mad": 62.411094665527344,
  "summary_gm_mean": 679.1038818359375,
  "summary_gm_median": 677.6823120117188,
  "summary_gm_n": 27525.0,
  "summary_gm_p05": 574.6460205078125,
  "summary_gm_p95": 790.3894775390625,
  "summary_gm_stdv": 64.75128173828125,
  "summary_wm_k": 0.8256341977790553,
  "summary_wm_mad": 44.739315032958984,
  "summary_wm_mean": 996.8226318359375,
  "summary_wm_median": 1000.0095825195312,
  "summary_wm_n": 170121.0,
  "summary_wm_p05": 909.0115966796875,
  "summary_wm_p95": 1071.8980712890625,
  "summary_wm_stdv": 49.453407287597656,
  "tpm_overlap_csf": 0.2247246503829956,
  "tpm_overlap_gm": 0.5372442603111267,
  "tpm_overlap_wm": 0.5595608949661255,
  "wm2max": 0.3976740228513511
}