{
  "aor": 0.0010891752577319588,
  "aqi": 0.010854956391752579,
  "bids_meta": {
    "AcquisitionNumber": 1,
    "AcquisitionTime": "13:50:31.287500",
    "BandwidthPerPixelPhaseEncode": 13.103,
    "ConversionSoftware": "dcm2niix",
    "ConversionSoftwareVersion": "v1.0.20170724 GCC4.4.7",
    "DeviceSerialNumber": "40482",
    "EchoTime": 0.03,
    "EffectiveEchoSpacing": 0.000719985,
    "FlipAngle": 79,
    "ImageType": [
      "ORIGINAL",
      "PRIMARY",
      "M",
      "MB",
      "ND",
      "NORM",
      "MOSAIC"
    ],
    "InstitutionAddress": "Frew_4805_Pittsburgh_District_US_15213",
    "InstitutionName": "SIBR",
    "MagneticFieldStrength": 3,
    "Manufacturer": "Siemens",
    "ManufacturersModelName": "Verio",
    "PartialFourier": "6/8",
    "PhaseEncodingDirection": "j-",
    "PhaseEncodingLines": 106,
    "ProcedureStepDescription": "Dr._Tarr_Elissa",
    "ProtocolName": "BOLD_CSI3_Sess-11_Run-10",
    "PulseSequenceType": "Multiband gradient echo EPI",
    "RepetitionTime": 2,
    "ScanningSequence": "EP",
    "SequenceName": "epfid2d1_106",
    "SequenceVariant": "SK_SS",
    "SeriesDescription": "BOLD_CSI3_Sess-11_Run-10",
    "SliceTiming": [
      0,
      1.0475,
      0.0875,
      1.135,
      0.175,
      1.2225,
      0.2625,
      1.31,
      0.35,
      1.3975,
      0.4375,
      1.485,
      0.525,
      1.5725,
      0.6125,
      1.66,
      0.7,
      1.7475,
      0.7875,
      1.835,
      0.875,
      1.9225,
      0.96,
      0,
      1.0475,
      0.0875,
      1.135,
      0.175,
      1.2225,
      0.2625,
      1.31,
      0.35,
      1.3975,
      0.4375,
      1.485,
      0.525,
      1.5725,
      0.6125,
      1.66,
      0.7,
      1.7475,
      0.7875,
      1.835,
      0.875,
      1.9225,
      0.96,
      0,
      1.0475,
      0.0875,
      1.135,
      0.175,
      1.2225,
      0.2625,
      1.31,
      0.35,
      1.3975,
      0.4375,
      1.485,
      0.525,
      1.5725,
      0.6125,
      1.66,
      0.7,
      1.7475,
      0.7875,
      1.835,
      0.875,
      1.9225,
      0.96
    ],
    "SoftwareVersions": "syngo_MR_B17",
    "TaskName": "5000scenes",
    "TotalReadoutTime": 0.0568788,
    "modality": "bold",
    "run_id": "10",
    "session_id": "11",
    "subject_id": "CSI3",
    "task_id": "5000scenes"
  },
  "dummy_trs": 0,
  "dvars_nstd": 31.4335061996373,
  "dvars_std": 1.339566205440414,
  "dvars_vstd": 1.0223464982901556,
  "efc": 0.5036864860463582,
  "fber": 3229.21923828125,
  "fd_mean": 0.08221539697063224,
  "fd_num": 9,
  "fd_perc": 4.639175257731959,
  "fwhm_avg": 2.532398333333333,
  "fwhm_x": 2.279295,
  "fwhm_y": 2.990795,
  "fwhm_z": 2.327105,
  "gcor": 0.015233,
  "gsr_x": -0.013377249240875244,
  "gsr_y": 0.013589068315923214,
  "provenance": {
    "md5sum": "d9f6a64d627d5dc3577990943a05666b",
    "settings": {
      "fd_thres": 0.2,
      "hmc_fsl": false
    },
    "software": "mriqc",
    "version": "0.11.0",
    "webapi_port": null,
    "webapi_url": null
  },
  "size_t": 194,
  "size_x": 106,
  "size_y": 106,
  "size_z": 69,
  "snr": 5.4043570916069115,
  "spacing_tr": 2.0,
  "spacing_x": 2.0,
  "spacing_y": 2.0,
  "spacing_z": 2.0,
  "summary_bg_k": 22.69438543070518,
  "summary_bg_mad": 6.1291069984436035,
  "summary_bg_mean": 26.895198822021484,
  "summary_bg_median": 9.350515365600586,
  "summary_bg_n": 518766.0,
  "summary_bg_p05": 3.948453426361084,
  "summary_bg_p95": 108.64948272705078,
  "summary_bg_stdv": 50.552032470703125,
  "summary_fg_k": 4.676127992646132,
  "summary_fg_mad": 68.9180679321289,
  "summary_fg_mean": 539.555419921875,
  "summary_fg_median": 546.2009887695312,
  "summary_fg_n": 159748.0,
  "summary_fg_p05": 364.86802978515624,
  "summary_fg_p95": 676.0600341796875,
  "summary_fg_stdv": 101.06646728515625,
  "tsnr": 59.827545166015625
}