{
  "aor": 0.0013823404255319152,
  "aqi": 0.010397830709219858,
  "bids_meta": {
    "AcquisitionNumber": 1,
    "AcquisitionTime": "16:50:30.112500",
    "BandwidthPerPixelPhaseEncode": 13.103,
    "ConversionSoftware": "dcm2niix",
    "ConversionSoftwareVersion": "v1.0.20170724 GCC4.4.7",
    "DeviceSerialNumber": "40482",
    "EchoTime": 0.03,
    "EffectiveEchoSpacing": 0.000719985,
    "FlipAngle": 79,
    "ImageType": [
      "ORIGINAL",
      "PRIMARY",
      "M",
      "MB",
      "ND",
      "NORM",
      "MOSAIC"
    ],
    "InstitutionAddress": "Frew_4805_Pittsburgh_District_US_15213",
    "InstitutionName": "SIBR",
    "MagneticFieldStrength": 3,
    "Manufacturer": "Siemens",
    "ManufacturersModelName": "Verio",
    "PhaseEncodingDirection": "j-",
    "PhaseEncodingLines": 106,
    "ProcedureStepDescription": "Dr._Tarr_Elissa",
    "ProtocolName": "BOLD_CSI3_Sess-13_SceneLocal",
    "RepetitionTime": 2,
    "ScanningSequence": "EP",
    "SequenceName": "epfid2d1_106",
    "SequenceVariant": "SK_SS",
    "SeriesDescription": "BOLD_CSI3_Sess-13_SceneLocal",
    "SliceTiming": [
      0,
      1.0475,
      0.0875,
      1.135,
      0.175,
      1.2225,
      0.2625,
      1.31,
      0.35,
      1.3975,
      0.4375,
      1.485,
      0.525,
      1.5725,
      0.6125,
      1.66,
      0.7,
      1.7475,
      0.785,
      1.8325,
      0.8725,
      1.92,
      0.96,
      0,
      1.0475,
      0.0875,
      1.135,
      0.175,
      1.2225,
      0.2625,
      1.31,
      0.35,
      1.3975,
      0.4375,
      1.485,
      0.525,
      1.5725,
      0.6125,
      1.66,
      0.7,
      1.7475,
      0.785,
      1.8325,
      0.8725,
      1.92,
      0.96,
      0,
      1.0475,
      0.0875,
      1.135,
      0.175,
      1.2225,
      0.2625,
      1.31,
      0.35,
      1.3975,
      0.4375,
      1.485,
      0.525,
      1.5725,
      0.6125,
      1.66,
      0.7,
      1.7475,
      0.785,
      1.8325,
      0.8725,
      1.92,
      0.96
    ],
    "SoftwareVersions": "syngo_MR_B17",
    "TaskName": "Scene Localizer",
    "TotalReadoutTime": 0.0568788,
    "modality": "bold",
    "session_id": "13",
    "subject_id": "CSI3",
    "task_id": "localizer"
  },
  "dummy_trs": 0,
  "dvars_nstd": 30.741860076285704,
  "dvars_std": 1.313898666785714,
  "dvars_vstd": 1.0173574867857145,
  "efc": 0.5041431784802104,
  "fber": 3276.553955078125,
  "fd_mean": 0.09273668631713024,
  "fd_num": 12,
  "fd_perc": 8.51063829787234,
  "fwhm_avg": 2.5629483333333334,
  "fwhm_x": 2.297725,
  "fwhm_y": 3.02769,
  "fwhm_z": 2.36343,
  "gcor": 0.0106724,
  "gsr_x": -0.012092225253582,
  "gsr_y": 0.014814026653766632,
  "provenance": {
    "md5sum": "e41f0b928e862861d8765de1a7c2bbc6",
    "settings": {
      "fd_thres": 0.2,
      "hmc_fsl": false
    },
    "software": "mriqc",
    "version": "0.11.0",
    "webapi_port": null,
    "webapi_url": null
  },
  "size_t": 141,
  "size_x": 106,
  "size_y": 106,
  "size_z": 69,
  "snr": 5.515160745853205,
  "spacing_tr": 2.0,
  "spacing_x": 2.0,
  "spacing_y": 2.0,
  "spacing_z": 2.0,
  "summary_bg_k": 21.677555575373486,
  "summary_bg_mad": 6.351006031036377,
  "summary_bg_mean": 27.45393943786621,
  "summary_bg_median": 9.567375183105469,
  "summary_bg_n": 518173.0,
  "summary_bg_p05": 3.957446575164795,
  "summary_bg_p95": 111.47517395019531,
  "summary_bg_stdv": 50.833805084228516,
  "summary_fg_k": 4.967405220776413,
  "summary_fg_mad": 69.49308776855469,
  "summary_fg_mean": 557.8090209960938,
  "summary_fg_median": 564.0637817382812,
  "summary_fg_n": 160248.0,
  "summary_fg_p05": 386.24359741210935,
  "summary_fg_p95": 696.4702026367187,
  "summary_fg_stdv": 102.27481079101562,
  "tsnr": 62.707672119140625
}