{
  "aor": 0.0008859278350515465,
  "aqi": 0.013357428659793813,
  "bids_meta": {
    "AcquisitionNumber": 1,
    "AcquisitionTime": "09:33:21.595000",
    "BandwidthPerPixelPhaseEncode": 13.103,
    "ConversionSoftware": "dcm2niix",
    "ConversionSoftwareVersion": "v1.0.20170724 GCC4.4.7",
    "DeviceSerialNumber": "40482",
    "EchoTime": 0.03,
    "EffectiveEchoSpacing": 0.000719985,
    "FlipAngle": 79,
    "ImageType": [
      "ORIGINAL",
      "PRIMARY",
      "M",
      "MB",
      "ND",
      "NORM",
      "MOSAIC"
    ],
    "InstitutionAddress": "Frew_4805_Pittsburgh_District_US_15213",
    "InstitutionName": "SIBR",
    "MagneticFieldStrength": 3,
    "Manufacturer": "Siemens",
    "ManufacturersModelName": "Verio",
    "PartialFourier": "6/8",
    "PhaseEncodingDirection": "j-",
    "PhaseEncodingLines": 106,
    "ProcedureStepDescription": "Dr._Tarr_Elissa",
    "ProtocolName": "BOLD_CSI3_Sess-2_Run-1",
    "PulseSequenceType": "Multiband gradient echo EPI",
    "RepetitionTime": 2,
    "ScanningSequence": "EP",
    "SequenceName": "epfid2d1_106",
    "SequenceVariant": "SK_SS",
    "SeriesDescription": "BOLD_CSI3_Sess-2_Run-1",
    "SliceTiming": [
      0,
      1.0475,
      0.0875,
      1.135,
      0.175,
      1.2225,
      0.26,
      1.3075,
      0.3475,
      1.395,
      0.435,
      1.4825,
      0.5225,
      1.57,
      0.61,
      1.6575,
      0.6975,
      1.745,
      0.785,
      1.8325,
      0.8725,
      1.92,
      0.96,
      0,
      1.0475,
      0.0875,
      1.135,
      0.175,
      1.2225,
      0.26,
      1.3075,
      0.3475,
      1.395,
      0.435,
      1.4825,
      0.5225,
      1.57,
      0.61,
      1.6575,
      0.6975,
      1.745,
      0.785,
      1.8325,
      0.8725,
      1.92,
      0.96,
      0,
      1.0475,
      0.0875,
      1.135,
      0.175,
      1.2225,
      0.26,
      1.3075,
      0.3475,
      1.395,
      0.435,
      1.4825,
      0.5225,
      1.57,
      0.61,
      1.6575,
      0.6975,
      1.745,
      0.785,
      1.8325,
      0.8725,
      1.92,
      0.96
    ],
    "SoftwareVersions": "syngo_MR_B17",
    "TaskName": "5000scenes",
    "TotalReadoutTime": 0.0568788,
    "modality": "bold",
    "run_id": "01",
    "session_id": "02",
    "subject_id": "CSI3",
    "task_id": "5000scenes"
  },
  "dummy_trs": 0,
  "dvars_nstd": 30.67423580321243,
  "dvars_std": 1.2970707447668393,
  "dvars_vstd": 1.0000329691191716,
  "efc": 0.49571035759628507,
  "fber": 3972.35595703125,
  "fd_mean": 0.10987543189025487,
  "fd_num": 15,
  "fd_perc": 7.731958762886598,
  "fwhm_avg": 2.592821666666667,
  "fwhm_x": 2.3167,
  "fwhm_y": 3.055475,
  "fwhm_z": 2.40629,
  "gcor": 0.0106198,
  "gsr_x": -0.010232176631689072,
  "gsr_y": 0.01713169738650322,
  "provenance": {
    "md5sum": "f6997fbf607dd521d4bcf1560622f9cd",
    "settings": {
      "fd_thres": 0.2,
      "hmc_fsl": false
    },
    "software": "mriqc",
    "version": "0.11.0",
    "webapi_port": null,
    "webapi_url": null
  },
  "size_t": 194,
  "size_x": 106,
  "size_y": 106,
  "size_z": 69,
  "snr": 5.5884731463379085,
  "spacing_tr": 2.0,
  "spacing_x": 2.0,
  "spacing_y": 2.0,
  "spacing_z": 2.0,
  "summary_bg_k": 25.4292343476136,
  "summary_bg_mad": 5.601789951324463,
  "summary_bg_mean": 23.41783332824707,
  "summary_bg_median": 8.474226951599121,
  "summary_bg_n": 518351.0,
  "summary_bg_p05": 3.5103092193603516,
  "summary_bg_p95": 90.88144302368164,
  "summary_bg_stdv": 43.35926055908203,
  "summary_fg_k": 4.70327234008725,
  "summary_fg_mad": 69.85808563232422,
  "summary_fg_mean": 543.60107421875,
  "summary_fg_median": 548.1185302734375,
  "summary_fg_n": 159951.0,
  "summary_fg_p05": 384.99998474121094,
  "summary_fg_p95": 679.4407043457031,
  "summary_fg_stdv": 98.07988739013672,
  "tsnr": 56.48805618286133
}