{
  "aor": 0.001360721649484536,
  "aqi": 0.010562959536082474,
  "bids_meta": {
    "AcquisitionNumber": 1,
    "AcquisitionTime": "13:43:1.660000",
    "BandwidthPerPixelPhaseEncode": 13.103,
    "ConversionSoftware": "dcm2niix",
    "ConversionSoftwareVersion": "v1.0.20170724 GCC4.4.7",
    "DeviceSerialNumber": "40482",
    "EchoTime": 0.03,
    "EffectiveEchoSpacing": 0.000719985,
    "FlipAngle": 79,
    "ImageType": [
      "ORIGINAL",
      "PRIMARY",
      "M",
      "MB",
      "ND",
      "NORM",
      "MOSAIC"
    ],
    "InstitutionAddress": "Frew_4805_Pittsburgh_District_US_15213",
    "InstitutionName": "SIBR",
    "MagneticFieldStrength": 3,
    "Manufacturer": "Siemens",
    "ManufacturersModelName": "Verio",
    "PartialFourier": "6/8",
    "PhaseEncodingDirection": "j-",
    "PhaseEncodingLines": 106,
    "ProcedureStepDescription": "Dr._Tarr_Elissa",
    "ProtocolName": "BOLD_CSI3_Sess-11_Run-9",
    "PulseSequenceType": "Multiband gradient echo EPI",
    "RepetitionTime": 2,
    "ScanningSequence": "EP",
    "SequenceName": "epfid2d1_106",
    "SequenceVariant": "SK_SS",
    "SeriesDescription": "BOLD_CSI3_Sess-11_Run-9",
    "SliceTiming": [
      0,
      1.0475,
      0.0875,
      1.135,
      0.175,
      1.2225,
      0.2625,
      1.31,
      0.35,
      1.3975,
      0.4375,
      1.485,
      0.525,
      1.5725,
      0.61,
      1.6575,
      0.6975,
      1.745,
      0.785,
      1.8325,
      0.8725,
      1.92,
      0.96,
      0,
      1.0475,
      0.0875,
      1.135,
      0.175,
      1.2225,
      0.2625,
      1.31,
      0.35,
      1.3975,
      0.4375,
      1.485,
      0.525,
      1.5725,
      0.61,
      1.6575,
      0.6975,
      1.745,
      0.785,
      1.8325,
      0.8725,
      1.92,
      0.96,
      0,
      1.0475,
      0.0875,
      1.135,
      0.175,
      1.2225,
      0.2625,
      1.31,
      0.35,
      1.3975,
      0.4375,
      1.485,
      0.525,
      1.5725,
      0.61,
      1.6575,
      0.6975,
      1.745,
      0.785,
      1.8325,
      0.8725,
      1.92,
      0.96
    ],
    "SoftwareVersions": "syngo_MR_B17",
    "TaskName": "5000scenes",
    "TotalReadoutTime": 0.0568788,
    "modality": "bold",
    "run_id": "09",
    "session_id": "11",
    "subject_id": "CSI3",
    "task_id": "5000scenes"
  },
  "dummy_trs": 0,
  "dvars_nstd": 31.135685925699473,
  "dvars_std": 1.337013118911917,
  "dvars_vstd": 1.0272680718134712,
  "efc": 0.5033177134488942,
  "fber": 3236.2353515625,
  "fd_mean": 0.08272168707237189,
  "fd_num": 12,
  "fd_perc": 6.185567010309279,
  "fwhm_avg": 2.5283533333333335,
  "fwhm_x": 2.27733,
  "fwhm_y": 2.98808,
  "fwhm_z": 2.31965,
  "gcor": 0.0133707,
  "gsr_x": -0.013284897431731224,
  "gsr_y": 0.013745168223977089,
  "provenance": {
    "md5sum": "066289bf10ceb005c07bdbb611961ec6",
    "settings": {
      "fd_thres": 0.2,
      "hmc_fsl": false
    },
    "software": "mriqc",
    "version": "0.11.0",
    "webapi_port": null,
    "webapi_url": null
  },
  "size_t": 194,
  "size_x": 106,
  "size_y": 106,
  "size_z": 69,
  "snr": 5.373619917112895,
  "spacing_tr": 2.0,
  "spacing_x": 2.0,
  "spacing_y": 2.0,
  "spacing_z": 2.0,
  "summary_bg_k": 22.74439951269034,
  "summary_bg_mad": 6.129108428955078,
  "summary_bg_mean": 26.880233764648438,
  "summary_bg_median": 9.355669975280762,
  "summary_bg_n": 518936.0,
  "summary_bg_p05": 3.9587626457214355,
  "summary_bg_p95": 108.74226379394531,
  "summary_bg_stdv": 50.52227783203125,
  "summary_fg_k": 4.746543981588625,
  "summary_fg_mad": 68.97919464111328,
  "summary_fg_mean": 540.3822631835938,
  "summary_fg_median": 547.2989501953125,
  "summary_fg_n": 159612.0,
  "summary_fg_p05": 364.4378662109375,
  "summary_fg_p95": 677.3574737548824,
  "summary_fg_stdv": 101.84889221191406,
  "tsnr": 60.842552185058594
}