{
  "aor": 0.0009246808510638298,
  "aqi": 0.012070753404255318,
  "bids_meta": {
    "AcquisitionNumber": 1,
    "AcquisitionTime": "11:08:8.905000",
    "BandwidthPerPixelPhaseEncode": 13.103,
    "ConversionSoftware": "dcm2niix",
    "ConversionSoftwareVersion": "v1.0.20170724 GCC4.4.7",
    "DeviceSerialNumber": "40482",
    "EchoTime": 0.03,
    "EffectiveEchoSpacing": 0.000719985,
    "FlipAngle": 79,
    "ImageType": [
      "ORIGINAL",
      "PRIMARY",
      "M",
      "MB",
      "ND",
      "NORM",
      "MOSAIC"
    ],
    "InstitutionAddress": "Frew_4805_Pittsburgh_District_US_15213",
    "InstitutionName": "SIBR",
    "MagneticFieldStrength": 3,
    "Manufacturer": "Siemens",
    "ManufacturersModelName": "Verio",
    "PhaseEncodingDirection": "j-",
    "PhaseEncodingLines": 106,
    "ProcedureStepDescription": "Dr._Tarr_Elissa",
    "ProtocolName": "BOLD_CSI3_Sess-9_SceneLocal",
    "RepetitionTime": 2,
    "ScanningSequence": "EP",
    "SequenceName": "epfid2d1_106",
    "SequenceVariant": "SK_SS",
    "SeriesDescription": "BOLD_CSI3_Sess-9_SceneLocal",
    "SliceTiming": [
      0,
      1.0475,
      0.0875,
      1.135,
      0.175,
      1.2225,
      0.2625,
      1.31,
      0.35,
      1.3975,
      0.4375,
      1.485,
      0.525,
      1.5725,
      0.6125,
      1.66,
      0.6975,
      1.745,
      0.785,
      1.8325,
      0.8725,
      1.92,
      0.96,
      0,
      1.0475,
      0.0875,
      1.135,
      0.175,
      1.2225,
      0.2625,
      1.31,
      0.35,
      1.3975,
      0.4375,
      1.485,
      0.525,
      1.5725,
      0.6125,
      1.66,
      0.6975,
      1.745,
      0.785,
      1.8325,
      0.8725,
      1.92,
      0.96,
      0,
      1.0475,
      0.0875,
      1.135,
      0.175,
      1.2225,
      0.2625,
      1.31,
      0.35,
      1.3975,
      0.4375,
      1.485,
      0.525,
      1.5725,
      0.6125,
      1.66,
      0.6975,
      1.745,
      0.785,
      1.8325,
      0.8725,
      1.92,
      0.96
    ],
    "SoftwareVersions": "syngo_MR_B17",
    "TaskName": "Scene Localizer",
    "TotalReadoutTime": 0.0568788,
    "modality": "bold",
    "session_id": "09",
    "subject_id": "CSI3",
    "task_id": "localizer"
  },
  "dummy_trs": 0,
  "dvars_nstd": 32.68745450999999,
  "dvars_std": 1.339037458571429,
  "dvars_vstd": 1.0047962328571423,
  "efc": 0.5006592629542018,
  "fber": 3719.48779296875,
  "fd_mean": 0.10125885914945303,
  "fd_num": 7,
  "fd_perc": 4.964539007092198,
  "fwhm_avg": 2.5431000000000004,
  "fwhm_x": 2.26779,
  "fwhm_y": 3.00529,
  "fwhm_z": 2.35622,
  "gcor": 0.0110528,
  "gsr_x": -0.009388516657054424,
  "gsr_y": 0.017119336873292923,
  "provenance": {
    "md5sum": "04ee72baadca50ca2ef0026a360bcea6",
    "settings": {
      "fd_thres": 0.2,
      "hmc_fsl": false
    },
    "software": "mriqc",
    "version": "0.11.0",
    "webapi_port": null,
    "webapi_url": null
  },
  "size_t": 141,
  "size_x": 106,
  "size_y": 106,
  "size_z": 69,
  "snr": 5.739891126757646,
  "spacing_tr": 2.0,
  "spacing_x": 2.0,
  "spacing_y": 2.0,
  "spacing_z": 2.0,
  "summary_bg_k": 24.23581235448499,
  "summary_bg_mad": 5.551872253417969,
  "summary_bg_mean": 24.552600860595703,
  "summary_bg_median": 8.531914710998535,
  "summary_bg_n": 518222.0,
  "summary_bg_p05": 3.5886523723602295,
  "summary_bg_p95": 98.4893569946289,
  "summary_bg_stdv": 46.20683288574219,
  "summary_fg_k": 5.0496778765536,
  "summary_fg_mad": 65.36073303222656,
  "summary_fg_mean": 529.3981323242188,
  "summary_fg_median": 533.8368530273438,
  "summary_fg_n": 160165.0,
  "summary_fg_p05": 377.97869873046875,
  "summary_fg_p95": 657.5390014648438,
  "summary_fg_stdv": 93.00440979003906,
  "tsnr": 60.11793518066406
}