{
  "aor": 0.0008567525773195878,
  "aqi": 0.012144322886597938,
  "bids_meta": {
    "AcquisitionNumber": 1,
    "AcquisitionTime": "09:51:35.360000",
    "BandwidthPerPixelPhaseEncode": 13.103,
    "ConversionSoftware": "dcm2niix",
    "ConversionSoftwareVersion": "v1.0.20170724 GCC4.4.7",
    "DeviceSerialNumber": "40482",
    "EchoTime": 0.03,
    "EffectiveEchoSpacing": 0.000719985,
    "FlipAngle": 79,
    "ImageType": [
      "ORIGINAL",
      "PRIMARY",
      "M",
      "MB",
      "ND",
      "NORM",
      "MOSAIC"
    ],
    "InstitutionAddress": "Frew_4805_Pittsburgh_District_US_15213",
    "InstitutionName": "SIBR",
    "MagneticFieldStrength": 3,
    "Manufacturer": "Siemens",
    "ManufacturersModelName": "Verio",
    "PartialFourier": "6/8",
    "PhaseEncodingDirection": "j-",
    "PhaseEncodingLines": 106,
    "ProcedureStepDescription": "Dr._Tarr_Elissa",
    "ProtocolName": "BOLD_CSI3_Sess-10_Run-1",
    "PulseSequenceType": "Multiband gradient echo EPI",
    "RepetitionTime": 2,
    "ScanningSequence": "EP",
    "SequenceName": "epfid2d1_106",
    "SequenceVariant": "SK_SS",
    "SeriesDescription": "BOLD_CSI3_Sess-10_Run-1",
    "SliceTiming": [
      0,
      1.0475,
      0.0875,
      1.135,
      0.175,
      1.2225,
      0.2625,
      1.31,
      0.35,
      1.3975,
      0.4375,
      1.485,
      0.525,
      1.5725,
      0.6125,
      1.66,
      0.7,
      1.7475,
      0.7875,
      1.835,
      0.8725,
      1.92,
      0.96,
      0,
      1.0475,
      0.0875,
      1.135,
      0.175,
      1.2225,
      0.2625,
      1.31,
      0.35,
      1.3975,
      0.4375,
      1.485,
      0.525,
      1.5725,
      0.6125,
      1.66,
      0.7,
      1.7475,
      0.7875,
      1.835,
      0.8725,
      1.92,
      0.96,
      0,
      1.0475,
      0.0875,
      1.135,
      0.175,
      1.2225,
      0.2625,
      1.31,
      0.35,
      1.3975,
      0.4375,
      1.485,
      0.525,
      1.5725,
      0.6125,
      1.66,
      0.7,
      1.7475,
      0.7875,
      1.835,
      0.8725,
      1.92,
      0.96
    ],
    "SoftwareVersions": "syngo_MR_B17",
    "TaskName": "5000scenes",
    "TotalReadoutTime": 0.0568788,
    "modality": "bold",
    "run_id": "01",
    "session_id": "10",
    "subject_id": "CSI3",
    "task_id": "5000scenes"
  },
  "dummy_trs": 0,
  "dvars_nstd": 32.71775486834198,
  "dvars_std": 1.3358714780310885,
  "dvars_vstd": 1.002199563626943,
  "efc": 0.4989749642466893,
  "fber": 3544.7373046875,
  "fd_mean": 0.09334686298401085,
  "fd_num": 13,
  "fd_perc": 6.701030927835052,
  "fwhm_avg": 2.55116,
  "fwhm_x": 2.293305,
  "fwhm_y": 3.003735,
  "fwhm_z": 2.35644,
  "gcor": 0.0218864,
  "gsr_x": -0.011120499111711979,
  "gsr_y": 0.018374167382717133,
  "provenance": {
    "md5sum": "eebd0c5e39ae3c433e66c2fb74ce2769",
    "settings": {
      "fd_thres": 0.2,
      "hmc_fsl": false
    },
    "software": "mriqc",
    "version": "0.11.0",
    "webapi_port": null,
    "webapi_url": null
  },
  "size_t": 194,
  "size_x": 106,
  "size_y": 106,
  "size_z": 69,
  "snr": 5.488865954302267,
  "spacing_tr": 2.0,
  "spacing_x": 2.0,
  "spacing_y": 2.0,
  "spacing_z": 2.0,
  "summary_bg_k": 24.376322679283415,
  "summary_bg_mad": 6.152034759521484,
  "summary_bg_mean": 25.618000030517578,
  "summary_bg_median": 9.22680377960205,
  "summary_bg_n": 519043.0,
  "summary_bg_p05": 3.902061700820923,
  "summary_bg_p95": 99.8144302368164,
  "summary_bg_stdv": 47.29133224487305,
  "summary_fg_k": 4.680155838721693,
  "summary_fg_mad": 71.51646423339844,
  "summary_fg_mean": 560.1627197265625,
  "summary_fg_median": 565.2061767578125,
  "summary_fg_n": 159531.0,
  "summary_fg_p05": 389.5541076660156,
  "summary_fg_p95": 703.1726684570312,
  "summary_fg_stdv": 102.97289276123047,
  "tsnr": 56.2822265625
}