{
  "aor": 0.0020558115183246066,
  "aqi": 0.013811592198952881,
  "bids_meta": {
    "AcquisitionNumber": 1,
    "AcquisitionTime": "16:37:55.395000",
    "BandwidthPerPixelPhaseEncode": 13.103,
    "ConversionSoftware": "dcm2niix",
    "ConversionSoftwareVersion": "v1.0.20170724 GCC4.4.7",
    "DeviceSerialNumber": "40482",
    "EchoTime": 0.03,
    "EffectiveEchoSpacing": 0.000719985,
    "FlipAngle": 79,
    "ImageType": [
      "ORIGINAL",
      "PRIMARY",
      "M",
      "MB",
      "ND",
      "NORM",
      "MOSAIC"
    ],
    "InstitutionAddress": "Frew_4805_Pittsburgh_District_US_15213",
    "InstitutionName": "SIBR",
    "MagneticFieldStrength": 3,
    "Manufacturer": "Siemens",
    "ManufacturersModelName": "Verio",
    "PartialFourier": "6/8",
    "PhaseEncodingDirection": "j-",
    "PhaseEncodingLines": 106,
    "ProcedureStepDescription": "Dr._Tarr_Elissa",
    "ProtocolName": "BOLD_CSI3_Sess-5_Run-1",
    "PulseSequenceType": "Multiband gradient echo EPI",
    "RepetitionTime": 2,
    "ScanningSequence": "EP",
    "SequenceName": "epfid2d1_106",
    "SequenceVariant": "SK_SS",
    "SeriesDescription": "BOLD_CSI3_Sess-5_Run-1",
    "SliceTiming": [
      0,
      1.0475,
      0.0875,
      1.135,
      0.175,
      1.2225,
      0.2625,
      1.31,
      0.35,
      1.3975,
      0.4375,
      1.485,
      0.525,
      1.5725,
      0.6125,
      1.66,
      0.6975,
      1.745,
      0.785,
      1.8325,
      0.8725,
      1.92,
      0.96,
      0,
      1.0475,
      0.0875,
      1.135,
      0.175,
      1.2225,
      0.2625,
      1.31,
      0.35,
      1.3975,
      0.4375,
      1.485,
      0.525,
      1.5725,
      0.6125,
      1.66,
      0.6975,
      1.745,
      0.785,
      1.8325,
      0.8725,
      1.92,
      0.96,
      0,
      1.0475,
      0.0875,
      1.135,
      0.175,
      1.2225,
      0.2625,
      1.31,
      0.35,
      1.3975,
      0.4375,
      1.485,
      0.525,
      1.5725,
      0.6125,
      1.66,
      0.6975,
      1.745,
      0.785,
      1.8325,
      0.8725,
      1.92,
      0.96
    ],
    "SoftwareVersions": "syngo_MR_B17",
    "TaskName": "5000scenes",
    "TotalReadoutTime": 0.0568788,
    "modality": "bold",
    "run_id": "01",
    "session_id": "05",
    "subject_id": "CSI3",
    "task_id": "5000scenes"
  },
  "dummy_trs": 3,
  "dvars_nstd": 34.31236368473686,
  "dvars_std": 1.3648977060000007,
  "dvars_vstd": 1.020267799210526,
  "efc": 0.4919453030585705,
  "fber": 4089.758056640625,
  "fd_mean": 0.12022117035296426,
  "fd_num": 29,
  "fd_perc": 15.18324607329843,
  "fwhm_avg": 2.54016,
  "fwhm_x": 2.28064,
  "fwhm_y": 2.987775,
  "fwhm_z": 2.352065,
  "gcor": 0.00893217,
  "gsr_x": -0.007940804585814476,
  "gsr_y": 0.018441902473568916,
  "provenance": {
    "md5sum": "18f90a19e2558ef86327b92a17c297ca",
    "settings": {
      "fd_thres": 0.2,
      "hmc_fsl": false
    },
    "software": "mriqc",
    "version": "0.11.0",
    "webapi_port": null,
    "webapi_url": null
  },
  "size_t": 191,
  "size_x": 106,
  "size_y": 106,
  "size_z": 69,
  "snr": 5.640612268222124,
  "spacing_tr": 2.0,
  "spacing_x": 2.0,
  "spacing_y": 2.0,
  "spacing_z": 2.0,
  "summary_bg_k": 28.795737545002904,
  "summary_bg_mad": 5.464669704437256,
  "summary_bg_mean": 21.779298782348633,
  "summary_bg_median": 8.319372177124023,
  "summary_bg_n": 518652.0,
  "summary_bg_p05": 3.4502618312835693,
  "summary_bg_p95": 79.69110107421875,
  "summary_bg_stdv": 41.403438568115234,
  "summary_fg_k": 4.960202720948579,
  "summary_fg_mad": 67.3924331665039,
  "summary_fg_mean": 541.9213256835938,
  "summary_fg_median": 546.3141479492188,
  "summary_fg_n": 159924.0,
  "summary_fg_p05": 386.5162322998047,
  "summary_fg_p95": 675.8369201660157,
  "summary_fg_stdv": 96.8533935546875,
  "tsnr": 55.602752685546875
}