{
  "aor": 0.0016136879432624115,
  "aqi": 0.012156021276595744,
  "bids_meta": {
    "AcquisitionNumber": 1,
    "AcquisitionTime": "10:47:50.070000",
    "BandwidthPerPixelPhaseEncode": 13.103,
    "ConversionSoftware": "dcm2niix",
    "ConversionSoftwareVersion": "v1.0.20170724 GCC4.4.7",
    "DeviceSerialNumber": "40482",
    "EchoTime": 0.03,
    "EffectiveEchoSpacing": 0.000719985,
    "FlipAngle": 79,
    "ImageType": [
      "ORIGINAL",
      "PRIMARY",
      "M",
      "MB",
      "ND",
      "NORM",
      "MOSAIC"
    ],
    "InstitutionAddress": "Frew_4805_Pittsburgh_District_US_15213",
    "InstitutionName": "SIBR",
    "MagneticFieldStrength": 3,
    "Manufacturer": "Siemens",
    "ManufacturersModelName": "Verio",
    "PhaseEncodingDirection": "j-",
    "PhaseEncodingLines": 106,
    "ProcedureStepDescription": "Dr._Tarr_Elissa",
    "ProtocolName": "BOLD_CSI3_Sess-12_SceneLocal",
    "RepetitionTime": 2,
    "ScanningSequence": "EP",
    "SequenceName": "epfid2d1_106",
    "SequenceVariant": "SK_SS",
    "SeriesDescription": "BOLD_CSI3_Sess-12_SceneLocal",
    "SliceTiming": [
      0,
      1.0475,
      0.0875,
      1.135,
      0.1725,
      1.22,
      0.26,
      1.3075,
      0.3475,
      1.395,
      0.435,
      1.4825,
      0.5225,
      1.57,
      0.61,
      1.6575,
      0.6975,
      1.745,
      0.785,
      1.8325,
      0.8725,
      1.92,
      0.96,
      0,
      1.0475,
      0.0875,
      1.135,
      0.1725,
      1.22,
      0.26,
      1.3075,
      0.3475,
      1.395,
      0.435,
      1.4825,
      0.5225,
      1.57,
      0.61,
      1.6575,
      0.6975,
      1.745,
      0.785,
      1.8325,
      0.8725,
      1.92,
      0.96,
      0,
      1.0475,
      0.0875,
      1.135,
      0.1725,
      1.22,
      0.26,
      1.3075,
      0.3475,
      1.395,
      0.435,
      1.4825,
      0.5225,
      1.57,
      0.61,
      1.6575,
      0.6975,
      1.745,
      0.785,
      1.8325,
      0.8725,
      1.92,
      0.96
    ],
    "SoftwareVersions": "syngo_MR_B17",
    "TaskName": "Scene Localizer",
    "TotalReadoutTime": 0.0568788,
    "modality": "bold",
    "session_id": "12",
    "subject_id": "CSI3",
    "task_id": "localizer"
  },
  "dummy_trs": 0,
  "dvars_nstd": 35.25762562064285,
  "dvars_std": 1.3667968720714283,
  "dvars_vstd": 1.0219477850714285,
  "efc": 0.5050917721754169,
  "fber": 3352.479736328125,
  "fd_mean": 0.15875122560848334,
  "fd_num": 35,
  "fd_perc": 24.822695035460992,
  "fwhm_avg": 2.596068333333333,
  "fwhm_x": 2.31682,
  "fwhm_y": 3.078885,
  "fwhm_z": 2.3925,
  "gcor": 0.0175513,
  "gsr_x": -0.01268981583416462,
  "gsr_y": 0.018998777493834496,
  "provenance": {
    "md5sum": "62377b302b31172d665b9a9a42bd0bcd",
    "settings": {
      "fd_thres": 0.2,
      "hmc_fsl": false
    },
    "software": "mriqc",
    "version": "0.11.0",
    "webapi_port": null,
    "webapi_url": null
  },
  "size_t": 141,
  "size_x": 106,
  "size_y": 106,
  "size_z": 69,
  "snr": 5.567772182090312,
  "spacing_tr": 2.0,
  "spacing_x": 2.0,
  "spacing_y": 2.0,
  "spacing_z": 2.0,
  "summary_bg_k": 21.91801435397697,
  "summary_bg_mad": 6.2353410720825195,
  "summary_bg_mean": 26.95119285583496,
  "summary_bg_median": 9.333333015441895,
  "summary_bg_n": 516549.0,
  "summary_bg_p05": 3.8581559658050537,
  "summary_bg_p95": 109.29786682128906,
  "summary_bg_stdv": 49.77388000488281,
  "summary_fg_k": 4.838058431609739,
  "summary_fg_mad": 70.56554412841797,
  "summary_fg_mean": 551.263671875,
  "summary_fg_median": 556.6666259765625,
  "summary_fg_n": 161678.0,
  "summary_fg_p05": 386.439697265625,
  "summary_fg_p95": 688.8946777343749,
  "summary_fg_stdv": 99.97982788085938,
  "tsnr": 58.7047233581543
}