{
  "aor": 0.0012448936170212767,
  "aqi": 0.011625815673758866,
  "bids_meta": {
    "AcquisitionNumber": 1,
    "AcquisitionTime": "18:00:28.087500",
    "BandwidthPerPixelPhaseEncode": 13.103,
    "ConversionSoftware": "dcm2niix",
    "ConversionSoftwareVersion": "v1.0.20170724 GCC4.4.7",
    "DeviceSerialNumber": "40482",
    "EchoTime": 0.03,
    "EffectiveEchoSpacing": 0.000719985,
    "FlipAngle": 79,
    "ImageType": [
      "ORIGINAL",
      "PRIMARY",
      "M",
      "MB",
      "ND",
      "NORM",
      "MOSAIC"
    ],
    "InstitutionAddress": "Frew_4805_Pittsburgh_District_US_15213",
    "InstitutionName": "SIBR",
    "MagneticFieldStrength": 3,
    "Manufacturer": "Siemens",
    "ManufacturersModelName": "Verio",
    "PhaseEncodingDirection": "j-",
    "PhaseEncodingLines": 106,
    "ProcedureStepDescription": "Dr._Tarr_Elissa",
    "ProtocolName": "BOLD_CSI3_Sess-14_SceneLocal",
    "RepetitionTime": 2,
    "ScanningSequence": "EP",
    "SequenceName": "epfid2d1_106",
    "SequenceVariant": "SK_SS",
    "SeriesDescription": "BOLD_CSI3_Sess-14_SceneLocal",
    "SliceTiming": [
      0,
      1.0475,
      0.0875,
      1.135,
      0.175,
      1.2225,
      0.2625,
      1.31,
      0.35,
      1.3975,
      0.435,
      1.4825,
      0.5225,
      1.57,
      0.61,
      1.6575,
      0.6975,
      1.745,
      0.785,
      1.8325,
      0.8725,
      1.92,
      0.96,
      0,
      1.0475,
      0.0875,
      1.135,
      0.175,
      1.2225,
      0.2625,
      1.31,
      0.35,
      1.3975,
      0.435,
      1.4825,
      0.5225,
      1.57,
      0.61,
      1.6575,
      0.6975,
      1.745,
      0.785,
      1.8325,
      0.8725,
      1.92,
      0.96,
      0,
      1.0475,
      0.0875,
      1.135,
      0.175,
      1.2225,
      0.2625,
      1.31,
      0.35,
      1.3975,
      0.435,
      1.4825,
      0.5225,
      1.57,
      0.61,
      1.6575,
      0.6975,
      1.745,
      0.785,
      1.8325,
      0.8725,
      1.92,
      0.96
    ],
    "SoftwareVersions": "syngo_MR_B17",
    "TaskName": "Scene Localizer",
    "TotalReadoutTime": 0.0568788,
    "modality": "bold",
    "session_id": "14",
    "subject_id": "CSI3",
    "task_id": "localizer"
  },
  "dummy_trs": 0,
  "dvars_nstd": 32.27517459042856,
  "dvars_std": 1.3110567340000003,
  "dvars_vstd": 1.0101735459285712,
  "efc": 0.5009130036913125,
  "fber": 3282.158935546875,
  "fd_mean": 0.11583446005654494,
  "fd_num": 15,
  "fd_perc": 10.638297872340425,
  "fwhm_avg": 2.5142400000000005,
  "fwhm_x": 2.259475,
  "fwhm_y": 2.959685,
  "fwhm_z": 2.32356,
  "gcor": 0.0136364,
  "gsr_x": -0.00991234090179205,
  "gsr_y": 0.017258983105421066,
  "provenance": {
    "md5sum": "8ddb38cc5553fbe6ced316e17a237aa7",
    "settings": {
      "fd_thres": 0.2,
      "hmc_fsl": false
    },
    "software": "mriqc",
    "version": "0.11.0",
    "webapi_port": null,
    "webapi_url": null
  },
  "size_t": 141,
  "size_x": 106,
  "size_y": 106,
  "size_z": 69,
  "snr": 5.601508005403385,
  "spacing_tr": 2.0,
  "spacing_x": 2.0,
  "spacing_y": 2.0,
  "spacing_z": 2.0,
  "summary_bg_k": 22.807495421720464,
  "summary_bg_mad": 6.2879157066345215,
  "summary_bg_mean": 26.561622619628906,
  "summary_bg_median": 9.553191184997559,
  "summary_bg_n": 520017.0,
  "summary_bg_p05": 3.95035457611084,
  "summary_bg_p95": 106.60283660888672,
  "summary_bg_stdv": 48.39414978027344,
  "summary_fg_k": 4.796786301047689,
  "summary_fg_mad": 69.1776351928711,
  "summary_fg_mean": 557.0712280273438,
  "summary_fg_median": 563.2269287109375,
  "summary_fg_n": 158427.0,
  "summary_fg_p05": 387.9595611572266,
  "summary_fg_p95": 695.0432312011715,
  "summary_fg_stdv": 100.54884338378906,
  "tsnr": 58.90253829956055
}