{
  "aor": 0.0009325531914893617,
  "aqi": 0.01087262609929078,
  "bids_meta": {
    "AcquisitionNumber": 1,
    "AcquisitionTime": "11:06:0.032500",
    "BandwidthPerPixelPhaseEncode": 13.103,
    "ConversionSoftware": "dcm2niix",
    "ConversionSoftwareVersion": "v1.0.20170724 GCC4.4.7",
    "DeviceSerialNumber": "40482",
    "EchoTime": 0.03,
    "EffectiveEchoSpacing": 0.000719985,
    "FlipAngle": 79,
    "ImageType": [
      "ORIGINAL",
      "PRIMARY",
      "M",
      "MB",
      "ND",
      "NORM",
      "MOSAIC"
    ],
    "InstitutionAddress": "Frew_4805_Pittsburgh_District_US_15213",
    "InstitutionName": "SIBR",
    "MagneticFieldStrength": 3,
    "Manufacturer": "Siemens",
    "ManufacturersModelName": "Verio",
    "PhaseEncodingDirection": "j-",
    "PhaseEncodingLines": 106,
    "ProcedureStepDescription": "Dr._Tarr_Elissa",
    "ProtocolName": "BOLD_CSI3_Sess-10_SceneLocal",
    "RepetitionTime": 2,
    "ScanningSequence": "EP",
    "SequenceName": "epfid2d1_106",
    "SequenceVariant": "SK_SS",
    "SeriesDescription": "BOLD_CSI3_Sess-10_SceneLocal",
    "SliceTiming": [
      0,
      1.0475,
      0.0875,
      1.135,
      0.175,
      1.2225,
      0.2625,
      1.31,
      0.3475,
      1.395,
      0.435,
      1.4825,
      0.5225,
      1.57,
      0.61,
      1.6575,
      0.6975,
      1.745,
      0.785,
      1.8325,
      0.8725,
      1.92,
      0.96,
      0,
      1.0475,
      0.0875,
      1.135,
      0.175,
      1.2225,
      0.2625,
      1.31,
      0.3475,
      1.395,
      0.435,
      1.4825,
      0.5225,
      1.57,
      0.61,
      1.6575,
      0.6975,
      1.745,
      0.785,
      1.8325,
      0.8725,
      1.92,
      0.96,
      0,
      1.0475,
      0.0875,
      1.135,
      0.175,
      1.2225,
      0.2625,
      1.31,
      0.3475,
      1.395,
      0.435,
      1.4825,
      0.5225,
      1.57,
      0.61,
      1.6575,
      0.6975,
      1.745,
      0.785,
      1.8325,
      0.8725,
      1.92,
      0.96
    ],
    "SoftwareVersions": "syngo_MR_B17",
    "TaskName": "Scene Localizer",
    "TotalReadoutTime": 0.0568788,
    "modality": "bold",
    "session_id": "10",
    "subject_id": "CSI3",
    "task_id": "localizer"
  },
  "dummy_trs": 0,
  "dvars_nstd": 31.886859907000012,
  "dvars_std": 1.3347680671428577,
  "dvars_vstd": 1.0086603285000002,
  "efc": 0.5029234645453513,
  "fber": 3281.955810546875,
  "fd_mean": 0.0750706038914837,
  "fd_num": 3,
  "fd_perc": 2.127659574468085,
  "fwhm_avg": 2.5202183333333332,
  "fwhm_x": 2.26387,
  "fwhm_y": 2.973585,
  "fwhm_z": 2.3232,
  "gcor": 0.0161974,
  "gsr_x": -0.009909669868648052,
  "gsr_y": 0.017887290567159653,
  "provenance": {
    "md5sum": "7c59442e07510ad80195bb3c012fe332",
    "settings": {
      "fd_thres": 0.2,
      "hmc_fsl": false
    },
    "software": "mriqc",
    "version": "0.11.0",
    "webapi_port": null,
    "webapi_url": null
  },
  "size_t": 141,
  "size_x": 106,
  "size_y": 106,
  "size_z": 69,
  "snr": 5.537401735356996,
  "spacing_tr": 2.0,
  "spacing_x": 2.0,
  "spacing_y": 2.0,
  "spacing_z": 2.0,
  "summary_bg_k": 22.94880945165318,
  "summary_bg_mad": 5.9619526863098145,
  "summary_bg_mean": 25.900039672851562,
  "summary_bg_median": 9.12765884399414,
  "summary_bg_n": 519084.0,
  "summary_bg_p05": 3.8936169147491455,
  "summary_bg_p95": 104.53084945678694,
  "summary_bg_stdv": 47.409820556640625,
  "summary_fg_k": 4.733082374715007,
  "summary_fg_mad": 67.10616302490234,
  "summary_fg_mean": 532.3881225585938,
  "summary_fg_median": 537.8297729492188,
  "summary_fg_n": 159408.0,
  "summary_fg_p05": 367.80635833740234,
  "summary_fg_p95": 665.9006958007812,
  "summary_fg_stdv": 97.12643432617188,
  "tsnr": 61.03557586669922
}