{
  "aor": 0.0023652061855670104,
  "aqi": 0.012760109948453608,
  "bids_meta": {
    "AcquisitionNumber": 1,
    "AcquisitionTime": "09:45:23.577500",
    "BandwidthPerPixelPhaseEncode": 13.103,
    "ConversionSoftware": "dcm2niix",
    "ConversionSoftwareVersion": "v1.0.20170724 GCC4.4.7",
    "DeviceSerialNumber": "40482",
    "EchoTime": 0.03,
    "EffectiveEchoSpacing": 0.000719985,
    "FlipAngle": 79,
    "ImageType": [
      "ORIGINAL",
      "PRIMARY",
      "M",
      "MB",
      "ND",
      "NORM",
      "MOSAIC"
    ],
    "InstitutionAddress": "Frew_4805_Pittsburgh_District_US_15213",
    "InstitutionName": "SIBR",
    "MagneticFieldStrength": 3,
    "Manufacturer": "Siemens",
    "ManufacturersModelName": "Verio",
    "PartialFourier": "6/8",
    "PhaseEncodingDirection": "j-",
    "PhaseEncodingLines": 106,
    "ProcedureStepDescription": "Dr._Tarr_Elissa",
    "ProtocolName": "BOLD_CSI3_Sess-6_Run-2",
    "PulseSequenceType": "Multiband gradient echo EPI",
    "RepetitionTime": 2,
    "ScanningSequence": "EP",
    "SequenceName": "epfid2d1_106",
    "SequenceVariant": "SK_SS",
    "SeriesDescription": "BOLD_CSI3_Sess-6_Run-2",
    "SliceTiming": [
      0,
      1.0475,
      0.085,
      1.1325,
      0.1725,
      1.22,
      0.26,
      1.3075,
      0.3475,
      1.395,
      0.435,
      1.4825,
      0.5225,
      1.57,
      0.61,
      1.6575,
      0.6975,
      1.745,
      0.785,
      1.8325,
      0.8725,
      1.92,
      0.96,
      0,
      1.0475,
      0.085,
      1.1325,
      0.1725,
      1.22,
      0.26,
      1.3075,
      0.3475,
      1.395,
      0.435,
      1.4825,
      0.5225,
      1.57,
      0.61,
      1.6575,
      0.6975,
      1.745,
      0.785,
      1.8325,
      0.8725,
      1.92,
      0.96,
      0,
      1.0475,
      0.085,
      1.1325,
      0.1725,
      1.22,
      0.26,
      1.3075,
      0.3475,
      1.395,
      0.435,
      1.4825,
      0.5225,
      1.57,
      0.61,
      1.6575,
      0.6975,
      1.745,
      0.785,
      1.8325,
      0.8725,
      1.92,
      0.96
    ],
    "SoftwareVersions": "syngo_MR_B17",
    "TaskName": "5000scenes",
    "TotalReadoutTime": 0.0568788,
    "modality": "bold",
    "run_id": "02",
    "session_id": "06",
    "subject_id": "CSI3",
    "task_id": "5000scenes"
  },
  "dummy_trs": 0,
  "dvars_nstd": 33.86181456803109,
  "dvars_std": 1.3345068070466324,
  "dvars_vstd": 1.030500113316062,
  "efc": 0.49475374888343565,
  "fber": 3863.771484375,
  "fd_mean": 0.1582736616057477,
  "fd_num": 51,
  "fd_perc": 26.288659793814432,
  "fwhm_avg": 2.5265299999999997,
  "fwhm_x": 2.26309,
  "fwhm_y": 2.98656,
  "fwhm_z": 2.32994,
  "gcor": 0.0145616,
  "gsr_x": -0.007850638590753078,
  "gsr_y": 0.01728806644678116,
  "provenance": {
    "md5sum": "14d235d89946284ec9f824952de7f308",
    "settings": {
      "fd_thres": 0.2,
      "hmc_fsl": false
    },
    "software": "mriqc",
    "version": "0.11.0",
    "webapi_port": null,
    "webapi_url": null
  },
  "size_t": 194,
  "size_x": 106,
  "size_y": 106,
  "size_z": 69,
  "snr": 5.5167103815239615,
  "spacing_tr": 2.0,
  "spacing_x": 2.0,
  "spacing_y": 2.0,
  "spacing_z": 2.0,
  "summary_bg_k": 27.57790576237164,
  "summary_bg_mad": 5.6552863121032715,
  "summary_bg_mean": 23.45925521850586,
  "summary_bg_median": 8.613401412963867,
  "summary_bg_n": 519557.0,
  "summary_bg_p05": 3.5103092193603516,
  "summary_bg_p95": 88.82473754882812,
  "summary_bg_stdv": 44.644290924072266,
  "summary_fg_k": 4.69947571232813,
  "summary_fg_mad": 69.78166198730469,
  "summary_fg_mean": 545.50537109375,
  "summary_fg_median": 550.45361328125,
  "summary_fg_n": 159115.0,
  "summary_fg_p05": 380.82834777832034,
  "summary_fg_p95": 683.4685180664061,
  "summary_fg_stdv": 99.77900695800781,
  "tsnr": 55.981571197509766
}