{
  "aor": 0.002101340206185567,
  "aqi": 0.013055016546391752,
  "bids_meta": {
    "AcquisitionNumber": 1,
    "AcquisitionTime": "17:52:40.237500",
    "BandwidthPerPixelPhaseEncode": 13.103,
    "ConversionSoftware": "dcm2niix",
    "ConversionSoftwareVersion": "v1.0.20170724 GCC4.4.7",
    "DeviceSerialNumber": "40482",
    "EchoTime": 0.03,
    "EffectiveEchoSpacing": 0.000719985,
    "FlipAngle": 79,
    "ImageType": [
      "ORIGINAL",
      "PRIMARY",
      "M",
      "MB",
      "ND",
      "NORM",
      "MOSAIC"
    ],
    "InstitutionAddress": "Frew_4805_Pittsburgh_District_US_15213",
    "InstitutionName": "SIBR",
    "MagneticFieldStrength": 3,
    "Manufacturer": "Siemens",
    "ManufacturersModelName": "Verio",
    "PartialFourier": "6/8",
    "PhaseEncodingDirection": "j-",
    "PhaseEncodingLines": 106,
    "ProcedureStepDescription": "Dr._Tarr_Elissa",
    "ProtocolName": "BOLD_CSI3_Sess-14_Run-9",
    "PulseSequenceType": "Multiband gradient echo EPI",
    "RepetitionTime": 2,
    "ScanningSequence": "EP",
    "SequenceName": "epfid2d1_106",
    "SequenceVariant": "SK_SS",
    "SeriesDescription": "BOLD_CSI3_Sess-14_Run-9",
    "SliceTiming": [
      0,
      1.0475,
      0.0875,
      1.135,
      0.175,
      1.2225,
      0.2625,
      1.31,
      0.35,
      1.3975,
      0.4375,
      1.485,
      0.525,
      1.5725,
      0.6125,
      1.66,
      0.7,
      1.7475,
      0.7875,
      1.835,
      0.8725,
      1.92,
      0.96,
      0,
      1.0475,
      0.0875,
      1.135,
      0.175,
      1.2225,
      0.2625,
      1.31,
      0.35,
      1.3975,
      0.4375,
      1.485,
      0.525,
      1.5725,
      0.6125,
      1.66,
      0.7,
      1.7475,
      0.7875,
      1.835,
      0.8725,
      1.92,
      0.96,
      0,
      1.0475,
      0.0875,
      1.135,
      0.175,
      1.2225,
      0.2625,
      1.31,
      0.35,
      1.3975,
      0.4375,
      1.485,
      0.525,
      1.5725,
      0.6125,
      1.66,
      0.7,
      1.7475,
      0.7875,
      1.835,
      0.8725,
      1.92,
      0.96
    ],
    "SoftwareVersions": "syngo_MR_B17",
    "TaskName": "5000scenes",
    "TotalReadoutTime": 0.0568788,
    "modality": "bold",
    "run_id": "09",
    "session_id": "14",
    "subject_id": "CSI3",
    "task_id": "5000scenes"
  },
  "dummy_trs": 0,
  "dvars_nstd": 32.60548160751297,
  "dvars_std": 1.330620724145077,
  "dvars_vstd": 1.032168973523316,
  "efc": 0.5007777707150636,
  "fber": 3313.992919921875,
  "fd_mean": 0.12176373489963578,
  "fd_num": 21,
  "fd_perc": 10.824742268041238,
  "fwhm_avg": 2.532033333333333,
  "fwhm_x": 2.271485,
  "fwhm_y": 2.982185,
  "fwhm_z": 2.34243,
  "gcor": 0.0121719,
  "gsr_x": -0.009892292320728302,
  "gsr_y": 0.017136521637439728,
  "provenance": {
    "md5sum": "ac0ad249b8d4bb15c91870bdbc770f30",
    "settings": {
      "fd_thres": 0.2,
      "hmc_fsl": false
    },
    "software": "mriqc",
    "version": "0.11.0",
    "webapi_port": null,
    "webapi_url": null
  },
  "size_t": 194,
  "size_x": 106,
  "size_y": 106,
  "size_z": 69,
  "snr": 5.526050180221547,
  "spacing_tr": 2.0,
  "spacing_x": 2.0,
  "spacing_y": 2.0,
  "spacing_z": 2.0,
  "summary_bg_k": 22.798737748556483,
  "summary_bg_mad": 6.297237873077393,
  "summary_bg_mean": 26.547094345092773,
  "summary_bg_median": 9.541236877441406,
  "summary_bg_n": 519892.0,
  "summary_bg_p05": 3.9381442070007324,
  "summary_bg_p95": 106.62602806091286,
  "summary_bg_stdv": 48.278167724609375,
  "summary_fg_k": 4.859426664801267,
  "summary_fg_mad": 69.47599029541016,
  "summary_fg_mean": 558.1830444335938,
  "summary_fg_median": 564.87109375,
  "summary_fg_n": 158756.0,
  "summary_fg_p05": 384.8517837524414,
  "summary_fg_p95": 697.319580078125,
  "summary_fg_stdv": 102.2193603515625,
  "tsnr": 55.8416633605957
}