{
  "aor": 0.001332680412371134,
  "aqi": 0.01249547231958763,
  "bids_meta": {
    "AcquisitionNumber": 1,
    "AcquisitionTime": "10:02:29.380000",
    "BandwidthPerPixelPhaseEncode": 13.103,
    "ConversionSoftware": "dcm2niix",
    "ConversionSoftwareVersion": "v1.0.20170724 GCC4.4.7",
    "DeviceSerialNumber": "40482",
    "EchoTime": 0.03,
    "EffectiveEchoSpacing": 0.000719985,
    "FlipAngle": 79,
    "ImageType": [
      "ORIGINAL",
      "PRIMARY",
      "M",
      "MB",
      "ND",
      "NORM",
      "MOSAIC"
    ],
    "InstitutionAddress": "Frew_4805_Pittsburgh_District_US_15213",
    "InstitutionName": "SIBR",
    "MagneticFieldStrength": 3,
    "Manufacturer": "Siemens",
    "ManufacturersModelName": "Verio",
    "PartialFourier": "6/8",
    "PhaseEncodingDirection": "j-",
    "PhaseEncodingLines": 106,
    "ProcedureStepDescription": "Dr._Tarr_Elissa",
    "ProtocolName": "BOLD_CSI3_Sess-7_Run-4",
    "PulseSequenceType": "Multiband gradient echo EPI",
    "RepetitionTime": 2,
    "ScanningSequence": "EP",
    "SequenceName": "epfid2d1_106",
    "SequenceVariant": "SK_SS",
    "SeriesDescription": "BOLD_CSI3_Sess-7_Run-4",
    "SliceTiming": [
      0,
      1.0475,
      0.0875,
      1.135,
      0.175,
      1.2225,
      0.2625,
      1.31,
      0.35,
      1.3975,
      0.435,
      1.4825,
      0.5225,
      1.57,
      0.61,
      1.6575,
      0.6975,
      1.745,
      0.785,
      1.8325,
      0.8725,
      1.92,
      0.96,
      0,
      1.0475,
      0.0875,
      1.135,
      0.175,
      1.2225,
      0.2625,
      1.31,
      0.35,
      1.3975,
      0.435,
      1.4825,
      0.5225,
      1.57,
      0.61,
      1.6575,
      0.6975,
      1.745,
      0.785,
      1.8325,
      0.8725,
      1.92,
      0.96,
      0,
      1.0475,
      0.0875,
      1.135,
      0.175,
      1.2225,
      0.2625,
      1.31,
      0.35,
      1.3975,
      0.435,
      1.4825,
      0.5225,
      1.57,
      0.61,
      1.6575,
      0.6975,
      1.745,
      0.785,
      1.8325,
      0.8725,
      1.92,
      0.96
    ],
    "SoftwareVersions": "syngo_MR_B17",
    "TaskName": "5000scenes",
    "TotalReadoutTime": 0.0568788,
    "modality": "bold",
    "run_id": "04",
    "session_id": "07",
    "subject_id": "CSI3",
    "task_id": "5000scenes"
  },
  "dummy_trs": 0,
  "dvars_nstd": 32.659070988238355,
  "dvars_std": 1.317234813419689,
  "dvars_vstd": 1.0172768884455956,
  "efc": 0.49906137104403253,
  "fber": 3611.920166015625,
  "fd_mean": 0.11661157547631895,
  "fd_num": 24,
  "fd_perc": 12.371134020618557,
  "fwhm_avg": 2.5407433333333334,
  "fwhm_x": 2.27767,
  "fwhm_y": 2.992505,
  "fwhm_z": 2.352055,
  "gcor": 0.0193802,
  "gsr_x": -0.009446238167583942,
  "gsr_y": 0.01956205628812313,
  "provenance": {
    "md5sum": "67fef5277a7c33f5f302f9ccf53134cc",
    "settings": {
      "fd_thres": 0.2,
      "hmc_fsl": false
    },
    "software": "mriqc",
    "version": "0.11.0",
    "webapi_port": null,
    "webapi_url": null
  },
  "size_t": 194,
  "size_x": 106,
  "size_y": 106,
  "size_z": 69,
  "snr": 5.618977936121036,
  "spacing_tr": 2.0,
  "spacing_x": 2.0,
  "spacing_y": 2.0,
  "spacing_z": 2.0,
  "summary_bg_k": 24.97502043995568,
  "summary_bg_mad": 5.815773963928223,
  "summary_bg_mean": 24.845335006713867,
  "summary_bg_median": 8.917525291442871,
  "summary_bg_n": 518745.0,
  "summary_bg_p05": 3.798969030380249,
  "summary_bg_p95": 96.44329833984375,
  "summary_bg_stdv": 46.38794708251953,
  "summary_fg_k": 5.03296486594807,
  "summary_fg_mad": 67.77555084228516,
  "summary_fg_mean": 545.4467163085938,
  "summary_fg_median": 551.0076904296875,
  "summary_fg_n": 159698.0,
  "summary_fg_p05": 382.287092590332,
  "summary_fg_p95": 678.8718719482422,
  "summary_fg_stdv": 98.06159973144531,
  "tsnr": 58.03335189819336
}