{
  "aor": 0.001272319587628866,
  "aqi": 0.013336353762886598,
  "bids_meta": {
    "AcquisitionNumber": 1,
    "AcquisitionTime": "10:34:43.937500",
    "BandwidthPerPixelPhaseEncode": 13.103,
    "ConversionSoftware": "dcm2niix",
    "ConversionSoftwareVersion": "v1.0.20170724 GCC4.4.7",
    "DeviceSerialNumber": "40482",
    "EchoTime": 0.03,
    "EffectiveEchoSpacing": 0.000719985,
    "FlipAngle": 79,
    "ImageType": [
      "ORIGINAL",
      "PRIMARY",
      "M",
      "MB",
      "ND",
      "NORM",
      "MOSAIC"
    ],
    "InstitutionAddress": "Frew_4805_Pittsburgh_District_US_15213",
    "InstitutionName": "SIBR",
    "MagneticFieldStrength": 3,
    "Manufacturer": "Siemens",
    "ManufacturersModelName": "Verio",
    "PartialFourier": "6/8",
    "PhaseEncodingDirection": "j-",
    "PhaseEncodingLines": 106,
    "ProcedureStepDescription": "Dr._Tarr_Elissa",
    "ProtocolName": "BOLD_CSI3_Sess-1_Run-4",
    "PulseSequenceType": "Multiband gradient echo EPI",
    "RepetitionTime": 2,
    "ScanningSequence": "EP",
    "SequenceName": "epfid2d1_106",
    "SequenceVariant": "SK_SS",
    "SeriesDescription": "BOLD_CSI3_Sess-1_Run-4",
    "SliceTiming": [
      0,
      1.0475,
      0.0875,
      1.135,
      0.175,
      1.2225,
      0.2625,
      1.31,
      0.35,
      1.3975,
      0.4375,
      1.485,
      0.525,
      1.5725,
      0.61,
      1.6575,
      0.6975,
      1.745,
      0.785,
      1.8325,
      0.8725,
      1.92,
      0.96,
      0,
      1.0475,
      0.0875,
      1.135,
      0.175,
      1.2225,
      0.2625,
      1.31,
      0.35,
      1.3975,
      0.4375,
      1.485,
      0.525,
      1.5725,
      0.61,
      1.6575,
      0.6975,
      1.745,
      0.785,
      1.8325,
      0.8725,
      1.92,
      0.96,
      0,
      1.0475,
      0.0875,
      1.135,
      0.175,
      1.2225,
      0.2625,
      1.31,
      0.35,
      1.3975,
      0.4375,
      1.485,
      0.525,
      1.5725,
      0.61,
      1.6575,
      0.6975,
      1.745,
      0.785,
      1.8325,
      0.8725,
      1.92,
      0.96
    ],
    "SoftwareVersions": "syngo_MR_B17",
    "TaskName": "5000scenes",
    "TotalReadoutTime": 0.0568788,
    "modality": "bold",
    "run_id": "04",
    "session_id": "01",
    "subject_id": "CSI3",
    "task_id": "5000scenes"
  },
  "dummy_trs": 0,
  "dvars_nstd": 30.295870983626944,
  "dvars_std": 1.2977216779792742,
  "dvars_vstd": 1.0049184132642484,
  "efc": 0.5003719082145279,
  "fber": 3676.626708984375,
  "fd_mean": 0.08639139559120347,
  "fd_num": 12,
  "fd_perc": 6.185567010309279,
  "fwhm_avg": 2.5420466666666663,
  "fwhm_x": 2.27981,
  "fwhm_y": 2.99933,
  "fwhm_z": 2.347,
  "gcor": 0.0157438,
  "gsr_x": -0.009960209019482136,
  "gsr_y": 0.019018469378352165,
  "provenance": {
    "md5sum": "7e05dc7a933065911e7f77358456120c",
    "settings": {
      "fd_thres": 0.2,
      "hmc_fsl": false
    },
    "software": "mriqc",
    "version": "0.11.0",
    "webapi_port": null,
    "webapi_url": null
  },
  "size_t": 194,
  "size_x": 106,
  "size_y": 106,
  "size_z": 69,
  "snr": 5.591954655333793,
  "spacing_tr": 2.0,
  "spacing_x": 2.0,
  "spacing_y": 2.0,
  "spacing_z": 2.0,
  "summary_bg_k": 24.841929551432365,
  "summary_bg_mad": 5.876912593841553,
  "summary_bg_mean": 24.79988670349121,
  "summary_bg_median": 8.75257682800293,
  "summary_bg_n": 517629.0,
  "summary_bg_p05": 3.5824742317199707,
  "summary_bg_p95": 97.65772705078113,
  "summary_bg_stdv": 46.98271560668945,
  "summary_fg_k": 4.8498107076188335,
  "summary_fg_mad": 67.21385192871094,
  "summary_fg_mean": 538.2625122070312,
  "summary_fg_median": 543.9484252929688,
  "summary_fg_n": 160602.0,
  "summary_fg_p05": 374.17061920166014,
  "summary_fg_p95": 670.8605224609374,
  "summary_fg_stdv": 97.2730941772461,
  "tsnr": 55.41691970825195
}