{
  "aor": 0.0018368556701030929,
  "aqi": 0.01361714567010309,
  "bids_meta": {
    "AcquisitionNumber": 1,
    "AcquisitionTime": "10:27:18.610000",
    "BandwidthPerPixelPhaseEncode": 13.103,
    "ConversionSoftware": "dcm2niix",
    "ConversionSoftwareVersion": "v1.0.20170724 GCC4.4.7",
    "DeviceSerialNumber": "40482",
    "EchoTime": 0.03,
    "EffectiveEchoSpacing": 0.000719985,
    "FlipAngle": 79,
    "ImageType": [
      "ORIGINAL",
      "PRIMARY",
      "M",
      "MB",
      "ND",
      "NORM",
      "MOSAIC"
    ],
    "InstitutionAddress": "Frew_4805_Pittsburgh_District_US_15213",
    "InstitutionName": "SIBR",
    "MagneticFieldStrength": 3,
    "Manufacturer": "Siemens",
    "ManufacturersModelName": "Verio",
    "PartialFourier": "6/8",
    "PhaseEncodingDirection": "j-",
    "PhaseEncodingLines": 106,
    "ProcedureStepDescription": "Dr._Tarr_Elissa",
    "ProtocolName": "BOLD_CSI3_Sess-8_Run-4",
    "PulseSequenceType": "Multiband gradient echo EPI",
    "RepetitionTime": 2,
    "ScanningSequence": "EP",
    "SequenceName": "epfid2d1_106",
    "SequenceVariant": "SK_SS",
    "SeriesDescription": "BOLD_CSI3_Sess-8_Run-4",
    "SliceTiming": [
      0,
      1.0475,
      0.0875,
      1.135,
      0.175,
      1.2225,
      0.2625,
      1.31,
      0.35,
      1.3975,
      0.4375,
      1.485,
      0.5225,
      1.57,
      0.61,
      1.6575,
      0.6975,
      1.745,
      0.785,
      1.8325,
      0.8725,
      1.92,
      0.96,
      0,
      1.0475,
      0.0875,
      1.135,
      0.175,
      1.2225,
      0.2625,
      1.31,
      0.35,
      1.3975,
      0.4375,
      1.485,
      0.5225,
      1.57,
      0.61,
      1.6575,
      0.6975,
      1.745,
      0.785,
      1.8325,
      0.8725,
      1.92,
      0.96,
      0,
      1.0475,
      0.0875,
      1.135,
      0.175,
      1.2225,
      0.2625,
      1.31,
      0.35,
      1.3975,
      0.4375,
      1.485,
      0.5225,
      1.57,
      0.61,
      1.6575,
      0.6975,
      1.745,
      0.785,
      1.8325,
      0.8725,
      1.92,
      0.96
    ],
    "SoftwareVersions": "syngo_MR_B17",
    "TaskName": "5000scenes",
    "TotalReadoutTime": 0.0568788,
    "modality": "bold",
    "run_id": "04",
    "session_id": "08",
    "subject_id": "CSI3",
    "task_id": "5000scenes"
  },
  "dummy_trs": 0,
  "dvars_nstd": 33.81803963212437,
  "dvars_std": 1.3615177717098441,
  "dvars_vstd": 1.0120758806735743,
  "efc": 0.49767056101826757,
  "fber": 3649.239013671875,
  "fd_mean": 0.13301493487926605,
  "fd_num": 25,
  "fd_perc": 12.88659793814433,
  "fwhm_avg": 2.5318616666666665,
  "fwhm_x": 2.266105,
  "fwhm_y": 2.997045,
  "fwhm_z": 2.332435,
  "gcor": 0.0217458,
  "gsr_x": -0.01139511726796627,
  "gsr_y": 0.016738906502723694,
  "provenance": {
    "md5sum": "9186c6d4f53b9fe6e1f899e1bd4265be",
    "settings": {
      "fd_thres": 0.2,
      "hmc_fsl": false
    },
    "software": "mriqc",
    "version": "0.11.0",
    "webapi_port": null,
    "webapi_url": null
  },
  "size_t": 194,
  "size_x": 106,
  "size_y": 106,
  "size_z": 69,
  "snr": 5.534326891409645,
  "spacing_tr": 2.0,
  "spacing_x": 2.0,
  "spacing_y": 2.0,
  "spacing_z": 2.0,
  "summary_bg_k": 25.59342006572451,
  "summary_bg_mad": 5.6170759201049805,
  "summary_bg_mean": 23.813125610351562,
  "summary_bg_median": 8.701030731201172,
  "summary_bg_n": 518483.0,
  "summary_bg_p05": 3.670103073120117,
  "summary_bg_p95": 92.25772857666016,
  "summary_bg_stdv": 44.39759826660156,
  "summary_fg_k": 4.73092125959131,
  "summary_fg_mad": 67.59214782714844,
  "summary_fg_mean": 534.4230346679688,
  "summary_fg_median": 540.7886352539062,
  "summary_fg_n": 159788.0,
  "summary_fg_p05": 368.3901962280273,
  "summary_fg_p95": 666.6528076171875,
  "summary_fg_stdv": 97.71503448486328,
  "tsnr": 54.82500457763672
}