{
  "aor": 0.0008589690721649485,
  "aqi": 0.010332105412371133,
  "bids_meta": {
    "AcquisitionNumber": 1,
    "AcquisitionTime": "13:27:44.057500",
    "BandwidthPerPixelPhaseEncode": 13.103,
    "ConversionSoftware": "dcm2niix",
    "ConversionSoftwareVersion": "v1.0.20170724 GCC4.4.7",
    "DeviceSerialNumber": "40482",
    "EchoTime": 0.03,
    "EffectiveEchoSpacing": 0.000719985,
    "FlipAngle": 79,
    "ImageType": [
      "ORIGINAL",
      "PRIMARY",
      "M",
      "MB",
      "ND",
      "NORM",
      "MOSAIC"
    ],
    "InstitutionAddress": "Frew_4805_Pittsburgh_District_US_15213",
    "InstitutionName": "SIBR",
    "MagneticFieldStrength": 3,
    "Manufacturer": "Siemens",
    "ManufacturersModelName": "Verio",
    "PartialFourier": "6/8",
    "PhaseEncodingDirection": "j-",
    "PhaseEncodingLines": 106,
    "ProcedureStepDescription": "Dr._Tarr_Elissa",
    "ProtocolName": "BOLD_CSI3_Sess-11_Run-7",
    "PulseSequenceType": "Multiband gradient echo EPI",
    "RepetitionTime": 2,
    "ScanningSequence": "EP",
    "SequenceName": "epfid2d1_106",
    "SequenceVariant": "SK_SS",
    "SeriesDescription": "BOLD_CSI3_Sess-11_Run-7",
    "SliceTiming": [
      0,
      1.0475,
      0.0875,
      1.135,
      0.175,
      1.2225,
      0.2625,
      1.31,
      0.35,
      1.3975,
      0.4375,
      1.485,
      0.525,
      1.5725,
      0.6125,
      1.66,
      0.7,
      1.7475,
      0.785,
      1.8325,
      0.8725,
      1.92,
      0.96,
      0,
      1.0475,
      0.0875,
      1.135,
      0.175,
      1.2225,
      0.2625,
      1.31,
      0.35,
      1.3975,
      0.4375,
      1.485,
      0.525,
      1.5725,
      0.6125,
      1.66,
      0.7,
      1.7475,
      0.785,
      1.8325,
      0.8725,
      1.92,
      0.96,
      0,
      1.0475,
      0.0875,
      1.135,
      0.175,
      1.2225,
      0.2625,
      1.31,
      0.35,
      1.3975,
      0.4375,
      1.485,
      0.525,
      1.5725,
      0.6125,
      1.66,
      0.7,
      1.7475,
      0.785,
      1.8325,
      0.8725,
      1.92,
      0.96
    ],
    "SoftwareVersions": "syngo_MR_B17",
    "TaskName": "5000scenes",
    "TotalReadoutTime": 0.0568788,
    "modality": "bold",
    "run_id": "07",
    "session_id": "11",
    "subject_id": "CSI3",
    "task_id": "5000scenes"
  },
  "dummy_trs": 0,
  "dvars_nstd": 31.64912267274612,
  "dvars_std": 1.3344060540414502,
  "dvars_vstd": 1.0179888728497406,
  "efc": 0.5031653872207336,
  "fber": 3278.408935546875,
  "fd_mean": 0.0851678477913932,
  "fd_num": 6,
  "fd_perc": 3.0927835051546393,
  "fwhm_avg": 2.5423666666666667,
  "fwhm_x": 2.289505,
  "fwhm_y": 3.00441,
  "fwhm_z": 2.333185,
  "gcor": 0.0146556,
  "gsr_x": -0.013383414596319199,
  "gsr_y": 0.01396226417273283,
  "provenance": {
    "md5sum": "69b60d3dc92b1bc0b69207aa1232657b",
    "settings": {
      "fd_thres": 0.2,
      "hmc_fsl": false
    },
    "software": "mriqc",
    "version": "0.11.0",
    "webapi_port": null,
    "webapi_url": null
  },
  "size_t": 194,
  "size_x": 106,
  "size_y": 106,
  "size_z": 69,
  "snr": 5.364972532920096,
  "spacing_tr": 2.0,
  "spacing_x": 2.0,
  "spacing_y": 2.0,
  "spacing_z": 2.0,
  "summary_bg_k": 22.747821013296313,
  "summary_bg_mad": 6.121466159820557,
  "summary_bg_mean": 26.93566131591797,
  "summary_bg_median": 9.340206146240234,
  "summary_bg_n": 518515.0,
  "summary_bg_p05": 3.9536080360412598,
  "summary_bg_p95": 109.08917083740229,
  "summary_bg_stdv": 50.90450668334961,
  "summary_fg_k": 4.752882967303586,
  "summary_fg_mad": 69.34601593017578,
  "summary_fg_mean": 543.1661987304688,
  "summary_fg_median": 550.0308837890625,
  "summary_fg_n": 159880.0,
  "summary_fg_p05": 366.2466323852539,
  "summary_fg_p95": 681.0675292968749,
  "summary_fg_stdv": 102.52227020263672,
  "tsnr": 61.74554443359375
}