{
  "aor": 0.0021827319587628866,
  "aqi": 0.013718767783505156,
  "bids_meta": {
    "AcquisitionNumber": 1,
    "AcquisitionTime": "10:22:57.402500",
    "BandwidthPerPixelPhaseEncode": 13.103,
    "ConversionSoftware": "dcm2niix",
    "ConversionSoftwareVersion": "v1.0.20170724 GCC4.4.7",
    "DeviceSerialNumber": "40482",
    "EchoTime": 0.03,
    "EffectiveEchoSpacing": 0.000719985,
    "FlipAngle": 79,
    "ImageType": [
      "ORIGINAL",
      "PRIMARY",
      "M",
      "MB",
      "ND",
      "NORM",
      "MOSAIC"
    ],
    "InstitutionAddress": "Frew_4805_Pittsburgh_District_US_15213",
    "InstitutionName": "SIBR",
    "MagneticFieldStrength": 3,
    "Manufacturer": "Siemens",
    "ManufacturersModelName": "Verio",
    "PartialFourier": "6/8",
    "PhaseEncodingDirection": "j-",
    "PhaseEncodingLines": 106,
    "ProcedureStepDescription": "Dr._Tarr_Elissa",
    "ProtocolName": "BOLD_CSI3_Sess-7_Run-6",
    "PulseSequenceType": "Multiband gradient echo EPI",
    "RepetitionTime": 2,
    "ScanningSequence": "EP",
    "SequenceName": "epfid2d1_106",
    "SequenceVariant": "SK_SS",
    "SeriesDescription": "BOLD_CSI3_Sess-7_Run-6",
    "SliceTiming": [
      0,
      1.0475,
      0.0875,
      1.1325,
      0.1725,
      1.22,
      0.26,
      1.3075,
      0.3475,
      1.395,
      0.435,
      1.4825,
      0.5225,
      1.57,
      0.61,
      1.6575,
      0.6975,
      1.745,
      0.785,
      1.8325,
      0.8725,
      1.92,
      0.96,
      0,
      1.0475,
      0.0875,
      1.1325,
      0.1725,
      1.22,
      0.26,
      1.3075,
      0.3475,
      1.395,
      0.435,
      1.4825,
      0.5225,
      1.57,
      0.61,
      1.6575,
      0.6975,
      1.745,
      0.785,
      1.8325,
      0.8725,
      1.92,
      0.96,
      0,
      1.0475,
      0.0875,
      1.1325,
      0.1725,
      1.22,
      0.26,
      1.3075,
      0.3475,
      1.395,
      0.435,
      1.4825,
      0.5225,
      1.57,
      0.61,
      1.6575,
      0.6975,
      1.745,
      0.785,
      1.8325,
      0.8725,
      1.92,
      0.96
    ],
    "SoftwareVersions": "syngo_MR_B17",
    "TaskName": "5000scenes",
    "TotalReadoutTime": 0.0568788,
    "modality": "bold",
    "run_id": "06",
    "session_id": "07",
    "subject_id": "CSI3",
    "task_id": "5000scenes"
  },
  "dummy_trs": 0,
  "dvars_nstd": 35.08648197352332,
  "dvars_std": 1.368138934300518,
  "dvars_vstd": 1.0280495458549224,
  "efc": 0.5003281527610697,
  "fber": 3565.752197265625,
  "fd_mean": 0.10482434126973318,
  "fd_num": 17,
  "fd_perc": 8.762886597938145,
  "fwhm_avg": 2.551285,
  "fwhm_x": 2.28337,
  "fwhm_y": 3.01291,
  "fwhm_z": 2.357575,
  "gcor": 0.016013,
  "gsr_x": -0.009444285184144974,
  "gsr_y": 0.02061888575553894,
  "provenance": {
    "md5sum": "3278c7794822579d7cbcb5667960f364",
    "settings": {
      "fd_thres": 0.2,
      "hmc_fsl": false
    },
    "software": "mriqc",
    "version": "0.11.0",
    "webapi_port": null,
    "webapi_url": null
  },
  "size_t": 194,
  "size_x": 106,
  "size_y": 106,
  "size_z": 69,
  "snr": 5.628706470608531,
  "spacing_tr": 2.0,
  "spacing_x": 2.0,
  "spacing_y": 2.0,
  "spacing_z": 2.0,
  "summary_bg_k": 24.66002313538476,
  "summary_bg_mad": 5.792848110198975,
  "summary_bg_mean": 24.736738204956055,
  "summary_bg_median": 8.886597633361816,
  "summary_bg_n": 517792.0,
  "summary_bg_p05": 3.7886595726013184,
  "summary_bg_p95": 95.8453598022461,
  "summary_bg_stdv": 45.94232940673828,
  "summary_fg_k": 4.952451963625554,
  "summary_fg_mad": 67.16421508789062,
  "summary_fg_mean": 541.0509643554688,
  "summary_fg_median": 546.3634033203125,
  "summary_fg_n": 160522.0,
  "summary_fg_p05": 379.20205078125,
  "summary_fg_p95": 673.8087493896483,
  "summary_fg_stdv": 97.06700897216797,
  "tsnr": 56.08277130126953
}