{
  "aor": 0.0013365463917525775,
  "aqi": 0.01183823974226804,
  "bids_meta": {
    "AcquisitionNumber": 1,
    "AcquisitionTime": "10:58:31.882500",
    "BandwidthPerPixelPhaseEncode": 13.103,
    "ConversionSoftware": "dcm2niix",
    "ConversionSoftwareVersion": "v1.0.20170724 GCC4.4.7",
    "DeviceSerialNumber": "40482",
    "EchoTime": 0.03,
    "EffectiveEchoSpacing": 0.000719985,
    "FlipAngle": 79,
    "ImageType": [
      "ORIGINAL",
      "PRIMARY",
      "M",
      "MB",
      "ND",
      "NORM",
      "MOSAIC"
    ],
    "InstitutionAddress": "Frew_4805_Pittsburgh_District_US_15213",
    "InstitutionName": "SIBR",
    "MagneticFieldStrength": 3,
    "Manufacturer": "Siemens",
    "ManufacturersModelName": "Verio",
    "PartialFourier": "6/8",
    "PhaseEncodingDirection": "j-",
    "PhaseEncodingLines": 106,
    "ProcedureStepDescription": "Dr._Tarr_Elissa",
    "ProtocolName": "BOLD_CSI3_Sess-3_Run-3",
    "PulseSequenceType": "Multiband gradient echo EPI",
    "RepetitionTime": 2,
    "ScanningSequence": "EP",
    "SequenceName": "epfid2d1_106",
    "SequenceVariant": "SK_SS",
    "SeriesDescription": "BOLD_CSI3_Sess-3_Run-3",
    "SliceTiming": [
      0,
      1.0475,
      0.0875,
      1.135,
      0.175,
      1.2225,
      0.2625,
      1.31,
      0.35,
      1.3975,
      0.4375,
      1.485,
      0.525,
      1.5725,
      0.6125,
      1.66,
      0.7,
      1.7475,
      0.7875,
      1.835,
      0.875,
      1.9225,
      0.9625,
      0,
      1.0475,
      0.0875,
      1.135,
      0.175,
      1.2225,
      0.2625,
      1.31,
      0.35,
      1.3975,
      0.4375,
      1.485,
      0.525,
      1.5725,
      0.6125,
      1.66,
      0.7,
      1.7475,
      0.7875,
      1.835,
      0.875,
      1.9225,
      0.9625,
      0,
      1.0475,
      0.0875,
      1.135,
      0.175,
      1.2225,
      0.2625,
      1.31,
      0.35,
      1.3975,
      0.4375,
      1.485,
      0.525,
      1.5725,
      0.6125,
      1.66,
      0.7,
      1.7475,
      0.7875,
      1.835,
      0.875,
      1.9225,
      0.9625
    ],
    "SoftwareVersions": "syngo_MR_B17",
    "TaskName": "5000scenes",
    "TotalReadoutTime": 0.0568788,
    "modality": "bold",
    "run_id": "03",
    "session_id": "03",
    "subject_id": "CSI3",
    "task_id": "5000scenes"
  },
  "dummy_trs": 0,
  "dvars_nstd": 29.07549491450778,
  "dvars_std": 1.2771788651295335,
  "dvars_vstd": 1.0160912055440408,
  "efc": 0.4940513307301157,
  "fber": 4272.80908203125,
  "fd_mean": 0.1074945685991448,
  "fd_num": 19,
  "fd_perc": 9.793814432989691,
  "fwhm_avg": 2.5340666666666665,
  "fwhm_x": 2.26291,
  "fwhm_y": 3.000185,
  "fwhm_z": 2.339105,
  "gcor": 0.0204962,
  "gsr_x": -0.00895385630428791,
  "gsr_y": 0.017948247492313385,
  "provenance": {
    "md5sum": "c2a81f04099a56cb7431d19ed8d88405",
    "settings": {
      "fd_thres": 0.2,
      "hmc_fsl": false
    },
    "software": "mriqc",
    "version": "0.11.0",
    "webapi_port": null,
    "webapi_url": null
  },
  "size_t": 194,
  "size_x": 106,
  "size_y": 106,
  "size_z": 69,
  "snr": 5.63441901982036,
  "spacing_tr": 2.0,
  "spacing_x": 2.0,
  "spacing_y": 2.0,
  "spacing_z": 2.0,
  "summary_bg_k": 26.18602426231149,
  "summary_bg_mad": 5.2043914794921875,
  "summary_bg_mean": 22.260726928710938,
  "summary_bg_median": 7.994844913482666,
  "summary_bg_n": 518985.0,
  "summary_bg_p05": 3.3144328594207764,
  "summary_bg_p95": 87.33505249023438,
  "summary_bg_stdv": 42.105865478515625,
  "summary_fg_k": 4.950859869243922,
  "summary_fg_mad": 65.85350036621094,
  "summary_fg_mean": 530.4816284179688,
  "summary_fg_median": 535.3453369140625,
  "summary_fg_n": 159518.0,
  "summary_fg_p05": 374.90126495361324,
  "summary_fg_p95": 660.82470703125,
  "summary_fg_stdv": 95.01310729980469,
  "tsnr": 59.44452667236328
}