{
  "aor": 0.0014146907216494847,
  "aqi": 0.014130024896907217,
  "bids_meta": {
    "AcquisitionNumber": 1,
    "AcquisitionTime": "10:50:57.145000",
    "BandwidthPerPixelPhaseEncode": 13.103,
    "ConversionSoftware": "dcm2niix",
    "ConversionSoftwareVersion": "v1.0.20170724 GCC4.4.7",
    "DeviceSerialNumber": "40482",
    "EchoTime": 0.03,
    "EffectiveEchoSpacing": 0.000719985,
    "FlipAngle": 79,
    "ImageType": [
      "ORIGINAL",
      "PRIMARY",
      "M",
      "MB",
      "ND",
      "NORM",
      "MOSAIC"
    ],
    "InstitutionAddress": "Frew_4805_Pittsburgh_District_US_15213",
    "InstitutionName": "SIBR",
    "MagneticFieldStrength": 3,
    "Manufacturer": "Siemens",
    "ManufacturersModelName": "Verio",
    "PartialFourier": "6/8",
    "PhaseEncodingDirection": "j-",
    "PhaseEncodingLines": 106,
    "ProcedureStepDescription": "Dr._Tarr_Elissa",
    "ProtocolName": "BOLD_CSI3_Sess-3_Run-2",
    "PulseSequenceType": "Multiband gradient echo EPI",
    "RepetitionTime": 2,
    "ScanningSequence": "EP",
    "SequenceName": "epfid2d1_106",
    "SequenceVariant": "SK_SS",
    "SeriesDescription": "BOLD_CSI3_Sess-3_Run-2",
    "SliceTiming": [
      0,
      1.0475,
      0.085,
      1.1325,
      0.1725,
      1.22,
      0.26,
      1.3075,
      0.3475,
      1.395,
      0.435,
      1.4825,
      0.5225,
      1.57,
      0.61,
      1.6575,
      0.6975,
      1.745,
      0.785,
      1.8325,
      0.8725,
      1.92,
      0.96,
      0,
      1.0475,
      0.085,
      1.1325,
      0.1725,
      1.22,
      0.26,
      1.3075,
      0.3475,
      1.395,
      0.435,
      1.4825,
      0.5225,
      1.57,
      0.61,
      1.6575,
      0.6975,
      1.745,
      0.785,
      1.8325,
      0.8725,
      1.92,
      0.96,
      0,
      1.0475,
      0.085,
      1.1325,
      0.1725,
      1.22,
      0.26,
      1.3075,
      0.3475,
      1.395,
      0.435,
      1.4825,
      0.5225,
      1.57,
      0.61,
      1.6575,
      0.6975,
      1.745,
      0.785,
      1.8325,
      0.8725,
      1.92,
      0.96
    ],
    "SoftwareVersions": "syngo_MR_B17",
    "TaskName": "5000scenes",
    "TotalReadoutTime": 0.0568788,
    "modality": "bold",
    "run_id": "02",
    "session_id": "03",
    "subject_id": "CSI3",
    "task_id": "5000scenes"
  },
  "dummy_trs": 0,
  "dvars_nstd": 27.88605916321244,
  "dvars_std": 1.227162132072538,
  "dvars_vstd": 0.9964168500518135,
  "efc": 0.49191140280537715,
  "fber": 4375.53662109375,
  "fd_mean": 0.09737783514555695,
  "fd_num": 6,
  "fd_perc": 3.0927835051546393,
  "fwhm_avg": 2.5599216666666664,
  "fwhm_x": 2.287885,
  "fwhm_y": 3.01772,
  "fwhm_z": 2.37416,
  "gcor": 0.0183096,
  "gsr_x": -0.008202942088246346,
  "gsr_y": 0.01713412255048752,
  "provenance": {
    "md5sum": "b6900ce71e522725f14a849ae274f152",
    "settings": {
      "fd_thres": 0.2,
      "hmc_fsl": false
    },
    "software": "mriqc",
    "version": "0.11.0",
    "webapi_port": null,
    "webapi_url": null
  },
  "size_t": 194,
  "size_x": 106,
  "size_y": 106,
  "size_z": 69,
  "snr": 5.614532410061723,
  "spacing_tr": 2.0,
  "spacing_x": 2.0,
  "spacing_y": 2.0,
  "spacing_z": 2.0,
  "summary_bg_k": 26.90328300976402,
  "summary_bg_mad": 5.196750164031982,
  "summary_bg_mean": 21.683889389038086,
  "summary_bg_median": 7.969071865081787,
  "summary_bg_n": 518987.0,
  "summary_bg_p05": 3.2577319145202637,
  "summary_bg_p95": 84.15824508666968,
  "summary_bg_stdv": 40.67189407348633,
  "summary_fg_k": 4.845549513787521,
  "summary_fg_mad": 66.90817260742188,
  "summary_fg_mean": 534.42919921875,
  "summary_fg_median": 539.1597900390625,
  "summary_fg_n": 159547.0,
  "summary_fg_p05": 376.78504638671876,
  "summary_fg_p95": 667.2545959472654,
  "summary_fg_stdv": 96.0290298461914,
  "tsnr": 55.17524337768555
}