{
  "aor": 0.0016724226804123712,
  "aqi": 0.011782797474226805,
  "bids_meta": {
    "AcquisitionNumber": 1,
    "AcquisitionTime": "16:51:46.275000",
    "BandwidthPerPixelPhaseEncode": 13.103,
    "ConversionSoftware": "dcm2niix",
    "ConversionSoftwareVersion": "v1.0.20170724 GCC4.4.7",
    "DeviceSerialNumber": "40482",
    "EchoTime": 0.03,
    "EffectiveEchoSpacing": 0.000719985,
    "FlipAngle": 79,
    "ImageType": [
      "ORIGINAL",
      "PRIMARY",
      "M",
      "MB",
      "ND",
      "NORM",
      "MOSAIC"
    ],
    "InstitutionAddress": "Frew_4805_Pittsburgh_District_US_15213",
    "InstitutionName": "SIBR",
    "MagneticFieldStrength": 3,
    "Manufacturer": "Siemens",
    "ManufacturersModelName": "Verio",
    "PartialFourier": "6/8",
    "PhaseEncodingDirection": "j-",
    "PhaseEncodingLines": 106,
    "ProcedureStepDescription": "Dr._Tarr_Elissa",
    "ProtocolName": "BOLD_CSI3_Sess-4_Run-6",
    "PulseSequenceType": "Multiband gradient echo EPI",
    "RepetitionTime": 2,
    "ScanningSequence": "EP",
    "SequenceName": "epfid2d1_106",
    "SequenceVariant": "SK_SS",
    "SeriesDescription": "BOLD_CSI3_Sess-4_Run-6",
    "SliceTiming": [
      0,
      1.0475,
      0.0875,
      1.135,
      0.175,
      1.2225,
      0.2625,
      1.31,
      0.35,
      1.3975,
      0.4375,
      1.485,
      0.525,
      1.5725,
      0.6125,
      1.66,
      0.7,
      1.7475,
      0.785,
      1.8325,
      0.8725,
      1.92,
      0.96,
      0,
      1.0475,
      0.0875,
      1.135,
      0.175,
      1.2225,
      0.2625,
      1.31,
      0.35,
      1.3975,
      0.4375,
      1.485,
      0.525,
      1.5725,
      0.6125,
      1.66,
      0.7,
      1.7475,
      0.785,
      1.8325,
      0.8725,
      1.92,
      0.96,
      0,
      1.0475,
      0.0875,
      1.135,
      0.175,
      1.2225,
      0.2625,
      1.31,
      0.35,
      1.3975,
      0.4375,
      1.485,
      0.525,
      1.5725,
      0.6125,
      1.66,
      0.7,
      1.7475,
      0.785,
      1.8325,
      0.8725,
      1.92,
      0.96
    ],
    "SoftwareVersions": "syngo_MR_B17",
    "TaskName": "5000scenes",
    "TotalReadoutTime": 0.0568788,
    "modality": "bold",
    "run_id": "06",
    "session_id": "04",
    "subject_id": "CSI3",
    "task_id": "5000scenes"
  },
  "dummy_trs": 0,
  "dvars_nstd": 30.467983828808283,
  "dvars_std": 1.3085216881865283,
  "dvars_vstd": 1.02671438880829,
  "efc": 0.4959676151268513,
  "fber": 3583.364013671875,
  "fd_mean": 0.09115724365216922,
  "fd_num": 13,
  "fd_perc": 6.701030927835052,
  "fwhm_avg": 2.497178333333333,
  "fwhm_x": 2.241215,
  "fwhm_y": 2.94461,
  "fwhm_z": 2.30571,
  "gcor": 0.0124135,
  "gsr_x": -0.009754682891070843,
  "gsr_y": 0.01942899450659752,
  "provenance": {
    "md5sum": "da4286965fa67b71bf9da90c9f26f6f4",
    "settings": {
      "fd_thres": 0.2,
      "hmc_fsl": false
    },
    "software": "mriqc",
    "version": "0.11.0",
    "webapi_port": null,
    "webapi_url": null
  },
  "size_t": 194,
  "size_x": 106,
  "size_y": 106,
  "size_z": 69,
  "snr": 5.629245067703058,
  "spacing_tr": 2.0,
  "spacing_x": 2.0,
  "spacing_y": 2.0,
  "spacing_z": 2.0,
  "summary_bg_k": 25.97146696973492,
  "summary_bg_mad": 5.647644996643066,
  "summary_bg_mean": 23.448101043701172,
  "summary_bg_median": 8.804123878479004,
  "summary_bg_n": 520067.0,
  "summary_bg_p05": 3.7938144207000732,
  "summary_bg_p95": 90.70463714599586,
  "summary_bg_stdv": 42.993743896484375,
  "summary_fg_k": 4.936436370729677,
  "summary_fg_mad": 66.6407241821289,
  "summary_fg_mean": 536.708740234375,
  "summary_fg_median": 542.051513671875,
  "summary_fg_n": 158600.0,
  "summary_fg_p05": 376.0819427490235,
  "summary_fg_p95": 668.0360717773438,
  "summary_fg_stdv": 96.29174041748047,
  "tsnr": 59.76713943481445
}