{
  "aor": 0.0008694845360824742,
  "aqi": 0.0107459343814433,
  "bids_meta": {
    "AcquisitionNumber": 1,
    "AcquisitionTime": "11:02:52.705000",
    "BandwidthPerPixelPhaseEncode": 13.103,
    "ConversionSoftware": "dcm2niix",
    "ConversionSoftwareVersion": "v1.0.20170724 GCC4.4.7",
    "DeviceSerialNumber": "40482",
    "EchoTime": 0.03,
    "EffectiveEchoSpacing": 0.000719985,
    "FlipAngle": 79,
    "ImageType": [
      "ORIGINAL",
      "PRIMARY",
      "M",
      "MB",
      "ND",
      "NORM",
      "MOSAIC"
    ],
    "InstitutionAddress": "Frew_4805_Pittsburgh_District_US_15213",
    "InstitutionName": "SIBR",
    "MagneticFieldStrength": 3,
    "Manufacturer": "Siemens",
    "ManufacturersModelName": "Verio",
    "PartialFourier": "6/8",
    "PhaseEncodingDirection": "j-",
    "PhaseEncodingLines": 106,
    "ProcedureStepDescription": "Dr._Tarr_Elissa",
    "ProtocolName": "BOLD_CSI3_Sess-7_Run-10",
    "PulseSequenceType": "Multiband gradient echo EPI",
    "RepetitionTime": 2,
    "ScanningSequence": "EP",
    "SequenceName": "epfid2d1_106",
    "SequenceVariant": "SK_SS",
    "SeriesDescription": "BOLD_CSI3_Sess-7_Run-10",
    "SliceTiming": [
      0,
      1.0475,
      0.0875,
      1.135,
      0.175,
      1.2225,
      0.2625,
      1.31,
      0.35,
      1.3975,
      0.4375,
      1.485,
      0.525,
      1.5725,
      0.6125,
      1.66,
      0.7,
      1.745,
      0.785,
      1.8325,
      0.8725,
      1.92,
      0.96,
      0,
      1.0475,
      0.0875,
      1.135,
      0.175,
      1.2225,
      0.2625,
      1.31,
      0.35,
      1.3975,
      0.4375,
      1.485,
      0.525,
      1.5725,
      0.6125,
      1.66,
      0.7,
      1.745,
      0.785,
      1.8325,
      0.8725,
      1.92,
      0.96,
      0,
      1.0475,
      0.0875,
      1.135,
      0.175,
      1.2225,
      0.2625,
      1.31,
      0.35,
      1.3975,
      0.4375,
      1.485,
      0.525,
      1.5725,
      0.6125,
      1.66,
      0.7,
      1.745,
      0.785,
      1.8325,
      0.8725,
      1.92,
      0.96
    ],
    "SoftwareVersions": "syngo_MR_B17",
    "TaskName": "5000scenes",
    "TotalReadoutTime": 0.0568788,
    "modality": "bold",
    "run_id": "10",
    "session_id": "07",
    "subject_id": "CSI3",
    "task_id": "5000scenes"
  },
  "dummy_trs": 0,
  "dvars_nstd": 31.636033478341982,
  "dvars_std": 1.3104558699481867,
  "dvars_vstd": 1.0166498334196894,
  "efc": 0.49831376618410383,
  "fber": 3760.0078125,
  "fd_mean": 0.11781133794933683,
  "fd_num": 20,
  "fd_perc": 10.309278350515465,
  "fwhm_avg": 2.5457266666666665,
  "fwhm_x": 2.279525,
  "fwhm_y": 3.003945,
  "fwhm_z": 2.35371,
  "gcor": 0.00998439,
  "gsr_x": -0.0085077453404665,
  "gsr_y": 0.018753472715616226,
  "provenance": {
    "md5sum": "757fa8b2b3c94f37fa1856c9ea38e0a2",
    "settings": {
      "fd_thres": 0.2,
      "hmc_fsl": false
    },
    "software": "mriqc",
    "version": "0.11.0",
    "webapi_port": null,
    "webapi_url": null
  },
  "size_t": 194,
  "size_x": 106,
  "size_y": 106,
  "size_z": 69,
  "snr": 5.514889516230715,
  "spacing_tr": 2.0,
  "spacing_x": 2.0,
  "spacing_y": 2.0,
  "spacing_z": 2.0,
  "summary_bg_k": 25.564559258802145,
  "summary_bg_mad": 5.838700771331787,
  "summary_bg_mean": 25.192447662353516,
  "summary_bg_median": 8.984536170959473,
  "summary_bg_n": 518193.0,
  "summary_bg_p05": 3.9072163105010986,
  "summary_bg_p95": 98.82473754882812,
  "summary_bg_stdv": 47.02812576293945,
  "summary_fg_k": 4.636165965401092,
  "summary_fg_mad": 72.08963775634766,
  "summary_fg_mean": 562.6174926757812,
  "summary_fg_median": 566.726806640625,
  "summary_fg_n": 160149.0,
  "summary_fg_p05": 394.9638977050781,
  "summary_fg_p95": 706.0865722656251,
  "summary_fg_stdv": 102.7627182006836,
  "tsnr": 60.35820007324219
}