{
  "aor": 0.0008864948453608247,
  "aqi": 0.012377704278350516,
  "bids_meta": {
    "AcquisitionNumber": 1,
    "AcquisitionTime": "17:43:35.622500",
    "BandwidthPerPixelPhaseEncode": 13.103,
    "ConversionSoftware": "dcm2niix",
    "ConversionSoftwareVersion": "v1.0.20170724 GCC4.4.7",
    "DeviceSerialNumber": "40482",
    "EchoTime": 0.03,
    "EffectiveEchoSpacing": 0.000719985,
    "FlipAngle": 79,
    "ImageType": [
      "ORIGINAL",
      "PRIMARY",
      "M",
      "MB",
      "ND",
      "NORM",
      "MOSAIC"
    ],
    "InstitutionAddress": "Frew_4805_Pittsburgh_District_US_15213",
    "InstitutionName": "SIBR",
    "MagneticFieldStrength": 3,
    "Manufacturer": "Siemens",
    "ManufacturersModelName": "Verio",
    "PartialFourier": "6/8",
    "PhaseEncodingDirection": "j-",
    "PhaseEncodingLines": 106,
    "ProcedureStepDescription": "Dr._Tarr_Elissa",
    "ProtocolName": "BOLD_CSI3_Sess-5_Run-9",
    "PulseSequenceType": "Multiband gradient echo EPI",
    "RepetitionTime": 2,
    "ScanningSequence": "EP",
    "SequenceName": "epfid2d1_106",
    "SequenceVariant": "SK_SS",
    "SeriesDescription": "BOLD_CSI3_Sess-5_Run-9",
    "SliceTiming": [
      0,
      1.0475,
      0.0875,
      1.135,
      0.175,
      1.2225,
      0.2625,
      1.31,
      0.35,
      1.3975,
      0.4375,
      1.485,
      0.525,
      1.5725,
      0.6125,
      1.66,
      0.7,
      1.7475,
      0.785,
      1.8325,
      0.8725,
      1.92,
      0.96,
      0,
      1.0475,
      0.0875,
      1.135,
      0.175,
      1.2225,
      0.2625,
      1.31,
      0.35,
      1.3975,
      0.4375,
      1.485,
      0.525,
      1.5725,
      0.6125,
      1.66,
      0.7,
      1.7475,
      0.785,
      1.8325,
      0.8725,
      1.92,
      0.96,
      0,
      1.0475,
      0.0875,
      1.135,
      0.175,
      1.2225,
      0.2625,
      1.31,
      0.35,
      1.3975,
      0.4375,
      1.485,
      0.525,
      1.5725,
      0.6125,
      1.66,
      0.7,
      1.7475,
      0.785,
      1.8325,
      0.8725,
      1.92,
      0.96
    ],
    "SoftwareVersions": "syngo_MR_B17",
    "TaskName": "5000scenes",
    "TotalReadoutTime": 0.0568788,
    "modality": "bold",
    "run_id": "09",
    "session_id": "05",
    "subject_id": "CSI3",
    "task_id": "5000scenes"
  },
  "dummy_trs": 0,
  "dvars_nstd": 30.870645177409322,
  "dvars_std": 1.3041776047150264,
  "dvars_vstd": 1.013014888290155,
  "efc": 0.49506531224782674,
  "fber": 3860.6708984375,
  "fd_mean": 0.09475340389860397,
  "fd_num": 10,
  "fd_perc": 5.154639175257732,
  "fwhm_avg": 2.5027116666666664,
  "fwhm_x": 2.246965,
  "fwhm_y": 2.951775,
  "fwhm_z": 2.309395,
  "gcor": 0.0114681,
  "gsr_x": -0.007771880365908146,
  "gsr_y": 0.017106084153056145,
  "provenance": {
    "md5sum": "300a9cb8dcdf94b751b20060f8e08bb4",
    "settings": {
      "fd_thres": 0.2,
      "hmc_fsl": false
    },
    "software": "mriqc",
    "version": "0.11.0",
    "webapi_port": null,
    "webapi_url": null
  },
  "size_t": 194,
  "size_x": 106,
  "size_y": 106,
  "size_z": 69,
  "snr": 5.735504083012351,
  "spacing_tr": 2.0,
  "spacing_x": 2.0,
  "spacing_y": 2.0,
  "spacing_z": 2.0,
  "summary_bg_k": 26.663426448278493,
  "summary_bg_mad": 5.34959602355957,
  "summary_bg_mean": 22.435415267944336,
  "summary_bg_median": 8.335051536560059,
  "summary_bg_n": 519324.0,
  "summary_bg_p05": 3.4896905422210693,
  "summary_bg_p95": 86.30412292480469,
  "summary_bg_stdv": 42.007164001464844,
  "summary_fg_k": 5.0926865933618775,
  "summary_fg_mad": 64.39388275146484,
  "summary_fg_mean": 526.7589721679688,
  "summary_fg_median": 531.6237182617188,
  "summary_fg_n": 159297.0,
  "summary_fg_p05": 374.3917541503906,
  "summary_fg_p95": 653.8618164062499,
  "summary_fg_stdv": 92.68968200683594,
  "tsnr": 59.908287048339844
}