{
  "aor": 0.0017020567375886524,
  "aqi": 0.01179311475177305,
  "bids_meta": {
    "AcquisitionNumber": 1,
    "AcquisitionTime": "17:22:30.545000",
    "BandwidthPerPixelPhaseEncode": 13.103,
    "ConversionSoftware": "dcm2niix",
    "ConversionSoftwareVersion": "v1.0.20170724 GCC4.4.7",
    "DeviceSerialNumber": "40482",
    "EchoTime": 0.03,
    "EffectiveEchoSpacing": 0.000719985,
    "FlipAngle": 79,
    "ImageType": [
      "ORIGINAL",
      "PRIMARY",
      "M",
      "MB",
      "ND",
      "NORM",
      "MOSAIC"
    ],
    "InstitutionAddress": "Frew_4805_Pittsburgh_District_US_15213",
    "InstitutionName": "SIBR",
    "MagneticFieldStrength": 3,
    "Manufacturer": "Siemens",
    "ManufacturersModelName": "Verio",
    "PhaseEncodingDirection": "j-",
    "PhaseEncodingLines": 106,
    "ProcedureStepDescription": "Dr._Tarr_Elissa",
    "ProtocolName": "BOLD_CSI3_Sess-4_SceneLocal",
    "RepetitionTime": 2,
    "ScanningSequence": "EP",
    "SequenceName": "epfid2d1_106",
    "SequenceVariant": "SK_SS",
    "SeriesDescription": "BOLD_CSI3_Sess-4_SceneLocal",
    "SliceTiming": [
      0,
      1.0475,
      0.0875,
      1.135,
      0.175,
      1.2225,
      0.2625,
      1.31,
      0.35,
      1.3975,
      0.4375,
      1.485,
      0.525,
      1.5725,
      0.6125,
      1.66,
      0.7,
      1.7475,
      0.7875,
      1.835,
      0.8725,
      1.92,
      0.96,
      0,
      1.0475,
      0.0875,
      1.135,
      0.175,
      1.2225,
      0.2625,
      1.31,
      0.35,
      1.3975,
      0.4375,
      1.485,
      0.525,
      1.5725,
      0.6125,
      1.66,
      0.7,
      1.7475,
      0.7875,
      1.835,
      0.8725,
      1.92,
      0.96,
      0,
      1.0475,
      0.0875,
      1.135,
      0.175,
      1.2225,
      0.2625,
      1.31,
      0.35,
      1.3975,
      0.4375,
      1.485,
      0.525,
      1.5725,
      0.6125,
      1.66,
      0.7,
      1.7475,
      0.7875,
      1.835,
      0.8725,
      1.92,
      0.96
    ],
    "SoftwareVersions": "syngo_MR_B17",
    "TaskName": "Scene Localizer",
    "TotalReadoutTime": 0.0568788,
    "modality": "bold",
    "session_id": "04",
    "subject_id": "CSI3",
    "task_id": "localizer"
  },
  "dummy_trs": 0,
  "dvars_nstd": 31.244280161142854,
  "dvars_std": 1.3130943065714282,
  "dvars_vstd": 1.0244020156428573,
  "efc": 0.4963291087797213,
  "fber": 3545.409912109375,
  "fd_mean": 0.0864140533144526,
  "fd_num": 10,
  "fd_perc": 7.092198581560283,
  "fwhm_avg": 2.507471666666667,
  "fwhm_x": 2.24875,
  "fwhm_y": 2.951785,
  "fwhm_z": 2.32188,
  "gcor": 0.0147342,
  "gsr_x": -0.00873600784689188,
  "gsr_y": 0.019380725920200348,
  "provenance": {
    "md5sum": "c481998dfd3325bbabe5637803797d3d",
    "settings": {
      "fd_thres": 0.2,
      "hmc_fsl": false
    },
    "software": "mriqc",
    "version": "0.11.0",
    "webapi_port": null,
    "webapi_url": null
  },
  "size_t": 141,
  "size_x": 106,
  "size_y": 106,
  "size_z": 69,
  "snr": 5.582343817423258,
  "spacing_tr": 2.0,
  "spacing_x": 2.0,
  "spacing_y": 2.0,
  "spacing_z": 2.0,
  "summary_bg_k": 26.404066943886367,
  "summary_bg_mad": 5.5623860359191895,
  "summary_bg_mean": 23.326885223388672,
  "summary_bg_median": 8.76595687866211,
  "summary_bg_n": 519758.0,
  "summary_bg_p05": 3.787233829498291,
  "summary_bg_p95": 90.02233505248999,
  "summary_bg_stdv": 42.92618942260742,
  "summary_fg_k": 4.915089521606749,
  "summary_fg_mad": 66.43323516845703,
  "summary_fg_mean": 531.3555908203125,
  "summary_fg_median": 536.7943115234375,
  "summary_fg_n": 158921.0,
  "summary_fg_p05": 369.17730712890625,
  "summary_fg_p95": 662.3546142578125,
  "summary_fg_stdv": 96.15900421142578,
  "tsnr": 59.915931701660156
}