{
  "aor": 0.0013286524822695037,
  "aqi": 0.011393447234042552,
  "bids_meta": {
    "AcquisitionNumber": 1,
    "AcquisitionTime": "11:20:8.860000",
    "BandwidthPerPixelPhaseEncode": 13.103,
    "ConversionSoftware": "dcm2niix",
    "ConversionSoftwareVersion": "v1.0.20170724 GCC4.4.7",
    "DeviceSerialNumber": "40482",
    "EchoTime": 0.03,
    "EffectiveEchoSpacing": 0.000719985,
    "FlipAngle": 79,
    "ImageType": [
      "ORIGINAL",
      "PRIMARY",
      "M",
      "MB",
      "ND",
      "NORM",
      "MOSAIC"
    ],
    "InstitutionAddress": "Frew_4805_Pittsburgh_District_US_15213",
    "InstitutionName": "SIBR",
    "MagneticFieldStrength": 3,
    "Manufacturer": "Siemens",
    "ManufacturersModelName": "Verio",
    "PhaseEncodingDirection": "j-",
    "PhaseEncodingLines": 106,
    "ProcedureStepDescription": "Dr._Tarr_Elissa",
    "ProtocolName": "BOLD_CSI3_Sess-8_SceneLocal",
    "RepetitionTime": 2,
    "ScanningSequence": "EP",
    "SequenceName": "epfid2d1_106",
    "SequenceVariant": "SK_SS",
    "SeriesDescription": "BOLD_CSI3_Sess-8_SceneLocal",
    "SliceTiming": [
      0,
      1.0475,
      0.0875,
      1.135,
      0.175,
      1.2225,
      0.2625,
      1.31,
      0.35,
      1.3975,
      0.4375,
      1.485,
      0.525,
      1.5725,
      0.6125,
      1.66,
      0.7,
      1.7475,
      0.7875,
      1.835,
      0.875,
      1.9225,
      0.9625,
      0,
      1.0475,
      0.0875,
      1.135,
      0.175,
      1.2225,
      0.2625,
      1.31,
      0.35,
      1.3975,
      0.4375,
      1.485,
      0.525,
      1.5725,
      0.6125,
      1.66,
      0.7,
      1.7475,
      0.7875,
      1.835,
      0.875,
      1.9225,
      0.9625,
      0,
      1.0475,
      0.0875,
      1.135,
      0.175,
      1.2225,
      0.2625,
      1.31,
      0.35,
      1.3975,
      0.4375,
      1.485,
      0.525,
      1.5725,
      0.6125,
      1.66,
      0.7,
      1.7475,
      0.7875,
      1.835,
      0.875,
      1.9225,
      0.9625
    ],
    "SoftwareVersions": "syngo_MR_B17",
    "TaskName": "Scene Localizer",
    "TotalReadoutTime": 0.0568788,
    "modality": "bold",
    "session_id": "08",
    "subject_id": "CSI3",
    "task_id": "localizer"
  },
  "dummy_trs": 0,
  "dvars_nstd": 30.470555646428558,
  "dvars_std": 1.3138121937142853,
  "dvars_vstd": 1.0120214680000006,
  "efc": 0.4983899497446578,
  "fber": 3551.966064453125,
  "fd_mean": 0.09080136204675211,
  "fd_num": 3,
  "fd_perc": 2.127659574468085,
  "fwhm_avg": 2.501555,
  "fwhm_x": 2.241585,
  "fwhm_y": 2.95542,
  "fwhm_z": 2.30766,
  "gcor": 0.00679085,
  "gsr_x": -0.00956200435757637,
  "gsr_y": 0.017281142994761467,
  "provenance": {
    "md5sum": "25dd4dca1f19557825eb19061ad7d6fa",
    "settings": {
      "fd_thres": 0.2,
      "hmc_fsl": false
    },
    "software": "mriqc",
    "version": "0.11.0",
    "webapi_port": null,
    "webapi_url": null
  },
  "size_t": 141,
  "size_x": 106,
  "size_y": 106,
  "size_z": 69,
  "snr": 5.602463107450722,
  "spacing_tr": 2.0,
  "spacing_x": 2.0,
  "spacing_y": 2.0,
  "spacing_z": 2.0,
  "summary_bg_k": 26.085038275791955,
  "summary_bg_mad": 5.646505355834961,
  "summary_bg_mean": 23.539546966552734,
  "summary_bg_median": 8.659574508666992,
  "summary_bg_n": 518827.0,
  "summary_bg_p05": 3.6241133213043213,
  "summary_bg_p95": 91.35460662841797,
  "summary_bg_stdv": 43.73700714111328,
  "summary_fg_k": 4.7248007698625525,
  "summary_fg_mad": 66.27550506591797,
  "summary_fg_mean": 524.3865966796875,
  "summary_fg_median": 530.5390014648438,
  "summary_fg_n": 159529.0,
  "summary_fg_p05": 363.3475036621094,
  "summary_fg_p95": 652.9049438476563,
  "summary_fg_stdv": 94.69715881347656,
  "tsnr": 59.292999267578125
}