{
  "aor": 0.0006503608247422681,
  "aqi": 0.010749981701030928,
  "bids_meta": {
    "AcquisitionNumber": 1,
    "AcquisitionTime": "11:18:4.360000",
    "BandwidthPerPixelPhaseEncode": 13.103,
    "ConversionSoftware": "dcm2niix",
    "ConversionSoftwareVersion": "v1.0.20170724 GCC4.4.7",
    "DeviceSerialNumber": "40482",
    "EchoTime": 0.03,
    "EffectiveEchoSpacing": 0.000719985,
    "FlipAngle": 79,
    "ImageType": [
      "ORIGINAL",
      "PRIMARY",
      "M",
      "MB",
      "ND",
      "NORM",
      "MOSAIC"
    ],
    "InstitutionAddress": "Frew_4805_Pittsburgh_District_US_15213",
    "InstitutionName": "SIBR",
    "MagneticFieldStrength": 3,
    "Manufacturer": "Siemens",
    "ManufacturersModelName": "Verio",
    "PartialFourier": "6/8",
    "PhaseEncodingDirection": "j-",
    "PhaseEncodingLines": 106,
    "ProcedureStepDescription": "Dr._Tarr_Elissa",
    "ProtocolName": "BOLD_CSI3_Sess-1_Run-9",
    "PulseSequenceType": "Multiband gradient echo EPI",
    "RepetitionTime": 2,
    "ScanningSequence": "EP",
    "SequenceName": "epfid2d1_106",
    "SequenceVariant": "SK_SS",
    "SeriesDescription": "BOLD_CSI3_Sess-1_Run-9",
    "SliceTiming": [
      0,
      1.0475,
      0.0875,
      1.135,
      0.175,
      1.2225,
      0.26,
      1.3075,
      0.3475,
      1.395,
      0.435,
      1.4825,
      0.5225,
      1.57,
      0.61,
      1.6575,
      0.6975,
      1.745,
      0.785,
      1.8325,
      0.8725,
      1.92,
      0.96,
      0,
      1.0475,
      0.0875,
      1.135,
      0.175,
      1.2225,
      0.26,
      1.3075,
      0.3475,
      1.395,
      0.435,
      1.4825,
      0.5225,
      1.57,
      0.61,
      1.6575,
      0.6975,
      1.745,
      0.785,
      1.8325,
      0.8725,
      1.92,
      0.96,
      0,
      1.0475,
      0.0875,
      1.135,
      0.175,
      1.2225,
      0.26,
      1.3075,
      0.3475,
      1.395,
      0.435,
      1.4825,
      0.5225,
      1.57,
      0.61,
      1.6575,
      0.6975,
      1.745,
      0.785,
      1.8325,
      0.8725,
      1.92,
      0.96
    ],
    "SoftwareVersions": "syngo_MR_B17",
    "TaskName": "5000scenes",
    "TotalReadoutTime": 0.0568788,
    "modality": "bold",
    "run_id": "09",
    "session_id": "01",
    "subject_id": "CSI3",
    "task_id": "5000scenes"
  },
  "dummy_trs": 0,
  "dvars_nstd": 31.235013191502585,
  "dvars_std": 1.3347059498963727,
  "dvars_vstd": 1.0116431988601036,
  "efc": 0.5021652275191616,
  "fber": 3519.254638671875,
  "fd_mean": 0.06943326626218589,
  "fd_num": 2,
  "fd_perc": 1.0309278350515463,
  "fwhm_avg": 2.5328516666666667,
  "fwhm_x": 2.271745,
  "fwhm_y": 2.997065,
  "fwhm_z": 2.329745,
  "gcor": 0.0167594,
  "gsr_x": -0.009971573948860168,
  "gsr_y": 0.018522042781114578,
  "provenance": {
    "md5sum": "a645df82144b3339d09ebcfe149b9592",
    "settings": {
      "fd_thres": 0.2,
      "hmc_fsl": false
    },
    "software": "mriqc",
    "version": "0.11.0",
    "webapi_port": null,
    "webapi_url": null
  },
  "size_t": 194,
  "size_x": 106,
  "size_y": 106,
  "size_z": 69,
  "snr": 5.542778531522394,
  "spacing_tr": 2.0,
  "spacing_x": 2.0,
  "spacing_y": 2.0,
  "spacing_z": 2.0,
  "summary_bg_k": 23.959294902009848,
  "summary_bg_mad": 5.724067211151123,
  "summary_bg_mean": 24.778141021728516,
  "summary_bg_median": 8.757731437683105,
  "summary_bg_n": 516908.0,
  "summary_bg_p05": 3.6907215118408203,
  "summary_bg_p95": 98.24561614990216,
  "summary_bg_stdv": 46.23517990112305,
  "summary_fg_k": 4.813504217394887,
  "summary_fg_mad": 66.40373229980469,
  "summary_fg_mean": 528.7352905273438,
  "summary_fg_median": 534.1597900390625,
  "summary_fg_n": 161087.0,
  "summary_fg_p05": 366.49123229980466,
  "summary_fg_p95": 660.3334838867187,
  "summary_fg_stdv": 96.37010192871094,
  "tsnr": 61.74545669555664
}