{
  "aor": 0.001179432624113475,
  "aqi": 0.011634568723404255,
  "bids_meta": {
    "AcquisitionNumber": 1,
    "AcquisitionTime": "10:46:36.177500",
    "BandwidthPerPixelPhaseEncode": 13.103,
    "ConversionSoftware": "dcm2niix",
    "ConversionSoftwareVersion": "v1.0.20170724 GCC4.4.7",
    "DeviceSerialNumber": "40482",
    "EchoTime": 0.03,
    "EffectiveEchoSpacing": 0.000719985,
    "FlipAngle": 79,
    "ImageType": [
      "ORIGINAL",
      "PRIMARY",
      "M",
      "MB",
      "ND",
      "NORM",
      "MOSAIC"
    ],
    "InstitutionAddress": "Frew_4805_Pittsburgh_District_US_15213",
    "InstitutionName": "SIBR",
    "MagneticFieldStrength": 3,
    "Manufacturer": "Siemens",
    "ManufacturersModelName": "Verio",
    "PhaseEncodingDirection": "j-",
    "PhaseEncodingLines": 106,
    "ProcedureStepDescription": "Dr._Tarr_Elissa",
    "ProtocolName": "BOLD_CSI3_Sess-2_SceneLocal",
    "RepetitionTime": 2,
    "ScanningSequence": "EP",
    "SequenceName": "epfid2d1_106",
    "SequenceVariant": "SK_SS",
    "SeriesDescription": "BOLD_CSI3_Sess-2_SceneLocal",
    "SliceTiming": [
      0,
      1.0475,
      0.0875,
      1.135,
      0.175,
      1.2225,
      0.2625,
      1.31,
      0.35,
      1.3975,
      0.4375,
      1.485,
      0.525,
      1.5725,
      0.6125,
      1.66,
      0.7,
      1.7475,
      0.785,
      1.8325,
      0.8725,
      1.92,
      0.96,
      0,
      1.0475,
      0.0875,
      1.135,
      0.175,
      1.2225,
      0.2625,
      1.31,
      0.35,
      1.3975,
      0.4375,
      1.485,
      0.525,
      1.5725,
      0.6125,
      1.66,
      0.7,
      1.7475,
      0.785,
      1.8325,
      0.8725,
      1.92,
      0.96,
      0,
      1.0475,
      0.0875,
      1.135,
      0.175,
      1.2225,
      0.2625,
      1.31,
      0.35,
      1.3975,
      0.4375,
      1.485,
      0.525,
      1.5725,
      0.6125,
      1.66,
      0.7,
      1.7475,
      0.785,
      1.8325,
      0.8725,
      1.92,
      0.96
    ],
    "SoftwareVersions": "syngo_MR_B17",
    "TaskName": "Scene Localizer",
    "TotalReadoutTime": 0.0568788,
    "modality": "bold",
    "session_id": "02",
    "subject_id": "CSI3",
    "task_id": "localizer"
  },
  "dummy_trs": 0,
  "dvars_nstd": 33.52912032314287,
  "dvars_std": 1.3609104327142856,
  "dvars_vstd": 1.0123576052142855,
  "efc": 0.49907122624429745,
  "fber": 3750.38671875,
  "fd_mean": 0.09760087763644235,
  "fd_num": 7,
  "fd_perc": 4.964539007092198,
  "fwhm_avg": 2.560166666666667,
  "fwhm_x": 2.28402,
  "fwhm_y": 3.027,
  "fwhm_z": 2.36948,
  "gcor": 0.00837935,
  "gsr_x": -0.009184163063764572,
  "gsr_y": 0.01719525083899498,
  "provenance": {
    "md5sum": "f5cf3e329508a5dc70889e7c065168fb",
    "settings": {
      "fd_thres": 0.2,
      "hmc_fsl": false
    },
    "software": "mriqc",
    "version": "0.11.0",
    "webapi_port": null,
    "webapi_url": null
  },
  "size_t": 141,
  "size_x": 106,
  "size_y": 106,
  "size_z": 69,
  "snr": 5.736000418494815,
  "spacing_tr": 2.0,
  "spacing_x": 2.0,
  "spacing_y": 2.0,
  "spacing_z": 2.0,
  "summary_bg_k": 25.03439543216868,
  "summary_bg_mad": 5.467752456665039,
  "summary_bg_mean": 23.875619888305664,
  "summary_bg_median": 8.446807861328125,
  "summary_bg_n": 518272.0,
  "summary_bg_p05": 3.5390069484710693,
  "summary_bg_p95": 95.31205749511719,
  "summary_bg_stdv": 44.6520881652832,
  "summary_fg_k": 4.937087532449006,
  "summary_fg_mad": 66.10723876953125,
  "summary_fg_mean": 526.7353515625,
  "summary_fg_median": 531.2269287109375,
  "summary_fg_n": 160011.0,
  "summary_fg_p05": 376.14183044433594,
  "summary_fg_p95": 654.08154296875,
  "summary_fg_stdv": 92.61248779296875,
  "tsnr": 60.922386169433594
}