{
  "aor": 0.0017358247422680413,
  "aqi": 0.01163230030927835,
  "bids_meta": {
    "AcquisitionNumber": 1,
    "AcquisitionTime": "17:45:3.075000",
    "BandwidthPerPixelPhaseEncode": 13.103,
    "ConversionSoftware": "dcm2niix",
    "ConversionSoftwareVersion": "v1.0.20170724 GCC4.4.7",
    "DeviceSerialNumber": "40482",
    "EchoTime": 0.03,
    "EffectiveEchoSpacing": 0.000719985,
    "FlipAngle": 79,
    "ImageType": [
      "ORIGINAL",
      "PRIMARY",
      "M",
      "MB",
      "ND",
      "NORM",
      "MOSAIC"
    ],
    "InstitutionAddress": "Frew_4805_Pittsburgh_District_US_15213",
    "InstitutionName": "SIBR",
    "MagneticFieldStrength": 3,
    "Manufacturer": "Siemens",
    "ManufacturersModelName": "Verio",
    "PartialFourier": "6/8",
    "PhaseEncodingDirection": "j-",
    "PhaseEncodingLines": 106,
    "ProcedureStepDescription": "Dr._Tarr_Elissa",
    "ProtocolName": "BOLD_CSI3_Sess-14_Run-8",
    "PulseSequenceType": "Multiband gradient echo EPI",
    "RepetitionTime": 2,
    "ScanningSequence": "EP",
    "SequenceName": "epfid2d1_106",
    "SequenceVariant": "SK_SS",
    "SeriesDescription": "BOLD_CSI3_Sess-14_Run-8",
    "SliceTiming": [
      0,
      1.0475,
      0.0875,
      1.135,
      0.175,
      1.2225,
      0.2625,
      1.31,
      0.35,
      1.3975,
      0.4375,
      1.485,
      0.525,
      1.5725,
      0.6125,
      1.6575,
      0.6975,
      1.745,
      0.785,
      1.8325,
      0.8725,
      1.92,
      0.96,
      0,
      1.0475,
      0.0875,
      1.135,
      0.175,
      1.2225,
      0.2625,
      1.31,
      0.35,
      1.3975,
      0.4375,
      1.485,
      0.525,
      1.5725,
      0.6125,
      1.6575,
      0.6975,
      1.745,
      0.785,
      1.8325,
      0.8725,
      1.92,
      0.96,
      0,
      1.0475,
      0.0875,
      1.135,
      0.175,
      1.2225,
      0.2625,
      1.31,
      0.35,
      1.3975,
      0.4375,
      1.485,
      0.525,
      1.5725,
      0.6125,
      1.6575,
      0.6975,
      1.745,
      0.785,
      1.8325,
      0.8725,
      1.92,
      0.96
    ],
    "SoftwareVersions": "syngo_MR_B17",
    "TaskName": "5000scenes",
    "TotalReadoutTime": 0.0568788,
    "modality": "bold",
    "run_id": "08",
    "session_id": "14",
    "subject_id": "CSI3",
    "task_id": "5000scenes"
  },
  "dummy_trs": 0,
  "dvars_nstd": 32.948900420310906,
  "dvars_std": 1.335002682953368,
  "dvars_vstd": 1.0278643790673572,
  "efc": 0.5018639282845071,
  "fber": 3276.535400390625,
  "fd_mean": 0.11725363190951067,
  "fd_num": 16,
  "fd_perc": 8.24742268041237,
  "fwhm_avg": 2.535676666666667,
  "fwhm_x": 2.27797,
  "fwhm_y": 2.98534,
  "fwhm_z": 2.34372,
  "gcor": 0.0143415,
  "gsr_x": -0.010639360174536705,
  "gsr_y": 0.01700630970299244,
  "provenance": {
    "md5sum": "3b5b9004f3f5e66873f878c3040c2526",
    "settings": {
      "fd_thres": 0.2,
      "hmc_fsl": false
    },
    "software": "mriqc",
    "version": "0.11.0",
    "webapi_port": null,
    "webapi_url": null
  },
  "size_t": 194,
  "size_x": 106,
  "size_y": 106,
  "size_z": 69,
  "snr": 5.489318686599363,
  "spacing_tr": 2.0,
  "spacing_x": 2.0,
  "spacing_y": 2.0,
  "spacing_z": 2.0,
  "summary_bg_k": 22.836121182534285,
  "summary_bg_mad": 6.327807426452637,
  "summary_bg_mean": 26.51725959777832,
  "summary_bg_median": 9.556700706481934,
  "summary_bg_n": 518972.0,
  "summary_bg_p05": 3.948453426361084,
  "summary_bg_p95": 106.2319564819336,
  "summary_bg_stdv": 48.31070327758789,
  "summary_fg_k": 4.825851022928957,
  "summary_fg_mad": 69.81224822998047,
  "summary_fg_mean": 555.3748168945312,
  "summary_fg_median": 562.2371215820312,
  "summary_fg_n": 159445.0,
  "summary_fg_p05": 380.68657836914065,
  "summary_fg_p95": 694.0350341796875,
  "summary_fg_stdv": 102.42352294921875,
  "tsnr": 58.16497039794922
}