{
  "aor": 0.0037461340206185567,
  "aqi": 0.012568954742268044,
  "bids_meta": {
    "AcquisitionNumber": 1,
    "AcquisitionTime": "10:39:5.940000",
    "BandwidthPerPixelPhaseEncode": 13.103,
    "ConversionSoftware": "dcm2niix",
    "ConversionSoftwareVersion": "v1.0.20170724 GCC4.4.7",
    "DeviceSerialNumber": "40482",
    "EchoTime": 0.03,
    "EffectiveEchoSpacing": 0.000719985,
    "FlipAngle": 79,
    "ImageType": [
      "ORIGINAL",
      "PRIMARY",
      "M",
      "MB",
      "ND",
      "NORM",
      "MOSAIC"
    ],
    "InstitutionAddress": "Frew_4805_Pittsburgh_District_US_15213",
    "InstitutionName": "SIBR",
    "MagneticFieldStrength": 3,
    "Manufacturer": "Siemens",
    "ManufacturersModelName": "Verio",
    "PartialFourier": "6/8",
    "PhaseEncodingDirection": "j-",
    "PhaseEncodingLines": 106,
    "ProcedureStepDescription": "Dr._Tarr_Elissa",
    "ProtocolName": "BOLD_CSI3_Sess-2_Run-9",
    "PulseSequenceType": "Multiband gradient echo EPI",
    "RepetitionTime": 2,
    "ScanningSequence": "EP",
    "SequenceName": "epfid2d1_106",
    "SequenceVariant": "SK_SS",
    "SeriesDescription": "BOLD_CSI3_Sess-2_Run-9",
    "SliceTiming": [
      0,
      1.0475,
      0.0875,
      1.135,
      0.175,
      1.2225,
      0.2625,
      1.31,
      0.35,
      1.3975,
      0.4375,
      1.485,
      0.525,
      1.5725,
      0.6125,
      1.66,
      0.7,
      1.7475,
      0.7875,
      1.835,
      0.875,
      1.9225,
      0.9625,
      0,
      1.0475,
      0.0875,
      1.135,
      0.175,
      1.2225,
      0.2625,
      1.31,
      0.35,
      1.3975,
      0.4375,
      1.485,
      0.525,
      1.5725,
      0.6125,
      1.66,
      0.7,
      1.7475,
      0.7875,
      1.835,
      0.875,
      1.9225,
      0.9625,
      0,
      1.0475,
      0.0875,
      1.135,
      0.175,
      1.2225,
      0.2625,
      1.31,
      0.35,
      1.3975,
      0.4375,
      1.485,
      0.525,
      1.5725,
      0.6125,
      1.66,
      0.7,
      1.7475,
      0.7875,
      1.835,
      0.875,
      1.9225,
      0.9625
    ],
    "SoftwareVersions": "syngo_MR_B17",
    "TaskName": "5000scenes",
    "TotalReadoutTime": 0.0568788,
    "modality": "bold",
    "run_id": "09",
    "session_id": "02",
    "subject_id": "CSI3",
    "task_id": "5000scenes"
  },
  "dummy_trs": 0,
  "dvars_nstd": 33.75852580870467,
  "dvars_std": 1.3859022533160616,
  "dvars_vstd": 1.052999160466321,
  "efc": 0.49992032739907044,
  "fber": 3727.63330078125,
  "fd_mean": 0.13807848965270578,
  "fd_num": 29,
  "fd_perc": 14.948453608247423,
  "fwhm_avg": 2.5621383333333334,
  "fwhm_x": 2.28286,
  "fwhm_y": 3.03225,
  "fwhm_z": 2.371305,
  "gcor": 0.0204917,
  "gsr_x": -0.010046237148344517,
  "gsr_y": 0.017307817935943604,
  "provenance": {
    "md5sum": "76ec79cde58a885e21688c68e92b01bf",
    "settings": {
      "fd_thres": 0.2,
      "hmc_fsl": false
    },
    "software": "mriqc",
    "version": "0.11.0",
    "webapi_port": null,
    "webapi_url": null
  },
  "size_t": 194,
  "size_x": 106,
  "size_y": 106,
  "size_z": 69,
  "snr": 5.728042154377204,
  "spacing_tr": 2.0,
  "spacing_x": 2.0,
  "spacing_y": 2.0,
  "spacing_z": 2.0,
  "summary_bg_k": 24.48835267828152,
  "summary_bg_mad": 5.563579559326172,
  "summary_bg_mean": 24.252309799194336,
  "summary_bg_median": 8.494845390319824,
  "summary_bg_n": 518441.0,
  "summary_bg_p05": 3.5412371158599854,
  "summary_bg_p95": 97.35050964355469,
  "summary_bg_stdv": 45.430015563964844,
  "summary_fg_k": 4.874799852142842,
  "summary_fg_mad": 66.54127502441406,
  "summary_fg_mean": 527.6051635742188,
  "summary_fg_median": 532.0103149414062,
  "summary_fg_n": 160034.0,
  "summary_fg_p05": 376.7559158325196,
  "summary_fg_p95": 655.6752319335938,
  "summary_fg_stdv": 92.87792205810547,
  "tsnr": 57.640281677246094
}