{
  "aor": 0.0013020103092783505,
  "aqi": 0.011699624948453608,
  "bids_meta": {
    "AcquisitionNumber": 1,
    "AcquisitionTime": "17:15:57.285000",
    "BandwidthPerPixelPhaseEncode": 13.103,
    "ConversionSoftware": "dcm2niix",
    "ConversionSoftwareVersion": "v1.0.20170724 GCC4.4.7",
    "DeviceSerialNumber": "40482",
    "EchoTime": 0.03,
    "EffectiveEchoSpacing": 0.000719985,
    "FlipAngle": 79,
    "ImageType": [
      "ORIGINAL",
      "PRIMARY",
      "M",
      "MB",
      "ND",
      "NORM",
      "MOSAIC"
    ],
    "InstitutionAddress": "Frew_4805_Pittsburgh_District_US_15213",
    "InstitutionName": "SIBR",
    "MagneticFieldStrength": 3,
    "Manufacturer": "Siemens",
    "ManufacturersModelName": "Verio",
    "PartialFourier": "6/8",
    "PhaseEncodingDirection": "j-",
    "PhaseEncodingLines": 106,
    "ProcedureStepDescription": "Dr._Tarr_Elissa",
    "ProtocolName": "BOLD_CSI3_Sess-14_Run-5",
    "PulseSequenceType": "Multiband gradient echo EPI",
    "RepetitionTime": 2,
    "ScanningSequence": "EP",
    "SequenceName": "epfid2d1_106",
    "SequenceVariant": "SK_SS",
    "SeriesDescription": "BOLD_CSI3_Sess-14_Run-5",
    "SliceTiming": [
      0,
      1.0475,
      0.0875,
      1.135,
      0.1725,
      1.22,
      0.26,
      1.3075,
      0.3475,
      1.395,
      0.435,
      1.4825,
      0.5225,
      1.57,
      0.61,
      1.6575,
      0.6975,
      1.745,
      0.785,
      1.8325,
      0.8725,
      1.92,
      0.96,
      0,
      1.0475,
      0.0875,
      1.135,
      0.1725,
      1.22,
      0.26,
      1.3075,
      0.3475,
      1.395,
      0.435,
      1.4825,
      0.5225,
      1.57,
      0.61,
      1.6575,
      0.6975,
      1.745,
      0.785,
      1.8325,
      0.8725,
      1.92,
      0.96,
      0,
      1.0475,
      0.0875,
      1.135,
      0.1725,
      1.22,
      0.26,
      1.3075,
      0.3475,
      1.395,
      0.435,
      1.4825,
      0.5225,
      1.57,
      0.61,
      1.6575,
      0.6975,
      1.745,
      0.785,
      1.8325,
      0.8725,
      1.92,
      0.96
    ],
    "SoftwareVersions": "syngo_MR_B17",
    "TaskName": "5000scenes",
    "TotalReadoutTime": 0.0568788,
    "modality": "bold",
    "run_id": "05",
    "session_id": "14",
    "subject_id": "CSI3",
    "task_id": "5000scenes"
  },
  "dummy_trs": 0,
  "dvars_nstd": 32.8965124715544,
  "dvars_std": 1.3393244275129526,
  "dvars_vstd": 1.0264163723316067,
  "efc": 0.500797399329699,
  "fber": 3357.555419921875,
  "fd_mean": 0.12493043998414688,
  "fd_num": 26,
  "fd_perc": 13.402061855670103,
  "fwhm_avg": 2.525208333333333,
  "fwhm_x": 2.2694,
  "fwhm_y": 2.974365,
  "fwhm_z": 2.33186,
  "gcor": 0.019235,
  "gsr_x": -0.01085266750305891,
  "gsr_y": 0.017426196485757828,
  "provenance": {
    "md5sum": "90288552ac3b91aa54d26fe241f3ec75",
    "settings": {
      "fd_thres": 0.2,
      "hmc_fsl": false
    },
    "software": "mriqc",
    "version": "0.11.0",
    "webapi_port": null,
    "webapi_url": null
  },
  "size_t": 194,
  "size_x": 106,
  "size_y": 106,
  "size_z": 69,
  "snr": 5.563493592181263,
  "spacing_tr": 2.0,
  "spacing_x": 2.0,
  "spacing_y": 2.0,
  "spacing_z": 2.0,
  "summary_bg_k": 23.318361676081732,
  "summary_bg_mad": 6.274311065673828,
  "summary_bg_mean": 26.606218338012695,
  "summary_bg_median": 9.520618438720703,
  "summary_bg_n": 519441.0,
  "summary_bg_p05": 3.948453426361084,
  "summary_bg_p95": 106.55669403076172,
  "summary_bg_stdv": 49.210182189941406,
  "summary_fg_k": 4.784372711427949,
  "summary_fg_mad": 69.9765853881836,
  "summary_fg_mean": 561.3946533203125,
  "summary_fg_median": 567.7396850585938,
  "summary_fg_n": 158954.0,
  "summary_fg_p05": 388.7840042114258,
  "summary_fg_p95": 701.2286010742188,
  "summary_fg_stdv": 102.04701232910156,
  "tsnr": 58.487518310546875
}