{
  "aor": 0.0018555670103092782,
  "aqi": 0.011436168814432988,
  "bids_meta": {
    "AcquisitionNumber": 1,
    "AcquisitionTime": "11:10:24.407500",
    "BandwidthPerPixelPhaseEncode": 13.103,
    "ConversionSoftware": "dcm2niix",
    "ConversionSoftwareVersion": "v1.0.20170724 GCC4.4.7",
    "DeviceSerialNumber": "40482",
    "EchoTime": 0.03,
    "EffectiveEchoSpacing": 0.000719985,
    "FlipAngle": 79,
    "ImageType": [
      "ORIGINAL",
      "PRIMARY",
      "M",
      "MB",
      "ND",
      "NORM",
      "MOSAIC"
    ],
    "InstitutionAddress": "Frew_4805_Pittsburgh_District_US_15213",
    "InstitutionName": "SIBR",
    "MagneticFieldStrength": 3,
    "Manufacturer": "Siemens",
    "ManufacturersModelName": "Verio",
    "PartialFourier": "6/8",
    "PhaseEncodingDirection": "j-",
    "PhaseEncodingLines": 106,
    "ProcedureStepDescription": "Dr._Tarr_Elissa",
    "ProtocolName": "BOLD_CSI3_Sess-1_Run-8",
    "PulseSequenceType": "Multiband gradient echo EPI",
    "RepetitionTime": 2,
    "ScanningSequence": "EP",
    "SequenceName": "epfid2d1_106",
    "SequenceVariant": "SK_SS",
    "SeriesDescription": "BOLD_CSI3_Sess-1_Run-8",
    "SliceTiming": [
      0,
      1.0475,
      0.0875,
      1.135,
      0.175,
      1.2225,
      0.2625,
      1.31,
      0.35,
      1.3975,
      0.4375,
      1.485,
      0.525,
      1.5725,
      0.6125,
      1.66,
      0.7,
      1.7475,
      0.7875,
      1.835,
      0.875,
      1.92,
      0.96,
      0,
      1.0475,
      0.0875,
      1.135,
      0.175,
      1.2225,
      0.2625,
      1.31,
      0.35,
      1.3975,
      0.4375,
      1.485,
      0.525,
      1.5725,
      0.6125,
      1.66,
      0.7,
      1.7475,
      0.7875,
      1.835,
      0.875,
      1.92,
      0.96,
      0,
      1.0475,
      0.0875,
      1.135,
      0.175,
      1.2225,
      0.2625,
      1.31,
      0.35,
      1.3975,
      0.4375,
      1.485,
      0.525,
      1.5725,
      0.6125,
      1.66,
      0.7,
      1.7475,
      0.7875,
      1.835,
      0.875,
      1.92,
      0.96
    ],
    "SoftwareVersions": "syngo_MR_B17",
    "TaskName": "5000scenes",
    "TotalReadoutTime": 0.0568788,
    "modality": "bold",
    "run_id": "08",
    "session_id": "01",
    "subject_id": "CSI3",
    "task_id": "5000scenes"
  },
  "dummy_trs": 0,
  "dvars_nstd": 31.18721946170984,
  "dvars_std": 1.3442324488601034,
  "dvars_vstd": 1.029523818238342,
  "efc": 0.5015621792274337,
  "fber": 3554.530029296875,
  "fd_mean": 0.07596295260704133,
  "fd_num": 8,
  "fd_perc": 4.123711340206185,
  "fwhm_avg": 2.5375366666666666,
  "fwhm_x": 2.274515,
  "fwhm_y": 3.001095,
  "fwhm_z": 2.337,
  "gcor": 0.0217289,
  "gsr_x": -0.00993000715970993,
  "gsr_y": 0.018275467678904533,
  "provenance": {
    "md5sum": "1b8525831fb2d88f960d7603bca3a464",
    "settings": {
      "fd_thres": 0.2,
      "hmc_fsl": false
    },
    "software": "mriqc",
    "version": "0.11.0",
    "webapi_port": null,
    "webapi_url": null
  },
  "size_t": 194,
  "size_x": 106,
  "size_y": 106,
  "size_z": 69,
  "snr": 5.554463757514005,
  "spacing_tr": 2.0,
  "spacing_x": 2.0,
  "spacing_y": 2.0,
  "spacing_z": 2.0,
  "summary_bg_k": 24.02209756707642,
  "summary_bg_mad": 5.739351749420166,
  "summary_bg_mean": 24.72229766845703,
  "summary_bg_median": 8.747422218322754,
  "summary_bg_n": 517131.0,
  "summary_bg_p05": 3.6855669021606445,
  "summary_bg_p95": 97.90721130371094,
  "summary_bg_stdv": 46.180519104003906,
  "summary_fg_k": 4.821843023536136,
  "summary_fg_mad": 66.93106842041016,
  "summary_fg_mean": 530.7400512695312,
  "summary_fg_median": 536.1752319335938,
  "summary_fg_n": 160952.0,
  "summary_fg_p05": 368.1711196899414,
  "summary_fg_p95": 662.6071838378903,
  "summary_fg_stdv": 96.53021240234375,
  "tsnr": 59.520233154296875
}