{
  "aor": 0.0012950515463917528,
  "aqi": 0.012264653247422682,
  "bids_meta": {
    "AcquisitionNumber": 1,
    "AcquisitionTime": "12:51:50.807500",
    "BandwidthPerPixelPhaseEncode": 13.103,
    "ConversionSoftware": "dcm2niix",
    "ConversionSoftwareVersion": "v1.0.20170724 GCC4.4.7",
    "DeviceSerialNumber": "40482",
    "EchoTime": 0.03,
    "EffectiveEchoSpacing": 0.000719985,
    "FlipAngle": 79,
    "ImageType": [
      "ORIGINAL",
      "PRIMARY",
      "M",
      "MB",
      "ND",
      "NORM",
      "MOSAIC"
    ],
    "InstitutionAddress": "Frew_4805_Pittsburgh_District_US_15213",
    "InstitutionName": "SIBR",
    "MagneticFieldStrength": 3,
    "Manufacturer": "Siemens",
    "ManufacturersModelName": "Verio",
    "PartialFourier": "6/8",
    "PhaseEncodingDirection": "j-",
    "PhaseEncodingLines": 106,
    "ProcedureStepDescription": "Dr._Tarr_Elissa",
    "ProtocolName": "BOLD_CSI3_Sess-11_Run-3",
    "PulseSequenceType": "Multiband gradient echo EPI",
    "RepetitionTime": 2,
    "ScanningSequence": "EP",
    "SequenceName": "epfid2d1_106",
    "SequenceVariant": "SK_SS",
    "SeriesDescription": "BOLD_CSI3_Sess-11_Run-3",
    "SliceTiming": [
      0,
      1.0475,
      0.0875,
      1.135,
      0.175,
      1.2225,
      0.2625,
      1.31,
      0.3475,
      1.395,
      0.435,
      1.4825,
      0.5225,
      1.57,
      0.61,
      1.6575,
      0.6975,
      1.745,
      0.785,
      1.8325,
      0.8725,
      1.92,
      0.96,
      0,
      1.0475,
      0.0875,
      1.135,
      0.175,
      1.2225,
      0.2625,
      1.31,
      0.3475,
      1.395,
      0.435,
      1.4825,
      0.5225,
      1.57,
      0.61,
      1.6575,
      0.6975,
      1.745,
      0.785,
      1.8325,
      0.8725,
      1.92,
      0.96,
      0,
      1.0475,
      0.0875,
      1.135,
      0.175,
      1.2225,
      0.2625,
      1.31,
      0.3475,
      1.395,
      0.435,
      1.4825,
      0.5225,
      1.57,
      0.61,
      1.6575,
      0.6975,
      1.745,
      0.785,
      1.8325,
      0.8725,
      1.92,
      0.96
    ],
    "SoftwareVersions": "syngo_MR_B17",
    "TaskName": "5000scenes",
    "TotalReadoutTime": 0.0568788,
    "modality": "bold",
    "run_id": "03",
    "session_id": "11",
    "subject_id": "CSI3",
    "task_id": "5000scenes"
  },
  "dummy_trs": 0,
  "dvars_nstd": 32.14653741487047,
  "dvars_std": 1.3319576834196887,
  "dvars_vstd": 1.0165881432642487,
  "efc": 0.5001388184157316,
  "fber": 3506.177001953125,
  "fd_mean": 0.10079134596714545,
  "fd_num": 16,
  "fd_perc": 8.24742268041237,
  "fwhm_avg": 2.5655099999999997,
  "fwhm_x": 2.30789,
  "fwhm_y": 3.02723,
  "fwhm_z": 2.36141,
  "gcor": 0.0155418,
  "gsr_x": -0.0125758470967412,
  "gsr_y": 0.013400848023593426,
  "provenance": {
    "md5sum": "fd978591dc5643de59c9b242d769ea6a",
    "settings": {
      "fd_thres": 0.2,
      "hmc_fsl": false
    },
    "software": "mriqc",
    "version": "0.11.0",
    "webapi_port": null,
    "webapi_url": null
  },
  "size_t": 194,
  "size_x": 106,
  "size_y": 106,
  "size_z": 69,
  "snr": 5.333115684621153,
  "spacing_tr": 2.0,
  "spacing_x": 2.0,
  "spacing_y": 2.0,
  "spacing_z": 2.0,
  "summary_bg_k": 23.99127019141077,
  "summary_bg_mad": 6.067969799041748,
  "summary_bg_mean": 26.404523849487305,
  "summary_bg_median": 9.237112998962402,
  "summary_bg_n": 519036.0,
  "summary_bg_p05": 3.8917524814605713,
  "summary_bg_p95": 104.4278335571289,
  "summary_bg_stdv": 50.44895553588867,
  "summary_fg_k": 4.785360197191809,
  "summary_fg_mad": 70.49998474121094,
  "summary_fg_mean": 554.1154174804688,
  "summary_fg_median": 561.54638671875,
  "summary_fg_n": 159691.0,
  "summary_fg_p05": 372.70359802246094,
  "summary_fg_p95": 695.7628479003906,
  "summary_fg_stdv": 105.29391479492188,
  "tsnr": 56.28611755371094
}