{
  "aor": 0.001401649484536082,
  "aqi": 0.014774504432989694,
  "bids_meta": {
    "AcquisitionNumber": 1,
    "AcquisitionTime": "10:51:58.970000",
    "BandwidthPerPixelPhaseEncode": 13.103,
    "ConversionSoftware": "dcm2niix",
    "ConversionSoftwareVersion": "v1.0.20170724 GCC4.4.7",
    "DeviceSerialNumber": "40482",
    "EchoTime": 0.03,
    "EffectiveEchoSpacing": 0.000719985,
    "FlipAngle": 79,
    "ImageType": [
      "ORIGINAL",
      "PRIMARY",
      "M",
      "MB",
      "ND",
      "NORM",
      "MOSAIC"
    ],
    "InstitutionAddress": "Frew_4805_Pittsburgh_District_US_15213",
    "InstitutionName": "SIBR",
    "MagneticFieldStrength": 3,
    "Manufacturer": "Siemens",
    "ManufacturersModelName": "Verio",
    "PartialFourier": "6/8",
    "PhaseEncodingDirection": "j-",
    "PhaseEncodingLines": 106,
    "ProcedureStepDescription": "Dr._Tarr_Elissa",
    "ProtocolName": "BOLD_CSI3_Sess-9_Run-8",
    "PulseSequenceType": "Multiband gradient echo EPI",
    "RepetitionTime": 2,
    "ScanningSequence": "EP",
    "SequenceName": "epfid2d1_106",
    "SequenceVariant": "SK_SS",
    "SeriesDescription": "BOLD_CSI3_Sess-9_Run-8",
    "SliceTiming": [
      0,
      1.0475,
      0.0875,
      1.135,
      0.175,
      1.2225,
      0.2625,
      1.31,
      0.35,
      1.3975,
      0.4375,
      1.485,
      0.525,
      1.5725,
      0.6125,
      1.66,
      0.7,
      1.745,
      0.785,
      1.8325,
      0.8725,
      1.92,
      0.96,
      0,
      1.0475,
      0.0875,
      1.135,
      0.175,
      1.2225,
      0.2625,
      1.31,
      0.35,
      1.3975,
      0.4375,
      1.485,
      0.525,
      1.5725,
      0.6125,
      1.66,
      0.7,
      1.745,
      0.785,
      1.8325,
      0.8725,
      1.92,
      0.96,
      0,
      1.0475,
      0.0875,
      1.135,
      0.175,
      1.2225,
      0.2625,
      1.31,
      0.35,
      1.3975,
      0.4375,
      1.485,
      0.525,
      1.5725,
      0.6125,
      1.66,
      0.7,
      1.745,
      0.785,
      1.8325,
      0.8725,
      1.92,
      0.96
    ],
    "SoftwareVersions": "syngo_MR_B17",
    "TaskName": "5000scenes",
    "TotalReadoutTime": 0.0568788,
    "modality": "bold",
    "run_id": "08",
    "session_id": "09",
    "subject_id": "CSI3",
    "task_id": "5000scenes"
  },
  "dummy_trs": 0,
  "dvars_nstd": 35.549521727720204,
  "dvars_std": 1.3606563521761657,
  "dvars_vstd": 1.0121199140932635,
  "efc": 0.5000869661587363,
  "fber": 3769.634521484375,
  "fd_mean": 0.15212061067601962,
  "fd_num": 44,
  "fd_perc": 22.68041237113402,
  "fwhm_avg": 2.5612866666666667,
  "fwhm_x": 2.28051,
  "fwhm_y": 3.029025,
  "fwhm_z": 2.374325,
  "gcor": 0.0164608,
  "gsr_x": -0.009545628912746906,
  "gsr_y": 0.017732324078679085,
  "provenance": {
    "md5sum": "07b9b1c88205bee47c0c582c25735957",
    "settings": {
      "fd_thres": 0.2,
      "hmc_fsl": false
    },
    "software": "mriqc",
    "version": "0.11.0",
    "webapi_port": null,
    "webapi_url": null
  },
  "size_t": 194,
  "size_x": 106,
  "size_y": 106,
  "size_z": 69,
  "snr": 5.718408228558412,
  "spacing_tr": 2.0,
  "spacing_x": 2.0,
  "spacing_y": 2.0,
  "spacing_z": 2.0,
  "summary_bg_k": 24.054987658541847,
  "summary_bg_mad": 5.563579559326172,
  "summary_bg_mean": 24.460569381713867,
  "summary_bg_median": 8.515463829040527,
  "summary_bg_n": 518479.0,
  "summary_bg_p05": 3.5670101642608643,
  "summary_bg_p95": 97.9438133239745,
  "summary_bg_stdv": 45.90568161010742,
  "summary_fg_k": 5.101736282328213,
  "summary_fg_mad": 65.54786682128906,
  "summary_fg_mean": 531.7786865234375,
  "summary_fg_median": 536.3865966796875,
  "summary_fg_n": 160007.0,
  "summary_fg_p05": 378.5871002197266,
  "summary_fg_p95": 661.0602905273436,
  "summary_fg_stdv": 93.79969024658203,
  "tsnr": 54.530799865722656
}