{
	"Manufacturer": "Siemens",
	"ManufacturersModelName": "Verio",
	"AcquisitionNumber": 1,
	"InstitutionName": "SIBR",
	"InstitutionAddress": "Frew_4805_Pittsburgh_District_US_15213",
	"DeviceSerialNumber": "40482",
	"SoftwareVersions": "syngo_MR_B17",
	"ProcedureStepDescription": "Dr._Tarr_John",
	"ScanningSequence": "GR_IR",
	"SequenceVariant": "SP_MP",
	"SeriesDescription": "T1w_MPRAGE_STS8_S1",
	"ProtocolName": "T1w_MPRAGE_STS8_S1",
	"SequenceName": "_tfl3d1_ns",
	"ImageType": ["ORIGINAL", "PRIMARY", "M", "ND", "NORM"],
	"AcquisitionTime": "13:56:36.347500",
	"MagneticFieldStrength": 3,
	"FlipAngle": 9,
	"EchoTime": 0.00197,
	"RepetitionTime": 2.3,
	"InversionTime": 0.9,
	"PhaseEncodingLines": 256,
	"AccelFactPE": 2,
	"PhaseEncodingDirection": "i-",
	"ConversionSoftware": "dcm2niix",
	"ConversionSoftwareVersion": "v1.0.20170724 GCC4.4.7"
}
