{
	"Manufacturer": "Siemens",
	"ManufacturersModelName": "Verio",
	"AcquisitionNumber": 1,
	"InstitutionName": "SIBR",
	"InstitutionAddress": "Frew_4805_Pittsburgh_PA_District_US_15213",
	"DeviceSerialNumber": "40482",
	"SoftwareVersions": "syngo_MR_B17",
	"ProcedureStepDescription": "Dr._Tarr_John",
	"ScanningSequence": "EP",
	"SequenceVariant": "SK_SS",
	"SeriesDescription": "MB3_DWI_CMRR_mbep2d_V253_5B0_b4K_PA_bip-AdShm_106Matrix",
	"ProtocolName": "MB3_DWI_CMRR_mbep2d_V253_5B0_b4K_PA_bip-AdShm_106Matrix",
	"SequenceName": "ep_b5#1",
	"ImageType": ["ORIGINAL", "PRIMARY", "DIFFUSION", "NONE", "MB", "ND", "NORM", "MOSAIC"],
	"AcquisitionTime": "12:32:51.010000",
	"MagneticFieldStrength": 3,
	"FlipAngle": 90,
	"EchoTime": 0.121,
	"RepetitionTime": 4.154,
	"PhaseEncodingLines": 106,
	"BandwidthPerPixelPhaseEncode": 13.477,
	"EffectiveEchoSpacing": 0.000700005,
	"TotalReadoutTime": 0.0553004,
	"SliceTiming": [
		0,
		1.9125,
		3.8225,
		1.565,
		3.475,
		1.2175,
		3.1275,
		0.87,
		2.78,
		0.5225,
		2.4325,
		0.175,
		2.085,
		3.9975,
		1.7375,
		3.65,
		1.39,
		3.3025,
		1.0425,
		2.955,
		0.695,
		2.6075,
		0.3475,
		2.26,
		0,
		1.9125,
		3.8225,
		1.565,
		3.475,
		1.2175,
		3.1275,
		0.87,
		2.78,
		0.5225,
		2.4325,
		0.175,
		2.085,
		3.9975,
		1.7375,
		3.65,
		1.39,
		3.3025,
		1.0425,
		2.955,
		0.695,
		2.6075,
		0.3475,
		2.26,
		0,
		1.9125,
		3.8225,
		1.565,
		3.475,
		1.2175,
		3.1275,
		0.87,
		2.78,
		0.5225,
		2.4325,
		0.175,
		2.085,
		3.9975,
		1.7375,
		3.65,
		1.39,
		3.3025,
		1.0425,
		2.955,
		0.695,
		2.6075,
		0.3475,
		2.26	],
	"PhaseEncodingDirection": "j",
	"ConversionSoftware": "dcm2niix",
	"ConversionSoftwareVersion": "v1.0.20170724 GCC4.4.7"
}
