{
	"Manufacturer": "Siemens",
	"ManufacturersModelName": "Verio",
	"AcquisitionNumber": 1,
	"InstitutionName": "SIBR",
	"InstitutionAddress": "Frew_4805_Pittsburgh_District_US_15213",
	"DeviceSerialNumber": "40482",
	"SoftwareVersions": "syngo_MR_B17",
	"ProcedureStepDescription": "Dr._Tarr_John",
	"ScanningSequence": "EP",
	"SequenceVariant": "SK_SS",
	"SeriesDescription": "DSI_MB3-253d_PA_STS7_S1",
	"ProtocolName": "DSI_MB3-253d_PA_STS7_S1",
	"SequenceName": "ep_b5#1",
	"ImageType": ["ORIGINAL", "PRIMARY", "DIFFUSION", "NONE", "MB", "ND", "NORM", "MOSAIC"],
	"AcquisitionTime": "14:59:26.315000",
	"MagneticFieldStrength": 3,
	"FlipAngle": 90,
	"EchoTime": 0.121,
	"RepetitionTime": 3.981,
	"PhaseEncodingLines": 106,
	"BandwidthPerPixelPhaseEncode": 13.477,
	"EffectiveEchoSpacing": 0.000700005,
	"TotalReadoutTime": 0.0553004,
	"SliceTiming": [
		0,
		2.0875,
		0.175,
		2.26,
		0.3475,
		2.435,
		0.5225,
		2.6075,
		0.695,
		2.7825,
		0.87,
		2.955,
		1.0425,
		3.13,
		1.2175,
		3.3025,
		1.3925,
		3.4775,
		1.565,
		3.65,
		1.74,
		3.825,
		1.9125,
		0,
		2.0875,
		0.175,
		2.26,
		0.3475,
		2.435,
		0.5225,
		2.6075,
		0.695,
		2.7825,
		0.87,
		2.955,
		1.0425,
		3.13,
		1.2175,
		3.3025,
		1.3925,
		3.4775,
		1.565,
		3.65,
		1.74,
		3.825,
		1.9125,
		0,
		2.0875,
		0.175,
		2.26,
		0.3475,
		2.435,
		0.5225,
		2.6075,
		0.695,
		2.7825,
		0.87,
		2.955,
		1.0425,
		3.13,
		1.2175,
		3.3025,
		1.3925,
		3.4775,
		1.565,
		3.65,
		1.74,
		3.825,
		1.9125	],
	"PhaseEncodingDirection": "j",
	"ConversionSoftware": "dcm2niix",
	"ConversionSoftwareVersion": "v1.0.20170724 GCC4.4.7"
}
