{
	"Manufacturer": "Siemens",
	"ManufacturersModelName": "Verio",
	"AcquisitionNumber": 1,
	"InstitutionName": "SIBR",
	"InstitutionAddress": "Frew_4805_Pittsburgh_District_US_15213",
	"DeviceSerialNumber": "40482",
	"SoftwareVersions": "syngo_MR_B17",
	"ProcedureStepDescription": "Dr._Tarr_John",
	"ScanningSequence": "EP",
	"SequenceVariant": "SK_SS",
	"SeriesDescription": "DSI_MB3-253d_AP_STS7_S1",
	"ProtocolName": "DSI_MB3-253d_AP_STS7_S1",
	"SequenceName": "ep_b5#1",
	"ImageType": ["ORIGINAL", "PRIMARY", "DIFFUSION", "NONE", "MB", "ND", "NORM", "MOSAIC"],
	"AcquisitionTime": "14:34:8.300000",
	"MagneticFieldStrength": 3,
	"FlipAngle": 90,
	"EchoTime": 0.121,
	"RepetitionTime": 3.981,
	"PhaseEncodingLines": 106,
	"BandwidthPerPixelPhaseEncode": 13.477,
	"EffectiveEchoSpacing": 0.000700005,
	"TotalReadoutTime": 0.0553004,
	"SliceTiming": [
		0,
		2.085,
		0.1725,
		2.2575,
		0.3475,
		2.4325,
		0.52,
		2.605,
		0.695,
		2.78,
		0.8675,
		2.9525,
		1.0425,
		3.1275,
		1.215,
		3.3,
		1.39,
		3.475,
		1.5625,
		3.6475,
		1.7375,
		3.8225,
		1.91,
		0,
		2.085,
		0.1725,
		2.2575,
		0.3475,
		2.4325,
		0.52,
		2.605,
		0.695,
		2.78,
		0.8675,
		2.9525,
		1.0425,
		3.1275,
		1.215,
		3.3,
		1.39,
		3.475,
		1.5625,
		3.6475,
		1.7375,
		3.8225,
		1.91,
		0,
		2.085,
		0.1725,
		2.2575,
		0.3475,
		2.4325,
		0.52,
		2.605,
		0.695,
		2.78,
		0.8675,
		2.9525,
		1.0425,
		3.1275,
		1.215,
		3.3,
		1.39,
		3.475,
		1.5625,
		3.6475,
		1.7375,
		3.8225,
		1.91	],
	"PhaseEncodingDirection": "j-",
	"ConversionSoftware": "dcm2niix",
	"ConversionSoftwareVersion": "v1.0.20170724 GCC4.4.7"
}
