{
	"Manufacturer": "Siemens",
	"ManufacturersModelName": "Verio",
	"AcquisitionNumber": 1,
	"InstitutionName": "SIBR",
	"InstitutionAddress": "Frew_4805_Pittsburgh_District_US_15213",
	"DeviceSerialNumber": "40482",
	"SoftwareVersions": "syngo_MR_B17",
	"ProcedureStepDescription": "Dr._Tarr_Elissa",
	"ScanningSequence": "EP",
	"SequenceVariant": "SK",
	"SeriesDescription": "SpinEchoFieldMap_pF68_AP_CSI3_Sess-8",
	"ProtocolName": "SpinEchoFieldMap_pF68_AP_CSI3_Sess-8",
	"SequenceName": "epse2d1_106",
	"ImageType": ["ORIGINAL", "PRIMARY", "M", "ND", "NORM", "MOSAIC"],
	"AcquisitionTime": "10:42:4.970000",
	"MagneticFieldStrength": 3,
	"FlipAngle": 90,
	"EchoTime": 0.045,
	"RepetitionTime": 6.708,
	"PhaseEncodingLines": 106,
	"BandwidthPerPixelPhaseEncode": 13.103,
	"EffectiveEchoSpacing": 0.000719985,
	"TotalReadoutTime": 0.0568788,
	"SliceTiming": [
		0,
		3.415,
		0.0975,
		3.5125,
		0.195,
		3.61,
		0.2925,
		3.7075,
		0.39,
		3.805,
		0.4875,
		3.9025,
		0.585,
		4,
		0.6825,
		4.0975,
		0.78,
		4.1975,
		0.8775,
		4.295,
		0.975,
		4.3925,
		1.0725,
		4.49,
		1.17,
		4.5875,
		1.2675,
		4.685,
		1.365,
		4.7825,
		1.4625,
		4.88,
		1.56,
		4.9775,
		1.6575,
		5.075,
		1.755,
		5.1725,
		1.855,
		5.27,
		1.9525,
		5.3675,
		2.05,
		5.465,
		2.1475,
		5.5625,
		2.245,
		5.66,
		2.3425,
		5.7575,
		2.44,
		5.855,
		2.5375,
		5.9525,
		2.635,
		6.05,
		2.7325,
		6.1475,
		2.83,
		6.245,
		2.9275,
		6.3425,
		3.025,
		6.44,
		3.1225,
		6.5375,
		3.22,
		6.6375,
		3.3175	],
	"PhaseEncodingDirection": "j-",
	"ConversionSoftware": "dcm2niix",
	"ConversionSoftwareVersion": "v1.0.20170724 GCC4.4.7"
}
