{
	"Manufacturer": "Siemens",
	"ManufacturersModelName": "Verio",
	"AcquisitionNumber": 1,
	"InstitutionName": "SIBR",
	"InstitutionAddress": "Frew_4805_Pittsburgh_PA_District_US_15213",
	"DeviceSerialNumber": "40482",
	"SoftwareVersions": "syngo_MR_B17",
	"ProcedureStepDescription": "Dr._Tarr_John",
	"ScanningSequence": "GR",
	"SequenceVariant": "SP",
	"SeriesDescription": "fieldmap_106Matrix_2mm_AP",
	"ProtocolName": "fieldmap_106Matrix_2mm_AP",
	"SequenceName": "fm2d2r",
	"ImageType": ["ORIGINAL", "PRIMARY", "M", "ND", "NORM"],
	"AcquisitionTime": "12:50:45.275000",
	"MagneticFieldStrength": 3,
	"FlipAngle": 72,
	"EchoTime": 0.0046,
	"RepetitionTime": 0.0088,
	"PhaseEncodingLines": 106,
	"PhaseEncodingDirection": "j-",
	"ConversionSoftware": "dcm2niix",
	"ConversionSoftwareVersion": "v1.0.20170724 GCC4.4.7",
	"TotalReadoutTime": 0.00065083
}
