{
	"Manufacturer": "Siemens",
	"ManufacturersModelName": "Verio",
	"AcquisitionNumber": 1,
	"InstitutionName": "SIBR",
	"InstitutionAddress": "Frew_4805_Pittsburgh_District_US_15213",
	"DeviceSerialNumber": "40482",
	"SoftwareVersions": "syngo_MR_B17",
	"ProcedureStepDescription": "Dr._Tarr_Elissa",
	"ScanningSequence": "EP",
	"SequenceVariant": "SK",
	"SeriesDescription": "SpinEchoFieldMap_AP_CSI3_Sess-9",
	"ProtocolName": "SpinEchoFieldMap_AP_CSI3_Sess-9",
	"SequenceName": "epse2d1_106",
	"ImageType": ["ORIGINAL", "PRIMARY", "M", "ND", "NORM", "MOSAIC"],
	"AcquisitionTime": "10:31:38.560000",
	"MagneticFieldStrength": 3,
	"FlipAngle": 90,
	"EchoTime": 0.0816,
	"RepetitionTime": 9.24,
	"PhaseEncodingLines": 106,
	"BandwidthPerPixelPhaseEncode": 13.103,
	"EffectiveEchoSpacing": 0.000719985,
	"TotalReadoutTime": 0.0755984,
	"SliceTiming": [
		0,
		4.7075,
		0.135,
		4.84,
		0.27,
		4.975,
		0.405,
		5.11,
		0.54,
		5.245,
		0.6725,
		5.3775,
		0.8075,
		5.5125,
		0.9425,
		5.6475,
		1.0775,
		5.7825,
		1.21,
		5.9175,
		1.345,
		6.05,
		1.48,
		6.185,
		1.615,
		6.32,
		1.75,
		6.455,
		1.8825,
		6.5875,
		2.0175,
		6.7225,
		2.1525,
		6.8575,
		2.2875,
		6.9925,
		2.42,
		7.1275,
		2.555,
		7.26,
		2.69,
		7.395,
		2.825,
		7.53,
		2.96,
		7.665,
		3.0925,
		7.7975,
		3.2275,
		7.9325,
		3.3625,
		8.0675,
		3.4975,
		8.2025,
		3.63,
		8.3375,
		3.765,
		8.47,
		3.9,
		8.605,
		4.035,
		8.74,
		4.17,
		8.875,
		4.3025,
		9.0075,
		4.4375,
		9.1425,
		4.5725	],
	"PhaseEncodingDirection": "j-",
	"ConversionSoftware": "dcm2niix",
	"ConversionSoftwareVersion": "v1.0.20170724 GCC4.4.7"
}
