{
	"Manufacturer": "Siemens",
	"ManufacturersModelName": "Verio",
	"AcquisitionNumber": 1,
	"InstitutionName": "SIBR",
	"InstitutionAddress": "Frew_4805_Pittsburgh_District_US_15213",
	"DeviceSerialNumber": "40482",
	"SoftwareVersions": "syngo_MR_B17",
	"ProcedureStepDescription": "Dr._Tarr_Elissa",
	"ScanningSequence": "EP",
	"SequenceVariant": "SK_SS",
	"SeriesDescription": "OppPhase-BOLD_PA_CSI2_Sess-13",
	"ProtocolName": "OppPhase-BOLD_PA_CSI2_Sess-13",
	"SequenceName": "epfid2d1_106",
	"ImageType": ["ORIGINAL", "PRIMARY", "M", "MB", "ND", "NORM", "MOSAIC"],
	"AcquisitionTime": "13:51:43.305000",
	"MagneticFieldStrength": 3,
	"FlipAngle": 79,
	"EchoTime": 0.03,
	"RepetitionTime": 2,
	"PhaseEncodingLines": 106,
	"BandwidthPerPixelPhaseEncode": 13.103,
	"EffectiveEchoSpacing": 0.000719985,
	"TotalReadoutTime": 0.0568788,
	"SliceTiming": [
		0,
		1.0475,
		0.0875,
		1.135,
		0.1725,
		1.22,
		0.26,
		1.3075,
		0.3475,
		1.395,
		0.435,
		1.4825,
		0.5225,
		1.57,
		0.61,
		1.6575,
		0.6975,
		1.745,
		0.785,
		1.8325,
		0.8725,
		1.92,
		0.96,
		0,
		1.0475,
		0.0875,
		1.135,
		0.1725,
		1.22,
		0.26,
		1.3075,
		0.3475,
		1.395,
		0.435,
		1.4825,
		0.5225,
		1.57,
		0.61,
		1.6575,
		0.6975,
		1.745,
		0.785,
		1.8325,
		0.8725,
		1.92,
		0.96,
		0,
		1.0475,
		0.0875,
		1.135,
		0.1725,
		1.22,
		0.26,
		1.3075,
		0.3475,
		1.395,
		0.435,
		1.4825,
		0.5225,
		1.57,
		0.61,
		1.6575,
		0.6975,
		1.745,
		0.785,
		1.8325,
		0.8725,
		1.92,
		0.96	],
	"PhaseEncodingDirection": "j",
	"ConversionSoftware": "dcm2niix",
	"ConversionSoftwareVersion": "v1.0.20170724 GCC4.4.7",
	"IntendedFor": ["ses-13/func/sub-CSI2_ses-13_task-5000scenes_run-01_bold.nii.gz",
		"ses-13/func/sub-CSI2_ses-13_task-5000scenes_run-02_bold.nii.gz",
		"ses-13/func/sub-CSI2_ses-13_task-5000scenes_run-03_bold.nii.gz",
		"ses-13/func/sub-CSI2_ses-13_task-5000scenes_run-04_bold.nii.gz",
		"ses-13/func/sub-CSI2_ses-13_task-5000scenes_run-05_bold.nii.gz",
		"ses-13/func/sub-CSI2_ses-13_task-5000scenes_run-06_bold.nii.gz",
		"ses-13/func/sub-CSI2_ses-13_task-5000scenes_run-07_bold.nii.gz",
		"ses-13/func/sub-CSI2_ses-13_task-5000scenes_run-08_bold.nii.gz",
		"ses-13/func/sub-CSI2_ses-13_task-5000scenes_run-09_bold.nii.gz",
		"ses-13/func/sub-CSI2_ses-13_task-localizer_bold.nii.gz"]
}
