{
	"Manufacturer": "Siemens",
	"ManufacturersModelName": "Verio",
	"AcquisitionNumber": 1,
	"InstitutionName": "SIBR",
	"InstitutionAddress": "Frew_4805_Pittsburgh_District_US_15213",
	"DeviceSerialNumber": "40482",
	"SoftwareVersions": "syngo_MR_B17",
	"ProcedureStepDescription": "Dr._Tarr_Elissa",
	"ScanningSequence": "EP",
	"SequenceVariant": "SK_SS",
	"SeriesDescription": "BOLD_CSI4_Sess-6_Run-2",
	"ProtocolName": "BOLD_CSI4_Sess-6_Run-2",
	"SequenceName": "epfid2d1_106",
	"ImageType": ["ORIGINAL", "PRIMARY", "M", "MB", "ND", "NORM", "MOSAIC"],
	"AcquisitionTime": "12:05:36.620000",
	"MagneticFieldStrength": 3,
	"FlipAngle": 79,
	"EchoTime": 0.03,
	"RepetitionTime": 2,
	"PhaseEncodingLines": 106,
	"BandwidthPerPixelPhaseEncode": 13.103,
	"EffectiveEchoSpacing": 0.000719985,
	"TotalReadoutTime": 0.0568788,
	"SliceTiming": [
		0,
		1.0475,
		0.0875,
		1.135,
		0.175,
		1.2225,
		0.2625,
		1.31,
		0.35,
		1.3975,
		0.4375,
		1.485,
		0.525,
		1.5725,
		0.6125,
		1.66,
		0.7,
		1.7475,
		0.7875,
		1.835,
		0.875,
		1.9225,
		0.9625,
		0,
		1.0475,
		0.0875,
		1.135,
		0.175,
		1.2225,
		0.2625,
		1.31,
		0.35,
		1.3975,
		0.4375,
		1.485,
		0.525,
		1.5725,
		0.6125,
		1.66,
		0.7,
		1.7475,
		0.7875,
		1.835,
		0.875,
		1.9225,
		0.9625,
		0,
		1.0475,
		0.0875,
		1.135,
		0.175,
		1.2225,
		0.2625,
		1.31,
		0.35,
		1.3975,
		0.4375,
		1.485,
		0.525,
		1.5725,
		0.6125,
		1.66,
		0.7,
		1.7475,
		0.7875,
		1.835,
		0.875,
		1.9225,
		0.9625	],
	"PhaseEncodingDirection": "j-",
	"ConversionSoftware": "dcm2niix",
	"ConversionSoftwareVersion": "v1.0.20170724 GCC4.4.7"
}
