{
  "aor": 0.006557010309278351,
  "aqi": 0.01335409407216495,
  "bids_meta": {
    "AcquisitionNumber": 1,
    "AcquisitionTime": "11:28:55.870000",
    "BandwidthPerPixelPhaseEncode": 13.103,
    "ConversionSoftware": "dcm2niix",
    "ConversionSoftwareVersion": "v1.0.20170724 GCC4.4.7",
    "DeviceSerialNumber": "40482",
    "EchoTime": 0.03,
    "EffectiveEchoSpacing": 0.000719985,
    "FlipAngle": 79,
    "ImageType": [
      "ORIGINAL",
      "PRIMARY",
      "M",
      "MB",
      "ND",
      "NORM",
      "MOSAIC"
    ],
    "InstitutionAddress": "Frew_4805_Pittsburgh_District_US_15213",
    "InstitutionName": "SIBR",
    "MagneticFieldStrength": 3,
    "Manufacturer": "Siemens",
    "ManufacturersModelName": "Verio",
    "PhaseEncodingDirection": "j-",
    "PhaseEncodingLines": 106,
    "ProcedureStepDescription": "Dr._Tarr_Elissa",
    "ProtocolName": "BOLD_CSI2_Sess-12_Run-4",
    "RepetitionTime": 2,
    "ScanningSequence": "EP",
    "SequenceName": "epfid2d1_106",
    "SequenceVariant": "SK_SS",
    "SeriesDescription": "BOLD_CSI2_Sess-12_Run-4",
    "SliceTiming": [
      0,
      1.0475,
      0.0875,
      1.135,
      0.175,
      1.2225,
      0.2625,
      1.31,
      0.35,
      1.3975,
      0.4375,
      1.485,
      0.525,
      1.5725,
      0.61,
      1.6575,
      0.6975,
      1.745,
      0.785,
      1.8325,
      0.8725,
      1.92,
      0.96,
      0,
      1.0475,
      0.0875,
      1.135,
      0.175,
      1.2225,
      0.2625,
      1.31,
      0.35,
      1.3975,
      0.4375,
      1.485,
      0.525,
      1.5725,
      0.61,
      1.6575,
      0.6975,
      1.745,
      0.785,
      1.8325,
      0.8725,
      1.92,
      0.96,
      0,
      1.0475,
      0.0875,
      1.135,
      0.175,
      1.2225,
      0.2625,
      1.31,
      0.35,
      1.3975,
      0.4375,
      1.485,
      0.525,
      1.5725,
      0.61,
      1.6575,
      0.6975,
      1.745,
      0.785,
      1.8325,
      0.8725,
      1.92,
      0.96
    ],
    "SoftwareVersions": "syngo_MR_B17",
    "TotalReadoutTime": 0.0568788,
    "modality": "bold",
    "run_id": "04",
    "session_id": "12",
    "subject_id": "CSI2",
    "task_id": "5000scenes"
  },
  "dummy_trs": 0,
  "dvars_nstd": 33.22925218787563,
  "dvars_std": 1.2061311313471499,
  "dvars_vstd": 1.0348850560103626,
  "efc": 0.5113156378398023,
  "fber": 3234.39404296875,
  "fd_mean": 0.18316324629568143,
  "fd_num": 42,
  "fd_perc": 21.649484536082475,
  "fwhm_avg": 2.5716383333333335,
  "fwhm_x": 2.297545,
  "fwhm_y": 3.020055,
  "fwhm_z": 2.397315,
  "gcor": 0.0426542,
  "gsr_x": -0.004244055598974228,
  "gsr_y": 0.030073339119553566,
  "provenance": {
    "md5sum": "19ba25ade6173f5edcd5b99d1f300f14",
    "settings": {
      "fd_thres": 0.2,
      "hmc_fsl": false
    },
    "software": "mriqc",
    "version": "0.11.0",
    "webapi_port": null,
    "webapi_url": null
  },
  "size_t": 194,
  "size_x": 106,
  "size_y": 106,
  "size_z": 69,
  "snr": 5.212976128502576,
  "spacing_tr": 2.0,
  "spacing_x": 2.0,
  "spacing_y": 2.0,
  "spacing_z": 2.0,
  "summary_bg_k": 24.69001196299542,
  "summary_bg_mad": 7.160816192626953,
  "summary_bg_mean": 28.161788940429688,
  "summary_bg_median": 10.391752243041992,
  "summary_bg_n": 507905.0,
  "summary_bg_p05": 4.041236877441406,
  "summary_bg_p95": 112.25257110595703,
  "summary_bg_stdv": 51.707115173339844,
  "summary_fg_k": 3.8762976580291495,
  "summary_fg_mad": 87.96263885498047,
  "summary_fg_mean": 604.255615234375,
  "summary_fg_median": 608.2216186523438,
  "summary_fg_n": 169990.0,
  "summary_fg_p05": 415.3770416259766,
  "summary_fg_p95": 771.0623748779296,
  "summary_fg_stdv": 116.67420196533203,
  "tsnr": 46.074886322021484
}