{
  "aor": 0.0005537823834196892,
  "aqi": 0.008026473471502591,
  "bids_meta": {
    "AcquisitionNumber": 1,
    "AcquisitionTime": "15:57:3.977500",
    "BandwidthPerPixelPhaseEncode": 13.103,
    "ConversionSoftware": "dcm2niix",
    "ConversionSoftwareVersion": "v1.0.20170724 GCC4.4.7",
    "DeviceSerialNumber": "40482",
    "EchoTime": 0.03,
    "EffectiveEchoSpacing": 0.000719985,
    "FlipAngle": 79,
    "ImageType": [
      "ORIGINAL",
      "PRIMARY",
      "M",
      "MB",
      "ND",
      "NORM",
      "MOSAIC"
    ],
    "InstitutionAddress": "Frew_4805_Pittsburgh_District_US_15213",
    "InstitutionName": "SIBR",
    "MagneticFieldStrength": 3,
    "Manufacturer": "Siemens",
    "ManufacturersModelName": "Verio",
    "PhaseEncodingDirection": "j-",
    "PhaseEncodingLines": 106,
    "ProcedureStepDescription": "Dr._Tarr_Elissa",
    "ProtocolName": "BOLD_CSI2_Sess-3_Run-1",
    "RepetitionTime": 2,
    "ScanningSequence": "EP",
    "SequenceName": "epfid2d1_106",
    "SequenceVariant": "SK_SS",
    "SeriesDescription": "BOLD_CSI2_Sess-3_Run-1",
    "SliceTiming": [
      0,
      1.0475,
      0.085,
      1.1325,
      0.1725,
      1.22,
      0.26,
      1.3075,
      0.3475,
      1.395,
      0.435,
      1.4825,
      0.5225,
      1.57,
      0.61,
      1.6575,
      0.6975,
      1.745,
      0.785,
      1.8325,
      0.8725,
      1.92,
      0.96,
      0,
      1.0475,
      0.085,
      1.1325,
      0.1725,
      1.22,
      0.26,
      1.3075,
      0.3475,
      1.395,
      0.435,
      1.4825,
      0.5225,
      1.57,
      0.61,
      1.6575,
      0.6975,
      1.745,
      0.785,
      1.8325,
      0.8725,
      1.92,
      0.96,
      0,
      1.0475,
      0.085,
      1.1325,
      0.1725,
      1.22,
      0.26,
      1.3075,
      0.3475,
      1.395,
      0.435,
      1.4825,
      0.5225,
      1.57,
      0.61,
      1.6575,
      0.6975,
      1.745,
      0.785,
      1.8325,
      0.8725,
      1.92,
      0.96
    ],
    "SoftwareVersions": "syngo_MR_B17",
    "TotalReadoutTime": 0.0568788,
    "modality": "bold",
    "run_id": "01",
    "session_id": "03",
    "subject_id": "CSI2",
    "task_id": "5000scenes"
  },
  "dummy_trs": 1,
  "dvars_nstd": 30.41681846989584,
  "dvars_std": 1.2167995543229162,
  "dvars_vstd": 1.0010235725000007,
  "efc": 0.5077146866990296,
  "fber": 3351.62841796875,
  "fd_mean": 0.0795007273546776,
  "fd_num": 10,
  "fd_perc": 5.181347150259067,
  "fwhm_avg": 2.5849316666666664,
  "fwhm_x": 2.31023,
  "fwhm_y": 3.02399,
  "fwhm_z": 2.420575,
  "gcor": 0.00649569,
  "gsr_x": -0.004193454515188932,
  "gsr_y": 0.028718475252389908,
  "provenance": {
    "md5sum": "d1231fd61869ae0cc780e6b3862d95a9",
    "settings": {
      "fd_thres": 0.2,
      "hmc_fsl": false
    },
    "software": "mriqc",
    "version": "0.11.0",
    "webapi_port": null,
    "webapi_url": null
  },
  "size_t": 193,
  "size_x": 106,
  "size_y": 106,
  "size_z": 69,
  "snr": 5.160703006872773,
  "spacing_tr": 2.0,
  "spacing_x": 2.0,
  "spacing_y": 2.0,
  "spacing_z": 2.0,
  "summary_bg_k": 25.367136840890332,
  "summary_bg_mad": 6.98282527923584,
  "summary_bg_mean": 26.834402084350586,
  "summary_bg_median": 10.217616081237793,
  "summary_bg_n": 508271.0,
  "summary_bg_p05": 4.0,
  "summary_bg_p95": 106.06476211547852,
  "summary_bg_stdv": 48.495792388916016,
  "summary_fg_k": 3.6775437906584125,
  "summary_fg_mad": 90.40796661376953,
  "summary_fg_mean": 607.1533813476562,
  "summary_fg_median": 610.373046875,
  "summary_fg_n": 169813.0,
  "summary_fg_p05": 418.9968688964844,
  "summary_fg_p95": 776.7771606445312,
  "summary_fg_stdv": 118.27288818359375,
  "tsnr": 60.04750061035156
}