{
  "aor": 0.0039456701030927835,
  "aqi": 0.00967195144329897,
  "bids_meta": {
    "AcquisitionNumber": 1,
    "AcquisitionTime": "14:54:2.167500",
    "BandwidthPerPixelPhaseEncode": 13.103,
    "ConversionSoftware": "dcm2niix",
    "ConversionSoftwareVersion": "v1.0.20170724 GCC4.4.7",
    "DeviceSerialNumber": "40482",
    "EchoTime": 0.03,
    "EffectiveEchoSpacing": 0.000719985,
    "FlipAngle": 79,
    "ImageType": [
      "ORIGINAL",
      "PRIMARY",
      "M",
      "MB",
      "ND",
      "NORM",
      "MOSAIC"
    ],
    "InstitutionAddress": "Frew_4805_Pittsburgh_District_US_15213",
    "InstitutionName": "SIBR",
    "MagneticFieldStrength": 3,
    "Manufacturer": "Siemens",
    "ManufacturersModelName": "Verio",
    "PhaseEncodingDirection": "j-",
    "PhaseEncodingLines": 106,
    "ProcedureStepDescription": "Dr._Tarr_Elissa",
    "ProtocolName": "BOLD_CSI2_Sess-7_Run-7",
    "RepetitionTime": 2,
    "ScanningSequence": "EP",
    "SequenceName": "epfid2d1_106",
    "SequenceVariant": "SK_SS",
    "SeriesDescription": "BOLD_CSI2_Sess-7_Run-7",
    "SliceTiming": [
      0,
      1.0475,
      0.0875,
      1.135,
      0.175,
      1.2225,
      0.2625,
      1.31,
      0.35,
      1.3975,
      0.4375,
      1.485,
      0.525,
      1.5725,
      0.6125,
      1.66,
      0.6975,
      1.745,
      0.785,
      1.8325,
      0.8725,
      1.92,
      0.96,
      0,
      1.0475,
      0.0875,
      1.135,
      0.175,
      1.2225,
      0.2625,
      1.31,
      0.35,
      1.3975,
      0.4375,
      1.485,
      0.525,
      1.5725,
      0.6125,
      1.66,
      0.6975,
      1.745,
      0.785,
      1.8325,
      0.8725,
      1.92,
      0.96,
      0,
      1.0475,
      0.0875,
      1.135,
      0.175,
      1.2225,
      0.2625,
      1.31,
      0.35,
      1.3975,
      0.4375,
      1.485,
      0.525,
      1.5725,
      0.6125,
      1.66,
      0.6975,
      1.745,
      0.785,
      1.8325,
      0.8725,
      1.92,
      0.96
    ],
    "SoftwareVersions": "syngo_MR_B17",
    "TotalReadoutTime": 0.0568788,
    "modality": "bold",
    "run_id": "07",
    "session_id": "07",
    "subject_id": "CSI2",
    "task_id": "5000scenes"
  },
  "dummy_trs": 0,
  "dvars_nstd": 31.578154805958548,
  "dvars_std": 1.2433026159067355,
  "dvars_vstd": 1.0469421894300517,
  "efc": 0.5111608171418649,
  "fber": 3150.5947265625,
  "fd_mean": 0.1263408472671166,
  "fd_num": 29,
  "fd_perc": 14.948453608247423,
  "fwhm_avg": 2.5562383333333334,
  "fwhm_x": 2.28825,
  "fwhm_y": 2.984545,
  "fwhm_z": 2.39592,
  "gcor": 0.0107369,
  "gsr_x": -0.0026107884477823973,
  "gsr_y": 0.028947895392775536,
  "provenance": {
    "md5sum": "2ce84cdc8641aad424ad79c740680d6e",
    "settings": {
      "fd_thres": 0.2,
      "hmc_fsl": false
    },
    "software": "mriqc",
    "version": "0.11.0",
    "webapi_port": null,
    "webapi_url": null
  },
  "size_t": 194,
  "size_x": 106,
  "size_y": 106,
  "size_z": 69,
  "snr": 5.190797952840897,
  "spacing_tr": 2.0,
  "spacing_x": 2.0,
  "spacing_y": 2.0,
  "spacing_z": 2.0,
  "summary_bg_k": 23.706846922529273,
  "summary_bg_mad": 7.069108009338379,
  "summary_bg_mean": 28.549272537231445,
  "summary_bg_median": 10.432989120483398,
  "summary_bg_n": 509092.0,
  "summary_bg_p05": 4.216494560241699,
  "summary_bg_p95": 116.4329833984375,
  "summary_bg_stdv": 51.697044372558594,
  "summary_fg_k": 3.5725935584511035,
  "summary_fg_mad": 89.55224609375,
  "summary_fg_mean": 601.3060302734375,
  "summary_fg_median": 603.4639282226562,
  "summary_fg_n": 168936.0,
  "summary_fg_p05": 416.1585006713867,
  "summary_fg_p95": 771.4136352539062,
  "summary_fg_stdv": 116.25614166259766,
  "tsnr": 53.76792907714844
}