{
  "aor": 0.001011546391752577,
  "aqi": 0.009532598453608248,
  "bids_meta": {
    "AcquisitionNumber": 1,
    "AcquisitionTime": "12:34:4.892500",
    "BandwidthPerPixelPhaseEncode": 13.103,
    "ConversionSoftware": "dcm2niix",
    "ConversionSoftwareVersion": "v1.0.20170724 GCC4.4.7",
    "DeviceSerialNumber": "40482",
    "EchoTime": 0.03,
    "EffectiveEchoSpacing": 0.000719985,
    "FlipAngle": 79,
    "ImageType": [
      "ORIGINAL",
      "PRIMARY",
      "M",
      "MB",
      "ND",
      "NORM",
      "MOSAIC"
    ],
    "InstitutionAddress": "Frew_4805_Pittsburgh_District_US_15213",
    "InstitutionName": "SIBR",
    "MagneticFieldStrength": 3,
    "Manufacturer": "Siemens",
    "ManufacturersModelName": "Verio",
    "PhaseEncodingDirection": "j-",
    "PhaseEncodingLines": 106,
    "ProcedureStepDescription": "Dr._Tarr_Elissa",
    "ProtocolName": "BOLD_CSI2_Sess-11_Run-10",
    "RepetitionTime": 2,
    "ScanningSequence": "EP",
    "SequenceName": "epfid2d1_106",
    "SequenceVariant": "SK_SS",
    "SeriesDescription": "BOLD_CSI2_Sess-11_Run-10",
    "SliceTiming": [
      0,
      1.0475,
      0.0875,
      1.135,
      0.175,
      1.2225,
      0.2625,
      1.31,
      0.35,
      1.3975,
      0.4375,
      1.485,
      0.525,
      1.5725,
      0.6125,
      1.66,
      0.7,
      1.7475,
      0.7875,
      1.8325,
      0.8725,
      1.92,
      0.96,
      0,
      1.0475,
      0.0875,
      1.135,
      0.175,
      1.2225,
      0.2625,
      1.31,
      0.35,
      1.3975,
      0.4375,
      1.485,
      0.525,
      1.5725,
      0.6125,
      1.66,
      0.7,
      1.7475,
      0.7875,
      1.8325,
      0.8725,
      1.92,
      0.96,
      0,
      1.0475,
      0.0875,
      1.135,
      0.175,
      1.2225,
      0.2625,
      1.31,
      0.35,
      1.3975,
      0.4375,
      1.485,
      0.525,
      1.5725,
      0.6125,
      1.66,
      0.7,
      1.7475,
      0.7875,
      1.8325,
      0.8725,
      1.92,
      0.96
    ],
    "SoftwareVersions": "syngo_MR_B17",
    "TotalReadoutTime": 0.0568788,
    "modality": "bold",
    "run_id": "10",
    "session_id": "11",
    "subject_id": "CSI2",
    "task_id": "5000scenes"
  },
  "dummy_trs": 0,
  "dvars_nstd": 31.137808439015547,
  "dvars_std": 1.2228464105181347,
  "dvars_vstd": 1.006605120207254,
  "efc": 0.5120542871443036,
  "fber": 3113.60302734375,
  "fd_mean": 0.10444029945868491,
  "fd_num": 16,
  "fd_perc": 8.24742268041237,
  "fwhm_avg": 2.5942166666666666,
  "fwhm_x": 2.315775,
  "fwhm_y": 3.039735,
  "fwhm_z": 2.42714,
  "gcor": 0.0121797,
  "gsr_x": -0.004010946489870548,
  "gsr_y": 0.027484215795993805,
  "provenance": {
    "md5sum": "07b3256e0d0cffffc2eed25adc55f0dd",
    "settings": {
      "fd_thres": 0.2,
      "hmc_fsl": false
    },
    "software": "mriqc",
    "version": "0.11.0",
    "webapi_port": null,
    "webapi_url": null
  },
  "size_t": 194,
  "size_x": 106,
  "size_y": 106,
  "size_z": 69,
  "snr": 5.066572195828546,
  "spacing_tr": 2.0,
  "spacing_x": 2.0,
  "spacing_y": 2.0,
  "spacing_z": 2.0,
  "summary_bg_k": 23.889983964996997,
  "summary_bg_mad": 7.244880676269531,
  "summary_bg_mean": 29.108171463012695,
  "summary_bg_median": 10.72680377960205,
  "summary_bg_n": 507191.0,
  "summary_bg_p05": 4.273195743560791,
  "summary_bg_p95": 118.48968505859375,
  "summary_bg_stdv": 53.01144027709961,
  "summary_fg_k": 3.3380777449461494,
  "summary_fg_mad": 93.2052230834961,
  "summary_fg_mean": 614.03271484375,
  "summary_fg_median": 617.2422485351562,
  "summary_fg_n": 170460.0,
  "summary_fg_p05": 416.3968811035156,
  "summary_fg_p95": 792.2737091064452,
  "summary_fg_stdv": 121.82604217529297,
  "tsnr": 54.64249801635742
}