{
  "aor": 0.0016431914893617022,
  "aqi": 0.00913932340425532,
  "bids_meta": {
    "AcquisitionNumber": 1,
    "AcquisitionTime": "14:23:36.760000",
    "BandwidthPerPixelPhaseEncode": 13.103,
    "ConversionSoftware": "dcm2niix",
    "ConversionSoftwareVersion": "v1.0.20170724 GCC4.4.7",
    "DeviceSerialNumber": "40482",
    "EchoTime": 0.03,
    "EffectiveEchoSpacing": 0.000719985,
    "FlipAngle": 79,
    "ImageType": [
      "ORIGINAL",
      "PRIMARY",
      "M",
      "MB",
      "ND",
      "NORM",
      "MOSAIC"
    ],
    "InstitutionAddress": "Frew_4805_Pittsburgh_District_US_15213",
    "InstitutionName": "SIBR",
    "MagneticFieldStrength": 3,
    "Manufacturer": "Siemens",
    "ManufacturersModelName": "Verio",
    "PhaseEncodingDirection": "j-",
    "PhaseEncodingLines": 106,
    "ProcedureStepDescription": "Dr._Tarr_Elissa",
    "ProtocolName": "BOLD_CSI2_Sess-6_SceneLocal",
    "RepetitionTime": 2,
    "ScanningSequence": "EP",
    "SequenceName": "epfid2d1_106",
    "SequenceVariant": "SK_SS",
    "SeriesDescription": "BOLD_CSI2_Sess-6_SceneLocal",
    "SliceTiming": [
      0,
      1.0475,
      0.085,
      1.1325,
      0.1725,
      1.22,
      0.26,
      1.3075,
      0.3475,
      1.395,
      0.435,
      1.4825,
      0.5225,
      1.57,
      0.61,
      1.6575,
      0.6975,
      1.745,
      0.785,
      1.8325,
      0.8725,
      1.92,
      0.96,
      0,
      1.0475,
      0.085,
      1.1325,
      0.1725,
      1.22,
      0.26,
      1.3075,
      0.3475,
      1.395,
      0.435,
      1.4825,
      0.5225,
      1.57,
      0.61,
      1.6575,
      0.6975,
      1.745,
      0.785,
      1.8325,
      0.8725,
      1.92,
      0.96,
      0,
      1.0475,
      0.085,
      1.1325,
      0.1725,
      1.22,
      0.26,
      1.3075,
      0.3475,
      1.395,
      0.435,
      1.4825,
      0.5225,
      1.57,
      0.61,
      1.6575,
      0.6975,
      1.745,
      0.785,
      1.8325,
      0.8725,
      1.92,
      0.96
    ],
    "SoftwareVersions": "syngo_MR_B17",
    "TaskName": "Scene Localizer",
    "TotalReadoutTime": 0.0568788,
    "modality": "bold",
    "session_id": "06",
    "subject_id": "CSI2",
    "task_id": "localizer"
  },
  "dummy_trs": 0,
  "dvars_nstd": 32.317258480642856,
  "dvars_std": 1.2552431592857145,
  "dvars_vstd": 1.0184380882857136,
  "efc": 0.513383307926914,
  "fber": 3179.4970703125,
  "fd_mean": 0.0932314453425361,
  "fd_num": 13,
  "fd_perc": 9.21985815602837,
  "fwhm_avg": 2.5905616666666664,
  "fwhm_x": 2.312925,
  "fwhm_y": 3.0274,
  "fwhm_z": 2.43136,
  "gcor": 0.0152518,
  "gsr_x": -0.0012729892041534185,
  "gsr_y": 0.029891347512602806,
  "provenance": {
    "md5sum": "ca408ee5f55cf18d8163f2721e27ca4d",
    "settings": {
      "fd_thres": 0.2,
      "hmc_fsl": false
    },
    "software": "mriqc",
    "version": "0.11.0",
    "webapi_port": null,
    "webapi_url": null
  },
  "size_t": 141,
  "size_x": 106,
  "size_y": 106,
  "size_z": 69,
  "snr": 5.259336161290269,
  "spacing_tr": 2.0,
  "spacing_x": 2.0,
  "spacing_y": 2.0,
  "spacing_z": 2.0,
  "summary_bg_k": 24.766416209469416,
  "summary_bg_mad": 6.676967144012451,
  "summary_bg_mean": 27.48239517211914,
  "summary_bg_median": 9.886524200439453,
  "summary_bg_n": 507414.0,
  "summary_bg_p05": 3.9007091522216797,
  "summary_bg_p95": 111.99538803100569,
  "summary_bg_stdv": 50.56267166137695,
  "summary_fg_k": 3.6750699997424556,
  "summary_fg_mad": 83.8143539428711,
  "summary_fg_mean": 571.6187744140625,
  "summary_fg_median": 574.1843872070312,
  "summary_fg_n": 170640.0,
  "summary_fg_p05": 396.75106048583984,
  "summary_fg_p95": 729.1847412109374,
  "summary_fg_stdv": 109.17398834228516,
  "tsnr": 57.030738830566406
}