{
  "aor": 0.005636879432624114,
  "aqi": 0.011881997588652483,
  "bids_meta": {
    "AcquisitionNumber": 1,
    "AcquisitionTime": "13:47:12.770000",
    "BandwidthPerPixelPhaseEncode": 13.103,
    "ConversionSoftware": "dcm2niix",
    "ConversionSoftwareVersion": "v1.0.20170724 GCC4.4.7",
    "DeviceSerialNumber": "40482",
    "EchoTime": 0.03,
    "EffectiveEchoSpacing": 0.000719985,
    "FlipAngle": 79,
    "ImageType": [
      "ORIGINAL",
      "PRIMARY",
      "M",
      "MB",
      "ND",
      "NORM",
      "MOSAIC"
    ],
    "InstitutionAddress": "Frew_4805_Pittsburgh_District_US_15213",
    "InstitutionName": "SIBR",
    "MagneticFieldStrength": 3,
    "Manufacturer": "Siemens",
    "ManufacturersModelName": "Verio",
    "PhaseEncodingDirection": "j-",
    "PhaseEncodingLines": 106,
    "ProcedureStepDescription": "Dr._Tarr_Elissa",
    "ProtocolName": "BOLD_CSI2_Sess-8_SceneLocal",
    "RepetitionTime": 2,
    "ScanningSequence": "EP",
    "SequenceName": "epfid2d1_106",
    "SequenceVariant": "SK_SS",
    "SeriesDescription": "BOLD_CSI2_Sess-8_SceneLocal",
    "SliceTiming": [
      0,
      1.0475,
      0.0875,
      1.135,
      0.175,
      1.2225,
      0.2625,
      1.31,
      0.3475,
      1.395,
      0.435,
      1.4825,
      0.5225,
      1.57,
      0.61,
      1.6575,
      0.6975,
      1.745,
      0.785,
      1.8325,
      0.8725,
      1.92,
      0.96,
      0,
      1.0475,
      0.0875,
      1.135,
      0.175,
      1.2225,
      0.2625,
      1.31,
      0.3475,
      1.395,
      0.435,
      1.4825,
      0.5225,
      1.57,
      0.61,
      1.6575,
      0.6975,
      1.745,
      0.785,
      1.8325,
      0.8725,
      1.92,
      0.96,
      0,
      1.0475,
      0.0875,
      1.135,
      0.175,
      1.2225,
      0.2625,
      1.31,
      0.3475,
      1.395,
      0.435,
      1.4825,
      0.5225,
      1.57,
      0.61,
      1.6575,
      0.6975,
      1.745,
      0.785,
      1.8325,
      0.8725,
      1.92,
      0.96
    ],
    "SoftwareVersions": "syngo_MR_B17",
    "TaskName": "Scene Localizer",
    "TotalReadoutTime": 0.0568788,
    "modality": "bold",
    "session_id": "08",
    "subject_id": "CSI2",
    "task_id": "localizer"
  },
  "dummy_trs": 0,
  "dvars_nstd": 29.525029373214277,
  "dvars_std": 1.189588824857142,
  "dvars_vstd": 1.0330552595714282,
  "efc": 0.5112654621936403,
  "fber": 3237.705810546875,
  "fd_mean": 0.12134679250159518,
  "fd_num": 8,
  "fd_perc": 5.673758865248227,
  "fwhm_avg": 2.59361,
  "fwhm_x": 2.31007,
  "fwhm_y": 3.02827,
  "fwhm_z": 2.44249,
  "gcor": 0.0147766,
  "gsr_x": -0.0036033557262271643,
  "gsr_y": 0.030438505113124847,
  "provenance": {
    "md5sum": "709052a56948c8f9ef63a0180043622e",
    "settings": {
      "fd_thres": 0.2,
      "hmc_fsl": false
    },
    "software": "mriqc",
    "version": "0.11.0",
    "webapi_port": null,
    "webapi_url": null
  },
  "size_t": 141,
  "size_x": 106,
  "size_y": 106,
  "size_z": 69,
  "snr": 5.202479329957521,
  "spacing_tr": 2.0,
  "spacing_x": 2.0,
  "spacing_y": 2.0,
  "spacing_z": 2.0,
  "summary_bg_k": 23.14394691033537,
  "summary_bg_mad": 6.892524242401123,
  "summary_bg_mean": 27.37698745727539,
  "summary_bg_median": 10.117021560668945,
  "summary_bg_n": 507916.0,
  "summary_bg_p05": 3.9432623386383057,
  "summary_bg_p95": 110.98226737976074,
  "summary_bg_stdv": 49.14899444580078,
  "summary_fg_k": 3.699973611204772,
  "summary_fg_mad": 87.28431701660156,
  "summary_fg_mean": 588.260498046875,
  "summary_fg_median": 591.7517700195312,
  "summary_fg_n": 170259.0,
  "summary_fg_p05": 405.8077911376953,
  "summary_fg_p95": 751.2765502929688,
  "summary_fg_stdv": 113.74385070800781,
  "tsnr": 49.637935638427734
}