{
  "aor": 0.0011537777777777777,
  "aqi": 0.008802174222222224,
  "bids_meta": {
    "AcquisitionNumber": 1,
    "AcquisitionTime": "15:49:14.237500",
    "BandwidthPerPixelPhaseEncode": 13.103,
    "ConversionSoftware": "dcm2niix",
    "ConversionSoftwareVersion": "v1.0.20170724 GCC4.4.7",
    "DeviceSerialNumber": "40482",
    "EchoTime": 0.03,
    "EffectiveEchoSpacing": 0.000719985,
    "FlipAngle": 79,
    "ImageType": [
      "ORIGINAL",
      "PRIMARY",
      "M",
      "MB",
      "ND",
      "NORM",
      "MOSAIC"
    ],
    "InstitutionAddress": "Frew_4805_Pittsburgh_District_US_15213",
    "InstitutionName": "SIBR",
    "MagneticFieldStrength": 3,
    "Manufacturer": "Siemens",
    "ManufacturersModelName": "Verio",
    "PhaseEncodingDirection": "j-",
    "PhaseEncodingLines": 106,
    "ProcedureStepDescription": "Dr._Tarr_Elissa",
    "ProtocolName": "BOLD_CSI2_Sess-10_SceneLocal",
    "RepetitionTime": 2,
    "ScanningSequence": "EP",
    "SequenceName": "epfid2d1_106",
    "SequenceVariant": "SK_SS",
    "SeriesDescription": "BOLD_CSI2_Sess-10_SceneLocal",
    "SliceTiming": [
      0,
      1.0475,
      0.0875,
      1.135,
      0.175,
      1.2225,
      0.26,
      1.3075,
      0.3475,
      1.395,
      0.435,
      1.4825,
      0.5225,
      1.57,
      0.61,
      1.6575,
      0.6975,
      1.745,
      0.785,
      1.8325,
      0.8725,
      1.92,
      0.96,
      0,
      1.0475,
      0.0875,
      1.135,
      0.175,
      1.2225,
      0.26,
      1.3075,
      0.3475,
      1.395,
      0.435,
      1.4825,
      0.5225,
      1.57,
      0.61,
      1.6575,
      0.6975,
      1.745,
      0.785,
      1.8325,
      0.8725,
      1.92,
      0.96,
      0,
      1.0475,
      0.0875,
      1.135,
      0.175,
      1.2225,
      0.26,
      1.3075,
      0.3475,
      1.395,
      0.435,
      1.4825,
      0.5225,
      1.57,
      0.61,
      1.6575,
      0.6975,
      1.745,
      0.785,
      1.8325,
      0.8725,
      1.92,
      0.96
    ],
    "SoftwareVersions": "syngo_MR_B17",
    "TaskName": "Scene Localizer",
    "TotalReadoutTime": 0.0568788,
    "modality": "bold",
    "session_id": "10",
    "subject_id": "CSI2",
    "task_id": "localizer"
  },
  "dummy_trs": 6,
  "dvars_nstd": 31.917138185298516,
  "dvars_std": 1.250658257761195,
  "dvars_vstd": 1.0121456336567165,
  "efc": 0.5174195235972282,
  "fber": 2886.510498046875,
  "fd_mean": 0.0916218950756937,
  "fd_num": 6,
  "fd_perc": 4.444444444444445,
  "fwhm_avg": 2.5843933333333333,
  "fwhm_x": 2.317755,
  "fwhm_y": 3.025625,
  "fwhm_z": 2.4098,
  "gcor": 0.00892143,
  "gsr_x": -0.00491525512188673,
  "gsr_y": 0.030684150755405426,
  "provenance": {
    "md5sum": "c2193700f52cfe553aee4c28dbfea142",
    "settings": {
      "fd_thres": 0.2,
      "hmc_fsl": false
    },
    "software": "mriqc",
    "version": "0.11.0",
    "webapi_port": null,
    "webapi_url": null
  },
  "size_t": 135,
  "size_x": 106,
  "size_y": 106,
  "size_z": 69,
  "snr": 5.125199295917086,
  "spacing_tr": 2.0,
  "spacing_x": 2.0,
  "spacing_y": 2.0,
  "spacing_z": 2.0,
  "summary_bg_k": 21.87866816290339,
  "summary_bg_mad": 7.303187847137451,
  "summary_bg_mean": 28.994598388671875,
  "summary_bg_median": 10.51111125946045,
  "summary_bg_n": 505465.0,
  "summary_bg_p05": 4.051851749420166,
  "summary_bg_p95": 119.17037200927734,
  "summary_bg_stdv": 52.17117691040039,
  "summary_fg_k": 3.608755166222968,
  "summary_fg_mad": 87.23191833496094,
  "summary_fg_mean": 579.4361572265625,
  "summary_fg_median": 583.7258911132812,
  "summary_fg_n": 172030.0,
  "summary_fg_p05": 394.0766479492188,
  "summary_fg_p95": 740.7522033691405,
  "summary_fg_stdv": 113.89297485351562,
  "tsnr": 56.495567321777344
}