{
  "aor": 0.0010864432989690722,
  "aqi": 0.008876760927835051,
  "bids_meta": {
    "AcquisitionNumber": 1,
    "AcquisitionTime": "13:00:41.820000",
    "BandwidthPerPixelPhaseEncode": 13.103,
    "ConversionSoftware": "dcm2niix",
    "ConversionSoftwareVersion": "v1.0.20170724 GCC4.4.7",
    "DeviceSerialNumber": "40482",
    "EchoTime": 0.03,
    "EffectiveEchoSpacing": 0.000719985,
    "FlipAngle": 79,
    "ImageType": [
      "ORIGINAL",
      "PRIMARY",
      "M",
      "MB",
      "ND",
      "NORM",
      "MOSAIC"
    ],
    "InstitutionAddress": "Frew_4805_Pittsburgh_District_US_15213",
    "InstitutionName": "SIBR",
    "MagneticFieldStrength": 3,
    "Manufacturer": "Siemens",
    "ManufacturersModelName": "Verio",
    "PhaseEncodingDirection": "j-",
    "PhaseEncodingLines": 106,
    "ProcedureStepDescription": "Dr._Tarr_Elissa",
    "ProtocolName": "BOLD_CSI2_Sess-14_Run-1",
    "RepetitionTime": 2,
    "ScanningSequence": "EP",
    "SequenceName": "epfid2d1_106",
    "SequenceVariant": "SK_SS",
    "SeriesDescription": "BOLD_CSI2_Sess-14_Run-1",
    "SliceTiming": [
      0,
      1.0475,
      0.0875,
      1.135,
      0.175,
      1.2225,
      0.2625,
      1.31,
      0.35,
      1.3975,
      0.435,
      1.4825,
      0.5225,
      1.57,
      0.61,
      1.6575,
      0.6975,
      1.745,
      0.785,
      1.8325,
      0.8725,
      1.92,
      0.96,
      0,
      1.0475,
      0.0875,
      1.135,
      0.175,
      1.2225,
      0.2625,
      1.31,
      0.35,
      1.3975,
      0.435,
      1.4825,
      0.5225,
      1.57,
      0.61,
      1.6575,
      0.6975,
      1.745,
      0.785,
      1.8325,
      0.8725,
      1.92,
      0.96,
      0,
      1.0475,
      0.0875,
      1.135,
      0.175,
      1.2225,
      0.2625,
      1.31,
      0.35,
      1.3975,
      0.435,
      1.4825,
      0.5225,
      1.57,
      0.61,
      1.6575,
      0.6975,
      1.745,
      0.785,
      1.8325,
      0.8725,
      1.92,
      0.96
    ],
    "SoftwareVersions": "syngo_MR_B17",
    "TotalReadoutTime": 0.0568788,
    "modality": "bold",
    "run_id": "01",
    "session_id": "14",
    "subject_id": "CSI2",
    "task_id": "5000scenes"
  },
  "dummy_trs": 0,
  "dvars_nstd": 33.59164361502591,
  "dvars_std": 1.2544433264766837,
  "dvars_vstd": 1.0147645472020714,
  "efc": 0.5108084017232638,
  "fber": 3181.942626953125,
  "fd_mean": 0.12770703710354372,
  "fd_num": 36,
  "fd_perc": 18.556701030927837,
  "fwhm_avg": 2.5938883333333336,
  "fwhm_x": 2.31522,
  "fwhm_y": 3.0471,
  "fwhm_z": 2.419345,
  "gcor": 0.00533955,
  "gsr_x": -0.0062547908164560795,
  "gsr_y": 0.028522958979010582,
  "provenance": {
    "md5sum": "1f1eb1f001a5ecece0f9ae946f35460a",
    "settings": {
      "fd_thres": 0.2,
      "hmc_fsl": false
    },
    "software": "mriqc",
    "version": "0.11.0",
    "webapi_port": null,
    "webapi_url": null
  },
  "size_t": 194,
  "size_x": 106,
  "size_y": 106,
  "size_z": 69,
  "snr": 5.067869160957327,
  "spacing_tr": 2.0,
  "spacing_x": 2.0,
  "spacing_y": 2.0,
  "spacing_z": 2.0,
  "summary_bg_k": 26.56821124045018,
  "summary_bg_mad": 6.870408058166504,
  "summary_bg_mean": 27.085229873657227,
  "summary_bg_median": 10.324742317199707,
  "summary_bg_n": 505894.0,
  "summary_bg_p05": 4.324742317199707,
  "summary_bg_p95": 105.4932952880857,
  "summary_bg_stdv": 49.431312561035156,
  "summary_fg_k": 3.4444828022144804,
  "summary_fg_mad": 90.86666870117188,
  "summary_fg_mean": 600.2202758789062,
  "summary_fg_median": 601.9793701171875,
  "summary_fg_n": 171587.0,
  "summary_fg_p05": 411.4381408691406,
  "summary_fg_p95": 776.005126953125,
  "summary_fg_stdv": 118.7831802368164,
  "tsnr": 56.36238098144531
}