{
  "aor": 0.006814609929078013,
  "aqi": 0.012565553404255317,
  "bids_meta": {
    "AcquisitionNumber": 1,
    "AcquisitionTime": "11:15:57.120000",
    "BandwidthPerPixelPhaseEncode": 13.103,
    "ConversionSoftware": "dcm2niix",
    "ConversionSoftwareVersion": "v1.0.20170724 GCC4.4.7",
    "DeviceSerialNumber": "40482",
    "EchoTime": 0.03,
    "EffectiveEchoSpacing": 0.000719985,
    "FlipAngle": 79,
    "ImageType": [
      "ORIGINAL",
      "PRIMARY",
      "M",
      "MB",
      "ND",
      "NORM",
      "MOSAIC"
    ],
    "InstitutionAddress": "Frew_4805_Pittsburgh_District_US_15213",
    "InstitutionName": "SIBR",
    "MagneticFieldStrength": 3,
    "Manufacturer": "Siemens",
    "ManufacturersModelName": "Verio",
    "PhaseEncodingDirection": "j-",
    "PhaseEncodingLines": 106,
    "ProcedureStepDescription": "Dr._Tarr_Elissa",
    "ProtocolName": "BOLD_CSI2_Sess-15_SceneLocal",
    "RepetitionTime": 2,
    "ScanningSequence": "EP",
    "SequenceName": "epfid2d1_106",
    "SequenceVariant": "SK_SS",
    "SeriesDescription": "BOLD_CSI2_Sess-15_SceneLocal",
    "SliceTiming": [
      0,
      1.0475,
      0.0875,
      1.135,
      0.175,
      1.2225,
      0.2625,
      1.31,
      0.3475,
      1.395,
      0.435,
      1.4825,
      0.5225,
      1.57,
      0.61,
      1.6575,
      0.6975,
      1.745,
      0.785,
      1.8325,
      0.8725,
      1.92,
      0.96,
      0,
      1.0475,
      0.0875,
      1.135,
      0.175,
      1.2225,
      0.2625,
      1.31,
      0.3475,
      1.395,
      0.435,
      1.4825,
      0.5225,
      1.57,
      0.61,
      1.6575,
      0.6975,
      1.745,
      0.785,
      1.8325,
      0.8725,
      1.92,
      0.96,
      0,
      1.0475,
      0.0875,
      1.135,
      0.175,
      1.2225,
      0.2625,
      1.31,
      0.3475,
      1.395,
      0.435,
      1.4825,
      0.5225,
      1.57,
      0.61,
      1.6575,
      0.6975,
      1.745,
      0.785,
      1.8325,
      0.8725,
      1.92,
      0.96
    ],
    "SoftwareVersions": "syngo_MR_B17",
    "TaskName": "Scene Localizer",
    "TotalReadoutTime": 0.0568788,
    "modality": "bold",
    "session_id": "15",
    "subject_id": "CSI2",
    "task_id": "localizer"
  },
  "dummy_trs": 0,
  "dvars_nstd": 34.71600971185713,
  "dvars_std": 1.2161991227142859,
  "dvars_vstd": 1.031485241,
  "efc": 0.5153391358035506,
  "fber": 2999.26025390625,
  "fd_mean": 0.16421734225949283,
  "fd_num": 27,
  "fd_perc": 19.148936170212767,
  "fwhm_avg": 2.602911666666667,
  "fwhm_x": 2.321445,
  "fwhm_y": 3.054575,
  "fwhm_z": 2.432715,
  "gcor": 0.0157847,
  "gsr_x": -0.004013608675450087,
  "gsr_y": 0.025605762377381325,
  "provenance": {
    "md5sum": "11e8bbe7fe01a972b5f07cd3004230f9",
    "settings": {
      "fd_thres": 0.2,
      "hmc_fsl": false
    },
    "software": "mriqc",
    "version": "0.11.0",
    "webapi_port": null,
    "webapi_url": null
  },
  "size_t": 141,
  "size_x": 106,
  "size_y": 106,
  "size_z": 69,
  "snr": 5.111734761693952,
  "spacing_tr": 2.0,
  "spacing_x": 2.0,
  "spacing_y": 2.0,
  "spacing_z": 2.0,
  "summary_bg_k": 24.04096632448079,
  "summary_bg_mad": 7.181683540344238,
  "summary_bg_mean": 28.890905380249023,
  "summary_bg_median": 10.460992813110352,
  "summary_bg_n": 506131.0,
  "summary_bg_p05": 4.042552947998047,
  "summary_bg_p95": 116.7872314453125,
  "summary_bg_stdv": 53.31288528442383,
  "summary_fg_k": 3.5401943128603266,
  "summary_fg_mad": 87.56818389892578,
  "summary_fg_mean": 587.4435424804688,
  "summary_fg_median": 590.2340087890625,
  "summary_fg_n": 171248.0,
  "summary_fg_p05": 400.1088623046875,
  "summary_fg_p95": 756.4113159179688,
  "summary_fg_stdv": 115.46614074707031,
  "tsnr": 46.81345748901367
}