{
  "aor": 0.004343969072164949,
  "aqi": 0.011902680979381443,
  "bids_meta": {
    "AcquisitionNumber": 1,
    "AcquisitionTime": "11:36:36.480000",
    "BandwidthPerPixelPhaseEncode": 13.103,
    "ConversionSoftware": "dcm2niix",
    "ConversionSoftwareVersion": "v1.0.20170724 GCC4.4.7",
    "DeviceSerialNumber": "40482",
    "EchoTime": 0.03,
    "EffectiveEchoSpacing": 0.000719985,
    "FlipAngle": 79,
    "ImageType": [
      "ORIGINAL",
      "PRIMARY",
      "M",
      "MB",
      "ND",
      "NORM",
      "MOSAIC"
    ],
    "InstitutionAddress": "Frew_4805_Pittsburgh_District_US_15213",
    "InstitutionName": "SIBR",
    "MagneticFieldStrength": 3,
    "Manufacturer": "Siemens",
    "ManufacturersModelName": "Verio",
    "PhaseEncodingDirection": "j-",
    "PhaseEncodingLines": 106,
    "ProcedureStepDescription": "Dr._Tarr_Elissa",
    "ProtocolName": "BOLD_CSI2_Sess-12_Run-5",
    "RepetitionTime": 2,
    "ScanningSequence": "EP",
    "SequenceName": "epfid2d1_106",
    "SequenceVariant": "SK_SS",
    "SeriesDescription": "BOLD_CSI2_Sess-12_Run-5",
    "SliceTiming": [
      0,
      1.0475,
      0.0875,
      1.135,
      0.175,
      1.2225,
      0.2625,
      1.31,
      0.35,
      1.3975,
      0.4375,
      1.485,
      0.525,
      1.5725,
      0.6125,
      1.66,
      0.7,
      1.7475,
      0.7875,
      1.835,
      0.875,
      1.9225,
      0.96,
      0,
      1.0475,
      0.0875,
      1.135,
      0.175,
      1.2225,
      0.2625,
      1.31,
      0.35,
      1.3975,
      0.4375,
      1.485,
      0.525,
      1.5725,
      0.6125,
      1.66,
      0.7,
      1.7475,
      0.7875,
      1.835,
      0.875,
      1.9225,
      0.96,
      0,
      1.0475,
      0.0875,
      1.135,
      0.175,
      1.2225,
      0.2625,
      1.31,
      0.35,
      1.3975,
      0.4375,
      1.485,
      0.525,
      1.5725,
      0.6125,
      1.66,
      0.7,
      1.7475,
      0.7875,
      1.835,
      0.875,
      1.9225,
      0.96
    ],
    "SoftwareVersions": "syngo_MR_B17",
    "TotalReadoutTime": 0.0568788,
    "modality": "bold",
    "run_id": "05",
    "session_id": "12",
    "subject_id": "CSI2",
    "task_id": "5000scenes"
  },
  "dummy_trs": 0,
  "dvars_nstd": 32.37740263647668,
  "dvars_std": 1.2119094588601036,
  "dvars_vstd": 1.0304787262694302,
  "efc": 0.5120014534565763,
  "fber": 3196.2041015625,
  "fd_mean": 0.15848981015071503,
  "fd_num": 41,
  "fd_perc": 21.1340206185567,
  "fwhm_avg": 2.575063333333333,
  "fwhm_x": 2.300605,
  "fwhm_y": 3.013925,
  "fwhm_z": 2.41066,
  "gcor": 0.0310215,
  "gsr_x": -0.004536600783467293,
  "gsr_y": 0.029098479077219963,
  "provenance": {
    "md5sum": "5a5aa980bf00f6a4b8d98f01af5ae38f",
    "settings": {
      "fd_thres": 0.2,
      "hmc_fsl": false
    },
    "software": "mriqc",
    "version": "0.11.0",
    "webapi_port": null,
    "webapi_url": null
  },
  "size_t": 194,
  "size_x": 106,
  "size_y": 106,
  "size_z": 69,
  "snr": 5.194966130767799,
  "spacing_tr": 2.0,
  "spacing_x": 2.0,
  "spacing_y": 2.0,
  "spacing_z": 2.0,
  "summary_bg_k": 23.72063735772776,
  "summary_bg_mad": 7.046181678771973,
  "summary_bg_mean": 28.1680908203125,
  "summary_bg_median": 10.391752243041992,
  "summary_bg_n": 507285.0,
  "summary_bg_p05": 4.10824728012085,
  "summary_bg_p95": 113.43814086914062,
  "summary_bg_stdv": 51.07490921020508,
  "summary_fg_k": 3.7603101096371736,
  "summary_fg_mad": 87.86327362060547,
  "summary_fg_mean": 601.470703125,
  "summary_fg_median": 605.4741821289062,
  "summary_fg_n": 170525.0,
  "summary_fg_p05": 411.0773010253906,
  "summary_fg_p95": 768.3608154296871,
  "summary_fg_stdv": 116.5498275756836,
  "tsnr": 48.90488052368164
}