{
  "aor": 0.0036081958762886604,
  "aqi": 0.011135288917525773,
  "bids_meta": {
    "AcquisitionNumber": 1,
    "AcquisitionTime": "13:24:44.805000",
    "BandwidthPerPixelPhaseEncode": 13.103,
    "ConversionSoftware": "dcm2niix",
    "ConversionSoftwareVersion": "v1.0.20170724 GCC4.4.7",
    "DeviceSerialNumber": "40482",
    "EchoTime": 0.03,
    "EffectiveEchoSpacing": 0.000719985,
    "FlipAngle": 79,
    "ImageType": [
      "ORIGINAL",
      "PRIMARY",
      "M",
      "MB",
      "ND",
      "NORM",
      "MOSAIC"
    ],
    "InstitutionAddress": "Frew_4805_Pittsburgh_District_US_15213",
    "InstitutionName": "SIBR",
    "MagneticFieldStrength": 3,
    "Manufacturer": "Siemens",
    "ManufacturersModelName": "Verio",
    "PhaseEncodingDirection": "j-",
    "PhaseEncodingLines": 106,
    "ProcedureStepDescription": "Dr._Tarr_Elissa",
    "ProtocolName": "BOLD_CSI2_Sess-4_Run-4",
    "RepetitionTime": 2,
    "ScanningSequence": "EP",
    "SequenceName": "epfid2d1_106",
    "SequenceVariant": "SK_SS",
    "SeriesDescription": "BOLD_CSI2_Sess-4_Run-4",
    "SliceTiming": [
      0,
      1.0475,
      0.0875,
      1.135,
      0.175,
      1.2225,
      0.2625,
      1.31,
      0.35,
      1.3975,
      0.4375,
      1.485,
      0.525,
      1.5725,
      0.61,
      1.6575,
      0.6975,
      1.745,
      0.785,
      1.8325,
      0.8725,
      1.92,
      0.96,
      0,
      1.0475,
      0.0875,
      1.135,
      0.175,
      1.2225,
      0.2625,
      1.31,
      0.35,
      1.3975,
      0.4375,
      1.485,
      0.525,
      1.5725,
      0.61,
      1.6575,
      0.6975,
      1.745,
      0.785,
      1.8325,
      0.8725,
      1.92,
      0.96,
      0,
      1.0475,
      0.0875,
      1.135,
      0.175,
      1.2225,
      0.2625,
      1.31,
      0.35,
      1.3975,
      0.4375,
      1.485,
      0.525,
      1.5725,
      0.61,
      1.6575,
      0.6975,
      1.745,
      0.785,
      1.8325,
      0.8725,
      1.92,
      0.96
    ],
    "SoftwareVersions": "syngo_MR_B17",
    "TotalReadoutTime": 0.0568788,
    "modality": "bold",
    "run_id": "04",
    "session_id": "04",
    "subject_id": "CSI2",
    "task_id": "5000scenes"
  },
  "dummy_trs": 0,
  "dvars_nstd": 30.869891260673587,
  "dvars_std": 1.2566148921761655,
  "dvars_vstd": 1.036100250569948,
  "efc": 0.5122387552289298,
  "fber": 3207.6796875,
  "fd_mean": 0.08175868997888452,
  "fd_num": 4,
  "fd_perc": 2.0618556701030926,
  "fwhm_avg": 2.596978333333333,
  "fwhm_x": 2.320155,
  "fwhm_y": 3.03683,
  "fwhm_z": 2.43395,
  "gcor": 0.0130304,
  "gsr_x": -0.004215662367641926,
  "gsr_y": 0.025927433744072914,
  "provenance": {
    "md5sum": "be285113ed079638c467bd9c948db2dd",
    "settings": {
      "fd_thres": 0.2,
      "hmc_fsl": false
    },
    "software": "mriqc",
    "version": "0.11.0",
    "webapi_port": null,
    "webapi_url": null
  },
  "size_t": 194,
  "size_x": 106,
  "size_y": 106,
  "size_z": 69,
  "snr": 5.1748906521423566,
  "spacing_tr": 2.0,
  "spacing_x": 2.0,
  "spacing_y": 2.0,
  "spacing_z": 2.0,
  "summary_bg_k": 24.006055010354604,
  "summary_bg_mad": 7.313660621643066,
  "summary_bg_mean": 28.371353149414062,
  "summary_bg_median": 10.469071388244629,
  "summary_bg_n": 506805.0,
  "summary_bg_p05": 3.9639174938201904,
  "summary_bg_p95": 114.2783432006836,
  "summary_bg_stdv": 51.50752639770508,
  "summary_fg_k": 3.6344706600439682,
  "summary_fg_mad": 89.97252655029297,
  "summary_fg_mean": 606.2771606445312,
  "summary_fg_median": 610.4484252929688,
  "summary_fg_n": 170894.0,
  "summary_fg_p05": 412.51674194335936,
  "summary_fg_p95": 774.5481811523438,
  "summary_fg_stdv": 117.96319580078125,
  "tsnr": 51.70453643798828
}