{
  "aor": 0.003949690721649485,
  "aqi": 0.012638697164948453,
  "bids_meta": {
    "AcquisitionNumber": 1,
    "AcquisitionTime": "13:31:48.532500",
    "BandwidthPerPixelPhaseEncode": 13.103,
    "ConversionSoftware": "dcm2niix",
    "ConversionSoftwareVersion": "v1.0.20170724 GCC4.4.7",
    "DeviceSerialNumber": "40482",
    "EchoTime": 0.03,
    "EffectiveEchoSpacing": 0.000719985,
    "FlipAngle": 79,
    "ImageType": [
      "ORIGINAL",
      "PRIMARY",
      "M",
      "MB",
      "ND",
      "NORM",
      "MOSAIC"
    ],
    "InstitutionAddress": "Frew_4805_Pittsburgh_District_US_15213",
    "InstitutionName": "SIBR",
    "MagneticFieldStrength": 3,
    "Manufacturer": "Siemens",
    "ManufacturersModelName": "Verio",
    "PhaseEncodingDirection": "j-",
    "PhaseEncodingLines": 106,
    "ProcedureStepDescription": "Dr._Tarr_Elissa",
    "ProtocolName": "BOLD_CSI2_Sess-8_Run-8",
    "RepetitionTime": 2,
    "ScanningSequence": "EP",
    "SequenceName": "epfid2d1_106",
    "SequenceVariant": "SK_SS",
    "SeriesDescription": "BOLD_CSI2_Sess-8_Run-8",
    "SliceTiming": [
      0,
      1.0475,
      0.0875,
      1.135,
      0.175,
      1.2225,
      0.2625,
      1.31,
      0.35,
      1.3975,
      0.4375,
      1.485,
      0.525,
      1.5725,
      0.6125,
      1.66,
      0.7,
      1.7475,
      0.7875,
      1.8325,
      0.8725,
      1.92,
      0.96,
      0,
      1.0475,
      0.0875,
      1.135,
      0.175,
      1.2225,
      0.2625,
      1.31,
      0.35,
      1.3975,
      0.4375,
      1.485,
      0.525,
      1.5725,
      0.6125,
      1.66,
      0.7,
      1.7475,
      0.7875,
      1.8325,
      0.8725,
      1.92,
      0.96,
      0,
      1.0475,
      0.0875,
      1.135,
      0.175,
      1.2225,
      0.2625,
      1.31,
      0.35,
      1.3975,
      0.4375,
      1.485,
      0.525,
      1.5725,
      0.6125,
      1.66,
      0.7,
      1.7475,
      0.7875,
      1.8325,
      0.8725,
      1.92,
      0.96
    ],
    "SoftwareVersions": "syngo_MR_B17",
    "TotalReadoutTime": 0.0568788,
    "modality": "bold",
    "run_id": "08",
    "session_id": "08",
    "subject_id": "CSI2",
    "task_id": "5000scenes"
  },
  "dummy_trs": 0,
  "dvars_nstd": 31.718620142487048,
  "dvars_std": 1.2115546079274615,
  "dvars_vstd": 1.0242588013471503,
  "efc": 0.5101652374503747,
  "fber": 3287.256591796875,
  "fd_mean": 0.1491224639391066,
  "fd_num": 28,
  "fd_perc": 14.43298969072165,
  "fwhm_avg": 2.5908166666666665,
  "fwhm_x": 2.313985,
  "fwhm_y": 3.02297,
  "fwhm_z": 2.435495,
  "gcor": 0.0185683,
  "gsr_x": -0.0035405021626502275,
  "gsr_y": 0.029392946511507034,
  "provenance": {
    "md5sum": "a2ee00c91763d6a4995b8a159b89dea3",
    "settings": {
      "fd_thres": 0.2,
      "hmc_fsl": false
    },
    "software": "mriqc",
    "version": "0.11.0",
    "webapi_port": null,
    "webapi_url": null
  },
  "size_t": 194,
  "size_x": 106,
  "size_y": 106,
  "size_z": 69,
  "snr": 5.223137027097631,
  "spacing_tr": 2.0,
  "spacing_x": 2.0,
  "spacing_y": 2.0,
  "spacing_z": 2.0,
  "summary_bg_k": 23.91667125794773,
  "summary_bg_mad": 6.824554920196533,
  "summary_bg_mean": 27.20109748840332,
  "summary_bg_median": 10.092782974243164,
  "summary_bg_n": 508352.0,
  "summary_bg_p05": 3.9587626457214355,
  "summary_bg_p95": 109.90953216552711,
  "summary_bg_stdv": 48.92203140258789,
  "summary_fg_k": 3.6483559154002547,
  "summary_fg_mad": 87.65686798095703,
  "summary_fg_mean": 592.2435302734375,
  "summary_fg_median": 595.6237182617188,
  "summary_fg_n": 169793.0,
  "summary_fg_p05": 409.6556640625,
  "summary_fg_p95": 755.821630859375,
  "summary_fg_stdv": 114.03529357910156,
  "tsnr": 48.00289535522461
}