{
  "aor": 0.0009884020618556699,
  "aqi": 0.010119223608247421,
  "bids_meta": {
    "AcquisitionNumber": 1,
    "AcquisitionTime": "10:53:10.977500",
    "BandwidthPerPixelPhaseEncode": 13.103,
    "ConversionSoftware": "dcm2niix",
    "ConversionSoftwareVersion": "v1.0.20170724 GCC4.4.7",
    "DeviceSerialNumber": "40482",
    "EchoTime": 0.03,
    "EffectiveEchoSpacing": 0.000719985,
    "FlipAngle": 79,
    "ImageType": [
      "ORIGINAL",
      "PRIMARY",
      "M",
      "MB",
      "ND",
      "NORM",
      "MOSAIC"
    ],
    "InstitutionAddress": "Frew_4805_Pittsburgh_District_US_15213",
    "InstitutionName": "SIBR",
    "MagneticFieldStrength": 3,
    "Manufacturer": "Siemens",
    "ManufacturersModelName": "Verio",
    "PhaseEncodingDirection": "j-",
    "PhaseEncodingLines": 106,
    "ProcedureStepDescription": "Dr._Tarr_Elissa",
    "ProtocolName": "BOLD_CSI2_Sess-15_Run-7",
    "RepetitionTime": 2,
    "ScanningSequence": "EP",
    "SequenceName": "epfid2d1_106",
    "SequenceVariant": "SK_SS",
    "SeriesDescription": "BOLD_CSI2_Sess-15_Run-7",
    "SliceTiming": [
      0,
      1.0475,
      0.0875,
      1.135,
      0.175,
      1.2225,
      0.2625,
      1.31,
      0.35,
      1.3975,
      0.4375,
      1.485,
      0.525,
      1.5725,
      0.6125,
      1.66,
      0.7,
      1.7475,
      0.7875,
      1.835,
      0.8725,
      1.92,
      0.96,
      0,
      1.0475,
      0.0875,
      1.135,
      0.175,
      1.2225,
      0.2625,
      1.31,
      0.35,
      1.3975,
      0.4375,
      1.485,
      0.525,
      1.5725,
      0.6125,
      1.66,
      0.7,
      1.7475,
      0.7875,
      1.835,
      0.8725,
      1.92,
      0.96,
      0,
      1.0475,
      0.0875,
      1.135,
      0.175,
      1.2225,
      0.2625,
      1.31,
      0.35,
      1.3975,
      0.4375,
      1.485,
      0.525,
      1.5725,
      0.6125,
      1.66,
      0.7,
      1.7475,
      0.7875,
      1.835,
      0.8725,
      1.92,
      0.96
    ],
    "SoftwareVersions": "syngo_MR_B17",
    "TotalReadoutTime": 0.0568788,
    "modality": "bold",
    "run_id": "07",
    "session_id": "15",
    "subject_id": "CSI2",
    "task_id": "5000scenes"
  },
  "dummy_trs": 0,
  "dvars_nstd": 31.274480562849728,
  "dvars_std": 1.208696067150259,
  "dvars_vstd": 1.0056334841968921,
  "efc": 0.5155189011992538,
  "fber": 2993.212158203125,
  "fd_mean": 0.12665803518348795,
  "fd_num": 27,
  "fd_perc": 13.917525773195877,
  "fwhm_avg": 2.5723766666666665,
  "fwhm_x": 2.29656,
  "fwhm_y": 3.019855,
  "fwhm_z": 2.400715,
  "gcor": 0.0172394,
  "gsr_x": -0.004905461333692074,
  "gsr_y": 0.02616889216005802,
  "provenance": {
    "md5sum": "cb4ae732a0355ea22b6744910e5651c9",
    "settings": {
      "fd_thres": 0.2,
      "hmc_fsl": false
    },
    "software": "mriqc",
    "version": "0.11.0",
    "webapi_port": null,
    "webapi_url": null
  },
  "size_t": 194,
  "size_x": 106,
  "size_y": 106,
  "size_z": 69,
  "snr": 5.138227217273232,
  "spacing_tr": 2.0,
  "spacing_x": 2.0,
  "spacing_y": 2.0,
  "spacing_z": 2.0,
  "summary_bg_k": 24.064391263730894,
  "summary_bg_mad": 7.229596138000488,
  "summary_bg_mean": 29.20535659790039,
  "summary_bg_median": 10.520618438720703,
  "summary_bg_n": 506666.0,
  "summary_bg_p05": 4.0876288414001465,
  "summary_bg_p95": 118.04509925842285,
  "summary_bg_stdv": 54.21257019042969,
  "summary_fg_k": 3.6051591188617413,
  "summary_fg_mad": 87.67990112304688,
  "summary_fg_mean": 591.1043701171875,
  "summary_fg_median": 593.9277954101562,
  "summary_fg_n": 170920.0,
  "summary_fg_p05": 405.0306564331055,
  "summary_fg_p95": 759.2473754882812,
  "summary_fg_stdv": 115.58968353271484,
  "tsnr": 53.10462951660156
}