{
  "bids_meta": {
    "AccelFactPE": 2,
    "AcquisitionNumber": 1,
    "AcquisitionTime": "13:33:2.892500",
    "ConversionSoftware": "dcm2niix",
    "ConversionSoftwareVersion": "v1.0.20170724 GCC4.4.7",
    "DeviceSerialNumber": "40482",
    "EchoTime": 0.00197,
    "FlipAngle": 9,
    "ImageType": [
      "ORIGINAL",
      "PRIMARY",
      "M",
      "ND",
      "NORM"
    ],
    "InstitutionAddress": "Frew_4805_Pittsburgh_District_US_15213",
    "InstitutionName": "SIBR",
    "InversionTime": 0.9,
    "MagneticFieldStrength": 3,
    "Manufacturer": "Siemens",
    "ManufacturersModelName": "Verio",
    "PhaseEncodingDirection": "i-",
    "PhaseEncodingLines": 256,
    "ProcedureStepDescription": "Dr._Tarr_John",
    "ProtocolName": "T1w_MPRAGE_STS7_S1",
    "RepetitionTime": 2.3,
    "ScanningSequence": "GR_IR",
    "SequenceName": "_tfl3d1_ns",
    "SequenceVariant": "SP_MP",
    "SeriesDescription": "T1w_MPRAGE_STS7_S1",
    "SoftwareVersions": "syngo_MR_B17",
    "modality": "T1w",
    "session_id": "16",
    "subject_id": "CSI2"
  },
  "cjv": 0.33784934444760784,
  "cnr": 3.886713695508838,
  "efc": 0.5116623081108647,
  "fber": 4201.6279296875,
  "fwhm_avg": 3.57373,
  "fwhm_x": 3.46747,
  "fwhm_y": 3.63437,
  "fwhm_z": 3.61935,
  "icvs_csf": 0.2048722578792291,
  "icvs_gm": 0.42063943640501644,
  "icvs_wm": 0.3744883057157545,
  "inu_med": 1.0407214164733887,
  "inu_range": 0.24146726727485657,
  "provenance": {
    "md5sum": "946aca6586962c53d9fd14e44753197d",
    "settings": {
      "testing": false
    },
    "software": "mriqc",
    "version": "0.11.0",
    "warnings": {
      "large_rot_frame": true,
      "small_air_mask": false
    },
    "webapi_port": null,
    "webapi_url": "https://mriqc.nimh.nih.gov/api/v1"
  },
  "qi_1": 0.00025318430971710726,
  "qi_2": 0.00607713322186453,
  "rpve_csf": 25.28451570101725,
  "rpve_gm": 13.197722384551422,
  "rpve_wm": 18.5544655240216,
  "size_x": 176,
  "size_y": 256,
  "size_z": 256,
  "snr_csf": 2.1446072874228332,
  "snr_gm": 9.823343720346335,
  "snr_total": 11.651331308246585,
  "snr_wm": 22.986042916970586,
  "snrd_csf": 42.871565520629375,
  "snrd_gm": 80.1607599864265,
  "snrd_total": 80.2472852901201,
  "snrd_wm": 117.70953036330442,
  "spacing_x": 1.0,
  "spacing_y": 1.0,
  "spacing_z": 1.0,
  "summary_bg_k": 10.167731819907534,
  "summary_bg_mad": 5.565720081329346,
  "summary_bg_mean": 6.044859886169434,
  "summary_bg_median": 3.754020929336548,
  "summary_bg_n": 2951420.0,
  "summary_bg_p05": 0.0,
  "summary_bg_p95": 17.23907327651974,
  "summary_bg_stdv": 6.130091667175293,
  "summary_csf_k": 23.404735707378467,
  "summary_csf_mad": 154.24252319335938,
  "summary_csf_mean": 346.62060546875,
  "summary_csf_median": 364.2159729003906,
  "summary_csf_n": 9418.0,
  "summary_csf_p05": 144.03169937133788,
  "summary_csf_p95": 522.8089782714843,
  "summary_csf_stdv": 169.81973266601562,
  "summary_gm_k": 0.020976776903814276,
  "summary_gm_mad": 68.02116394042969,
  "summary_gm_mean": 680.0360717773438,
  "summary_gm_median": 681.0068359375,
  "summary_gm_n": 25883.0,
  "summary_gm_p05": 563.5833740234375,
  "summary_gm_p95": 793.9708923339844,
  "summary_gm_stdv": 69.32402038574219,
  "summary_wm_k": 0.8720769527613914,
  "summary_wm_mad": 39.75145721435547,
  "summary_wm_mean": 997.9303588867188,
  "summary_wm_median": 1000.0029296875,
  "summary_wm_n": 202139.0,
  "summary_wm_p05": 922.8050537109375,
  "summary_wm_p95": 1065.0332641601562,
  "summary_wm_stdv": 43.50468063354492,
  "tpm_overlap_csf": 0.21884770691394806,
  "tpm_overlap_gm": 0.5114785432815552,
  "tpm_overlap_wm": 0.565967321395874,
  "wm2max": 0.4704935894128143
}