{
  "aor": 0.0015144329896907218,
  "aqi": 0.011897559020618557,
  "bids_meta": {
    "AcquisitionNumber": 1,
    "AcquisitionTime": "13:15:34.552500",
    "BandwidthPerPixelPhaseEncode": 13.103,
    "ConversionSoftware": "dcm2niix",
    "ConversionSoftwareVersion": "v1.0.20170724 GCC4.4.7",
    "DeviceSerialNumber": "40482",
    "EchoTime": 0.03,
    "EffectiveEchoSpacing": 0.000719985,
    "FlipAngle": 79,
    "ImageType": [
      "ORIGINAL",
      "PRIMARY",
      "M",
      "MB",
      "ND",
      "NORM",
      "MOSAIC"
    ],
    "InstitutionAddress": "Frew_4805_Pittsburgh_District_US_15213",
    "InstitutionName": "SIBR",
    "MagneticFieldStrength": 3,
    "Manufacturer": "Siemens",
    "ManufacturersModelName": "Verio",
    "PhaseEncodingDirection": "j-",
    "PhaseEncodingLines": 106,
    "ProcedureStepDescription": "Dr._Tarr_Elissa",
    "ProtocolName": "BOLD_CSI2_Sess-14_Run-3",
    "RepetitionTime": 2,
    "ScanningSequence": "EP",
    "SequenceName": "epfid2d1_106",
    "SequenceVariant": "SK_SS",
    "SeriesDescription": "BOLD_CSI2_Sess-14_Run-3",
    "SliceTiming": [
      0,
      1.0475,
      0.0875,
      1.135,
      0.175,
      1.2225,
      0.2625,
      1.31,
      0.35,
      1.3975,
      0.4375,
      1.485,
      0.525,
      1.5725,
      0.6125,
      1.66,
      0.7,
      1.7475,
      0.7875,
      1.835,
      0.8725,
      1.92,
      0.96,
      0,
      1.0475,
      0.0875,
      1.135,
      0.175,
      1.2225,
      0.2625,
      1.31,
      0.35,
      1.3975,
      0.4375,
      1.485,
      0.525,
      1.5725,
      0.6125,
      1.66,
      0.7,
      1.7475,
      0.7875,
      1.835,
      0.8725,
      1.92,
      0.96,
      0,
      1.0475,
      0.0875,
      1.135,
      0.175,
      1.2225,
      0.2625,
      1.31,
      0.35,
      1.3975,
      0.4375,
      1.485,
      0.525,
      1.5725,
      0.6125,
      1.66,
      0.7,
      1.7475,
      0.7875,
      1.835,
      0.8725,
      1.92,
      0.96
    ],
    "SoftwareVersions": "syngo_MR_B17",
    "TotalReadoutTime": 0.0568788,
    "modality": "bold",
    "run_id": "03",
    "session_id": "14",
    "subject_id": "CSI2",
    "task_id": "5000scenes"
  },
  "dummy_trs": 0,
  "dvars_nstd": 33.04007821709843,
  "dvars_std": 1.2178195758031094,
  "dvars_vstd": 0.994197975233161,
  "efc": 0.5122181860765098,
  "fber": 3187.161865234375,
  "fd_mean": 0.13974906642637644,
  "fd_num": 37,
  "fd_perc": 19.072164948453608,
  "fwhm_avg": 2.6134583333333334,
  "fwhm_x": 2.329045,
  "fwhm_y": 3.06875,
  "fwhm_z": 2.44258,
  "gcor": 0.0161974,
  "gsr_x": -0.0057046618312597275,
  "gsr_y": 0.027913223952054977,
  "provenance": {
    "md5sum": "bba2ab27ccb6a51cd7328dfb3ba81678",
    "settings": {
      "fd_thres": 0.2,
      "hmc_fsl": false
    },
    "software": "mriqc",
    "version": "0.11.0",
    "webapi_port": null,
    "webapi_url": null
  },
  "size_t": 194,
  "size_x": 106,
  "size_y": 106,
  "size_z": 69,
  "snr": 5.083031535486638,
  "spacing_tr": 2.0,
  "spacing_x": 2.0,
  "spacing_y": 2.0,
  "spacing_z": 2.0,
  "summary_bg_k": 26.007070422412582,
  "summary_bg_mad": 6.908620834350586,
  "summary_bg_mean": 27.807344436645508,
  "summary_bg_median": 10.34536075592041,
  "summary_bg_n": 505833.0,
  "summary_bg_p05": 4.335051536560059,
  "summary_bg_p95": 109.49896545410121,
  "summary_bg_stdv": 51.21652603149414,
  "summary_fg_k": 3.4877190071164543,
  "summary_fg_mad": 90.38140869140625,
  "summary_fg_mean": 600.4451293945312,
  "summary_fg_median": 602.365966796875,
  "summary_fg_n": 171592.0,
  "summary_fg_p05": 410.6425125122071,
  "summary_fg_p95": 775.9376251220701,
  "summary_fg_stdv": 118.50491333007812,
  "tsnr": 50.16928482055664
}