{
  "bids_meta": {
    "AccelFactPE": 2,
    "AcquisitionNumber": 1,
    "AcquisitionTime": "12:42:17.310000",
    "ConversionSoftware": "dcm2niix",
    "ConversionSoftwareVersion": "v1.0.20170724 GCC4.4.7",
    "DeviceSerialNumber": "40482",
    "EchoTime": 0.422,
    "EchoTrainLength": 147,
    "FlipAngle": 120,
    "ImageType": [
      "ORIGINAL",
      "PRIMARY",
      "M",
      "ND",
      "NORM"
    ],
    "InstitutionAddress": "Frew_4805_Pittsburgh_District_US_15213",
    "InstitutionName": "SIBR",
    "MagneticFieldStrength": 3,
    "Manufacturer": "Siemens",
    "ManufacturersModelName": "Verio",
    "PhaseEncodingDirection": "i-",
    "PhaseEncodingLines": 258,
    "ProcedureStepDescription": "Dr._Tarr_John",
    "ProtocolName": "T2w_SPACE_STS7_S2",
    "RepetitionTime": 3,
    "ScanningSequence": "SE",
    "SequenceName": "_spc3d1_294ns",
    "SequenceVariant": "SK_SP",
    "SeriesDescription": "T2w_SPACE_STS7_S2",
    "SoftwareVersions": "syngo_MR_B17",
    "modality": "T2w",
    "session_id": "16",
    "subject_id": "CSI2"
  },
  "cjv": 0.4203761083849454,
  "cnr": 3.0280571605615814,
  "efc": 0.5164030692595769,
  "fber": 5871.03271484375,
  "fwhm_avg": 2.37308,
  "fwhm_x": 2.24449,
  "fwhm_y": 2.63419,
  "fwhm_z": 2.24056,
  "icvs_csf": 0.1459047826615101,
  "icvs_gm": 0.3662243624045587,
  "icvs_wm": 0.4878708549339312,
  "inu_med": 1.2656306028366089,
  "inu_range": 0.26165813207626365,
  "provenance": {
    "md5sum": "871c38b674d4ee6472a6d591185a9db5",
    "settings": {
      "testing": false
    },
    "software": "mriqc",
    "version": "0.11.0",
    "warnings": {
      "large_rot_frame": true,
      "small_air_mask": false
    },
    "webapi_port": null,
    "webapi_url": "https://mriqc.nimh.nih.gov/api/v1"
  },
  "qi_1": 0.0007558315861650645,
  "qi_2": 0.0028240797652394085,
  "rpve_csf": 41.664613600956486,
  "rpve_gm": 14.276160877376196,
  "rpve_wm": 12.859976677238901,
  "size_x": 176,
  "size_y": 256,
  "size_z": 256,
  "snr_csf": 4.664599615215991,
  "snr_gm": 8.33407884673586,
  "snr_total": 8.155337997328685,
  "snr_wm": 11.467335530034205,
  "snrd_csf": 114.81012403018747,
  "snrd_gm": 59.53198968166142,
  "snrd_total": 70.07483994711167,
  "snrd_wm": 35.8824061294861,
  "spacing_x": 1.0,
  "spacing_y": 1.0,
  "spacing_z": 1.0,
  "summary_bg_k": 8.50886936237845,
  "summary_bg_mad": 18.257144298257856,
  "summary_bg_mean": 8.977707862854004,
  "summary_bg_median": 0.0,
  "summary_bg_n": 1205385.0,
  "summary_bg_p05": 0.0,
  "summary_bg_p95": 28.157168579101562,
  "summary_bg_stdv": 11.960919380187988,
  "summary_csf_k": 3.215196171476178,
  "summary_csf_mad": 528.610107421875,
  "summary_csf_mean": 3055.47802734375,
  "summary_csf_median": 3199.494140625,
  "summary_csf_n": 21646.0,
  "summary_csf_p05": 1659.6507263183594,
  "summary_csf_p95": 3831.2723388671875,
  "summary_csf_stdv": 685.8938598632812,
  "summary_gm_k": 0.42883021921127984,
  "summary_gm_mad": 197.81663513183594,
  "summary_gm_mean": 1675.268798828125,
  "summary_gm_median": 1659.0196533203125,
  "summary_gm_n": 22545.0,
  "summary_gm_p05": 1384.8552490234374,
  "summary_gm_p95": 2026.0967773437499,
  "summary_gm_stdv": 199.0601348876953,
  "summary_wm_k": 1.1817056181323862,
  "summary_wm_mad": 79.23623657226562,
  "summary_wm_mean": 998.3876342773438,
  "summary_wm_median": 999.9601440429688,
  "summary_wm_n": 216525.0,
  "summary_wm_p05": 853.7872192382813,
  "summary_wm_p95": 1136.0059082031248,
  "summary_wm_stdv": 87.2005386352539,
  "tpm_overlap_csf": 0.19036278128623962,
  "tpm_overlap_gm": 0.4427846372127533,
  "tpm_overlap_wm": 0.5212110280990601,
  "wm2max": 0.2671560723536215
}