{
  "aor": 0.002421205673758865,
  "aqi": 0.012530513617021278,
  "bids_meta": {
    "AcquisitionNumber": 1,
    "AcquisitionTime": "15:17:43.787500",
    "BandwidthPerPixelPhaseEncode": 13.103,
    "ConversionSoftware": "dcm2niix",
    "ConversionSoftwareVersion": "v1.0.20170724 GCC4.4.7",
    "DeviceSerialNumber": "40482",
    "EchoTime": 0.03,
    "EffectiveEchoSpacing": 0.000719985,
    "FlipAngle": 79,
    "ImageType": [
      "ORIGINAL",
      "PRIMARY",
      "M",
      "MB",
      "ND",
      "NORM",
      "MOSAIC"
    ],
    "InstitutionAddress": "Frew_4805_Pittsburgh_District_US_15213",
    "InstitutionName": "SIBR",
    "MagneticFieldStrength": 3,
    "Manufacturer": "Siemens",
    "ManufacturersModelName": "Verio",
    "PhaseEncodingDirection": "j-",
    "PhaseEncodingLines": 106,
    "ProcedureStepDescription": "Dr._Tarr_Elissa",
    "ProtocolName": "BOLD_CSI2_Sess-7_SceneLocal",
    "RepetitionTime": 2,
    "ScanningSequence": "EP",
    "SequenceName": "epfid2d1_106",
    "SequenceVariant": "SK_SS",
    "SeriesDescription": "BOLD_CSI2_Sess-7_SceneLocal",
    "SliceTiming": [
      0,
      1.0475,
      0.0875,
      1.135,
      0.175,
      1.2225,
      0.2625,
      1.31,
      0.35,
      1.3975,
      0.4375,
      1.485,
      0.525,
      1.5725,
      0.61,
      1.6575,
      0.6975,
      1.745,
      0.785,
      1.8325,
      0.8725,
      1.92,
      0.96,
      0,
      1.0475,
      0.0875,
      1.135,
      0.175,
      1.2225,
      0.2625,
      1.31,
      0.35,
      1.3975,
      0.4375,
      1.485,
      0.525,
      1.5725,
      0.61,
      1.6575,
      0.6975,
      1.745,
      0.785,
      1.8325,
      0.8725,
      1.92,
      0.96,
      0,
      1.0475,
      0.0875,
      1.135,
      0.175,
      1.2225,
      0.2625,
      1.31,
      0.35,
      1.3975,
      0.4375,
      1.485,
      0.525,
      1.5725,
      0.61,
      1.6575,
      0.6975,
      1.745,
      0.785,
      1.8325,
      0.8725,
      1.92,
      0.96
    ],
    "SoftwareVersions": "syngo_MR_B17",
    "TaskName": "Scene Localizer",
    "TotalReadoutTime": 0.0568788,
    "modality": "bold",
    "session_id": "07",
    "subject_id": "CSI2",
    "task_id": "localizer"
  },
  "dummy_trs": 0,
  "dvars_nstd": 31.231582423642852,
  "dvars_std": 1.1703246898571429,
  "dvars_vstd": 0.9854370437142858,
  "efc": 0.5116328035379538,
  "fber": 3140.617919921875,
  "fd_mean": 0.10362062064041559,
  "fd_num": 10,
  "fd_perc": 7.092198581560283,
  "fwhm_avg": 2.5749316666666666,
  "fwhm_x": 2.3046,
  "fwhm_y": 3.004245,
  "fwhm_z": 2.41595,
  "gcor": 0.0049824,
  "gsr_x": -0.0026184904854744673,
  "gsr_y": 0.028636639937758446,
  "provenance": {
    "md5sum": "f2ddff1a986bc0986ab7f5dc6905a53f",
    "settings": {
      "fd_thres": 0.2,
      "hmc_fsl": false
    },
    "software": "mriqc",
    "version": "0.11.0",
    "webapi_port": null,
    "webapi_url": null
  },
  "size_t": 141,
  "size_x": 106,
  "size_y": 106,
  "size_z": 69,
  "snr": 5.158249437451035,
  "spacing_tr": 2.0,
  "spacing_x": 2.0,
  "spacing_y": 2.0,
  "spacing_z": 2.0,
  "summary_bg_k": 23.64483749597399,
  "summary_bg_mad": 7.129107475280762,
  "summary_bg_mean": 28.927522659301758,
  "summary_bg_median": 10.468084335327148,
  "summary_bg_n": 509342.0,
  "summary_bg_p05": 4.212765693664551,
  "summary_bg_p95": 118.26914596557583,
  "summary_bg_stdv": 52.51772689819336,
  "summary_fg_k": 3.5616411148591247,
  "summary_fg_mad": 89.47129821777344,
  "summary_fg_mean": 600.48095703125,
  "summary_fg_median": 602.6383056640625,
  "summary_fg_n": 168770.0,
  "summary_fg_p05": 413.872314453125,
  "summary_fg_p95": 770.58154296875,
  "summary_fg_stdv": 116.82965850830078,
  "tsnr": 48.97631072998047
}