{
  "aor": 0.0008451546391752578,
  "aqi": 0.01082441448453608,
  "bids_meta": {
    "AcquisitionNumber": 1,
    "AcquisitionTime": "13:03:9.490000",
    "BandwidthPerPixelPhaseEncode": 13.103,
    "ConversionSoftware": "dcm2niix",
    "ConversionSoftwareVersion": "v1.0.20170724 GCC4.4.7",
    "DeviceSerialNumber": "40482",
    "EchoTime": 0.03,
    "EffectiveEchoSpacing": 0.000719985,
    "FlipAngle": 79,
    "ImageType": [
      "ORIGINAL",
      "PRIMARY",
      "M",
      "MB",
      "ND",
      "NORM",
      "MOSAIC"
    ],
    "InstitutionAddress": "Frew_4805_Pittsburgh_District_US_15213",
    "InstitutionName": "SIBR",
    "MagneticFieldStrength": 3,
    "Manufacturer": "Siemens",
    "ManufacturersModelName": "Verio",
    "PhaseEncodingDirection": "j-",
    "PhaseEncodingLines": 106,
    "ProcedureStepDescription": "Dr._Tarr_Elissa",
    "ProtocolName": "BOLD_CSI2_Sess-8_Run-5",
    "RepetitionTime": 2,
    "ScanningSequence": "EP",
    "SequenceName": "epfid2d1_106",
    "SequenceVariant": "SK_SS",
    "SeriesDescription": "BOLD_CSI2_Sess-8_Run-5",
    "SliceTiming": [
      0,
      1.045,
      0.085,
      1.1325,
      0.1725,
      1.22,
      0.26,
      1.3075,
      0.3475,
      1.395,
      0.435,
      1.4825,
      0.5225,
      1.57,
      0.61,
      1.6575,
      0.6975,
      1.745,
      0.785,
      1.8325,
      0.8725,
      1.92,
      0.96,
      0,
      1.045,
      0.085,
      1.1325,
      0.1725,
      1.22,
      0.26,
      1.3075,
      0.3475,
      1.395,
      0.435,
      1.4825,
      0.5225,
      1.57,
      0.61,
      1.6575,
      0.6975,
      1.745,
      0.785,
      1.8325,
      0.8725,
      1.92,
      0.96,
      0,
      1.045,
      0.085,
      1.1325,
      0.1725,
      1.22,
      0.26,
      1.3075,
      0.3475,
      1.395,
      0.435,
      1.4825,
      0.5225,
      1.57,
      0.61,
      1.6575,
      0.6975,
      1.745,
      0.785,
      1.8325,
      0.8725,
      1.92,
      0.96
    ],
    "SoftwareVersions": "syngo_MR_B17",
    "TotalReadoutTime": 0.0568788,
    "modality": "bold",
    "run_id": "05",
    "session_id": "08",
    "subject_id": "CSI2",
    "task_id": "5000scenes"
  },
  "dummy_trs": 0,
  "dvars_nstd": 32.60519194715027,
  "dvars_std": 1.224166338963731,
  "dvars_vstd": 0.9933177274093262,
  "efc": 0.511385810137124,
  "fber": 3296.4697265625,
  "fd_mean": 0.12306018747779116,
  "fd_num": 28,
  "fd_perc": 14.43298969072165,
  "fwhm_avg": 2.58986,
  "fwhm_x": 2.31517,
  "fwhm_y": 3.019955,
  "fwhm_z": 2.434455,
  "gcor": 0.015133,
  "gsr_x": -0.004061107989400625,
  "gsr_y": 0.029746390879154205,
  "provenance": {
    "md5sum": "ff160e5540db6763adcefa6d580d3bb9",
    "settings": {
      "fd_thres": 0.2,
      "hmc_fsl": false
    },
    "software": "mriqc",
    "version": "0.11.0",
    "webapi_port": null,
    "webapi_url": null
  },
  "size_t": 194,
  "size_x": 106,
  "size_y": 106,
  "size_z": 69,
  "snr": 5.229727117633877,
  "spacing_tr": 2.0,
  "spacing_x": 2.0,
  "spacing_y": 2.0,
  "spacing_z": 2.0,
  "summary_bg_k": 24.74417242823146,
  "summary_bg_mad": 6.969758033752441,
  "summary_bg_mean": 27.738689422607422,
  "summary_bg_median": 10.123710632324219,
  "summary_bg_n": 507696.0,
  "summary_bg_p05": 3.9072163105010986,
  "summary_bg_p95": 111.94329833984375,
  "summary_bg_stdv": 51.23927688598633,
  "summary_fg_k": 3.6307579443164526,
  "summary_fg_mad": 88.00851440429688,
  "summary_fg_mean": 594.9340209960938,
  "summary_fg_median": 598.2216186523438,
  "summary_fg_n": 170416.0,
  "summary_fg_p05": 410.3208694458008,
  "summary_fg_p95": 759.5283355712891,
  "summary_fg_stdv": 114.38835144042969,
  "tsnr": 52.383113861083984
}