{
  "aor": 0.0006015463917525773,
  "aqi": 0.00880111881443299,
  "bids_meta": {
    "AcquisitionNumber": 1,
    "AcquisitionTime": "16:06:57.742500",
    "BandwidthPerPixelPhaseEncode": 13.103,
    "ConversionSoftware": "dcm2niix",
    "ConversionSoftwareVersion": "v1.0.20170724 GCC4.4.7",
    "DeviceSerialNumber": "40482",
    "EchoTime": 0.03,
    "EffectiveEchoSpacing": 0.000719985,
    "FlipAngle": 79,
    "ImageType": [
      "ORIGINAL",
      "PRIMARY",
      "M",
      "MB",
      "ND",
      "NORM",
      "MOSAIC"
    ],
    "InstitutionAddress": "Frew_4805_Pittsburgh_District_US_15213",
    "InstitutionName": "SIBR",
    "MagneticFieldStrength": 3,
    "Manufacturer": "Siemens",
    "ManufacturersModelName": "Verio",
    "PhaseEncodingDirection": "j-",
    "PhaseEncodingLines": 106,
    "ProcedureStepDescription": "Dr._Tarr_Elissa",
    "ProtocolName": "BOLD_CSI2_Sess-1_Run-8",
    "RepetitionTime": 2,
    "ScanningSequence": "EP",
    "SequenceName": "epfid2d1_106",
    "SequenceVariant": "SK_SS",
    "SeriesDescription": "BOLD_CSI2_Sess-1_Run-8",
    "SliceTiming": [
      0,
      1.0475,
      0.0875,
      1.135,
      0.1725,
      1.22,
      0.26,
      1.3075,
      0.3475,
      1.395,
      0.435,
      1.4825,
      0.5225,
      1.57,
      0.61,
      1.6575,
      0.6975,
      1.745,
      0.785,
      1.8325,
      0.8725,
      1.92,
      0.96,
      0,
      1.0475,
      0.0875,
      1.135,
      0.1725,
      1.22,
      0.26,
      1.3075,
      0.3475,
      1.395,
      0.435,
      1.4825,
      0.5225,
      1.57,
      0.61,
      1.6575,
      0.6975,
      1.745,
      0.785,
      1.8325,
      0.8725,
      1.92,
      0.96,
      0,
      1.0475,
      0.0875,
      1.135,
      0.1725,
      1.22,
      0.26,
      1.3075,
      0.3475,
      1.395,
      0.435,
      1.4825,
      0.5225,
      1.57,
      0.61,
      1.6575,
      0.6975,
      1.745,
      0.785,
      1.8325,
      0.8725,
      1.92,
      0.96
    ],
    "SoftwareVersions": "syngo_MR_B17",
    "TotalReadoutTime": 0.0568788,
    "modality": "bold",
    "run_id": "08",
    "session_id": "01",
    "subject_id": "CSI2",
    "task_id": "5000scenes"
  },
  "dummy_trs": 0,
  "dvars_nstd": 33.325295305025925,
  "dvars_std": 1.2277334251813472,
  "dvars_vstd": 1.0094759621761658,
  "efc": 0.5119982638066981,
  "fber": 3212.8388671875,
  "fd_mean": 0.1563166594576565,
  "fd_num": 53,
  "fd_perc": 27.31958762886598,
  "fwhm_avg": 2.5469783333333336,
  "fwhm_x": 2.28012,
  "fwhm_y": 2.97296,
  "fwhm_z": 2.387855,
  "gcor": 0.00649043,
  "gsr_x": -0.003013676730915904,
  "gsr_y": 0.031351808458566666,
  "provenance": {
    "md5sum": "8f150021f37f2c5328dceb4496526cb7",
    "settings": {
      "fd_thres": 0.2,
      "hmc_fsl": false
    },
    "software": "mriqc",
    "version": "0.11.0",
    "webapi_port": null,
    "webapi_url": null
  },
  "size_t": 194,
  "size_x": 106,
  "size_y": 106,
  "size_z": 69,
  "snr": 5.246417646628642,
  "spacing_tr": 2.0,
  "spacing_x": 2.0,
  "spacing_y": 2.0,
  "spacing_z": 2.0,
  "summary_bg_k": 23.737353309607844,
  "summary_bg_mad": 7.053823471069336,
  "summary_bg_mean": 28.381996154785156,
  "summary_bg_median": 10.201030731201172,
  "summary_bg_n": 509148.0,
  "summary_bg_p05": 3.974226713180542,
  "summary_bg_p95": 115.80412292480469,
  "summary_bg_stdv": 51.716941833496094,
  "summary_fg_k": 3.6769111338670273,
  "summary_fg_mad": 86.78191375732422,
  "summary_fg_mean": 591.7366943359375,
  "summary_fg_median": 595.0076904296875,
  "summary_fg_n": 169096.0,
  "summary_fg_p05": 408.9600372314453,
  "summary_fg_p95": 755.2345123291016,
  "summary_fg_stdv": 113.41184997558594,
  "tsnr": 57.35908889770508
}