{
  "aor": 0.0023103546099290774,
  "aqi": 0.010646076879432623,
  "bids_meta": {
    "AcquisitionNumber": 1,
    "AcquisitionTime": "14:25:4.362500",
    "BandwidthPerPixelPhaseEncode": 13.103,
    "ConversionSoftware": "dcm2niix",
    "ConversionSoftwareVersion": "v1.0.20170724 GCC4.4.7",
    "DeviceSerialNumber": "40482",
    "EchoTime": 0.03,
    "EffectiveEchoSpacing": 0.000719985,
    "FlipAngle": 79,
    "ImageType": [
      "ORIGINAL",
      "PRIMARY",
      "M",
      "MB",
      "ND",
      "NORM",
      "MOSAIC"
    ],
    "InstitutionAddress": "Frew_4805_Pittsburgh_District_US_15213",
    "InstitutionName": "SIBR",
    "MagneticFieldStrength": 3,
    "Manufacturer": "Siemens",
    "ManufacturersModelName": "Verio",
    "PhaseEncodingDirection": "j-",
    "PhaseEncodingLines": 106,
    "ProcedureStepDescription": "Dr._Tarr_Elissa",
    "ProtocolName": "BOLD_CSI2_Sess-13_SceneLocal",
    "RepetitionTime": 2,
    "ScanningSequence": "EP",
    "SequenceName": "epfid2d1_106",
    "SequenceVariant": "SK_SS",
    "SeriesDescription": "BOLD_CSI2_Sess-13_SceneLocal",
    "SliceTiming": [
      0,
      1.0475,
      0.0875,
      1.135,
      0.175,
      1.2225,
      0.2625,
      1.31,
      0.35,
      1.3975,
      0.4375,
      1.485,
      0.525,
      1.5725,
      0.61,
      1.6575,
      0.6975,
      1.745,
      0.785,
      1.8325,
      0.8725,
      1.92,
      0.96,
      0,
      1.0475,
      0.0875,
      1.135,
      0.175,
      1.2225,
      0.2625,
      1.31,
      0.35,
      1.3975,
      0.4375,
      1.485,
      0.525,
      1.5725,
      0.61,
      1.6575,
      0.6975,
      1.745,
      0.785,
      1.8325,
      0.8725,
      1.92,
      0.96,
      0,
      1.0475,
      0.0875,
      1.135,
      0.175,
      1.2225,
      0.2625,
      1.31,
      0.35,
      1.3975,
      0.4375,
      1.485,
      0.525,
      1.5725,
      0.61,
      1.6575,
      0.6975,
      1.745,
      0.785,
      1.8325,
      0.8725,
      1.92,
      0.96
    ],
    "SoftwareVersions": "syngo_MR_B17",
    "TaskName": "Scene Localizer",
    "TotalReadoutTime": 0.0568788,
    "modality": "bold",
    "session_id": "13",
    "subject_id": "CSI2",
    "task_id": "localizer"
  },
  "dummy_trs": 0,
  "dvars_nstd": 32.08607523807143,
  "dvars_std": 1.2216980102857147,
  "dvars_vstd": 1.0123319179999999,
  "efc": 0.5146758930936073,
  "fber": 3028.68994140625,
  "fd_mean": 0.1018314467753589,
  "fd_num": 16,
  "fd_perc": 11.347517730496454,
  "fwhm_avg": 2.6086,
  "fwhm_x": 2.324765,
  "fwhm_y": 3.07043,
  "fwhm_z": 2.430605,
  "gcor": 0.00834092,
  "gsr_x": -0.005320600233972073,
  "gsr_y": 0.028086939826607704,
  "provenance": {
    "md5sum": "0c108c0e70d3bb9a3504c9558e22b5c1",
    "settings": {
      "fd_thres": 0.2,
      "hmc_fsl": false
    },
    "software": "mriqc",
    "version": "0.11.0",
    "webapi_port": null,
    "webapi_url": null
  },
  "size_t": 141,
  "size_x": 106,
  "size_y": 106,
  "size_z": 69,
  "snr": 5.056181633565327,
  "spacing_tr": 2.0,
  "spacing_x": 2.0,
  "spacing_y": 2.0,
  "spacing_z": 2.0,
  "summary_bg_k": 22.79119143884659,
  "summary_bg_mad": 7.12910795211792,
  "summary_bg_mean": 28.635168075561523,
  "summary_bg_median": 10.496453285217285,
  "summary_bg_n": 505908.0,
  "summary_bg_p05": 4.191489219665527,
  "summary_bg_p95": 116.06134414672826,
  "summary_bg_stdv": 51.834266662597656,
  "summary_fg_k": 3.434679483776935,
  "summary_fg_mad": 90.74369049072266,
  "summary_fg_mean": 593.05517578125,
  "summary_fg_median": 596.08154296875,
  "summary_fg_n": 171740.0,
  "summary_fg_p05": 404.3900451660156,
  "summary_fg_p95": 766.9506713867187,
  "summary_fg_stdv": 117.89129638671875,
  "tsnr": 51.09882736206055
}