{
  "aor": 0.001110851063829787,
  "aqi": 0.007541902695035461,
  "bids_meta": {
    "AcquisitionNumber": 1,
    "AcquisitionTime": "15:46:16.275000",
    "BandwidthPerPixelPhaseEncode": 13.103,
    "ConversionSoftware": "dcm2niix",
    "ConversionSoftwareVersion": "v1.0.20170724 GCC4.4.7",
    "DeviceSerialNumber": "40482",
    "EchoTime": 0.03,
    "EffectiveEchoSpacing": 0.000719985,
    "FlipAngle": 79,
    "ImageType": [
      "ORIGINAL",
      "PRIMARY",
      "M",
      "MB",
      "ND",
      "NORM",
      "MOSAIC"
    ],
    "InstitutionAddress": "Frew_4805_Pittsburgh_District_US_15213",
    "InstitutionName": "SIBR",
    "MagneticFieldStrength": 3,
    "Manufacturer": "Siemens",
    "ManufacturersModelName": "Verio",
    "PhaseEncodingDirection": "j-",
    "PhaseEncodingLines": 106,
    "ProcedureStepDescription": "Dr._Tarr_Elissa",
    "ProtocolName": "BOLD_CSI2_Sess-2_SceneLocal",
    "RepetitionTime": 2,
    "ScanningSequence": "EP",
    "SequenceName": "epfid2d1_106",
    "SequenceVariant": "SK_SS",
    "SeriesDescription": "BOLD_CSI2_Sess-2_SceneLocal",
    "SliceTiming": [
      0,
      1.0475,
      0.0875,
      1.135,
      0.175,
      1.2225,
      0.2625,
      1.31,
      0.3475,
      1.395,
      0.435,
      1.4825,
      0.5225,
      1.57,
      0.61,
      1.6575,
      0.6975,
      1.745,
      0.785,
      1.8325,
      0.8725,
      1.92,
      0.96,
      0,
      1.0475,
      0.0875,
      1.135,
      0.175,
      1.2225,
      0.2625,
      1.31,
      0.3475,
      1.395,
      0.435,
      1.4825,
      0.5225,
      1.57,
      0.61,
      1.6575,
      0.6975,
      1.745,
      0.785,
      1.8325,
      0.8725,
      1.92,
      0.96,
      0,
      1.0475,
      0.0875,
      1.135,
      0.175,
      1.2225,
      0.2625,
      1.31,
      0.3475,
      1.395,
      0.435,
      1.4825,
      0.5225,
      1.57,
      0.61,
      1.6575,
      0.6975,
      1.745,
      0.785,
      1.8325,
      0.8725,
      1.92,
      0.96
    ],
    "SoftwareVersions": "syngo_MR_B17",
    "TaskName": "Scene Localizer",
    "TotalReadoutTime": 0.0568788,
    "modality": "bold",
    "session_id": "02",
    "subject_id": "CSI2",
    "task_id": "localizer"
  },
  "dummy_trs": 0,
  "dvars_nstd": 31.762087495071423,
  "dvars_std": 1.2593557585714281,
  "dvars_vstd": 1.0130377924999998,
  "efc": 0.5117622297157065,
  "fber": 3144.467529296875,
  "fd_mean": 0.07244372486435238,
  "fd_num": 2,
  "fd_perc": 1.4184397163120568,
  "fwhm_avg": 2.5554333333333332,
  "fwhm_x": 2.29106,
  "fwhm_y": 2.9913,
  "fwhm_z": 2.38394,
  "gcor": 0.00566052,
  "gsr_x": -0.0030404122080653906,
  "gsr_y": 0.02710648439824581,
  "provenance": {
    "md5sum": "f6fe975b8a8951816a96479222f3cadf",
    "settings": {
      "fd_thres": 0.2,
      "hmc_fsl": false
    },
    "software": "mriqc",
    "version": "0.11.0",
    "webapi_port": null,
    "webapi_url": null
  },
  "size_t": 141,
  "size_x": 106,
  "size_y": 106,
  "size_z": 69,
  "snr": 5.054205200054796,
  "spacing_tr": 2.0,
  "spacing_x": 2.0,
  "spacing_y": 2.0,
  "spacing_z": 2.0,
  "summary_bg_k": 23.453990069511992,
  "summary_bg_mad": 6.897780418395996,
  "summary_bg_mean": 28.085248947143555,
  "summary_bg_median": 10.255318641662598,
  "summary_bg_n": 507618.0,
  "summary_bg_p05": 4.078013896942139,
  "summary_bg_p95": 114.79431915283203,
  "summary_bg_stdv": 51.26305389404297,
  "summary_fg_k": 3.3966081416250358,
  "summary_fg_mad": 90.76993560791016,
  "summary_fg_mean": 590.3580322265625,
  "summary_fg_median": 593.5850830078125,
  "summary_fg_n": 170174.0,
  "summary_fg_p05": 400.2056579589844,
  "summary_fg_p95": 759.8155517578125,
  "summary_fg_stdv": 117.4434585571289,
  "tsnr": 60.45204544067383
}