{
  "aor": 0.0007907731958762886,
  "aqi": 0.011434812164948452,
  "bids_meta": {
    "AcquisitionNumber": 1,
    "AcquisitionTime": "13:32:45.587500",
    "BandwidthPerPixelPhaseEncode": 13.103,
    "ConversionSoftware": "dcm2niix",
    "ConversionSoftwareVersion": "v1.0.20170724 GCC4.4.7",
    "DeviceSerialNumber": "40482",
    "EchoTime": 0.03,
    "EffectiveEchoSpacing": 0.000719985,
    "FlipAngle": 79,
    "ImageType": [
      "ORIGINAL",
      "PRIMARY",
      "M",
      "MB",
      "ND",
      "NORM",
      "MOSAIC"
    ],
    "InstitutionAddress": "Frew_4805_Pittsburgh_District_US_15213",
    "InstitutionName": "SIBR",
    "MagneticFieldStrength": 3,
    "Manufacturer": "Siemens",
    "ManufacturersModelName": "Verio",
    "PhaseEncodingDirection": "j-",
    "PhaseEncodingLines": 106,
    "ProcedureStepDescription": "Dr._Tarr_Elissa",
    "ProtocolName": "BOLD_CSI2_Sess-4_Run-5",
    "RepetitionTime": 2,
    "ScanningSequence": "EP",
    "SequenceName": "epfid2d1_106",
    "SequenceVariant": "SK_SS",
    "SeriesDescription": "BOLD_CSI2_Sess-4_Run-5",
    "SliceTiming": [
      0,
      1.0475,
      0.0875,
      1.135,
      0.175,
      1.2225,
      0.2625,
      1.31,
      0.35,
      1.3975,
      0.4375,
      1.485,
      0.525,
      1.5725,
      0.6125,
      1.66,
      0.7,
      1.7475,
      0.7875,
      1.835,
      0.8725,
      1.92,
      0.96,
      0,
      1.0475,
      0.0875,
      1.135,
      0.175,
      1.2225,
      0.2625,
      1.31,
      0.35,
      1.3975,
      0.4375,
      1.485,
      0.525,
      1.5725,
      0.6125,
      1.66,
      0.7,
      1.7475,
      0.7875,
      1.835,
      0.8725,
      1.92,
      0.96,
      0,
      1.0475,
      0.0875,
      1.135,
      0.175,
      1.2225,
      0.2625,
      1.31,
      0.35,
      1.3975,
      0.4375,
      1.485,
      0.525,
      1.5725,
      0.6125,
      1.66,
      0.7,
      1.7475,
      0.7875,
      1.835,
      0.8725,
      1.92,
      0.96
    ],
    "SoftwareVersions": "syngo_MR_B17",
    "TotalReadoutTime": 0.0568788,
    "modality": "bold",
    "run_id": "05",
    "session_id": "04",
    "subject_id": "CSI2",
    "task_id": "5000scenes"
  },
  "dummy_trs": 0,
  "dvars_nstd": 30.47556573761658,
  "dvars_std": 1.2103603745595857,
  "dvars_vstd": 0.988681894559586,
  "efc": 0.5128025053984396,
  "fber": 3154.2197265625,
  "fd_mean": 0.07930697243532746,
  "fd_num": 1,
  "fd_perc": 0.5154639175257731,
  "fwhm_avg": 2.5970850000000003,
  "fwhm_x": 2.31843,
  "fwhm_y": 3.03819,
  "fwhm_z": 2.434635,
  "gcor": 0.00937819,
  "gsr_x": -0.004195119719952345,
  "gsr_y": 0.026328163221478462,
  "provenance": {
    "md5sum": "ea5faa51335d40dc4862646f08b9418c",
    "settings": {
      "fd_thres": 0.2,
      "hmc_fsl": false
    },
    "software": "mriqc",
    "version": "0.11.0",
    "webapi_port": null,
    "webapi_url": null
  },
  "size_t": 194,
  "size_x": 106,
  "size_y": 106,
  "size_z": 69,
  "snr": 5.160325240585735,
  "spacing_tr": 2.0,
  "spacing_x": 2.0,
  "spacing_y": 2.0,
  "spacing_z": 2.0,
  "summary_bg_k": 23.388994640269246,
  "summary_bg_mad": 7.275450229644775,
  "summary_bg_mean": 28.416959762573242,
  "summary_bg_median": 10.510309219360352,
  "summary_bg_n": 506653.0,
  "summary_bg_p05": 4.010309219360352,
  "summary_bg_p95": 114.84226531982404,
  "summary_bg_stdv": 51.231998443603516,
  "summary_fg_k": 3.688825534454705,
  "summary_fg_mad": 89.48351287841797,
  "summary_fg_mean": 603.323974609375,
  "summary_fg_median": 607.726806640625,
  "summary_fg_n": 170990.0,
  "summary_fg_p05": 410.82654266357423,
  "summary_fg_p95": 770.3945770263672,
  "summary_fg_stdv": 117.76874542236328,
  "tsnr": 51.615623474121094
}