{
  "aor": 0.0007792227979274611,
  "aqi": 0.008856933523316061,
  "bids_meta": {
    "AcquisitionNumber": 1,
    "AcquisitionTime": "15:38:16.862500",
    "BandwidthPerPixelPhaseEncode": 13.103,
    "ConversionSoftware": "dcm2niix",
    "ConversionSoftwareVersion": "v1.0.20170724 GCC4.4.7",
    "DeviceSerialNumber": "40482",
    "EchoTime": 0.03,
    "EffectiveEchoSpacing": 0.000719985,
    "FlipAngle": 79,
    "ImageType": [
      "ORIGINAL",
      "PRIMARY",
      "M",
      "MB",
      "ND",
      "NORM",
      "MOSAIC"
    ],
    "InstitutionAddress": "Frew_4805_Pittsburgh_District_US_15213",
    "InstitutionName": "SIBR",
    "MagneticFieldStrength": 3,
    "Manufacturer": "Siemens",
    "ManufacturersModelName": "Verio",
    "PhaseEncodingDirection": "j-",
    "PhaseEncodingLines": 106,
    "ProcedureStepDescription": "Dr._Tarr_Elissa",
    "ProtocolName": "BOLD_CSI2_Sess-2_Run-9",
    "RepetitionTime": 2,
    "ScanningSequence": "EP",
    "SequenceName": "epfid2d1_106",
    "SequenceVariant": "SK_SS",
    "SeriesDescription": "BOLD_CSI2_Sess-2_Run-9",
    "SliceTiming": [
      0,
      1.0475,
      0.085,
      1.1325,
      0.1725,
      1.22,
      0.26,
      1.3075,
      0.3475,
      1.395,
      0.435,
      1.4825,
      0.5225,
      1.57,
      0.61,
      1.6575,
      0.6975,
      1.745,
      0.785,
      1.8325,
      0.8725,
      1.92,
      0.96,
      0,
      1.0475,
      0.085,
      1.1325,
      0.1725,
      1.22,
      0.26,
      1.3075,
      0.3475,
      1.395,
      0.435,
      1.4825,
      0.5225,
      1.57,
      0.61,
      1.6575,
      0.6975,
      1.745,
      0.785,
      1.8325,
      0.8725,
      1.92,
      0.96,
      0,
      1.0475,
      0.085,
      1.1325,
      0.1725,
      1.22,
      0.26,
      1.3075,
      0.3475,
      1.395,
      0.435,
      1.4825,
      0.5225,
      1.57,
      0.61,
      1.6575,
      0.6975,
      1.745,
      0.785,
      1.8325,
      0.8725,
      1.92,
      0.96
    ],
    "SoftwareVersions": "syngo_MR_B17",
    "TotalReadoutTime": 0.0568788,
    "modality": "bold",
    "run_id": "09",
    "session_id": "02",
    "subject_id": "CSI2",
    "task_id": "5000scenes"
  },
  "dummy_trs": 1,
  "dvars_nstd": 31.36750664317707,
  "dvars_std": 1.2154226936979164,
  "dvars_vstd": 0.9949655221354164,
  "efc": 0.5114358631044446,
  "fber": 3163.83642578125,
  "fd_mean": 0.10360384198786034,
  "fd_num": 16,
  "fd_perc": 8.290155440414507,
  "fwhm_avg": 2.5554200000000002,
  "fwhm_x": 2.28939,
  "fwhm_y": 2.99382,
  "fwhm_z": 2.38305,
  "gcor": 0.00827773,
  "gsr_x": -0.0033655494917184114,
  "gsr_y": 0.026380911469459534,
  "provenance": {
    "md5sum": "c214b1f92409b4d74aae7067ad86fb9f",
    "settings": {
      "fd_thres": 0.2,
      "hmc_fsl": false
    },
    "software": "mriqc",
    "version": "0.11.0",
    "webapi_port": null,
    "webapi_url": null
  },
  "size_t": 193,
  "size_x": 106,
  "size_y": 106,
  "size_z": 69,
  "snr": 5.0815965482831675,
  "spacing_tr": 2.0,
  "spacing_x": 2.0,
  "spacing_y": 2.0,
  "spacing_z": 2.0,
  "summary_bg_k": 23.094757075323855,
  "summary_bg_mad": 6.9136881828308105,
  "summary_bg_mean": 27.98396110534668,
  "summary_bg_median": 10.238341331481934,
  "summary_bg_n": 507816.0,
  "summary_bg_p05": 4.082901477813721,
  "summary_bg_p95": 114.42486572265625,
  "summary_bg_stdv": 50.6489372253418,
  "summary_fg_k": 3.3410615405597364,
  "summary_fg_mad": 90.59239196777344,
  "summary_fg_mean": 590.8009033203125,
  "summary_fg_median": 593.7875366210938,
  "summary_fg_n": 169937.0,
  "summary_fg_p05": 401.2611206054688,
  "summary_fg_p95": 760.1502685546875,
  "summary_fg_stdv": 116.8502426147461,
  "tsnr": 55.708187103271484
}