{
  "aor": 0.0019313475177304964,
  "aqi": 0.009615191063829787,
  "bids_meta": {
    "AcquisitionNumber": 1,
    "AcquisitionTime": "11:43:35.355000",
    "BandwidthPerPixelPhaseEncode": 13.103,
    "ConversionSoftware": "dcm2niix",
    "ConversionSoftwareVersion": "v1.0.20170724 GCC4.4.7",
    "DeviceSerialNumber": "40482",
    "EchoTime": 0.03,
    "EffectiveEchoSpacing": 0.000719985,
    "FlipAngle": 79,
    "ImageType": [
      "ORIGINAL",
      "PRIMARY",
      "M",
      "MB",
      "ND",
      "NORM",
      "MOSAIC"
    ],
    "InstitutionAddress": "Frew_4805_Pittsburgh_District_US_15213",
    "InstitutionName": "SIBR",
    "MagneticFieldStrength": 3,
    "Manufacturer": "Siemens",
    "ManufacturersModelName": "Verio",
    "PhaseEncodingDirection": "j-",
    "PhaseEncodingLines": 106,
    "ProcedureStepDescription": "Dr._Tarr_Elissa",
    "ProtocolName": "BOLD_CSI2_Sess-9_SceneLocal",
    "RepetitionTime": 2,
    "ScanningSequence": "EP",
    "SequenceName": "epfid2d1_106",
    "SequenceVariant": "SK_SS",
    "SeriesDescription": "BOLD_CSI2_Sess-9_SceneLocal",
    "SliceTiming": [
      0,
      1.0475,
      0.0875,
      1.135,
      0.175,
      1.2225,
      0.2625,
      1.31,
      0.35,
      1.3975,
      0.4375,
      1.485,
      0.5225,
      1.57,
      0.61,
      1.6575,
      0.6975,
      1.745,
      0.785,
      1.8325,
      0.8725,
      1.92,
      0.96,
      0,
      1.0475,
      0.0875,
      1.135,
      0.175,
      1.2225,
      0.2625,
      1.31,
      0.35,
      1.3975,
      0.4375,
      1.485,
      0.5225,
      1.57,
      0.61,
      1.6575,
      0.6975,
      1.745,
      0.785,
      1.8325,
      0.8725,
      1.92,
      0.96,
      0,
      1.0475,
      0.0875,
      1.135,
      0.175,
      1.2225,
      0.2625,
      1.31,
      0.35,
      1.3975,
      0.4375,
      1.485,
      0.5225,
      1.57,
      0.61,
      1.6575,
      0.6975,
      1.745,
      0.785,
      1.8325,
      0.8725,
      1.92,
      0.96
    ],
    "SoftwareVersions": "syngo_MR_B17",
    "TaskName": "Scene Localizer",
    "TotalReadoutTime": 0.0568788,
    "modality": "bold",
    "session_id": "09",
    "subject_id": "CSI2",
    "task_id": "localizer"
  },
  "dummy_trs": 0,
  "dvars_nstd": 28.580812808285707,
  "dvars_std": 1.1633108790714293,
  "dvars_vstd": 0.9924505197857146,
  "efc": 0.5140840494694005,
  "fber": 3059.603759765625,
  "fd_mean": 0.08683425004823209,
  "fd_num": 5,
  "fd_perc": 3.5460992907801416,
  "fwhm_avg": 2.574426666666666,
  "fwhm_x": 2.309685,
  "fwhm_y": 3.01432,
  "fwhm_z": 2.399275,
  "gcor": 0.0114389,
  "gsr_x": -0.003412804566323757,
  "gsr_y": 0.030119169503450394,
  "provenance": {
    "md5sum": "5e83ced1464247ae053ebe69827e149d",
    "settings": {
      "fd_thres": 0.2,
      "hmc_fsl": false
    },
    "software": "mriqc",
    "version": "0.11.0",
    "webapi_port": null,
    "webapi_url": null
  },
  "size_t": 141,
  "size_x": 106,
  "size_y": 106,
  "size_z": 69,
  "snr": 5.177670410179824,
  "spacing_tr": 2.0,
  "spacing_x": 2.0,
  "spacing_y": 2.0,
  "spacing_z": 2.0,
  "summary_bg_k": 23.157009983036033,
  "summary_bg_mad": 7.12910795211792,
  "summary_bg_mean": 28.791786193847656,
  "summary_bg_median": 10.404254913330078,
  "summary_bg_n": 507735.0,
  "summary_bg_p05": 4.127659320831299,
  "summary_bg_p95": 117.7304916381836,
  "summary_bg_stdv": 52.38029861450195,
  "summary_fg_k": 3.6368445237143208,
  "summary_fg_mad": 87.41046142578125,
  "summary_fg_mean": 589.6248168945312,
  "summary_fg_median": 592.8156127929688,
  "summary_fg_n": 170283.0,
  "summary_fg_p05": 404.32765197753906,
  "summary_fg_p95": 754.8432250976562,
  "summary_fg_stdv": 114.49432373046875,
  "tsnr": 54.49064254760742
}