{
  "aor": 0.0012184536082474225,
  "aqi": 0.010367351443298967,
  "bids_meta": {
    "AcquisitionNumber": 1,
    "AcquisitionTime": "11:42:27.082500",
    "BandwidthPerPixelPhaseEncode": 13.103,
    "ConversionSoftware": "dcm2niix",
    "ConversionSoftwareVersion": "v1.0.20170724 GCC4.4.7",
    "DeviceSerialNumber": "40482",
    "EchoTime": 0.03,
    "EffectiveEchoSpacing": 0.000719985,
    "FlipAngle": 79,
    "ImageType": [
      "ORIGINAL",
      "PRIMARY",
      "M",
      "MB",
      "ND",
      "NORM",
      "MOSAIC"
    ],
    "InstitutionAddress": "Frew_4805_Pittsburgh_District_US_15213",
    "InstitutionName": "SIBR",
    "MagneticFieldStrength": 3,
    "Manufacturer": "Siemens",
    "ManufacturersModelName": "Verio",
    "PhaseEncodingDirection": "j-",
    "PhaseEncodingLines": 106,
    "ProcedureStepDescription": "Dr._Tarr_Elissa",
    "ProtocolName": "BOLD_CSI2_Sess-11_Run-4",
    "RepetitionTime": 2,
    "ScanningSequence": "EP",
    "SequenceName": "epfid2d1_106",
    "SequenceVariant": "SK_SS",
    "SeriesDescription": "BOLD_CSI2_Sess-11_Run-4",
    "SliceTiming": [
      0,
      1.0475,
      0.0875,
      1.135,
      0.175,
      1.2225,
      0.2625,
      1.31,
      0.35,
      1.3975,
      0.4375,
      1.485,
      0.525,
      1.5725,
      0.6125,
      1.66,
      0.7,
      1.7475,
      0.7875,
      1.835,
      0.875,
      1.9225,
      0.96,
      0,
      1.0475,
      0.0875,
      1.135,
      0.175,
      1.2225,
      0.2625,
      1.31,
      0.35,
      1.3975,
      0.4375,
      1.485,
      0.525,
      1.5725,
      0.6125,
      1.66,
      0.7,
      1.7475,
      0.7875,
      1.835,
      0.875,
      1.9225,
      0.96,
      0,
      1.0475,
      0.0875,
      1.135,
      0.175,
      1.2225,
      0.2625,
      1.31,
      0.35,
      1.3975,
      0.4375,
      1.485,
      0.525,
      1.5725,
      0.6125,
      1.66,
      0.7,
      1.7475,
      0.7875,
      1.835,
      0.875,
      1.9225,
      0.96
    ],
    "SoftwareVersions": "syngo_MR_B17",
    "TotalReadoutTime": 0.0568788,
    "modality": "bold",
    "run_id": "04",
    "session_id": "11",
    "subject_id": "CSI2",
    "task_id": "5000scenes"
  },
  "dummy_trs": 0,
  "dvars_nstd": 31.762243498031093,
  "dvars_std": 1.2204985741968917,
  "dvars_vstd": 0.9894972627461139,
  "efc": 0.5113922303298277,
  "fber": 3164.305419921875,
  "fd_mean": 0.09761942565038893,
  "fd_num": 16,
  "fd_perc": 8.24742268041237,
  "fwhm_avg": 2.600945,
  "fwhm_x": 2.323395,
  "fwhm_y": 3.052755,
  "fwhm_z": 2.426685,
  "gcor": 0.0109464,
  "gsr_x": -0.0042799231596291065,
  "gsr_y": 0.026782803237438202,
  "provenance": {
    "md5sum": "2318f2807fe9289b7e028491eca95ff2",
    "settings": {
      "fd_thres": 0.2,
      "hmc_fsl": false
    },
    "software": "mriqc",
    "version": "0.11.0",
    "webapi_port": null,
    "webapi_url": null
  },
  "size_t": 194,
  "size_x": 106,
  "size_y": 106,
  "size_z": 69,
  "snr": 5.027650366610693,
  "spacing_tr": 2.0,
  "spacing_x": 2.0,
  "spacing_y": 2.0,
  "spacing_z": 2.0,
  "summary_bg_k": 25.079891421603225,
  "summary_bg_mad": 7.3595147132873535,
  "summary_bg_mean": 29.056564331054688,
  "summary_bg_median": 10.711339950561523,
  "summary_bg_n": 507241.0,
  "summary_bg_p05": 4.226803779602051,
  "summary_bg_p95": 116.56185150146484,
  "summary_bg_stdv": 53.97633743286133,
  "summary_fg_k": 3.462781575854298,
  "summary_fg_mad": 93.31987762451172,
  "summary_fg_mean": 616.718017578125,
  "summary_fg_median": 620.0,
  "summary_fg_n": 170411.0,
  "summary_fg_p05": 416.773193359375,
  "summary_fg_p95": 796.2422485351562,
  "summary_fg_stdv": 123.31768035888672,
  "tsnr": 52.39643096923828
}