{
  "aor": 0.002278917525773196,
  "aqi": 0.009341254639175258,
  "bids_meta": {
    "AcquisitionNumber": 1,
    "AcquisitionTime": "10:28:37.320000",
    "BandwidthPerPixelPhaseEncode": 13.103,
    "ConversionSoftware": "dcm2niix",
    "ConversionSoftwareVersion": "v1.0.20170724 GCC4.4.7",
    "DeviceSerialNumber": "40482",
    "EchoTime": 0.03,
    "EffectiveEchoSpacing": 0.000719985,
    "FlipAngle": 79,
    "ImageType": [
      "ORIGINAL",
      "PRIMARY",
      "M",
      "MB",
      "ND",
      "NORM",
      "MOSAIC"
    ],
    "InstitutionAddress": "Frew_4805_Pittsburgh_District_US_15213",
    "InstitutionName": "SIBR",
    "MagneticFieldStrength": 3,
    "Manufacturer": "Siemens",
    "ManufacturersModelName": "Verio",
    "PhaseEncodingDirection": "j-",
    "PhaseEncodingLines": 106,
    "ProcedureStepDescription": "Dr._Tarr_Elissa",
    "ProtocolName": "BOLD_CSI2_Sess-9_Run-1",
    "RepetitionTime": 2,
    "ScanningSequence": "EP",
    "SequenceName": "epfid2d1_106",
    "SequenceVariant": "SK_SS",
    "SeriesDescription": "BOLD_CSI2_Sess-9_Run-1",
    "SliceTiming": [
      0,
      1.0475,
      0.0875,
      1.135,
      0.175,
      1.2225,
      0.26,
      1.3075,
      0.3475,
      1.395,
      0.435,
      1.4825,
      0.5225,
      1.57,
      0.61,
      1.6575,
      0.6975,
      1.745,
      0.785,
      1.8325,
      0.8725,
      1.92,
      0.96,
      0,
      1.0475,
      0.0875,
      1.135,
      0.175,
      1.2225,
      0.26,
      1.3075,
      0.3475,
      1.395,
      0.435,
      1.4825,
      0.5225,
      1.57,
      0.61,
      1.6575,
      0.6975,
      1.745,
      0.785,
      1.8325,
      0.8725,
      1.92,
      0.96,
      0,
      1.0475,
      0.0875,
      1.135,
      0.175,
      1.2225,
      0.26,
      1.3075,
      0.3475,
      1.395,
      0.435,
      1.4825,
      0.5225,
      1.57,
      0.61,
      1.6575,
      0.6975,
      1.745,
      0.785,
      1.8325,
      0.8725,
      1.92,
      0.96
    ],
    "SoftwareVersions": "syngo_MR_B17",
    "TotalReadoutTime": 0.0568788,
    "modality": "bold",
    "run_id": "01",
    "session_id": "09",
    "subject_id": "CSI2",
    "task_id": "5000scenes"
  },
  "dummy_trs": 0,
  "dvars_nstd": 31.46036219259066,
  "dvars_std": 1.2384052029533679,
  "dvars_vstd": 1.0302233154922285,
  "efc": 0.5103484378536391,
  "fber": 3272.17041015625,
  "fd_mean": 0.12324093070621854,
  "fd_num": 29,
  "fd_perc": 14.948453608247423,
  "fwhm_avg": 2.5785233333333335,
  "fwhm_x": 2.30868,
  "fwhm_y": 3.022075,
  "fwhm_z": 2.404815,
  "gcor": 0.00794394,
  "gsr_x": -0.004237581975758076,
  "gsr_y": 0.029453827068209648,
  "provenance": {
    "md5sum": "903916adc6da965f55a39a11c2123c4b",
    "settings": {
      "fd_thres": 0.2,
      "hmc_fsl": false
    },
    "software": "mriqc",
    "version": "0.11.0",
    "webapi_port": null,
    "webapi_url": null
  },
  "size_t": 194,
  "size_x": 106,
  "size_y": 106,
  "size_z": 69,
  "snr": 5.11480995848303,
  "spacing_tr": 2.0,
  "spacing_x": 2.0,
  "spacing_y": 2.0,
  "spacing_z": 2.0,
  "summary_bg_k": 25.348254858821846,
  "summary_bg_mad": 7.137889385223389,
  "summary_bg_mean": 28.355648040771484,
  "summary_bg_median": 10.453607559204102,
  "summary_bg_n": 507906.0,
  "summary_bg_p05": 4.149484634399414,
  "summary_bg_p95": 111.71649169921875,
  "summary_bg_stdv": 52.412567138671875,
  "summary_fg_k": 3.5779049095762314,
  "summary_fg_mad": 92.51740264892578,
  "summary_fg_mean": 614.6798095703125,
  "summary_fg_median": 617.4690551757812,
  "summary_fg_n": 170063.0,
  "summary_fg_p05": 422.17164916992186,
  "summary_fg_p95": 790.3912109375,
  "summary_fg_stdv": 120.72144317626953,
  "tsnr": 54.90960693359375
}