{
  "aor": 0.0010610309278350518,
  "aqi": 0.009668699278350516,
  "bids_meta": {
    "AcquisitionNumber": 1,
    "AcquisitionTime": "16:27:44.342500",
    "BandwidthPerPixelPhaseEncode": 13.103,
    "ConversionSoftware": "dcm2niix",
    "ConversionSoftwareVersion": "v1.0.20170724 GCC4.4.7",
    "DeviceSerialNumber": "40482",
    "EchoTime": 0.03,
    "EffectiveEchoSpacing": 0.000719985,
    "FlipAngle": 79,
    "ImageType": [
      "ORIGINAL",
      "PRIMARY",
      "M",
      "MB",
      "ND",
      "NORM",
      "MOSAIC"
    ],
    "InstitutionAddress": "Frew_4805_Pittsburgh_District_US_15213",
    "InstitutionName": "SIBR",
    "MagneticFieldStrength": 3,
    "Manufacturer": "Siemens",
    "ManufacturersModelName": "Verio",
    "PhaseEncodingDirection": "j-",
    "PhaseEncodingLines": 106,
    "ProcedureStepDescription": "Dr._Tarr_Elissa",
    "ProtocolName": "BOLD_CSI2_Sess-3_Run-5",
    "RepetitionTime": 2,
    "ScanningSequence": "EP",
    "SequenceName": "epfid2d1_106",
    "SequenceVariant": "SK_SS",
    "SeriesDescription": "BOLD_CSI2_Sess-3_Run-5",
    "SliceTiming": [
      0,
      1.0475,
      0.0875,
      1.135,
      0.175,
      1.22,
      0.26,
      1.3075,
      0.3475,
      1.395,
      0.435,
      1.4825,
      0.5225,
      1.57,
      0.61,
      1.6575,
      0.6975,
      1.745,
      0.785,
      1.8325,
      0.8725,
      1.92,
      0.96,
      0,
      1.0475,
      0.0875,
      1.135,
      0.175,
      1.22,
      0.26,
      1.3075,
      0.3475,
      1.395,
      0.435,
      1.4825,
      0.5225,
      1.57,
      0.61,
      1.6575,
      0.6975,
      1.745,
      0.785,
      1.8325,
      0.8725,
      1.92,
      0.96,
      0,
      1.0475,
      0.0875,
      1.135,
      0.175,
      1.22,
      0.26,
      1.3075,
      0.3475,
      1.395,
      0.435,
      1.4825,
      0.5225,
      1.57,
      0.61,
      1.6575,
      0.6975,
      1.745,
      0.785,
      1.8325,
      0.8725,
      1.92,
      0.96
    ],
    "SoftwareVersions": "syngo_MR_B17",
    "TotalReadoutTime": 0.0568788,
    "modality": "bold",
    "run_id": "05",
    "session_id": "03",
    "subject_id": "CSI2",
    "task_id": "5000scenes"
  },
  "dummy_trs": 0,
  "dvars_nstd": 32.16902554974091,
  "dvars_std": 1.227558878393783,
  "dvars_vstd": 1.003662751709844,
  "efc": 0.5113034517415493,
  "fber": 3160.261474609375,
  "fd_mean": 0.09553735680162202,
  "fd_num": 14,
  "fd_perc": 7.216494845360825,
  "fwhm_avg": 2.582035,
  "fwhm_x": 2.30987,
  "fwhm_y": 3.02021,
  "fwhm_z": 2.416025,
  "gcor": 0.0172746,
  "gsr_x": -0.004061295185238123,
  "gsr_y": 0.028804929926991463,
  "provenance": {
    "md5sum": "d24f7226d1f02269ae88a93d3ddfa7be",
    "settings": {
      "fd_thres": 0.2,
      "hmc_fsl": false
    },
    "software": "mriqc",
    "version": "0.11.0",
    "webapi_port": null,
    "webapi_url": null
  },
  "size_t": 194,
  "size_x": 106,
  "size_y": 106,
  "size_z": 69,
  "snr": 5.174863012477806,
  "spacing_tr": 2.0,
  "spacing_x": 2.0,
  "spacing_y": 2.0,
  "spacing_z": 2.0,
  "summary_bg_k": 24.181992848219515,
  "summary_bg_mad": 7.0308966636657715,
  "summary_bg_mean": 27.60172462463379,
  "summary_bg_median": 10.304122924804688,
  "summary_bg_n": 507932.0,
  "summary_bg_p05": 4.046391487121582,
  "summary_bg_p95": 111.68556213378906,
  "summary_bg_stdv": 49.59503173828125,
  "summary_fg_k": 3.9363879278019063,
  "summary_fg_mad": 86.43415832519531,
  "summary_fg_mean": 592.8670654296875,
  "summary_fg_median": 596.773193359375,
  "summary_fg_n": 170086.0,
  "summary_fg_p05": 405.57472229003906,
  "summary_fg_p95": 756.2706146240234,
  "summary_fg_stdv": 115.32120513916016,
  "tsnr": 55.38629913330078
}