{
  "aor": 0.0007835051546391753,
  "aqi": 0.012225737268041237,
  "bids_meta": {
    "AcquisitionNumber": 1,
    "AcquisitionTime": "15:18:16.500000",
    "BandwidthPerPixelPhaseEncode": 13.103,
    "ConversionSoftware": "dcm2niix",
    "ConversionSoftwareVersion": "v1.0.20170724 GCC4.4.7",
    "DeviceSerialNumber": "40482",
    "EchoTime": 0.03,
    "EffectiveEchoSpacing": 0.000719985,
    "FlipAngle": 79,
    "ImageType": [
      "ORIGINAL",
      "PRIMARY",
      "M",
      "MB",
      "ND",
      "NORM",
      "MOSAIC"
    ],
    "InstitutionAddress": "Frew_4805_Pittsburgh_District_US_15213",
    "InstitutionName": "SIBR",
    "MagneticFieldStrength": 3,
    "Manufacturer": "Siemens",
    "ManufacturersModelName": "Verio",
    "PhaseEncodingDirection": "j-",
    "PhaseEncodingLines": 106,
    "ProcedureStepDescription": "Dr._Tarr_Elissa",
    "ProtocolName": "BOLD_CSI2_Sess-10_Run-6",
    "RepetitionTime": 2,
    "ScanningSequence": "EP",
    "SequenceName": "epfid2d1_106",
    "SequenceVariant": "SK_SS",
    "SeriesDescription": "BOLD_CSI2_Sess-10_Run-6",
    "SliceTiming": [
      0,
      1.0475,
      0.0875,
      1.135,
      0.175,
      1.2225,
      0.2625,
      1.31,
      0.35,
      1.3975,
      0.4375,
      1.485,
      0.525,
      1.5725,
      0.6125,
      1.66,
      0.7,
      1.7475,
      0.7875,
      1.835,
      0.875,
      1.92,
      0.96,
      0,
      1.0475,
      0.0875,
      1.135,
      0.175,
      1.2225,
      0.2625,
      1.31,
      0.35,
      1.3975,
      0.4375,
      1.485,
      0.525,
      1.5725,
      0.6125,
      1.66,
      0.7,
      1.7475,
      0.7875,
      1.835,
      0.875,
      1.92,
      0.96,
      0,
      1.0475,
      0.0875,
      1.135,
      0.175,
      1.2225,
      0.2625,
      1.31,
      0.35,
      1.3975,
      0.4375,
      1.485,
      0.525,
      1.5725,
      0.6125,
      1.66,
      0.7,
      1.7475,
      0.7875,
      1.835,
      0.875,
      1.92,
      0.96
    ],
    "SoftwareVersions": "syngo_MR_B17",
    "TotalReadoutTime": 0.0568788,
    "modality": "bold",
    "run_id": "06",
    "session_id": "10",
    "subject_id": "CSI2",
    "task_id": "5000scenes"
  },
  "dummy_trs": 0,
  "dvars_nstd": 32.88812441673575,
  "dvars_std": 1.2182135303108805,
  "dvars_vstd": 0.9880514468911922,
  "efc": 0.516721726346937,
  "fber": 2933.168701171875,
  "fd_mean": 0.13005631137799628,
  "fd_num": 33,
  "fd_perc": 17.010309278350515,
  "fwhm_avg": 2.59364,
  "fwhm_x": 2.323125,
  "fwhm_y": 3.028825,
  "fwhm_z": 2.42897,
  "gcor": 0.011622,
  "gsr_x": -0.0043259309604763985,
  "gsr_y": 0.02870905213057995,
  "provenance": {
    "md5sum": "b38d9b768512e92d7bb96e4afe59241e",
    "settings": {
      "fd_thres": 0.2,
      "hmc_fsl": false
    },
    "software": "mriqc",
    "version": "0.11.0",
    "webapi_port": null,
    "webapi_url": null
  },
  "size_t": 194,
  "size_x": 106,
  "size_y": 106,
  "size_z": 69,
  "snr": 5.116008245860533,
  "spacing_tr": 2.0,
  "spacing_x": 2.0,
  "spacing_y": 2.0,
  "spacing_z": 2.0,
  "summary_bg_k": 23.15839564721708,
  "summary_bg_mad": 7.4932541847229,
  "summary_bg_mean": 29.151002883911133,
  "summary_bg_median": 10.543813705444336,
  "summary_bg_n": 505784.0,
  "summary_bg_p05": 3.969072103500366,
  "summary_bg_p95": 118.52499847412096,
  "summary_bg_stdv": 53.16232681274414,
  "summary_fg_k": 3.514937210030241,
  "summary_fg_mad": 87.74862670898438,
  "summary_fg_mean": 584.6880493164062,
  "summary_fg_median": 589.0618286132812,
  "summary_fg_n": 171748.0,
  "summary_fg_p05": 394.83375244140626,
  "summary_fg_p95": 748.7971343994141,
  "summary_fg_stdv": 115.14057159423828,
  "tsnr": 48.912696838378906
}